##TITLE=Parameter List
##JCAMPDX=4.24
##DATATYPE=Parameter Values
##ORIGIN=Bruker BioSpin MRI GmbH
##OWNER=acosta
$$ Thu Aug 11 13:44:17 2016 MST (UT-7h)  acosta
$$ /opt/PV51/data/acosta/nmr/Acosta_20160811_SA_pH719.D11/4/pdata/1/reco
##$RECO_mode=FT_MODE
##$RecoAutoDerive=Yes
##$RECO_inp_order=NO_REORDERING
##$RECO_inp_size=( 2 )
128 64
##$RECO_ft_size=( 2 )
128 128
##$RECO_fov=( 2 )
6 6
##$RECO_size=( 2 )
128 128
$$ @vis= RECO_mode RecoAutoDerive RECO_inp_order RECO_ft_size RECO_fov
##$RECO_offset=( 2, 1 )
0 0
##$RECO_regrid_mode=NO_REGRID
##$RECO_regrid_offset=0
##$RECO_ramp_gap=0
##$RECO_ramp_time=0
##$RECO_ne_mode=NO_NAV_DATA
##$RECO_ne_dist=NeNoInterleave
##$RECO_ne_dens=NeCorrPerScan
##$RECO_ne_type=NAV_PHASE
##$RECO_ne_vals=( 1, 2 )
0 0
##$RECO_bc_mode=( 2 )
NO_BC NO_BC
##$RECO_bc_start=( 2 )
96 48
##$RECO_bc_len=( 2 )
32 16
##$RECO_dc_offset=( 2 )
0 0
##$RECO_dc_divisor=1
##$RECO_bc_coroff=( 2 )
0 0
##$RECO_qopts=( 2 )
CONJ_AND_QNEG NO_QOPTS
##$RECO_wdw_mode=( 2 )
NO_WDW NO_WDW
$$ @vis= RECO_size RECO_regrid_mode RECO_ne_mode RECO_bc_mode RECO_qopts
##$RECO_lb=( 2 )
-0.5 -0.5
##$RECO_sw=( 2 )
50000 1
##$RECO_gb=( 2 )
0.5 0.5
##$RECO_sbs=( 2 )
1 1
##$RECO_tm1=( 2 )
0.25 0.25
##$RECO_tm2=( 2 )
0.75 0.75
##$RECO_ft_mode=( 2 )
COMPLEX_FFT COMPLEX_FFT
##$RECO_pc_mode=( 2 )
NO_PC NO_PC
##$RECO_pc_lin=( 2 )
(0, 0) (0, 0)
##$RECO_rotate=( 2, 1 )
0 0.484375
##$RECO_ppc_mode=NO_PPC
##$RECO_ref_image=0
##$RECO_nr_supports=0.4
##$RECO_sig_threshold=0.15
##$RECO_ppc_degree=1
##$RECO_ppc_coeffs=( 1, 2, 2 )
0 0 0 0
##$RECO_dc_elim=No
$$ @vis= RECO_wdw_mode RECO_ft_mode RECO_pc_mode RECO_rotate RECO_ppc_mode
##$RECO_transposition=( 1 )
1
##$RECO_image_type=MAGNITUDE_IMAGE
##$RECO_image_threshold=0.15
##$RECO_ir_scale=10
##$RECO_wordtype=_16BIT_SGN_INT
##$RECO_map_mode=ABSOLUTE_MAPPING
$$ @vis= RECO_dc_elim RECO_transposition RECO_image_type RECO_wordtype
##$RECO_map_range=( 2 )
-2147483647 2147483647
##$RECO_map_percentile=( 2 )
1 99.99
##$RECO_map_error=0.0025
##$RECO_globex=( 105 )
0 0 0 0 0 0 0 0 0 0 0 0 0 0 0 0 0 0 0 0 0 0 0 0 0 0 0 0 0 0 0 0 0 0 0 0 0 0 0 
0 0 0 0 0 0 0 0 0 0 0 0 0 0 0 0 0 0 0 0 0 0 0 0 0 0 0 0 0 0 0 0 0 0 0 0 0 0 0 
0 0 0 0 0 0 0 0 0 0 0 0 0 0 0 0 0 0 0 0 0 0 0 0 0 0 0
##$RECO_minima=( 105 )
0 0 0 0 0 0 0 0 0 0 0 0 0 0 0 0 0 0 0 0 0 0 0 0 0 0 0 0 0 0 0 0 0 0 0 0 0 0 0 
0 0 0 0 0 0 0 0 0 0 0 0 0 0 0 0 0 0 0 0 0 0 0 0 0 0 0 0 0 0 0 0 0 0 0 0 0 0 0 
0 0 0 0 0 0 0 0 0 0 0 0 0 0 0 0 0 0 0 0 0 0 0 0 0 0 0
##$RECO_maxima=( 105 )
32767 31396 31154 31855 30420 31056 30118 29410 29601 28955 29114 28657 28169 
27471 26194 25635 24770 23679 23584 22365 20996 20644 17665 16990 14217 12043 
9987 11560 14578 16536 17717 19152 19891 21039 21805 22717 23318 24639 24777 
24925 25325 25878 26416 25991 26072 26139 27098 25534 25357 25739 25345 25041 
24966 23629 23146 22893 21798 20681 20697 19948 19972 20140 19945 20868 21772 
22260 24098 24175 25987 26377 27514 28022 28519 29525 29680 30033 30106 29942 
30443 30102 29941 30258 30315 30298 30602 30329 30025 29968 30364 30563 30296 
30053 31110 30712 30788 31462 31274 30592 31330 31474 30500 30441 30622 30647 
30076
##$RECO_map_min=( 105 )
-1351090 -1351090 -1351090 -1351090 -1351090 -1351090 -1351090 -1351090 
-1351090 -1351090 -1351090 -1351090 -1351090 -1351090 -1351090 -1351090 
-1351090 -1351090 -1351090 -1351090 -1351090 -1351090 -1351090 -1351090 
-1351090 -1351090 -1351090 -1351090 -1351090 -1351090 -1351090 -1351090 
-1351090 -1351090 -1351090 -1351090 -1351090 -1351090 -1351090 -1351090 
-1351090 -1351090 -1351090 -1351090 -1351090 -1351090 -1351090 -1351090 
-1351090 -1351090 -1351090 -1351090 -1351090 -1351090 -1351090 -1351090 
-1351090 -1351090 -1351090 -1351090 -1351090 -1351090 -1351090 -1351090 
-1351090 -1351090 -1351090 -1351090 -1351090 -1351090 -1351090 -1351090 
-1351090 -1351090 -1351090 -1351090 -1351090 -1351090 -1351090 -1351090 
-1351090 -1351090 -1351090 -1351090 -1351090 -1351090 -1351090 -1351090 
-1351090 -1351090 -1351090 -1351090 -1351090 -1351090 -1351090 -1351090 
-1351090 -1351090 -1351090 -1351090 -1351090 -1351090 -1351090 -1351090 
-1351090
##$RECO_map_max=( 105 )
1351090 1351090 1351090 1351090 1351090 1351090 1351090 1351090 1351090 
1351090 1351090 1351090 1351090 1351090 1351090 1351090 1351090 1351090 
1351090 1351090 1351090 1351090 1351090 1351090 1351090 1351090 1351090 
1351090 1351090 1351090 1351090 1351090 1351090 1351090 1351090 1351090 
1351090 1351090 1351090 1351090 1351090 1351090 1351090 1351090 1351090 
1351090 1351090 1351090 1351090 1351090 1351090 1351090 1351090 1351090 
1351090 1351090 1351090 1351090 1351090 1351090 1351090 1351090 1351090 
1351090 1351090 1351090 1351090 1351090 1351090 1351090 1351090 1351090 
1351090 1351090 1351090 1351090 1351090 1351090 1351090 1351090 1351090 
1351090 1351090 1351090 1351090 1351090 1351090 1351090 1351090 1351090 
1351090 1351090 1351090 1351090 1351090 1351090 1351090 1351090 1351090 
1351090 1351090 1351090 1351090 1351090 1351090
$$ @vis= RECO_map_mode RECO_globex RECO_minima RECO_maxima RECO_map_min
##$RECO_map_offset=( 105 )
0 0 0 0 0 0 0 0 0 0 0 0 0 0 0 0 0 0 0 0 0 0 0 0 0 0 0 0 0 0 0 0 0 0 0 0 0 0 0 
0 0 0 0 0 0 0 0 0 0 0 0 0 0 0 0 0 0 0 0 0 0 0 0 0 0 0 0 0 0 0 0 0 0 0 0 0 0 0 
0 0 0 0 0 0 0 0 0 0 0 0 0 0 0 0 0 0 0 0 0 0 0 0 0 0 0
##$RECO_map_slope=( 105 )
0.0242522712796926 0.0242522712796926 0.0242522712796926 0.0242522712796926 
0.0242522712796926 0.0242522712796926 0.0242522712796926 0.0242522712796926 
0.0242522712796926 0.0242522712796926 0.0242522712796926 0.0242522712796926 
0.0242522712796926 0.0242522712796926 0.0242522712796926 0.0242522712796926 
0.0242522712796926 0.0242522712796926 0.0242522712796926 0.0242522712796926 
0.0242522712796926 0.0242522712796926 0.0242522712796926 0.0242522712796926 
0.0242522712796926 0.0242522712796926 0.0242522712796926 0.0242522712796926 
0.0242522712796926 0.0242522712796926 0.0242522712796926 0.0242522712796926 
0.0242522712796926 0.0242522712796926 0.0242522712796926 0.0242522712796926 
0.0242522712796926 0.0242522712796926 0.0242522712796926 0.0242522712796926 
0.0242522712796926 0.0242522712796926 0.0242522712796926 0.0242522712796926 
0.0242522712796926 0.0242522712796926 0.0242522712796926 0.0242522712796926 
0.0242522712796926 0.0242522712796926 0.0242522712796926 0.0242522712796926 
0.0242522712796926 0.0242522712796926 0.0242522712796926 0.0242522712796926 
0.0242522712796926 0.0242522712796926 0.0242522712796926 0.0242522712796926 
0.0242522712796926 0.0242522712796926 0.0242522712796926 0.0242522712796926 
0.0242522712796926 0.0242522712796926 0.0242522712796926 0.0242522712796926 
0.0242522712796926 0.0242522712796926 0.0242522712796926 0.0242522712796926 
0.0242522712796926 0.0242522712796926 0.0242522712796926 0.0242522712796926 
0.0242522712796926 0.0242522712796926 0.0242522712796926 0.0242522712796926 
0.0242522712796926 0.0242522712796926 0.0242522712796926 0.0242522712796926 
0.0242522712796926 0.0242522712796926 0.0242522712796926 0.0242522712796926 
0.0242522712796926 0.0242522712796926 0.0242522712796926 0.0242522712796926 
0.0242522712796926 0.0242522712796926 0.0242522712796926 0.0242522712796926 
0.0242522712796926 0.0242522712796926 0.0242522712796926 0.0242522712796926 
0.0242522712796926 0.0242522712796926 0.0242522712796926 0.0242522712796926 
0.0242522712796926
##$RECO_byte_order=littleEndian
##$RECO_time=( 24 )
<13:34:36 11 Aug 2016>
##$RECO_abs_time=1470947676
$$ @vis= RECO_map_max RECO_map_offset RECO_map_slope RECO_byte_order RECO_time
##$RECO_base_image_uid=( 65 )
<2.16.756.5.5.100.4167689927.19881.1470948257.118>
##$GS_reco_display=Yes
$$ @vis= RECO_abs_time RECO_base_image_uid RecoRegridNGroup GS_reco_display
##$GO_reco_display=Yes
##$GO_reco_each_nr=No
##$GO_max_reco_mem=0
$$ @vis= RECO_GS GO_reco_display GO_reco_each_nr GO_max_reco_mem RECO_GO RECO
##END=
