##TITLE=Parameter List
##JCAMPDX=4.24
##DATATYPE=Parameter Values
##ORIGIN=Bruker BioSpin MRI GmbH
##OWNER=pacosta
$$ Wed Dec 21 07:00:00 2016 MST (UT-7h)  pacosta
$$ /opt/PV51/data/pacosta/nmr/Acosta_20162112_Isovue_pH740.F91/subject
##$SUBJECT_version_nr=2
##$SUBJECT_id=( 60 )
<Acosta_20162112_Isovue_pH740>
##$SUBJECT_patient_instance_uid=( 65 )
<2.16.756.5.5.100.4167689927.18618.1482328784.2537>
##$SUBJECT_name_string=( 64 )
<Acosta_20162112_Isovue_pH740>
$$ @vis= SUBJECT_version_nr SUBJECT_id SUBJECT_patient_instance_uid
##$SUBJECT_name=(<>, <Acosta_20162112_Isovue_pH740>)
##$SUBJECT_dbirth=( 12 )
<>
##$SUBJECT_type=Human
##$SUBJECT_sex=( 8 )
<female>
$$ @vis= SUBJECT_name_string SUBJECT_name SUBJECT_dbirth SUBJECT_type
##$SUBJECT_sex_human=Female
##$SUBJECT_study_name=( 64 )
<PCA Phase 3>
##$SUBJECT_study_nr=1
##$SUBJECT_study_instance_uid=( 65 )
<2.16.756.5.5.100.4167689927.18618.1482328784.2538>
$$ @vis= SUBJECT_sex SUBJECT_sex_human SUBJECT_study_name SUBJECT_study_nr
##$SUBJECT_size=0.001
##$SUBJECT_weight=5
##$SUBJECT_pos_valid=Yes
$$ @vis= SUBJECT_study_instance_uid SUBJECT_size SUBJECT_weight
##$SUBJECT_location=( 64 )
<acosta>
##$SUBJECT_entry=SUBJ_ENTRY_HeadFirst
##$SUBJECT_position=SUBJ_POS_Supine
##$SUBJECT_date=( 21 )
<06:59:44 21 Dec 2016>
$$ @vis= SUBJECT_pos_valid SUBJECT_location SUBJECT_entry SUBJECT_position
##$SUBJECT_abs_date=1482328784
##$SUBJECT_study_coil_config_file=( 512 )
<Default_Transceiver_1H_1000W>
$$ @vis= SUBJECT_date SUBJECT_abs_date SUBJECT
##END=
