##TITLE=Parameter List
##JCAMPDX=4.24
##DATATYPE=Parameter Values
##ORIGIN=Bruker BioSpin MRI GmbH
##OWNER=acosta
$$ Wed Aug  3 12:55:09 2016 MST (UT-7h)  acosta
$$ /opt/PV51/data/acosta/nmr/Acosta_2016_0803_SA_pH677.CT1/4/pdata/1/reco
##$RECO_mode=FT_MODE
##$RecoAutoDerive=Yes
##$RECO_inp_order=NO_REORDERING
##$RECO_inp_size=( 2 )
128 64
##$RECO_ft_size=( 2 )
128 128
##$RECO_fov=( 2 )
6 6
##$RECO_size=( 2 )
128 128
$$ @vis= RECO_mode RecoAutoDerive RECO_inp_order RECO_ft_size RECO_fov
##$RECO_offset=( 2, 1 )
0 0
##$RECO_regrid_mode=NO_REGRID
##$RECO_regrid_offset=0
##$RECO_ramp_gap=0
##$RECO_ramp_time=0
##$RECO_ne_mode=NO_NAV_DATA
##$RECO_ne_dist=NeNoInterleave
##$RECO_ne_dens=NeCorrPerScan
##$RECO_ne_type=NAV_PHASE
##$RECO_ne_vals=( 1, 2 )
0 0
##$RECO_bc_mode=( 2 )
NO_BC NO_BC
##$RECO_bc_start=( 2 )
96 48
##$RECO_bc_len=( 2 )
32 16
##$RECO_dc_offset=( 2 )
0 0
##$RECO_dc_divisor=1
##$RECO_bc_coroff=( 2 )
0 0
##$RECO_qopts=( 2 )
CONJ_AND_QNEG NO_QOPTS
##$RECO_wdw_mode=( 2 )
NO_WDW NO_WDW
$$ @vis= RECO_size RECO_regrid_mode RECO_ne_mode RECO_bc_mode RECO_qopts
##$RECO_lb=( 2 )
-0.5 -0.5
##$RECO_sw=( 2 )
50000 1
##$RECO_gb=( 2 )
0.5 0.5
##$RECO_sbs=( 2 )
1 1
##$RECO_tm1=( 2 )
0.25 0.25
##$RECO_tm2=( 2 )
0.75 0.75
##$RECO_ft_mode=( 2 )
COMPLEX_FFT COMPLEX_FFT
##$RECO_pc_mode=( 2 )
NO_PC NO_PC
##$RECO_pc_lin=( 2 )
(0, 0) (0, 0)
##$RECO_rotate=( 2, 1 )
0 0.484375
##$RECO_ppc_mode=NO_PPC
##$RECO_ref_image=0
##$RECO_nr_supports=0.4
##$RECO_sig_threshold=0.15
##$RECO_ppc_degree=1
##$RECO_ppc_coeffs=( 1, 2, 2 )
0 0 0 0
##$RECO_dc_elim=No
$$ @vis= RECO_wdw_mode RECO_ft_mode RECO_pc_mode RECO_rotate RECO_ppc_mode
##$RECO_transposition=( 1 )
1
##$RECO_image_type=MAGNITUDE_IMAGE
##$RECO_image_threshold=0.15
##$RECO_ir_scale=10
##$RECO_wordtype=_16BIT_SGN_INT
##$RECO_map_mode=ABSOLUTE_MAPPING
$$ @vis= RECO_dc_elim RECO_transposition RECO_image_type RECO_wordtype
##$RECO_map_range=( 2 )
-2147483647 2147483647
##$RECO_map_percentile=( 2 )
1 99.99
##$RECO_map_error=0.0025
##$RECO_globex=( 105 )
0 0 0 0 0 0 0 0 0 0 0 0 0 0 0 0 0 0 0 0 0 0 0 0 0 0 0 0 0 0 0 0 0 0 0 0 0 0 0 
0 0 0 0 0 0 0 0 0 0 0 0 0 0 0 0 0 0 0 0 0 0 0 0 0 0 0 0 0 0 0 0 0 0 0 0 0 0 0 
0 0 0 0 0 0 0 0 0 0 0 0 0 0 0 0 0 0 0 0 0 0 0 0 0 0 0
##$RECO_minima=( 105 )
0 0 0 0 0 0 0 0 0 0 0 0 0 0 0 0 0 0 0 0 0 0 0 0 0 0 0 0 0 0 0 0 0 0 0 0 0 0 0 
0 0 0 0 0 0 0 0 0 0 0 0 0 0 0 0 0 0 0 0 0 0 0 0 0 0 0 0 0 0 0 0 0 0 0 0 0 0 0 
0 0 0 0 0 0 0 0 0 0 0 0 0 0 0 0 0 0 0 0 0 0 0 0 0 0 0
##$RECO_maxima=( 105 )
32124 32573 32552 31985 31223 30410 30406 30490 30519 30657 30199 29778 28695 
28221 27698 27572 26236 26202 24382 22137 19850 18527 15620 12440 10338 12889 
14936 16857 19070 20703 22010 23919 24596 24899 26752 27521 27270 28053 28888 
28506 28515 29703 30270 29758 29128 29263 29624 30101 29142 29422 29527 29279 
28967 29183 28908 28571 27751 27560 27290 26528 27400 27436 28007 27768 28288 
28578 29964 29242 30478 30956 31303 31845 30838 31960 31769 31997 32011 32249 
31660 31178 31315 30912 31686 32331 31944 31869 31984 31941 31027 31592 32293 
31270 31215 32020 31241 31989 32186 32191 32767 31893 31848 31739 30896 32276 
31694
##$RECO_map_min=( 105 )
-1240493 -1240493 -1240493 -1240493 -1240493 -1240493 -1240493 -1240493 
-1240493 -1240493 -1240493 -1240493 -1240493 -1240493 -1240493 -1240493 
-1240493 -1240493 -1240493 -1240493 -1240493 -1240493 -1240493 -1240493 
-1240493 -1240493 -1240493 -1240493 -1240493 -1240493 -1240493 -1240493 
-1240493 -1240493 -1240493 -1240493 -1240493 -1240493 -1240493 -1240493 
-1240493 -1240493 -1240493 -1240493 -1240493 -1240493 -1240493 -1240493 
-1240493 -1240493 -1240493 -1240493 -1240493 -1240493 -1240493 -1240493 
-1240493 -1240493 -1240493 -1240493 -1240493 -1240493 -1240493 -1240493 
-1240493 -1240493 -1240493 -1240493 -1240493 -1240493 -1240493 -1240493 
-1240493 -1240493 -1240493 -1240493 -1240493 -1240493 -1240493 -1240493 
-1240493 -1240493 -1240493 -1240493 -1240493 -1240493 -1240493 -1240493 
-1240493 -1240493 -1240493 -1240493 -1240493 -1240493 -1240493 -1240493 
-1240493 -1240493 -1240493 -1240493 -1240493 -1240493 -1240493 -1240493 
-1240493
##$RECO_map_max=( 105 )
1240493 1240493 1240493 1240493 1240493 1240493 1240493 1240493 1240493 
1240493 1240493 1240493 1240493 1240493 1240493 1240493 1240493 1240493 
1240493 1240493 1240493 1240493 1240493 1240493 1240493 1240493 1240493 
1240493 1240493 1240493 1240493 1240493 1240493 1240493 1240493 1240493 
1240493 1240493 1240493 1240493 1240493 1240493 1240493 1240493 1240493 
1240493 1240493 1240493 1240493 1240493 1240493 1240493 1240493 1240493 
1240493 1240493 1240493 1240493 1240493 1240493 1240493 1240493 1240493 
1240493 1240493 1240493 1240493 1240493 1240493 1240493 1240493 1240493 
1240493 1240493 1240493 1240493 1240493 1240493 1240493 1240493 1240493 
1240493 1240493 1240493 1240493 1240493 1240493 1240493 1240493 1240493 
1240493 1240493 1240493 1240493 1240493 1240493 1240493 1240493 1240493 
1240493 1240493 1240493 1240493 1240493 1240493
$$ @vis= RECO_map_mode RECO_globex RECO_minima RECO_maxima RECO_map_min
##$RECO_map_offset=( 105 )
0 0 0 0 0 0 0 0 0 0 0 0 0 0 0 0 0 0 0 0 0 0 0 0 0 0 0 0 0 0 0 0 0 0 0 0 0 0 0 
0 0 0 0 0 0 0 0 0 0 0 0 0 0 0 0 0 0 0 0 0 0 0 0 0 0 0 0 0 0 0 0 0 0 0 0 0 0 0 
0 0 0 0 0 0 0 0 0 0 0 0 0 0 0 0 0 0 0 0 0 0 0 0 0 0 0
##$RECO_map_slope=( 105 )
0.0264144986867905 0.0264144986867905 0.0264144986867905 0.0264144986867905 
0.0264144986867905 0.0264144986867905 0.0264144986867905 0.0264144986867905 
0.0264144986867905 0.0264144986867905 0.0264144986867905 0.0264144986867905 
0.0264144986867905 0.0264144986867905 0.0264144986867905 0.0264144986867905 
0.0264144986867905 0.0264144986867905 0.0264144986867905 0.0264144986867905 
0.0264144986867905 0.0264144986867905 0.0264144986867905 0.0264144986867905 
0.0264144986867905 0.0264144986867905 0.0264144986867905 0.0264144986867905 
0.0264144986867905 0.0264144986867905 0.0264144986867905 0.0264144986867905 
0.0264144986867905 0.0264144986867905 0.0264144986867905 0.0264144986867905 
0.0264144986867905 0.0264144986867905 0.0264144986867905 0.0264144986867905 
0.0264144986867905 0.0264144986867905 0.0264144986867905 0.0264144986867905 
0.0264144986867905 0.0264144986867905 0.0264144986867905 0.0264144986867905 
0.0264144986867905 0.0264144986867905 0.0264144986867905 0.0264144986867905 
0.0264144986867905 0.0264144986867905 0.0264144986867905 0.0264144986867905 
0.0264144986867905 0.0264144986867905 0.0264144986867905 0.0264144986867905 
0.0264144986867905 0.0264144986867905 0.0264144986867905 0.0264144986867905 
0.0264144986867905 0.0264144986867905 0.0264144986867905 0.0264144986867905 
0.0264144986867905 0.0264144986867905 0.0264144986867905 0.0264144986867905 
0.0264144986867905 0.0264144986867905 0.0264144986867905 0.0264144986867905 
0.0264144986867905 0.0264144986867905 0.0264144986867905 0.0264144986867905 
0.0264144986867905 0.0264144986867905 0.0264144986867905 0.0264144986867905 
0.0264144986867905 0.0264144986867905 0.0264144986867905 0.0264144986867905 
0.0264144986867905 0.0264144986867905 0.0264144986867905 0.0264144986867905 
0.0264144986867905 0.0264144986867905 0.0264144986867905 0.0264144986867905 
0.0264144986867905 0.0264144986867905 0.0264144986867905 0.0264144986867905 
0.0264144986867905 0.0264144986867905 0.0264144986867905 0.0264144986867905 
0.0264144986867905
##$RECO_byte_order=littleEndian
##$RECO_time=( 24 )
<12:45:29  3 Aug 2016>
##$RECO_abs_time=1470253529
$$ @vis= RECO_map_max RECO_map_offset RECO_map_slope RECO_byte_order RECO_time
##$RECO_base_image_uid=( 65 )
<2.16.756.5.5.100.4167689927.4869.1470254109.118>
##$GS_reco_display=Yes
$$ @vis= RECO_abs_time RECO_base_image_uid RecoRegridNGroup GS_reco_display
##$GO_reco_display=Yes
##$GO_reco_each_nr=No
##$GO_max_reco_mem=0
$$ @vis= RECO_GS GO_reco_display GO_reco_each_nr GO_max_reco_mem RECO_GO RECO
##END=
