##TITLE=Parameter List
##JCAMPDX=4.24
##DATATYPE=Parameter Values
##ORIGIN=Bruker BioSpin MRI GmbH
##OWNER=pacosta
$$ Wed Dec 21 06:55:24 2016 MST (UT-7h)  pacosta
$$ /opt/PV51/data/pacosta/nmr/Acosta_20162112_Isovue_pH800_CEST.F91/3/pdata/1/reco
##$RECO_mode=FT_MODE
##$RecoAutoDerive=Yes
##$RECO_inp_order=NO_REORDERING
##$RECO_inp_size=( 2 )
128 64
##$RECO_ft_size=( 2 )
128 128
##$RECO_fov=( 2 )
6 6
##$RECO_size=( 2 )
128 128
$$ @vis= RECO_mode RecoAutoDerive RECO_inp_order RECO_ft_size RECO_fov
##$RECO_offset=( 2, 1 )
0 0
##$RECO_regrid_mode=NO_REGRID
##$RECO_regrid_offset=0
##$RECO_ramp_gap=0
##$RECO_ramp_time=0
##$RECO_ne_mode=NO_NAV_DATA
##$RECO_ne_dist=NeNoInterleave
##$RECO_ne_dens=NeCorrPerScan
##$RECO_ne_type=NAV_PHASE
##$RECO_ne_vals=( 1, 2 )
0 0
##$RECO_bc_mode=( 2 )
NO_BC NO_BC
##$RECO_bc_start=( 2 )
96 48
##$RECO_bc_len=( 2 )
32 16
##$RECO_dc_offset=( 2 )
0 0
##$RECO_dc_divisor=1
##$RECO_bc_coroff=( 2 )
0 0
##$RECO_qopts=( 2 )
CONJ_AND_QNEG NO_QOPTS
##$RECO_wdw_mode=( 2 )
NO_WDW NO_WDW
$$ @vis= RECO_size RECO_regrid_mode RECO_ne_mode RECO_bc_mode RECO_qopts
##$RECO_lb=( 2 )
-0.5 -0.5
##$RECO_sw=( 2 )
50000 1
##$RECO_gb=( 2 )
0.5 0.5
##$RECO_sbs=( 2 )
1 1
##$RECO_tm1=( 2 )
0.25 0.25
##$RECO_tm2=( 2 )
0.75 0.75
##$RECO_ft_mode=( 2 )
COMPLEX_FFT COMPLEX_FFT
##$RECO_pc_mode=( 2 )
NO_PC NO_PC
##$RECO_pc_lin=( 2 )
(0, 0) (0, 0)
##$RECO_rotate=( 2, 1 )
0 0.484375
##$RECO_ppc_mode=NO_PPC
##$RECO_ref_image=0
##$RECO_nr_supports=0.4
##$RECO_sig_threshold=0.15
##$RECO_ppc_degree=1
##$RECO_ppc_coeffs=( 1, 2, 2 )
0 0 0 0
##$RECO_dc_elim=No
$$ @vis= RECO_wdw_mode RECO_ft_mode RECO_pc_mode RECO_rotate RECO_ppc_mode
##$RECO_transposition=( 1 )
1
##$RECO_image_type=MAGNITUDE_IMAGE
##$RECO_image_threshold=0.15
##$RECO_ir_scale=10
##$RECO_wordtype=_16BIT_SGN_INT
##$RECO_map_mode=ABSOLUTE_MAPPING
$$ @vis= RECO_dc_elim RECO_transposition RECO_image_type RECO_wordtype
##$RECO_map_range=( 2 )
-2147483647 2147483647
##$RECO_map_percentile=( 2 )
1 99.99
##$RECO_map_error=0.0025
##$RECO_globex=( 105 )
0 0 0 0 0 0 0 0 0 0 0 0 0 0 0 0 0 0 0 0 0 0 0 0 0 0 0 0 0 0 0 0 0 0 0 0 0 0 0 
0 0 0 0 0 0 0 0 0 0 0 0 0 0 0 0 0 0 0 0 0 0 0 0 0 0 0 0 0 0 0 0 0 0 0 0 0 0 0 
0 0 0 0 0 0 0 0 0 0 0 0 0 0 0 0 0 0 0 0 0 0 0 0 0 0 0
##$RECO_minima=( 105 )
0 0 0 0 0 0 0 0 0 0 0 0 0 0 0 0 0 0 0 0 0 0 0 0 0 0 0 0 0 0 0 0 0 0 0 0 0 0 0 
0 0 0 0 0 0 0 0 0 0 0 0 0 0 0 0 0 0 0 0 0 0 0 0 0 0 0 0 0 0 0 0 0 0 0 0 0 0 0 
0 0 0 0 0 0 0 0 0 0 0 0 0 0 0 0 0 0 0 0 0 0 0 0 0 0 0
##$RECO_maxima=( 105 )
32767 29080 30085 29391 28412 28308 27812 28587 28143 28456 27346 27761 27328 
27520 27413 26966 26758 26642 27128 26720 25870 25777 25101 25295 24697 23817 
23660 23070 22336 21370 20863 20122 19069 18196 17574 16351 15784 14665 13322 
12708 11089 10372 8206 7782 6950 5527 5115 4124 5138 6221 7522 9075 9627 
10763 11907 12658 13539 14100 13846 14937 15039 15485 16211 16319 17016 16669 
17586 17418 16880 16975 17631 18050 18416 19011 19365 19783 20662 21053 21527 
22196 22410 22943 23025 23852 24414 23932 24895 26099 25673 26167 26271 26880 
26943 26881 27203 27259 27609 27145 28332 28546 28232 27626 28407 28973 28167
##$RECO_map_min=( 105 )
-1196074 -1196074 -1196074 -1196074 -1196074 -1196074 -1196074 -1196074 
-1196074 -1196074 -1196074 -1196074 -1196074 -1196074 -1196074 -1196074 
-1196074 -1196074 -1196074 -1196074 -1196074 -1196074 -1196074 -1196074 
-1196074 -1196074 -1196074 -1196074 -1196074 -1196074 -1196074 -1196074 
-1196074 -1196074 -1196074 -1196074 -1196074 -1196074 -1196074 -1196074 
-1196074 -1196074 -1196074 -1196074 -1196074 -1196074 -1196074 -1196074 
-1196074 -1196074 -1196074 -1196074 -1196074 -1196074 -1196074 -1196074 
-1196074 -1196074 -1196074 -1196074 -1196074 -1196074 -1196074 -1196074 
-1196074 -1196074 -1196074 -1196074 -1196074 -1196074 -1196074 -1196074 
-1196074 -1196074 -1196074 -1196074 -1196074 -1196074 -1196074 -1196074 
-1196074 -1196074 -1196074 -1196074 -1196074 -1196074 -1196074 -1196074 
-1196074 -1196074 -1196074 -1196074 -1196074 -1196074 -1196074 -1196074 
-1196074 -1196074 -1196074 -1196074 -1196074 -1196074 -1196074 -1196074 
-1196074
##$RECO_map_max=( 105 )
1196074 1196074 1196074 1196074 1196074 1196074 1196074 1196074 1196074 
1196074 1196074 1196074 1196074 1196074 1196074 1196074 1196074 1196074 
1196074 1196074 1196074 1196074 1196074 1196074 1196074 1196074 1196074 
1196074 1196074 1196074 1196074 1196074 1196074 1196074 1196074 1196074 
1196074 1196074 1196074 1196074 1196074 1196074 1196074 1196074 1196074 
1196074 1196074 1196074 1196074 1196074 1196074 1196074 1196074 1196074 
1196074 1196074 1196074 1196074 1196074 1196074 1196074 1196074 1196074 
1196074 1196074 1196074 1196074 1196074 1196074 1196074 1196074 1196074 
1196074 1196074 1196074 1196074 1196074 1196074 1196074 1196074 1196074 
1196074 1196074 1196074 1196074 1196074 1196074 1196074 1196074 1196074 
1196074 1196074 1196074 1196074 1196074 1196074 1196074 1196074 1196074 
1196074 1196074 1196074 1196074 1196074 1196074
$$ @vis= RECO_map_mode RECO_globex RECO_minima RECO_maxima RECO_map_min
##$RECO_map_offset=( 105 )
0 0 0 0 0 0 0 0 0 0 0 0 0 0 0 0 0 0 0 0 0 0 0 0 0 0 0 0 0 0 0 0 0 0 0 0 0 0 0 
0 0 0 0 0 0 0 0 0 0 0 0 0 0 0 0 0 0 0 0 0 0 0 0 0 0 0 0 0 0 0 0 0 0 0 0 0 0 0 
0 0 0 0 0 0 0 0 0 0 0 0 0 0 0 0 0 0 0 0 0 0 0 0 0 0 0
##$RECO_map_slope=( 105 )
0.0273954626172781 0.0273954626172781 0.0273954626172781 0.0273954626172781 
0.0273954626172781 0.0273954626172781 0.0273954626172781 0.0273954626172781 
0.0273954626172781 0.0273954626172781 0.0273954626172781 0.0273954626172781 
0.0273954626172781 0.0273954626172781 0.0273954626172781 0.0273954626172781 
0.0273954626172781 0.0273954626172781 0.0273954626172781 0.0273954626172781 
0.0273954626172781 0.0273954626172781 0.0273954626172781 0.0273954626172781 
0.0273954626172781 0.0273954626172781 0.0273954626172781 0.0273954626172781 
0.0273954626172781 0.0273954626172781 0.0273954626172781 0.0273954626172781 
0.0273954626172781 0.0273954626172781 0.0273954626172781 0.0273954626172781 
0.0273954626172781 0.0273954626172781 0.0273954626172781 0.0273954626172781 
0.0273954626172781 0.0273954626172781 0.0273954626172781 0.0273954626172781 
0.0273954626172781 0.0273954626172781 0.0273954626172781 0.0273954626172781 
0.0273954626172781 0.0273954626172781 0.0273954626172781 0.0273954626172781 
0.0273954626172781 0.0273954626172781 0.0273954626172781 0.0273954626172781 
0.0273954626172781 0.0273954626172781 0.0273954626172781 0.0273954626172781 
0.0273954626172781 0.0273954626172781 0.0273954626172781 0.0273954626172781 
0.0273954626172781 0.0273954626172781 0.0273954626172781 0.0273954626172781 
0.0273954626172781 0.0273954626172781 0.0273954626172781 0.0273954626172781 
0.0273954626172781 0.0273954626172781 0.0273954626172781 0.0273954626172781 
0.0273954626172781 0.0273954626172781 0.0273954626172781 0.0273954626172781 
0.0273954626172781 0.0273954626172781 0.0273954626172781 0.0273954626172781 
0.0273954626172781 0.0273954626172781 0.0273954626172781 0.0273954626172781 
0.0273954626172781 0.0273954626172781 0.0273954626172781 0.0273954626172781 
0.0273954626172781 0.0273954626172781 0.0273954626172781 0.0273954626172781 
0.0273954626172781 0.0273954626172781 0.0273954626172781 0.0273954626172781 
0.0273954626172781 0.0273954626172781 0.0273954626172781 0.0273954626172781 
0.0273954626172781
##$RECO_byte_order=littleEndian
##$RECO_time=( 24 )
<06:45:43 21 Dec 2016>
##$RECO_abs_time=1482327943
$$ @vis= RECO_map_max RECO_map_offset RECO_map_slope RECO_byte_order RECO_time
##$RECO_base_image_uid=( 65 )
<2.16.756.5.5.100.4167689927.18903.1482328524.107>
##$GS_reco_display=Yes
$$ @vis= RECO_abs_time RECO_base_image_uid RecoRegridNGroup GS_reco_display
##$GO_reco_display=Yes
##$GO_reco_each_nr=No
##$GO_max_reco_mem=0
$$ @vis= RECO_GS GO_reco_display GO_reco_each_nr GO_max_reco_mem RECO_GO RECO
##END=
