##TITLE=Parameter List
##JCAMPDX=4.24
##DATATYPE=Parameter Values
##ORIGIN=Bruker BioSpin MRI GmbH
##OWNER=jdegrand
$$ Sat May 20 12:35:59 2017 MST (UT-7h)  jdegrand
$$ /opt/PV51/data/jdegrand/nmr/degrandchamp_20170520_pbs_pHall.Hz1/3/pdata/1/reco
##$RECO_mode=FT_MODE
##$RecoAutoDerive=Yes
##$RECO_inp_order=NO_REORDERING
##$RECO_inp_size=( 2 )
128 64
##$RECO_ft_size=( 2 )
128 128
##$RECO_fov=( 2 )
4 4
##$RECO_size=( 2 )
128 128
$$ @vis= RECO_mode RecoAutoDerive RECO_inp_order RECO_ft_size RECO_fov
##$RECO_offset=( 2, 1 )
0 0
##$RECO_regrid_mode=NO_REGRID
##$RECO_regrid_offset=0
##$RECO_ramp_gap=0
##$RECO_ramp_time=0
##$RECO_ne_mode=NO_NAV_DATA
##$RECO_ne_dist=NeNoInterleave
##$RECO_ne_dens=NeCorrPerScan
##$RECO_ne_type=NAV_PHASE
##$RECO_ne_vals=( 1, 2 )
0 0
##$RECO_bc_mode=( 2 )
NO_BC NO_BC
##$RECO_bc_start=( 2 )
96 48
##$RECO_bc_len=( 2 )
32 16
##$RECO_dc_offset=( 2 )
0 0
##$RECO_dc_divisor=1
##$RECO_bc_coroff=( 2 )
0 0
##$RECO_qopts=( 2 )
CONJ_AND_QNEG NO_QOPTS
##$RECO_wdw_mode=( 2 )
NO_WDW NO_WDW
$$ @vis= RECO_size RECO_regrid_mode RECO_ne_mode RECO_bc_mode RECO_qopts
##$RECO_lb=( 2 )
-0.5 -0.5
##$RECO_sw=( 2 )
50000 1
##$RECO_gb=( 2 )
0.5 0.5
##$RECO_sbs=( 2 )
1 1
##$RECO_tm1=( 2 )
0.25 0.25
##$RECO_tm2=( 2 )
0.75 0.75
##$RECO_ft_mode=( 2 )
COMPLEX_FFT COMPLEX_FFT
##$RECO_pc_mode=( 2 )
NO_PC NO_PC
##$RECO_pc_lin=( 2 )
(0, 0) (0, 0)
##$RECO_rotate=( 2, 1 )
0 0.5234375
##$RECO_ppc_mode=NO_PPC
##$RECO_ref_image=0
##$RECO_nr_supports=0.4
##$RECO_sig_threshold=0.15
##$RECO_ppc_degree=1
##$RECO_ppc_coeffs=( 1, 2, 2 )
0 0 0 0
##$RECO_dc_elim=No
$$ @vis= RECO_wdw_mode RECO_ft_mode RECO_pc_mode RECO_rotate RECO_ppc_mode
##$RECO_transposition=( 1 )
1
##$RECO_image_type=MAGNITUDE_IMAGE
##$RECO_image_threshold=0.15
##$RECO_ir_scale=10
##$RECO_wordtype=_16BIT_SGN_INT
##$RECO_map_mode=ABSOLUTE_MAPPING
$$ @vis= RECO_dc_elim RECO_transposition RECO_image_type RECO_wordtype
##$RECO_map_range=( 2 )
-2147483647 2147483647
##$RECO_map_percentile=( 2 )
1 99.99
##$RECO_map_error=0.0025
##$RECO_globex=( 105 )
0 0 0 0 0 0 0 0 0 0 0 0 0 0 0 0 0 0 0 0 0 0 0 0 0 0 0 0 0 0 0 0 0 0 0 0 0 0 0 
0 0 0 0 0 0 0 0 0 0 0 0 0 0 0 0 0 0 0 0 0 0 0 0 0 0 0 0 0 0 0 0 0 0 0 0 0 0 0 
0 0 0 0 0 0 0 0 0 0 0 0 0 0 0 0 0 0 0 0 0 0 0 0 0 0 0
##$RECO_minima=( 105 )
0 0 0 0 0 0 0 0 0 0 0 0 0 0 0 0 0 0 0 0 0 0 0 0 0 0 0 0 0 0 0 0 0 0 0 0 0 0 0 
0 0 0 0 0 0 0 0 0 0 0 0 0 0 0 0 0 0 0 0 0 0 0 0 0 0 0 0 0 0 0 0 0 0 0 0 0 0 0 
0 0 0 0 0 0 0 0 0 0 0 0 0 0 0 0 0 0 0 0 0 0 0 0 0 0 0
##$RECO_maxima=( 105 )
32767 29624 28969 28961 28455 29487 30351 28693 28306 29100 29763 28300 29713 
29430 28794 29340 28784 28605 29364 30629 29038 29737 30075 28795 29226 28544 
28192 28538 29357 28305 28583 28420 29170 29126 28913 28349 28168 29487 27536 
27971 27670 27149 26865 27339 27182 27745 27696 28430 28059 28206 28345 28421 
28253 28551 28556 28208 28199 27750 28096 28174 27694 28114 28264 28074 27895 
27920 28441 28429 28506 28557 28602 28170 28694 28383 28595 30347 28441 29203 
28073 29124 29228 28911 28568 28463 28242 28593 29189 28425 29370 28411 28941 
29438 28494 28462 28899 28466 28928 28328 28849 28666 28242 28753 29045 27995 
29122
##$RECO_map_min=( 105 )
-762943 -762943 -762943 -762943 -762943 -762943 -762943 -762943 -762943 
-762943 -762943 -762943 -762943 -762943 -762943 -762943 -762943 -762943 
-762943 -762943 -762943 -762943 -762943 -762943 -762943 -762943 -762943 
-762943 -762943 -762943 -762943 -762943 -762943 -762943 -762943 -762943 
-762943 -762943 -762943 -762943 -762943 -762943 -762943 -762943 -762943 
-762943 -762943 -762943 -762943 -762943 -762943 -762943 -762943 -762943 
-762943 -762943 -762943 -762943 -762943 -762943 -762943 -762943 -762943 
-762943 -762943 -762943 -762943 -762943 -762943 -762943 -762943 -762943 
-762943 -762943 -762943 -762943 -762943 -762943 -762943 -762943 -762943 
-762943 -762943 -762943 -762943 -762943 -762943 -762943 -762943 -762943 
-762943 -762943 -762943 -762943 -762943 -762943 -762943 -762943 -762943 
-762943 -762943 -762943 -762943 -762943 -762943
##$RECO_map_max=( 105 )
762943 762943 762943 762943 762943 762943 762943 762943 762943 762943 762943 
762943 762943 762943 762943 762943 762943 762943 762943 762943 762943 762943 
762943 762943 762943 762943 762943 762943 762943 762943 762943 762943 762943 
762943 762943 762943 762943 762943 762943 762943 762943 762943 762943 762943 
762943 762943 762943 762943 762943 762943 762943 762943 762943 762943 762943 
762943 762943 762943 762943 762943 762943 762943 762943 762943 762943 762943 
762943 762943 762943 762943 762943 762943 762943 762943 762943 762943 762943 
762943 762943 762943 762943 762943 762943 762943 762943 762943 762943 762943 
762943 762943 762943 762943 762943 762943 762943 762943 762943 762943 762943 
762943 762943 762943 762943 762943 762943
$$ @vis= RECO_map_mode RECO_globex RECO_minima RECO_maxima RECO_map_min
##$RECO_map_offset=( 105 )
0 0 0 0 0 0 0 0 0 0 0 0 0 0 0 0 0 0 0 0 0 0 0 0 0 0 0 0 0 0 0 0 0 0 0 0 0 0 0 
0 0 0 0 0 0 0 0 0 0 0 0 0 0 0 0 0 0 0 0 0 0 0 0 0 0 0 0 0 0 0 0 0 0 0 0 0 0 0 
0 0 0 0 0 0 0 0 0 0 0 0 0 0 0 0 0 0 0 0 0 0 0 0 0 0 0
##$RECO_map_slope=( 105 )
0.0429481640458107 0.0429481640458107 0.0429481640458107 0.0429481640458107 
0.0429481640458107 0.0429481640458107 0.0429481640458107 0.0429481640458107 
0.0429481640458107 0.0429481640458107 0.0429481640458107 0.0429481640458107 
0.0429481640458107 0.0429481640458107 0.0429481640458107 0.0429481640458107 
0.0429481640458107 0.0429481640458107 0.0429481640458107 0.0429481640458107 
0.0429481640458107 0.0429481640458107 0.0429481640458107 0.0429481640458107 
0.0429481640458107 0.0429481640458107 0.0429481640458107 0.0429481640458107 
0.0429481640458107 0.0429481640458107 0.0429481640458107 0.0429481640458107 
0.0429481640458107 0.0429481640458107 0.0429481640458107 0.0429481640458107 
0.0429481640458107 0.0429481640458107 0.0429481640458107 0.0429481640458107 
0.0429481640458107 0.0429481640458107 0.0429481640458107 0.0429481640458107 
0.0429481640458107 0.0429481640458107 0.0429481640458107 0.0429481640458107 
0.0429481640458107 0.0429481640458107 0.0429481640458107 0.0429481640458107 
0.0429481640458107 0.0429481640458107 0.0429481640458107 0.0429481640458107 
0.0429481640458107 0.0429481640458107 0.0429481640458107 0.0429481640458107 
0.0429481640458107 0.0429481640458107 0.0429481640458107 0.0429481640458107 
0.0429481640458107 0.0429481640458107 0.0429481640458107 0.0429481640458107 
0.0429481640458107 0.0429481640458107 0.0429481640458107 0.0429481640458107 
0.0429481640458107 0.0429481640458107 0.0429481640458107 0.0429481640458107 
0.0429481640458107 0.0429481640458107 0.0429481640458107 0.0429481640458107 
0.0429481640458107 0.0429481640458107 0.0429481640458107 0.0429481640458107 
0.0429481640458107 0.0429481640458107 0.0429481640458107 0.0429481640458107 
0.0429481640458107 0.0429481640458107 0.0429481640458107 0.0429481640458107 
0.0429481640458107 0.0429481640458107 0.0429481640458107 0.0429481640458107 
0.0429481640458107 0.0429481640458107 0.0429481640458107 0.0429481640458107 
0.0429481640458107 0.0429481640458107 0.0429481640458107 0.0429481640458107 
0.0429481640458107
##$RECO_byte_order=littleEndian
##$RECO_time=( 24 )
<12:26:18 20 May 2017>
##$RECO_abs_time=1495308378
$$ @vis= RECO_map_max RECO_map_offset RECO_map_slope RECO_byte_order RECO_time
##$RECO_base_image_uid=( 65 )
<2.16.756.5.5.100.4167689927.3250.1495308959.320>
##$GS_reco_display=Yes
$$ @vis= RECO_abs_time RECO_base_image_uid RecoRegridNGroup GS_reco_display
##$GO_reco_display=Yes
##$GO_reco_each_nr=No
##$GO_max_reco_mem=0
$$ @vis= RECO_GS GO_reco_display GO_reco_each_nr GO_max_reco_mem RECO_GO RECO
##END=
