##TITLE=Parameter List
##JCAMPDX=4.24
##DATATYPE=Parameter Values
##ORIGIN=Bruker BioSpin MRI GmbH
##OWNER=jdegrand
$$ Mon Mar 27 19:38:01 2017 MST (UT-7h)  jdegrand
$$ /opt/PV51/data/jdegrand/nmr/degrandchamp_20170327_oxilan_pH719.GH1/2/pdata/1/reco
##$RECO_mode=FT_MODE
##$RecoAutoDerive=Yes
##$RECO_inp_order=NO_REORDERING
##$RECO_inp_size=( 2 )
128 64
##$RECO_ft_size=( 2 )
128 128
##$RECO_fov=( 2 )
4 4
##$RECO_size=( 2 )
128 128
$$ @vis= RECO_mode RecoAutoDerive RECO_inp_order RECO_ft_size RECO_fov
##$RECO_offset=( 2, 1 )
0 0
##$RECO_regrid_mode=NO_REGRID
##$RECO_regrid_offset=0
##$RECO_ramp_gap=0
##$RECO_ramp_time=0
##$RECO_ne_mode=NO_NAV_DATA
##$RECO_ne_dist=NeNoInterleave
##$RECO_ne_dens=NeCorrPerScan
##$RECO_ne_type=NAV_PHASE
##$RECO_ne_vals=( 1, 2 )
0 0
##$RECO_bc_mode=( 2 )
NO_BC NO_BC
##$RECO_bc_start=( 2 )
96 48
##$RECO_bc_len=( 2 )
32 16
##$RECO_dc_offset=( 2 )
0 0
##$RECO_dc_divisor=1
##$RECO_bc_coroff=( 2 )
0 0
##$RECO_qopts=( 2 )
CONJ_AND_QNEG NO_QOPTS
##$RECO_wdw_mode=( 2 )
NO_WDW NO_WDW
$$ @vis= RECO_size RECO_regrid_mode RECO_ne_mode RECO_bc_mode RECO_qopts
##$RECO_lb=( 2 )
-0.5 -0.5
##$RECO_sw=( 2 )
50000 1
##$RECO_gb=( 2 )
0.5 0.5
##$RECO_sbs=( 2 )
1 1
##$RECO_tm1=( 2 )
0.25 0.25
##$RECO_tm2=( 2 )
0.75 0.75
##$RECO_ft_mode=( 2 )
COMPLEX_FFT COMPLEX_FFT
##$RECO_pc_mode=( 2 )
NO_PC NO_PC
##$RECO_pc_lin=( 2 )
(0, 0) (0, 0)
##$RECO_rotate=( 2, 1 )
0 0.4765625
##$RECO_ppc_mode=NO_PPC
##$RECO_ref_image=0
##$RECO_nr_supports=0.4
##$RECO_sig_threshold=0.15
##$RECO_ppc_degree=1
##$RECO_ppc_coeffs=( 1, 2, 2 )
0 0 0 0
##$RECO_dc_elim=No
$$ @vis= RECO_wdw_mode RECO_ft_mode RECO_pc_mode RECO_rotate RECO_ppc_mode
##$RECO_transposition=( 1 )
1
##$RECO_image_type=MAGNITUDE_IMAGE
##$RECO_image_threshold=0.15
##$RECO_ir_scale=10
##$RECO_wordtype=_16BIT_SGN_INT
##$RECO_map_mode=ABSOLUTE_MAPPING
$$ @vis= RECO_dc_elim RECO_transposition RECO_image_type RECO_wordtype
##$RECO_map_range=( 2 )
-2147483647 2147483647
##$RECO_map_percentile=( 2 )
1 99.99
##$RECO_map_error=0.0025
##$RECO_globex=( 105 )
0 0 0 0 0 0 0 0 0 0 0 0 0 0 0 0 0 0 0 0 0 0 0 0 0 0 0 0 0 0 0 0 0 0 0 0 0 0 0 
0 0 0 0 0 0 0 0 0 0 0 0 0 0 0 0 0 0 0 0 0 0 0 0 0 0 0 0 0 0 0 0 0 0 0 0 0 0 0 
0 0 0 0 0 0 0 0 0 0 0 0 0 0 0 0 0 0 0 0 0 0 0 0 0 0 0
##$RECO_minima=( 105 )
0 0 0 0 0 0 0 0 0 0 0 0 0 0 0 0 0 0 0 0 0 0 0 0 0 0 0 0 0 0 0 0 0 0 0 0 0 0 0 
0 0 0 0 0 0 0 0 0 0 0 0 0 0 0 0 0 0 0 0 0 0 0 0 0 0 0 0 0 0 0 0 0 0 0 0 0 0 0 
0 0 0 0 0 0 0 0 0 0 0 0 0 0 0 0 0 0 0 0 0 0 0 0 0 0 0
##$RECO_maxima=( 105 )
31353 30674 30848 31306 31362 31736 31126 31018 31259 30327 31139 31369 31562 
30273 31133 31031 31034 30806 31229 31191 30919 30770 31719 30175 31105 31198 
31505 30920 29924 30211 29780 30054 29419 29121 29027 28096 28514 27940 28456 
27219 27370 26873 27159 26794 26054 25297 25109 23215 22114 20404 18410 16964 
18109 18917 20400 21139 21053 20164 20918 20362 20831 22224 21914 22024 21821 
22256 22986 23658 24989 25501 26561 26482 27341 28589 28962 29252 30387 29363 
30417 29975 30292 30141 30782 30254 30579 30757 30498 30852 30902 30693 30483 
30796 30677 31448 31331 30611 31035 31025 30739 31167 31783 31270 32767 32114 
31324
##$RECO_map_min=( 105 )
-795855 -795855 -795855 -795855 -795855 -795855 -795855 -795855 -795855 
-795855 -795855 -795855 -795855 -795855 -795855 -795855 -795855 -795855 
-795855 -795855 -795855 -795855 -795855 -795855 -795855 -795855 -795855 
-795855 -795855 -795855 -795855 -795855 -795855 -795855 -795855 -795855 
-795855 -795855 -795855 -795855 -795855 -795855 -795855 -795855 -795855 
-795855 -795855 -795855 -795855 -795855 -795855 -795855 -795855 -795855 
-795855 -795855 -795855 -795855 -795855 -795855 -795855 -795855 -795855 
-795855 -795855 -795855 -795855 -795855 -795855 -795855 -795855 -795855 
-795855 -795855 -795855 -795855 -795855 -795855 -795855 -795855 -795855 
-795855 -795855 -795855 -795855 -795855 -795855 -795855 -795855 -795855 
-795855 -795855 -795855 -795855 -795855 -795855 -795855 -795855 -795855 
-795855 -795855 -795855 -795855 -795855 -795855
##$RECO_map_max=( 105 )
795855 795855 795855 795855 795855 795855 795855 795855 795855 795855 795855 
795855 795855 795855 795855 795855 795855 795855 795855 795855 795855 795855 
795855 795855 795855 795855 795855 795855 795855 795855 795855 795855 795855 
795855 795855 795855 795855 795855 795855 795855 795855 795855 795855 795855 
795855 795855 795855 795855 795855 795855 795855 795855 795855 795855 795855 
795855 795855 795855 795855 795855 795855 795855 795855 795855 795855 795855 
795855 795855 795855 795855 795855 795855 795855 795855 795855 795855 795855 
795855 795855 795855 795855 795855 795855 795855 795855 795855 795855 795855 
795855 795855 795855 795855 795855 795855 795855 795855 795855 795855 795855 
795855 795855 795855 795855 795855 795855
$$ @vis= RECO_map_mode RECO_globex RECO_minima RECO_maxima RECO_map_min
##$RECO_map_offset=( 105 )
0 0 0 0 0 0 0 0 0 0 0 0 0 0 0 0 0 0 0 0 0 0 0 0 0 0 0 0 0 0 0 0 0 0 0 0 0 0 0 
0 0 0 0 0 0 0 0 0 0 0 0 0 0 0 0 0 0 0 0 0 0 0 0 0 0 0 0 0 0 0 0 0 0 0 0 0 0 0 
0 0 0 0 0 0 0 0 0 0 0 0 0 0 0 0 0 0 0 0 0 0 0 0 0 0 0
##$RECO_map_slope=( 105 )
0.0411720722913742 0.0411720722913742 0.0411720722913742 0.0411720722913742 
0.0411720722913742 0.0411720722913742 0.0411720722913742 0.0411720722913742 
0.0411720722913742 0.0411720722913742 0.0411720722913742 0.0411720722913742 
0.0411720722913742 0.0411720722913742 0.0411720722913742 0.0411720722913742 
0.0411720722913742 0.0411720722913742 0.0411720722913742 0.0411720722913742 
0.0411720722913742 0.0411720722913742 0.0411720722913742 0.0411720722913742 
0.0411720722913742 0.0411720722913742 0.0411720722913742 0.0411720722913742 
0.0411720722913742 0.0411720722913742 0.0411720722913742 0.0411720722913742 
0.0411720722913742 0.0411720722913742 0.0411720722913742 0.0411720722913742 
0.0411720722913742 0.0411720722913742 0.0411720722913742 0.0411720722913742 
0.0411720722913742 0.0411720722913742 0.0411720722913742 0.0411720722913742 
0.0411720722913742 0.0411720722913742 0.0411720722913742 0.0411720722913742 
0.0411720722913742 0.0411720722913742 0.0411720722913742 0.0411720722913742 
0.0411720722913742 0.0411720722913742 0.0411720722913742 0.0411720722913742 
0.0411720722913742 0.0411720722913742 0.0411720722913742 0.0411720722913742 
0.0411720722913742 0.0411720722913742 0.0411720722913742 0.0411720722913742 
0.0411720722913742 0.0411720722913742 0.0411720722913742 0.0411720722913742 
0.0411720722913742 0.0411720722913742 0.0411720722913742 0.0411720722913742 
0.0411720722913742 0.0411720722913742 0.0411720722913742 0.0411720722913742 
0.0411720722913742 0.0411720722913742 0.0411720722913742 0.0411720722913742 
0.0411720722913742 0.0411720722913742 0.0411720722913742 0.0411720722913742 
0.0411720722913742 0.0411720722913742 0.0411720722913742 0.0411720722913742 
0.0411720722913742 0.0411720722913742 0.0411720722913742 0.0411720722913742 
0.0411720722913742 0.0411720722913742 0.0411720722913742 0.0411720722913742 
0.0411720722913742 0.0411720722913742 0.0411720722913742 0.0411720722913742 
0.0411720722913742 0.0411720722913742 0.0411720722913742 0.0411720722913742 
0.0411720722913742
##$RECO_byte_order=littleEndian
##$RECO_time=( 24 )
<19:28:20 27 Mar 2017>
##$RECO_abs_time=1490668100
$$ @vis= RECO_map_max RECO_map_offset RECO_map_slope RECO_byte_order RECO_time
##$RECO_base_image_uid=( 65 )
<2.16.756.5.5.100.4167689927.2385.1490668681.331>
##$GS_reco_display=Yes
$$ @vis= RECO_abs_time RECO_base_image_uid RecoRegridNGroup GS_reco_display
##$GO_reco_display=Yes
##$GO_reco_each_nr=No
##$GO_max_reco_mem=0
$$ @vis= RECO_GS GO_reco_display GO_reco_each_nr GO_max_reco_mem RECO_GO RECO
##END=
