##TITLE=Parameter List
##JCAMPDX=4.24
##DATATYPE=Parameter Values
##ORIGIN=Bruker BioSpin MRI GmbH
##OWNER=jdegrand
$$ Tue Jan 31 11:49:24 2017 MST (UT-7h)  jdegrand
$$ /opt/PV51/data/jdegrand/nmr/degrandchamp_20170131_isovue_ph625.FO1/3/pdata/1/reco
##$RECO_mode=FT_MODE
##$RecoAutoDerive=Yes
##$RECO_inp_order=NO_REORDERING
##$RECO_inp_size=( 2 )
128 64
##$RECO_ft_size=( 2 )
128 128
##$RECO_fov=( 2 )
4.53511705685619 6
##$RECO_size=( 2 )
128 128
$$ @vis= RECO_mode RecoAutoDerive RECO_inp_order RECO_ft_size RECO_fov
##$RECO_offset=( 2, 1 )
0 0
##$RECO_regrid_mode=NO_REGRID
##$RECO_regrid_offset=0
##$RECO_ramp_gap=0
##$RECO_ramp_time=0
##$RECO_ne_mode=NO_NAV_DATA
##$RECO_ne_dist=NeNoInterleave
##$RECO_ne_dens=NeCorrPerScan
##$RECO_ne_type=NAV_PHASE
##$RECO_ne_vals=( 1, 2 )
0 0
##$RECO_bc_mode=( 2 )
NO_BC NO_BC
##$RECO_bc_start=( 2 )
96 48
##$RECO_bc_len=( 2 )
32 16
##$RECO_dc_offset=( 2 )
0 0
##$RECO_dc_divisor=1
##$RECO_bc_coroff=( 2 )
0 0
##$RECO_qopts=( 2 )
CONJ_AND_QNEG NO_QOPTS
##$RECO_wdw_mode=( 2 )
NO_WDW NO_WDW
$$ @vis= RECO_size RECO_regrid_mode RECO_ne_mode RECO_bc_mode RECO_qopts
##$RECO_lb=( 2 )
-0.5 -0.5
##$RECO_sw=( 2 )
50000 1
##$RECO_gb=( 2 )
0.5 0.5
##$RECO_sbs=( 2 )
1 1
##$RECO_tm1=( 2 )
0.25 0.25
##$RECO_tm2=( 2 )
0.75 0.75
##$RECO_ft_mode=( 2 )
COMPLEX_FFT COMPLEX_FFT
##$RECO_pc_mode=( 2 )
NO_PC NO_PC
##$RECO_pc_lin=( 2 )
(0, 0) (0, 0)
##$RECO_rotate=( 2, 1 )
0 0.484375
##$RECO_ppc_mode=NO_PPC
##$RECO_ref_image=0
##$RECO_nr_supports=0.4
##$RECO_sig_threshold=0.15
##$RECO_ppc_degree=1
##$RECO_ppc_coeffs=( 1, 2, 2 )
0 0 0 0
##$RECO_dc_elim=No
$$ @vis= RECO_wdw_mode RECO_ft_mode RECO_pc_mode RECO_rotate RECO_ppc_mode
##$RECO_transposition=( 1 )
1
##$RECO_image_type=MAGNITUDE_IMAGE
##$RECO_image_threshold=0.15
##$RECO_ir_scale=10
##$RECO_wordtype=_16BIT_SGN_INT
##$RECO_map_mode=ABSOLUTE_MAPPING
$$ @vis= RECO_dc_elim RECO_transposition RECO_image_type RECO_wordtype
##$RECO_map_range=( 2 )
-2147483647 2147483647
##$RECO_map_percentile=( 2 )
1 99.99
##$RECO_map_error=0.0025
##$RECO_globex=( 105 )
0 0 0 0 0 0 0 0 0 0 0 0 0 0 0 0 0 0 0 0 0 0 0 0 0 0 0 0 0 0 0 0 0 0 0 0 0 0 0 
0 0 0 0 0 0 0 0 0 0 0 0 0 0 0 0 0 0 0 0 0 0 0 0 0 0 0 0 0 0 0 0 0 0 0 0 0 0 0 
0 0 0 0 0 0 0 0 0 0 0 0 0 0 0 0 0 0 0 0 0 0 0 0 0 0 0
##$RECO_minima=( 105 )
0 0 0 0 0 0 0 0 0 0 0 0 0 0 0 0 0 0 0 0 0 0 0 0 0 0 0 0 0 0 0 0 0 0 0 0 0 0 0 
0 0 0 0 0 0 0 0 0 0 0 0 0 0 0 0 0 0 0 0 0 0 0 0 0 0 0 0 0 0 0 0 0 0 0 0 0 0 0 
0 0 0 0 0 0 0 0 0 0 0 0 0 0 0 0 0 0 0 0 0 0 0 0 0 0 0
##$RECO_maxima=( 105 )
32767 30765 30262 30215 29493 29224 29305 29982 28991 29310 29281 28886 29198 
29228 29231 28202 28596 28439 28045 28067 27665 26781 26481 26446 25012 25513 
23953 22925 22297 22352 21718 20803 20237 20119 18619 17763 17336 16242 15501 
13312 11567 10390 10117 12534 13650 14957 17014 18272 20129 20269 22004 23031 
22901 24140 24260 24455 25358 25849 25502 26160 26249 25953 25589 25923 26466 
26401 27569 27329 26305 26427 25611 25274 25519 25797 25874 25806 25587 26262 
26243 27386 27851 27861 27982 28350 28345 28633 29248 29008 28774 28828 28669 
29337 29088 29193 29254 29166 29172 28896 29336 29064 29439 29250 29626 29276 
29395
##$RECO_map_min=( 105 )
-895347 -895347 -895347 -895347 -895347 -895347 -895347 -895347 -895347 
-895347 -895347 -895347 -895347 -895347 -895347 -895347 -895347 -895347 
-895347 -895347 -895347 -895347 -895347 -895347 -895347 -895347 -895347 
-895347 -895347 -895347 -895347 -895347 -895347 -895347 -895347 -895347 
-895347 -895347 -895347 -895347 -895347 -895347 -895347 -895347 -895347 
-895347 -895347 -895347 -895347 -895347 -895347 -895347 -895347 -895347 
-895347 -895347 -895347 -895347 -895347 -895347 -895347 -895347 -895347 
-895347 -895347 -895347 -895347 -895347 -895347 -895347 -895347 -895347 
-895347 -895347 -895347 -895347 -895347 -895347 -895347 -895347 -895347 
-895347 -895347 -895347 -895347 -895347 -895347 -895347 -895347 -895347 
-895347 -895347 -895347 -895347 -895347 -895347 -895347 -895347 -895347 
-895347 -895347 -895347 -895347 -895347 -895347
##$RECO_map_max=( 105 )
895347 895347 895347 895347 895347 895347 895347 895347 895347 895347 895347 
895347 895347 895347 895347 895347 895347 895347 895347 895347 895347 895347 
895347 895347 895347 895347 895347 895347 895347 895347 895347 895347 895347 
895347 895347 895347 895347 895347 895347 895347 895347 895347 895347 895347 
895347 895347 895347 895347 895347 895347 895347 895347 895347 895347 895347 
895347 895347 895347 895347 895347 895347 895347 895347 895347 895347 895347 
895347 895347 895347 895347 895347 895347 895347 895347 895347 895347 895347 
895347 895347 895347 895347 895347 895347 895347 895347 895347 895347 895347 
895347 895347 895347 895347 895347 895347 895347 895347 895347 895347 895347 
895347 895347 895347 895347 895347 895347
$$ @vis= RECO_map_mode RECO_globex RECO_minima RECO_maxima RECO_map_min
##$RECO_map_offset=( 105 )
0 0 0 0 0 0 0 0 0 0 0 0 0 0 0 0 0 0 0 0 0 0 0 0 0 0 0 0 0 0 0 0 0 0 0 0 0 0 0 
0 0 0 0 0 0 0 0 0 0 0 0 0 0 0 0 0 0 0 0 0 0 0 0 0 0 0 0 0 0 0 0 0 0 0 0 0 0 0 
0 0 0 0 0 0 0 0 0 0 0 0 0 0 0 0 0 0 0 0 0 0 0 0 0 0 0
##$RECO_map_slope=( 105 )
0.0365969836711884 0.0365969836711884 0.0365969836711884 0.0365969836711884 
0.0365969836711884 0.0365969836711884 0.0365969836711884 0.0365969836711884 
0.0365969836711884 0.0365969836711884 0.0365969836711884 0.0365969836711884 
0.0365969836711884 0.0365969836711884 0.0365969836711884 0.0365969836711884 
0.0365969836711884 0.0365969836711884 0.0365969836711884 0.0365969836711884 
0.0365969836711884 0.0365969836711884 0.0365969836711884 0.0365969836711884 
0.0365969836711884 0.0365969836711884 0.0365969836711884 0.0365969836711884 
0.0365969836711884 0.0365969836711884 0.0365969836711884 0.0365969836711884 
0.0365969836711884 0.0365969836711884 0.0365969836711884 0.0365969836711884 
0.0365969836711884 0.0365969836711884 0.0365969836711884 0.0365969836711884 
0.0365969836711884 0.0365969836711884 0.0365969836711884 0.0365969836711884 
0.0365969836711884 0.0365969836711884 0.0365969836711884 0.0365969836711884 
0.0365969836711884 0.0365969836711884 0.0365969836711884 0.0365969836711884 
0.0365969836711884 0.0365969836711884 0.0365969836711884 0.0365969836711884 
0.0365969836711884 0.0365969836711884 0.0365969836711884 0.0365969836711884 
0.0365969836711884 0.0365969836711884 0.0365969836711884 0.0365969836711884 
0.0365969836711884 0.0365969836711884 0.0365969836711884 0.0365969836711884 
0.0365969836711884 0.0365969836711884 0.0365969836711884 0.0365969836711884 
0.0365969836711884 0.0365969836711884 0.0365969836711884 0.0365969836711884 
0.0365969836711884 0.0365969836711884 0.0365969836711884 0.0365969836711884 
0.0365969836711884 0.0365969836711884 0.0365969836711884 0.0365969836711884 
0.0365969836711884 0.0365969836711884 0.0365969836711884 0.0365969836711884 
0.0365969836711884 0.0365969836711884 0.0365969836711884 0.0365969836711884 
0.0365969836711884 0.0365969836711884 0.0365969836711884 0.0365969836711884 
0.0365969836711884 0.0365969836711884 0.0365969836711884 0.0365969836711884 
0.0365969836711884 0.0365969836711884 0.0365969836711884 0.0365969836711884 
0.0365969836711884
##$RECO_byte_order=littleEndian
##$RECO_time=( 24 )
<11:39:43 31 Jan 2017>
##$RECO_abs_time=1485887983
$$ @vis= RECO_map_max RECO_map_offset RECO_map_slope RECO_byte_order RECO_time
##$RECO_base_image_uid=( 65 )
<2.16.756.5.5.100.4167689927.18223.1485888564.107>
##$GS_reco_display=Yes
$$ @vis= RECO_abs_time RECO_base_image_uid RecoRegridNGroup GS_reco_display
##$GO_reco_display=Yes
##$GO_reco_each_nr=No
##$GO_max_reco_mem=0
$$ @vis= RECO_GS GO_reco_display GO_reco_each_nr GO_max_reco_mem RECO_GO RECO
##END=
