##TITLE=Parameter List
##JCAMPDX=4.24
##DATATYPE=Parameter Values
##ORIGIN=Bruker BioSpin MRI GmbH
##OWNER=jdegrand
$$ Thu Mar 30 21:35:27 2017 MST (UT-7h)  jdegrand
$$ /opt/PV51/data/jdegrand/nmr/degrandchamp_20170330_oxilan_pH625.GK1/2/pdata/1/reco
##$RECO_mode=FT_MODE
##$RecoAutoDerive=Yes
##$RECO_inp_order=NO_REORDERING
##$RECO_inp_size=( 2 )
128 64
##$RECO_ft_size=( 2 )
128 128
##$RECO_fov=( 2 )
4 4
##$RECO_size=( 2 )
128 128
$$ @vis= RECO_mode RecoAutoDerive RECO_inp_order RECO_ft_size RECO_fov
##$RECO_offset=( 2, 1 )
0 0
##$RECO_regrid_mode=NO_REGRID
##$RECO_regrid_offset=0
##$RECO_ramp_gap=0
##$RECO_ramp_time=0
##$RECO_ne_mode=NO_NAV_DATA
##$RECO_ne_dist=NeNoInterleave
##$RECO_ne_dens=NeCorrPerScan
##$RECO_ne_type=NAV_PHASE
##$RECO_ne_vals=( 1, 2 )
0 0
##$RECO_bc_mode=( 2 )
NO_BC NO_BC
##$RECO_bc_start=( 2 )
96 48
##$RECO_bc_len=( 2 )
32 16
##$RECO_dc_offset=( 2 )
0 0
##$RECO_dc_divisor=1
##$RECO_bc_coroff=( 2 )
0 0
##$RECO_qopts=( 2 )
CONJ_AND_QNEG NO_QOPTS
##$RECO_wdw_mode=( 2 )
NO_WDW NO_WDW
$$ @vis= RECO_size RECO_regrid_mode RECO_ne_mode RECO_bc_mode RECO_qopts
##$RECO_lb=( 2 )
-0.5 -0.5
##$RECO_sw=( 2 )
50000 1
##$RECO_gb=( 2 )
0.5 0.5
##$RECO_sbs=( 2 )
1 1
##$RECO_tm1=( 2 )
0.25 0.25
##$RECO_tm2=( 2 )
0.75 0.75
##$RECO_ft_mode=( 2 )
COMPLEX_FFT COMPLEX_FFT
##$RECO_pc_mode=( 2 )
NO_PC NO_PC
##$RECO_pc_lin=( 2 )
(0, 0) (0, 0)
##$RECO_rotate=( 2, 1 )
0 0.4765625
##$RECO_ppc_mode=NO_PPC
##$RECO_ref_image=0
##$RECO_nr_supports=0.4
##$RECO_sig_threshold=0.15
##$RECO_ppc_degree=1
##$RECO_ppc_coeffs=( 1, 2, 2 )
0 0 0 0
##$RECO_dc_elim=No
$$ @vis= RECO_wdw_mode RECO_ft_mode RECO_pc_mode RECO_rotate RECO_ppc_mode
##$RECO_transposition=( 1 )
1
##$RECO_image_type=MAGNITUDE_IMAGE
##$RECO_image_threshold=0.15
##$RECO_ir_scale=10
##$RECO_wordtype=_16BIT_SGN_INT
##$RECO_map_mode=ABSOLUTE_MAPPING
$$ @vis= RECO_dc_elim RECO_transposition RECO_image_type RECO_wordtype
##$RECO_map_range=( 2 )
-2147483647 2147483647
##$RECO_map_percentile=( 2 )
1 99.99
##$RECO_map_error=0.0025
##$RECO_globex=( 105 )
0 0 0 0 0 0 0 0 0 0 0 0 0 0 0 0 0 0 0 0 0 0 0 0 0 0 0 0 0 0 0 0 0 0 0 0 0 0 0 
0 0 0 0 0 0 0 0 0 0 0 0 0 0 0 0 0 0 0 0 0 0 0 0 0 0 0 0 0 0 0 0 0 0 0 0 0 0 0 
0 0 0 0 0 0 0 0 0 0 0 0 0 0 0 0 0 0 0 0 0 0 0 0 0 0 0
##$RECO_minima=( 105 )
0 0 0 0 0 0 0 0 0 0 0 0 0 0 0 0 0 0 0 0 0 0 0 0 0 0 0 0 0 0 0 0 0 0 0 0 0 0 0 
0 0 0 0 0 0 0 0 0 0 0 0 0 0 0 0 0 0 0 0 0 0 0 0 0 0 0 0 0 0 0 0 0 0 0 0 0 0 0 
0 0 0 0 0 0 0 0 0 0 0 0 0 0 0 0 0 0 0 0 0 0 0 0 0 0 0
##$RECO_maxima=( 105 )
32767 30683 31623 30957 31651 30873 31404 32369 30316 30944 30839 30613 30922 
30564 30918 30870 31737 30239 30857 30219 30810 30630 29968 30768 29593 30238 
29249 29565 29854 29455 28864 28490 27694 27531 28338 27274 27539 27270 26775 
27182 26423 26835 26844 26341 27177 25513 25583 25797 25271 24568 23855 23177 
23475 24696 24910 25614 25447 25590 25392 24600 24487 25221 24946 26151 27997 
28247 29147 28775 29449 30133 30661 30430 30062 29777 30719 30867 30994 30432 
31081 30321 30777 30534 30294 30411 30581 29921 30674 30632 30517 30421 30279 
30748 30905 31016 30593 30910 30705 31280 30443 30490 30965 31243 31149 31167 
30889
##$RECO_map_min=( 105 )
-785758 -785758 -785758 -785758 -785758 -785758 -785758 -785758 -785758 
-785758 -785758 -785758 -785758 -785758 -785758 -785758 -785758 -785758 
-785758 -785758 -785758 -785758 -785758 -785758 -785758 -785758 -785758 
-785758 -785758 -785758 -785758 -785758 -785758 -785758 -785758 -785758 
-785758 -785758 -785758 -785758 -785758 -785758 -785758 -785758 -785758 
-785758 -785758 -785758 -785758 -785758 -785758 -785758 -785758 -785758 
-785758 -785758 -785758 -785758 -785758 -785758 -785758 -785758 -785758 
-785758 -785758 -785758 -785758 -785758 -785758 -785758 -785758 -785758 
-785758 -785758 -785758 -785758 -785758 -785758 -785758 -785758 -785758 
-785758 -785758 -785758 -785758 -785758 -785758 -785758 -785758 -785758 
-785758 -785758 -785758 -785758 -785758 -785758 -785758 -785758 -785758 
-785758 -785758 -785758 -785758 -785758 -785758
##$RECO_map_max=( 105 )
785758 785758 785758 785758 785758 785758 785758 785758 785758 785758 785758 
785758 785758 785758 785758 785758 785758 785758 785758 785758 785758 785758 
785758 785758 785758 785758 785758 785758 785758 785758 785758 785758 785758 
785758 785758 785758 785758 785758 785758 785758 785758 785758 785758 785758 
785758 785758 785758 785758 785758 785758 785758 785758 785758 785758 785758 
785758 785758 785758 785758 785758 785758 785758 785758 785758 785758 785758 
785758 785758 785758 785758 785758 785758 785758 785758 785758 785758 785758 
785758 785758 785758 785758 785758 785758 785758 785758 785758 785758 785758 
785758 785758 785758 785758 785758 785758 785758 785758 785758 785758 785758 
785758 785758 785758 785758 785758 785758
$$ @vis= RECO_map_mode RECO_globex RECO_minima RECO_maxima RECO_map_min
##$RECO_map_offset=( 105 )
0 0 0 0 0 0 0 0 0 0 0 0 0 0 0 0 0 0 0 0 0 0 0 0 0 0 0 0 0 0 0 0 0 0 0 0 0 0 0 
0 0 0 0 0 0 0 0 0 0 0 0 0 0 0 0 0 0 0 0 0 0 0 0 0 0 0 0 0 0 0 0 0 0 0 0 0 0 0 
0 0 0 0 0 0 0 0 0 0 0 0 0 0 0 0 0 0 0 0 0 0 0 0 0 0 0
##$RECO_map_slope=( 105 )
0.0417011342942715 0.0417011342942715 0.0417011342942715 0.0417011342942715 
0.0417011342942715 0.0417011342942715 0.0417011342942715 0.0417011342942715 
0.0417011342942715 0.0417011342942715 0.0417011342942715 0.0417011342942715 
0.0417011342942715 0.0417011342942715 0.0417011342942715 0.0417011342942715 
0.0417011342942715 0.0417011342942715 0.0417011342942715 0.0417011342942715 
0.0417011342942715 0.0417011342942715 0.0417011342942715 0.0417011342942715 
0.0417011342942715 0.0417011342942715 0.0417011342942715 0.0417011342942715 
0.0417011342942715 0.0417011342942715 0.0417011342942715 0.0417011342942715 
0.0417011342942715 0.0417011342942715 0.0417011342942715 0.0417011342942715 
0.0417011342942715 0.0417011342942715 0.0417011342942715 0.0417011342942715 
0.0417011342942715 0.0417011342942715 0.0417011342942715 0.0417011342942715 
0.0417011342942715 0.0417011342942715 0.0417011342942715 0.0417011342942715 
0.0417011342942715 0.0417011342942715 0.0417011342942715 0.0417011342942715 
0.0417011342942715 0.0417011342942715 0.0417011342942715 0.0417011342942715 
0.0417011342942715 0.0417011342942715 0.0417011342942715 0.0417011342942715 
0.0417011342942715 0.0417011342942715 0.0417011342942715 0.0417011342942715 
0.0417011342942715 0.0417011342942715 0.0417011342942715 0.0417011342942715 
0.0417011342942715 0.0417011342942715 0.0417011342942715 0.0417011342942715 
0.0417011342942715 0.0417011342942715 0.0417011342942715 0.0417011342942715 
0.0417011342942715 0.0417011342942715 0.0417011342942715 0.0417011342942715 
0.0417011342942715 0.0417011342942715 0.0417011342942715 0.0417011342942715 
0.0417011342942715 0.0417011342942715 0.0417011342942715 0.0417011342942715 
0.0417011342942715 0.0417011342942715 0.0417011342942715 0.0417011342942715 
0.0417011342942715 0.0417011342942715 0.0417011342942715 0.0417011342942715 
0.0417011342942715 0.0417011342942715 0.0417011342942715 0.0417011342942715 
0.0417011342942715 0.0417011342942715 0.0417011342942715 0.0417011342942715 
0.0417011342942715
##$RECO_byte_order=littleEndian
##$RECO_time=( 24 )
<21:25:46 30 Mar 2017>
##$RECO_abs_time=1490934346
$$ @vis= RECO_map_max RECO_map_offset RECO_map_slope RECO_byte_order RECO_time
##$RECO_base_image_uid=( 65 )
<2.16.756.5.5.100.4167689927.31017.1490934927.342>
##$GS_reco_display=Yes
$$ @vis= RECO_abs_time RECO_base_image_uid RecoRegridNGroup GS_reco_display
##$GO_reco_display=Yes
##$GO_reco_each_nr=No
##$GO_max_reco_mem=0
$$ @vis= RECO_GS GO_reco_display GO_reco_each_nr GO_max_reco_mem RECO_GO RECO
##END=
