##TITLE=Parameter List
##JCAMPDX=4.24
##DATATYPE=Parameter Values
##ORIGIN=Bruker BioSpin MRI GmbH
##OWNER=acosta
$$ Mon Sep 26 13:09:40 2016 MST (UT-7h)  acosta
$$ /opt/PV51/data/acosta/nmr/Acosta_20160926_SA_pH703.DL1/7/pdata/1/reco
##$RECO_mode=FT_MODE
##$RecoAutoDerive=Yes
##$RECO_inp_order=NO_REORDERING
##$RECO_inp_size=( 2 )
128 64
##$RECO_ft_size=( 2 )
128 128
##$RECO_fov=( 2 )
6 6
##$RECO_size=( 2 )
128 128
$$ @vis= RECO_mode RecoAutoDerive RECO_inp_order RECO_ft_size RECO_fov
##$RECO_offset=( 2, 1 )
0 0
##$RECO_regrid_mode=NO_REGRID
##$RECO_regrid_offset=0
##$RECO_ramp_gap=0
##$RECO_ramp_time=0
##$RECO_ne_mode=NO_NAV_DATA
##$RECO_ne_dist=NeNoInterleave
##$RECO_ne_dens=NeCorrPerScan
##$RECO_ne_type=NAV_PHASE
##$RECO_ne_vals=( 1, 2 )
0 0
##$RECO_bc_mode=( 2 )
NO_BC NO_BC
##$RECO_bc_start=( 2 )
96 48
##$RECO_bc_len=( 2 )
32 16
##$RECO_dc_offset=( 2 )
0 0
##$RECO_dc_divisor=1
##$RECO_bc_coroff=( 2 )
0 0
##$RECO_qopts=( 2 )
CONJ_AND_QNEG NO_QOPTS
##$RECO_wdw_mode=( 2 )
NO_WDW NO_WDW
$$ @vis= RECO_size RECO_regrid_mode RECO_ne_mode RECO_bc_mode RECO_qopts
##$RECO_lb=( 2 )
-0.5 -0.5
##$RECO_sw=( 2 )
50000 1
##$RECO_gb=( 2 )
0.5 0.5
##$RECO_sbs=( 2 )
1 1
##$RECO_tm1=( 2 )
0.25 0.25
##$RECO_tm2=( 2 )
0.75 0.75
##$RECO_ft_mode=( 2 )
COMPLEX_FFT COMPLEX_FFT
##$RECO_pc_mode=( 2 )
NO_PC NO_PC
##$RECO_pc_lin=( 2 )
(0, 0) (0, 0)
##$RECO_rotate=( 2, 1 )
0 0.484375
##$RECO_ppc_mode=NO_PPC
##$RECO_ref_image=0
##$RECO_nr_supports=0.4
##$RECO_sig_threshold=0.15
##$RECO_ppc_degree=1
##$RECO_ppc_coeffs=( 1, 2, 2 )
0 0 0 0
##$RECO_dc_elim=No
$$ @vis= RECO_wdw_mode RECO_ft_mode RECO_pc_mode RECO_rotate RECO_ppc_mode
##$RECO_transposition=( 1 )
1
##$RECO_image_type=MAGNITUDE_IMAGE
##$RECO_image_threshold=0.15
##$RECO_ir_scale=10
##$RECO_wordtype=_16BIT_SGN_INT
##$RECO_map_mode=ABSOLUTE_MAPPING
$$ @vis= RECO_dc_elim RECO_transposition RECO_image_type RECO_wordtype
##$RECO_map_range=( 2 )
-2147483647 2147483647
##$RECO_map_percentile=( 2 )
1 99.99
##$RECO_map_error=0.0025
##$RECO_globex=( 105 )
0 0 0 0 0 0 0 0 0 0 0 0 0 0 0 0 0 0 0 0 0 0 0 0 0 0 0 0 0 0 0 0 0 0 0 0 0 0 0 
0 0 0 0 0 0 0 0 0 0 0 0 0 0 0 0 0 0 0 0 0 0 0 0 0 0 0 0 0 0 0 0 0 0 0 0 0 0 0 
0 0 0 0 0 0 0 0 0 0 0 0 0 0 0 0 0 0 0 0 0 0 0 0 0 0 0
##$RECO_minima=( 105 )
0 0 0 0 0 0 0 0 0 0 0 0 0 0 0 0 0 0 0 0 0 0 0 0 0 0 0 0 0 0 0 0 0 0 0 0 0 0 0 
0 0 0 0 0 0 0 0 0 0 0 0 0 0 0 0 0 0 0 0 0 0 0 0 0 0 0 0 0 0 0 0 0 0 0 0 0 0 0 
0 0 0 0 0 0 0 0 0 0 0 0 0 0 0 0 0 0 0 0 0 0 0 0 0 0 0
##$RECO_maxima=( 105 )
32767 30881 30929 31250 29086 28753 28677 28646 28380 27703 27034 26950 27013 
25432 25184 24231 22923 21472 18793 16865 15512 14414 12944 11657 9934 7974 
10396 13019 14848 17012 19334 20641 22697 23442 23961 24346 24951 26106 26204 
26846 26293 26919 26851 26960 27489 27199 27061 26979 27321 27071 27113 27071 
26620 26421 25767 25724 24806 24472 23677 23526 23769 23615 24016 25080 26138 
26770 27008 27972 28169 29125 28853 28989 29664 29481 29104 29792 29889 30143 
30209 29807 29485 29678 29814 29913 30169 30210 29924 30059 30153 30202 30457 
30035 30235 29918 30286 30135 30279 30248 30107 29859 30013 29933 30310 30309 
30878
##$RECO_map_min=( 105 )
-1839868 -1839868 -1839868 -1839868 -1839868 -1839868 -1839868 -1839868 
-1839868 -1839868 -1839868 -1839868 -1839868 -1839868 -1839868 -1839868 
-1839868 -1839868 -1839868 -1839868 -1839868 -1839868 -1839868 -1839868 
-1839868 -1839868 -1839868 -1839868 -1839868 -1839868 -1839868 -1839868 
-1839868 -1839868 -1839868 -1839868 -1839868 -1839868 -1839868 -1839868 
-1839868 -1839868 -1839868 -1839868 -1839868 -1839868 -1839868 -1839868 
-1839868 -1839868 -1839868 -1839868 -1839868 -1839868 -1839868 -1839868 
-1839868 -1839868 -1839868 -1839868 -1839868 -1839868 -1839868 -1839868 
-1839868 -1839868 -1839868 -1839868 -1839868 -1839868 -1839868 -1839868 
-1839868 -1839868 -1839868 -1839868 -1839868 -1839868 -1839868 -1839868 
-1839868 -1839868 -1839868 -1839868 -1839868 -1839868 -1839868 -1839868 
-1839868 -1839868 -1839868 -1839868 -1839868 -1839868 -1839868 -1839868 
-1839868 -1839868 -1839868 -1839868 -1839868 -1839868 -1839868 -1839868 
-1839868
##$RECO_map_max=( 105 )
1839868 1839868 1839868 1839868 1839868 1839868 1839868 1839868 1839868 
1839868 1839868 1839868 1839868 1839868 1839868 1839868 1839868 1839868 
1839868 1839868 1839868 1839868 1839868 1839868 1839868 1839868 1839868 
1839868 1839868 1839868 1839868 1839868 1839868 1839868 1839868 1839868 
1839868 1839868 1839868 1839868 1839868 1839868 1839868 1839868 1839868 
1839868 1839868 1839868 1839868 1839868 1839868 1839868 1839868 1839868 
1839868 1839868 1839868 1839868 1839868 1839868 1839868 1839868 1839868 
1839868 1839868 1839868 1839868 1839868 1839868 1839868 1839868 1839868 
1839868 1839868 1839868 1839868 1839868 1839868 1839868 1839868 1839868 
1839868 1839868 1839868 1839868 1839868 1839868 1839868 1839868 1839868 
1839868 1839868 1839868 1839868 1839868 1839868 1839868 1839868 1839868 
1839868 1839868 1839868 1839868 1839868 1839868
$$ @vis= RECO_map_mode RECO_globex RECO_minima RECO_maxima RECO_map_min
##$RECO_map_offset=( 105 )
0 0 0 0 0 0 0 0 0 0 0 0 0 0 0 0 0 0 0 0 0 0 0 0 0 0 0 0 0 0 0 0 0 0 0 0 0 0 0 
0 0 0 0 0 0 0 0 0 0 0 0 0 0 0 0 0 0 0 0 0 0 0 0 0 0 0 0 0 0 0 0 0 0 0 0 0 0 0 
0 0 0 0 0 0 0 0 0 0 0 0 0 0 0 0 0 0 0 0 0 0 0 0 0 0 0
##$RECO_map_slope=( 105 )
0.0178094301372766 0.0178094301372766 0.0178094301372766 0.0178094301372766 
0.0178094301372766 0.0178094301372766 0.0178094301372766 0.0178094301372766 
0.0178094301372766 0.0178094301372766 0.0178094301372766 0.0178094301372766 
0.0178094301372766 0.0178094301372766 0.0178094301372766 0.0178094301372766 
0.0178094301372766 0.0178094301372766 0.0178094301372766 0.0178094301372766 
0.0178094301372766 0.0178094301372766 0.0178094301372766 0.0178094301372766 
0.0178094301372766 0.0178094301372766 0.0178094301372766 0.0178094301372766 
0.0178094301372766 0.0178094301372766 0.0178094301372766 0.0178094301372766 
0.0178094301372766 0.0178094301372766 0.0178094301372766 0.0178094301372766 
0.0178094301372766 0.0178094301372766 0.0178094301372766 0.0178094301372766 
0.0178094301372766 0.0178094301372766 0.0178094301372766 0.0178094301372766 
0.0178094301372766 0.0178094301372766 0.0178094301372766 0.0178094301372766 
0.0178094301372766 0.0178094301372766 0.0178094301372766 0.0178094301372766 
0.0178094301372766 0.0178094301372766 0.0178094301372766 0.0178094301372766 
0.0178094301372766 0.0178094301372766 0.0178094301372766 0.0178094301372766 
0.0178094301372766 0.0178094301372766 0.0178094301372766 0.0178094301372766 
0.0178094301372766 0.0178094301372766 0.0178094301372766 0.0178094301372766 
0.0178094301372766 0.0178094301372766 0.0178094301372766 0.0178094301372766 
0.0178094301372766 0.0178094301372766 0.0178094301372766 0.0178094301372766 
0.0178094301372766 0.0178094301372766 0.0178094301372766 0.0178094301372766 
0.0178094301372766 0.0178094301372766 0.0178094301372766 0.0178094301372766 
0.0178094301372766 0.0178094301372766 0.0178094301372766 0.0178094301372766 
0.0178094301372766 0.0178094301372766 0.0178094301372766 0.0178094301372766 
0.0178094301372766 0.0178094301372766 0.0178094301372766 0.0178094301372766 
0.0178094301372766 0.0178094301372766 0.0178094301372766 0.0178094301372766 
0.0178094301372766 0.0178094301372766 0.0178094301372766 0.0178094301372766 
0.0178094301372766
##$RECO_byte_order=littleEndian
##$RECO_time=( 24 )
<12:59:59 26 Sep 2016>
##$RECO_abs_time=1474919999
$$ @vis= RECO_map_max RECO_map_offset RECO_map_slope RECO_byte_order RECO_time
##$RECO_base_image_uid=( 65 )
<2.16.756.5.5.100.4167689927.3397.1474920580.121>
##$GS_reco_display=Yes
$$ @vis= RECO_abs_time RECO_base_image_uid RecoRegridNGroup GS_reco_display
##$GO_reco_display=Yes
##$GO_reco_each_nr=No
##$GO_max_reco_mem=0
$$ @vis= RECO_GS GO_reco_display GO_reco_each_nr GO_max_reco_mem RECO_GO RECO
##END=
