##TITLE=Parameter List
##JCAMPDX=4.24
##DATATYPE=Parameter Values
##ORIGIN=Bruker BioSpin MRI GmbH
##OWNER=pacosta
$$ Wed Dec 21 08:38:20 2016 MST (UT-7h)  pacosta
$$ /opt/PV51/data/pacosta/nmr/Acosta_20162112_Isovue_pH719.F91/3/pdata/1/reco
##$RECO_mode=FT_MODE
##$RecoAutoDerive=Yes
##$RECO_inp_order=NO_REORDERING
##$RECO_inp_size=( 2 )
128 64
##$RECO_ft_size=( 2 )
128 128
##$RECO_fov=( 2 )
6 6
##$RECO_size=( 2 )
128 128
$$ @vis= RECO_mode RecoAutoDerive RECO_inp_order RECO_ft_size RECO_fov
##$RECO_offset=( 2, 1 )
0 0
##$RECO_regrid_mode=NO_REGRID
##$RECO_regrid_offset=0
##$RECO_ramp_gap=0
##$RECO_ramp_time=0
##$RECO_ne_mode=NO_NAV_DATA
##$RECO_ne_dist=NeNoInterleave
##$RECO_ne_dens=NeCorrPerScan
##$RECO_ne_type=NAV_PHASE
##$RECO_ne_vals=( 1, 2 )
0 0
##$RECO_bc_mode=( 2 )
NO_BC NO_BC
##$RECO_bc_start=( 2 )
96 48
##$RECO_bc_len=( 2 )
32 16
##$RECO_dc_offset=( 2 )
0 0
##$RECO_dc_divisor=1
##$RECO_bc_coroff=( 2 )
0 0
##$RECO_qopts=( 2 )
CONJ_AND_QNEG NO_QOPTS
##$RECO_wdw_mode=( 2 )
NO_WDW NO_WDW
$$ @vis= RECO_size RECO_regrid_mode RECO_ne_mode RECO_bc_mode RECO_qopts
##$RECO_lb=( 2 )
-0.5 -0.5
##$RECO_sw=( 2 )
50000 1
##$RECO_gb=( 2 )
0.5 0.5
##$RECO_sbs=( 2 )
1 1
##$RECO_tm1=( 2 )
0.25 0.25
##$RECO_tm2=( 2 )
0.75 0.75
##$RECO_ft_mode=( 2 )
COMPLEX_FFT COMPLEX_FFT
##$RECO_pc_mode=( 2 )
NO_PC NO_PC
##$RECO_pc_lin=( 2 )
(0, 0) (0, 0)
##$RECO_rotate=( 2, 1 )
0 0.484375
##$RECO_ppc_mode=NO_PPC
##$RECO_ref_image=0
##$RECO_nr_supports=0.4
##$RECO_sig_threshold=0.15
##$RECO_ppc_degree=1
##$RECO_ppc_coeffs=( 1, 2, 2 )
0 0 0 0
##$RECO_dc_elim=No
$$ @vis= RECO_wdw_mode RECO_ft_mode RECO_pc_mode RECO_rotate RECO_ppc_mode
##$RECO_transposition=( 1 )
1
##$RECO_image_type=MAGNITUDE_IMAGE
##$RECO_image_threshold=0.15
##$RECO_ir_scale=10
##$RECO_wordtype=_16BIT_SGN_INT
##$RECO_map_mode=ABSOLUTE_MAPPING
$$ @vis= RECO_dc_elim RECO_transposition RECO_image_type RECO_wordtype
##$RECO_map_range=( 2 )
-2147483647 2147483647
##$RECO_map_percentile=( 2 )
1 99.99
##$RECO_map_error=0.0025
##$RECO_globex=( 105 )
0 0 0 0 0 0 0 0 0 0 0 0 0 0 0 0 0 0 0 0 0 0 0 0 0 0 0 0 0 0 0 0 0 0 0 0 0 0 0 
0 0 0 0 0 0 0 0 0 0 0 0 0 0 0 0 0 0 0 0 0 0 0 0 0 0 0 0 0 0 0 0 0 0 0 0 0 0 0 
0 0 0 0 0 0 0 0 0 0 0 0 0 0 0 0 0 0 0 0 0 0 0 0 0 0 0
##$RECO_minima=( 105 )
0 0 0 0 0 0 0 0 0 0 0 0 0 0 0 0 0 0 0 0 0 0 0 0 0 0 0 0 0 0 0 0 0 0 0 0 0 0 0 
0 0 0 0 0 0 0 0 0 0 0 0 0 0 0 0 0 0 0 0 0 0 0 0 0 0 0 0 0 0 0 0 0 0 0 0 0 0 0 
0 0 0 0 0 0 0 0 0 0 0 0 0 0 0 0 0 0 0 0 0 0 0 0 0 0 0
##$RECO_maxima=( 105 )
32767 30519 30197 30794 29817 29936 29535 29039 29461 28722 29167 29199 28494 
28749 28973 28540 28143 28359 28251 28182 27620 27396 27461 27179 27009 26477 
26127 25016 24790 24298 23905 23016 23055 22498 21130 20348 19574 18572 17868 
16622 15366 14871 13692 11586 10324 8866 8351 5994 4276 4517 6263 6471 7665 
8596 9924 11424 12002 13399 13933 15616 15970 16373 17296 17347 17379 18317 
17845 18082 17901 17751 17859 17637 17386 17356 17389 17247 17843 18511 18814 
20108 20690 22036 21903 22682 22692 23401 23774 24292 24635 24998 25137 26242 
25893 26436 27107 27409 27678 28056 27568 28521 28581 28447 29087 28620 29103
##$RECO_map_min=( 105 )
-1138926 -1138926 -1138926 -1138926 -1138926 -1138926 -1138926 -1138926 
-1138926 -1138926 -1138926 -1138926 -1138926 -1138926 -1138926 -1138926 
-1138926 -1138926 -1138926 -1138926 -1138926 -1138926 -1138926 -1138926 
-1138926 -1138926 -1138926 -1138926 -1138926 -1138926 -1138926 -1138926 
-1138926 -1138926 -1138926 -1138926 -1138926 -1138926 -1138926 -1138926 
-1138926 -1138926 -1138926 -1138926 -1138926 -1138926 -1138926 -1138926 
-1138926 -1138926 -1138926 -1138926 -1138926 -1138926 -1138926 -1138926 
-1138926 -1138926 -1138926 -1138926 -1138926 -1138926 -1138926 -1138926 
-1138926 -1138926 -1138926 -1138926 -1138926 -1138926 -1138926 -1138926 
-1138926 -1138926 -1138926 -1138926 -1138926 -1138926 -1138926 -1138926 
-1138926 -1138926 -1138926 -1138926 -1138926 -1138926 -1138926 -1138926 
-1138926 -1138926 -1138926 -1138926 -1138926 -1138926 -1138926 -1138926 
-1138926 -1138926 -1138926 -1138926 -1138926 -1138926 -1138926 -1138926 
-1138926
##$RECO_map_max=( 105 )
1138926 1138926 1138926 1138926 1138926 1138926 1138926 1138926 1138926 
1138926 1138926 1138926 1138926 1138926 1138926 1138926 1138926 1138926 
1138926 1138926 1138926 1138926 1138926 1138926 1138926 1138926 1138926 
1138926 1138926 1138926 1138926 1138926 1138926 1138926 1138926 1138926 
1138926 1138926 1138926 1138926 1138926 1138926 1138926 1138926 1138926 
1138926 1138926 1138926 1138926 1138926 1138926 1138926 1138926 1138926 
1138926 1138926 1138926 1138926 1138926 1138926 1138926 1138926 1138926 
1138926 1138926 1138926 1138926 1138926 1138926 1138926 1138926 1138926 
1138926 1138926 1138926 1138926 1138926 1138926 1138926 1138926 1138926 
1138926 1138926 1138926 1138926 1138926 1138926 1138926 1138926 1138926 
1138926 1138926 1138926 1138926 1138926 1138926 1138926 1138926 1138926 
1138926 1138926 1138926 1138926 1138926 1138926
$$ @vis= RECO_map_mode RECO_globex RECO_minima RECO_maxima RECO_map_min
##$RECO_map_offset=( 105 )
0 0 0 0 0 0 0 0 0 0 0 0 0 0 0 0 0 0 0 0 0 0 0 0 0 0 0 0 0 0 0 0 0 0 0 0 0 0 0 
0 0 0 0 0 0 0 0 0 0 0 0 0 0 0 0 0 0 0 0 0 0 0 0 0 0 0 0 0 0 0 0 0 0 0 0 0 0 0 
0 0 0 0 0 0 0 0 0 0 0 0 0 0 0 0 0 0 0 0 0 0 0 0 0 0 0
##$RECO_map_slope=( 105 )
0.0287700872868299 0.0287700872868299 0.0287700872868299 0.0287700872868299 
0.0287700872868299 0.0287700872868299 0.0287700872868299 0.0287700872868299 
0.0287700872868299 0.0287700872868299 0.0287700872868299 0.0287700872868299 
0.0287700872868299 0.0287700872868299 0.0287700872868299 0.0287700872868299 
0.0287700872868299 0.0287700872868299 0.0287700872868299 0.0287700872868299 
0.0287700872868299 0.0287700872868299 0.0287700872868299 0.0287700872868299 
0.0287700872868299 0.0287700872868299 0.0287700872868299 0.0287700872868299 
0.0287700872868299 0.0287700872868299 0.0287700872868299 0.0287700872868299 
0.0287700872868299 0.0287700872868299 0.0287700872868299 0.0287700872868299 
0.0287700872868299 0.0287700872868299 0.0287700872868299 0.0287700872868299 
0.0287700872868299 0.0287700872868299 0.0287700872868299 0.0287700872868299 
0.0287700872868299 0.0287700872868299 0.0287700872868299 0.0287700872868299 
0.0287700872868299 0.0287700872868299 0.0287700872868299 0.0287700872868299 
0.0287700872868299 0.0287700872868299 0.0287700872868299 0.0287700872868299 
0.0287700872868299 0.0287700872868299 0.0287700872868299 0.0287700872868299 
0.0287700872868299 0.0287700872868299 0.0287700872868299 0.0287700872868299 
0.0287700872868299 0.0287700872868299 0.0287700872868299 0.0287700872868299 
0.0287700872868299 0.0287700872868299 0.0287700872868299 0.0287700872868299 
0.0287700872868299 0.0287700872868299 0.0287700872868299 0.0287700872868299 
0.0287700872868299 0.0287700872868299 0.0287700872868299 0.0287700872868299 
0.0287700872868299 0.0287700872868299 0.0287700872868299 0.0287700872868299 
0.0287700872868299 0.0287700872868299 0.0287700872868299 0.0287700872868299 
0.0287700872868299 0.0287700872868299 0.0287700872868299 0.0287700872868299 
0.0287700872868299 0.0287700872868299 0.0287700872868299 0.0287700872868299 
0.0287700872868299 0.0287700872868299 0.0287700872868299 0.0287700872868299 
0.0287700872868299 0.0287700872868299 0.0287700872868299 0.0287700872868299 
0.0287700872868299
##$RECO_byte_order=littleEndian
##$RECO_time=( 24 )
<08:28:38 21 Dec 2016>
##$RECO_abs_time=1482334118
$$ @vis= RECO_map_max RECO_map_offset RECO_map_slope RECO_byte_order RECO_time
##$RECO_base_image_uid=( 65 )
<2.16.756.5.5.100.4167689927.18903.1482334700.332>
##$GS_reco_display=Yes
$$ @vis= RECO_abs_time RECO_base_image_uid RecoRegridNGroup GS_reco_display
##$GO_reco_display=Yes
##$GO_reco_each_nr=No
##$GO_max_reco_mem=0
$$ @vis= RECO_GS GO_reco_display GO_reco_each_nr GO_max_reco_mem RECO_GO RECO
##END=
