##TITLE=Parameter List
##JCAMPDX=4.24
##DATATYPE=Parameter Values
##ORIGIN=Bruker BioSpin MRI GmbH
##OWNER=jdegrand
$$ Sat May 20 13:27:05 2017 MST (UT-7h)  jdegrand
$$ /opt/PV51/data/jdegrand/nmr/degrandchamp_20170520_pbs_pHall.Hz1/8/pdata/1/reco
##$RECO_mode=FT_MODE
##$RecoAutoDerive=Yes
##$RECO_inp_order=NO_REORDERING
##$RECO_inp_size=( 2 )
128 64
##$RECO_ft_size=( 2 )
128 128
##$RECO_fov=( 2 )
4 4
##$RECO_size=( 2 )
128 128
$$ @vis= RECO_mode RecoAutoDerive RECO_inp_order RECO_ft_size RECO_fov
##$RECO_offset=( 2, 1 )
0 0
##$RECO_regrid_mode=NO_REGRID
##$RECO_regrid_offset=0
##$RECO_ramp_gap=0
##$RECO_ramp_time=0
##$RECO_ne_mode=NO_NAV_DATA
##$RECO_ne_dist=NeNoInterleave
##$RECO_ne_dens=NeCorrPerScan
##$RECO_ne_type=NAV_PHASE
##$RECO_ne_vals=( 1, 2 )
0 0
##$RECO_bc_mode=( 2 )
NO_BC NO_BC
##$RECO_bc_start=( 2 )
96 48
##$RECO_bc_len=( 2 )
32 16
##$RECO_dc_offset=( 2 )
0 0
##$RECO_dc_divisor=1
##$RECO_bc_coroff=( 2 )
0 0
##$RECO_qopts=( 2 )
CONJ_AND_QNEG NO_QOPTS
##$RECO_wdw_mode=( 2 )
NO_WDW NO_WDW
$$ @vis= RECO_size RECO_regrid_mode RECO_ne_mode RECO_bc_mode RECO_qopts
##$RECO_lb=( 2 )
-0.5 -0.5
##$RECO_sw=( 2 )
50000 1
##$RECO_gb=( 2 )
0.5 0.5
##$RECO_sbs=( 2 )
1 1
##$RECO_tm1=( 2 )
0.25 0.25
##$RECO_tm2=( 2 )
0.75 0.75
##$RECO_ft_mode=( 2 )
COMPLEX_FFT COMPLEX_FFT
##$RECO_pc_mode=( 2 )
NO_PC NO_PC
##$RECO_pc_lin=( 2 )
(0, 0) (0, 0)
##$RECO_rotate=( 2, 1 )
0 0.5234375
##$RECO_ppc_mode=NO_PPC
##$RECO_ref_image=0
##$RECO_nr_supports=0.4
##$RECO_sig_threshold=0.15
##$RECO_ppc_degree=1
##$RECO_ppc_coeffs=( 1, 2, 2 )
0 0 0 0
##$RECO_dc_elim=No
$$ @vis= RECO_wdw_mode RECO_ft_mode RECO_pc_mode RECO_rotate RECO_ppc_mode
##$RECO_transposition=( 1 )
1
##$RECO_image_type=MAGNITUDE_IMAGE
##$RECO_image_threshold=0.15
##$RECO_ir_scale=10
##$RECO_wordtype=_16BIT_SGN_INT
##$RECO_map_mode=ABSOLUTE_MAPPING
$$ @vis= RECO_dc_elim RECO_transposition RECO_image_type RECO_wordtype
##$RECO_map_range=( 2 )
-2147483647 2147483647
##$RECO_map_percentile=( 2 )
1 99.99
##$RECO_map_error=0.0025
##$RECO_globex=( 105 )
0 0 0 0 0 0 0 0 0 0 0 0 0 0 0 0 0 0 0 0 0 0 0 0 0 0 0 0 0 0 0 0 0 0 0 0 0 0 0 
0 0 0 0 0 0 0 0 0 0 0 0 0 0 0 0 0 0 0 0 0 0 0 0 0 0 0 0 0 0 0 0 0 0 0 0 0 0 0 
0 0 0 0 0 0 0 0 0 0 0 0 0 0 0 0 0 0 0 0 0 0 0 0 0 0 0
##$RECO_minima=( 105 )
0 0 0 0 0 0 0 0 0 0 0 0 0 0 0 0 0 0 0 0 0 0 0 0 0 0 0 0 0 0 0 0 0 0 0 0 0 0 0 
0 0 0 0 0 0 0 0 0 0 0 0 0 0 0 0 0 0 0 0 0 0 0 0 0 0 0 0 0 0 0 0 0 0 0 0 0 0 0 
0 0 0 0 0 0 0 0 0 0 0 0 0 0 0 0 0 0 0 0 0 0 0 0 0 0 0
##$RECO_maxima=( 105 )
32767 31175 31791 32014 31324 30645 31306 30735 30476 30908 30357 30594 30924 
30238 30346 30781 31486 30447 31259 30576 30173 30538 30668 30068 32287 30401 
30687 30134 29970 29160 29820 29492 29402 29045 29608 28350 27656 27708 26526 
26882 25598 25399 23902 23224 21496 23242 24677 25153 26158 26907 27264 28064 
27950 28525 29600 29698 29191 29003 29051 29607 29465 30081 30386 29932 30022 
30295 31305 30205 30437 31469 30349 30328 31376 30374 30065 30133 30502 30349 
30869 30911 31143 30572 30810 30934 30860 30391 30973 30747 30688 31087 30670 
31230 31229 30693 31348 31491 31116 32291 30898 31208 31685 31097 32042 31965 
31489
##$RECO_map_min=( 105 )
-676759 -676759 -676759 -676759 -676759 -676759 -676759 -676759 -676759 
-676759 -676759 -676759 -676759 -676759 -676759 -676759 -676759 -676759 
-676759 -676759 -676759 -676759 -676759 -676759 -676759 -676759 -676759 
-676759 -676759 -676759 -676759 -676759 -676759 -676759 -676759 -676759 
-676759 -676759 -676759 -676759 -676759 -676759 -676759 -676759 -676759 
-676759 -676759 -676759 -676759 -676759 -676759 -676759 -676759 -676759 
-676759 -676759 -676759 -676759 -676759 -676759 -676759 -676759 -676759 
-676759 -676759 -676759 -676759 -676759 -676759 -676759 -676759 -676759 
-676759 -676759 -676759 -676759 -676759 -676759 -676759 -676759 -676759 
-676759 -676759 -676759 -676759 -676759 -676759 -676759 -676759 -676759 
-676759 -676759 -676759 -676759 -676759 -676759 -676759 -676759 -676759 
-676759 -676759 -676759 -676759 -676759 -676759
##$RECO_map_max=( 105 )
676759 676759 676759 676759 676759 676759 676759 676759 676759 676759 676759 
676759 676759 676759 676759 676759 676759 676759 676759 676759 676759 676759 
676759 676759 676759 676759 676759 676759 676759 676759 676759 676759 676759 
676759 676759 676759 676759 676759 676759 676759 676759 676759 676759 676759 
676759 676759 676759 676759 676759 676759 676759 676759 676759 676759 676759 
676759 676759 676759 676759 676759 676759 676759 676759 676759 676759 676759 
676759 676759 676759 676759 676759 676759 676759 676759 676759 676759 676759 
676759 676759 676759 676759 676759 676759 676759 676759 676759 676759 676759 
676759 676759 676759 676759 676759 676759 676759 676759 676759 676759 676759 
676759 676759 676759 676759 676759 676759
$$ @vis= RECO_map_mode RECO_globex RECO_minima RECO_maxima RECO_map_min
##$RECO_map_offset=( 105 )
0 0 0 0 0 0 0 0 0 0 0 0 0 0 0 0 0 0 0 0 0 0 0 0 0 0 0 0 0 0 0 0 0 0 0 0 0 0 0 
0 0 0 0 0 0 0 0 0 0 0 0 0 0 0 0 0 0 0 0 0 0 0 0 0 0 0 0 0 0 0 0 0 0 0 0 0 0 0 
0 0 0 0 0 0 0 0 0 0 0 0 0 0 0 0 0 0 0 0 0 0 0 0 0 0 0
##$RECO_map_slope=( 105 )
0.0484175309538841 0.0484175309538841 0.0484175309538841 0.0484175309538841 
0.0484175309538841 0.0484175309538841 0.0484175309538841 0.0484175309538841 
0.0484175309538841 0.0484175309538841 0.0484175309538841 0.0484175309538841 
0.0484175309538841 0.0484175309538841 0.0484175309538841 0.0484175309538841 
0.0484175309538841 0.0484175309538841 0.0484175309538841 0.0484175309538841 
0.0484175309538841 0.0484175309538841 0.0484175309538841 0.0484175309538841 
0.0484175309538841 0.0484175309538841 0.0484175309538841 0.0484175309538841 
0.0484175309538841 0.0484175309538841 0.0484175309538841 0.0484175309538841 
0.0484175309538841 0.0484175309538841 0.0484175309538841 0.0484175309538841 
0.0484175309538841 0.0484175309538841 0.0484175309538841 0.0484175309538841 
0.0484175309538841 0.0484175309538841 0.0484175309538841 0.0484175309538841 
0.0484175309538841 0.0484175309538841 0.0484175309538841 0.0484175309538841 
0.0484175309538841 0.0484175309538841 0.0484175309538841 0.0484175309538841 
0.0484175309538841 0.0484175309538841 0.0484175309538841 0.0484175309538841 
0.0484175309538841 0.0484175309538841 0.0484175309538841 0.0484175309538841 
0.0484175309538841 0.0484175309538841 0.0484175309538841 0.0484175309538841 
0.0484175309538841 0.0484175309538841 0.0484175309538841 0.0484175309538841 
0.0484175309538841 0.0484175309538841 0.0484175309538841 0.0484175309538841 
0.0484175309538841 0.0484175309538841 0.0484175309538841 0.0484175309538841 
0.0484175309538841 0.0484175309538841 0.0484175309538841 0.0484175309538841 
0.0484175309538841 0.0484175309538841 0.0484175309538841 0.0484175309538841 
0.0484175309538841 0.0484175309538841 0.0484175309538841 0.0484175309538841 
0.0484175309538841 0.0484175309538841 0.0484175309538841 0.0484175309538841 
0.0484175309538841 0.0484175309538841 0.0484175309538841 0.0484175309538841 
0.0484175309538841 0.0484175309538841 0.0484175309538841 0.0484175309538841 
0.0484175309538841 0.0484175309538841 0.0484175309538841 0.0484175309538841 
0.0484175309538841
##$RECO_byte_order=littleEndian
##$RECO_time=( 24 )
<13:17:24 20 May 2017>
##$RECO_abs_time=1495311444
$$ @vis= RECO_map_max RECO_map_offset RECO_map_slope RECO_byte_order RECO_time
##$RECO_base_image_uid=( 65 )
<2.16.756.5.5.100.4167689927.3250.1495312025.845>
##$GS_reco_display=Yes
$$ @vis= RECO_abs_time RECO_base_image_uid RecoRegridNGroup GS_reco_display
##$GO_reco_display=Yes
##$GO_reco_each_nr=No
##$GO_max_reco_mem=0
$$ @vis= RECO_GS GO_reco_display GO_reco_each_nr GO_max_reco_mem RECO_GO RECO
##END=
