##TITLE=Parameter List
##JCAMPDX=4.24
##DATATYPE=Parameter Values
##ORIGIN=Bruker BioSpin MRI GmbH
##OWNER=jdegrand
$$ Thu Mar 30 22:41:47 2017 MST (UT-7h)  jdegrand
$$ /opt/PV51/data/jdegrand/nmr/degrandchamp_20170330_oxilan_pH602.GK1/2/pdata/1/reco
##$RECO_mode=FT_MODE
##$RecoAutoDerive=Yes
##$RECO_inp_order=NO_REORDERING
##$RECO_inp_size=( 2 )
128 64
##$RECO_ft_size=( 2 )
128 128
##$RECO_fov=( 2 )
4 4
##$RECO_size=( 2 )
128 128
$$ @vis= RECO_mode RecoAutoDerive RECO_inp_order RECO_ft_size RECO_fov
##$RECO_offset=( 2, 1 )
0 0
##$RECO_regrid_mode=NO_REGRID
##$RECO_regrid_offset=0
##$RECO_ramp_gap=0
##$RECO_ramp_time=0
##$RECO_ne_mode=NO_NAV_DATA
##$RECO_ne_dist=NeNoInterleave
##$RECO_ne_dens=NeCorrPerScan
##$RECO_ne_type=NAV_PHASE
##$RECO_ne_vals=( 1, 2 )
0 0
##$RECO_bc_mode=( 2 )
NO_BC NO_BC
##$RECO_bc_start=( 2 )
96 48
##$RECO_bc_len=( 2 )
32 16
##$RECO_dc_offset=( 2 )
0 0
##$RECO_dc_divisor=1
##$RECO_bc_coroff=( 2 )
0 0
##$RECO_qopts=( 2 )
CONJ_AND_QNEG NO_QOPTS
##$RECO_wdw_mode=( 2 )
NO_WDW NO_WDW
$$ @vis= RECO_size RECO_regrid_mode RECO_ne_mode RECO_bc_mode RECO_qopts
##$RECO_lb=( 2 )
-0.5 -0.5
##$RECO_sw=( 2 )
50000 1
##$RECO_gb=( 2 )
0.5 0.5
##$RECO_sbs=( 2 )
1 1
##$RECO_tm1=( 2 )
0.25 0.25
##$RECO_tm2=( 2 )
0.75 0.75
##$RECO_ft_mode=( 2 )
COMPLEX_FFT COMPLEX_FFT
##$RECO_pc_mode=( 2 )
NO_PC NO_PC
##$RECO_pc_lin=( 2 )
(0, 0) (0, 0)
##$RECO_rotate=( 2, 1 )
0 0.4765625
##$RECO_ppc_mode=NO_PPC
##$RECO_ref_image=0
##$RECO_nr_supports=0.4
##$RECO_sig_threshold=0.15
##$RECO_ppc_degree=1
##$RECO_ppc_coeffs=( 1, 2, 2 )
0 0 0 0
##$RECO_dc_elim=No
$$ @vis= RECO_wdw_mode RECO_ft_mode RECO_pc_mode RECO_rotate RECO_ppc_mode
##$RECO_transposition=( 1 )
1
##$RECO_image_type=MAGNITUDE_IMAGE
##$RECO_image_threshold=0.15
##$RECO_ir_scale=10
##$RECO_wordtype=_16BIT_SGN_INT
##$RECO_map_mode=ABSOLUTE_MAPPING
$$ @vis= RECO_dc_elim RECO_transposition RECO_image_type RECO_wordtype
##$RECO_map_range=( 2 )
-2147483647 2147483647
##$RECO_map_percentile=( 2 )
1 99.99
##$RECO_map_error=0.0025
##$RECO_globex=( 105 )
0 0 0 0 0 0 0 0 0 0 0 0 0 0 0 0 0 0 0 0 0 0 0 0 0 0 0 0 0 0 0 0 0 0 0 0 0 0 0 
0 0 0 0 0 0 0 0 0 0 0 0 0 0 0 0 0 0 0 0 0 0 0 0 0 0 0 0 0 0 0 0 0 0 0 0 0 0 0 
0 0 0 0 0 0 0 0 0 0 0 0 0 0 0 0 0 0 0 0 0 0 0 0 0 0 0
##$RECO_minima=( 105 )
0 0 0 0 0 0 0 0 0 0 0 0 0 0 0 0 0 0 0 0 0 0 0 0 0 0 0 0 0 0 0 0 0 0 0 0 0 0 0 
0 0 0 0 0 0 0 0 0 0 0 0 0 0 0 0 0 0 0 0 0 0 0 0 0 0 0 0 0 0 0 0 0 0 0 0 0 0 0 
0 0 0 0 0 0 0 0 0 0 0 0 0 0 0 0 0 0 0 0 0 0 0 0 0 0 0
##$RECO_maxima=( 105 )
32767 29898 29475 30729 30506 29129 29596 29876 29474 29761 29299 30191 29544 
29957 29546 29156 29241 29421 30157 29456 28647 29741 29670 29334 29450 29620 
29492 29897 29314 30140 29004 28711 29099 29035 29261 28845 29597 28389 29049 
28506 28467 27941 28230 27682 27578 27652 27133 27247 26138 26185 25335 24543 
23229 24078 24625 26216 27018 26713 27340 26194 26538 26021 25928 25994 27080 
28555 28988 29006 29514 29504 30527 29382 30216 30337 30446 29598 29970 30467 
30361 29782 30475 30581 31210 30130 30338 29495 30837 31621 30731 30065 30484 
29989 30354 30315 30988 30683 30479 30868 31244 29842 30509 30234 29513 29478 
29416
##$RECO_map_min=( 105 )
-778793 -778793 -778793 -778793 -778793 -778793 -778793 -778793 -778793 
-778793 -778793 -778793 -778793 -778793 -778793 -778793 -778793 -778793 
-778793 -778793 -778793 -778793 -778793 -778793 -778793 -778793 -778793 
-778793 -778793 -778793 -778793 -778793 -778793 -778793 -778793 -778793 
-778793 -778793 -778793 -778793 -778793 -778793 -778793 -778793 -778793 
-778793 -778793 -778793 -778793 -778793 -778793 -778793 -778793 -778793 
-778793 -778793 -778793 -778793 -778793 -778793 -778793 -778793 -778793 
-778793 -778793 -778793 -778793 -778793 -778793 -778793 -778793 -778793 
-778793 -778793 -778793 -778793 -778793 -778793 -778793 -778793 -778793 
-778793 -778793 -778793 -778793 -778793 -778793 -778793 -778793 -778793 
-778793 -778793 -778793 -778793 -778793 -778793 -778793 -778793 -778793 
-778793 -778793 -778793 -778793 -778793 -778793
##$RECO_map_max=( 105 )
778793 778793 778793 778793 778793 778793 778793 778793 778793 778793 778793 
778793 778793 778793 778793 778793 778793 778793 778793 778793 778793 778793 
778793 778793 778793 778793 778793 778793 778793 778793 778793 778793 778793 
778793 778793 778793 778793 778793 778793 778793 778793 778793 778793 778793 
778793 778793 778793 778793 778793 778793 778793 778793 778793 778793 778793 
778793 778793 778793 778793 778793 778793 778793 778793 778793 778793 778793 
778793 778793 778793 778793 778793 778793 778793 778793 778793 778793 778793 
778793 778793 778793 778793 778793 778793 778793 778793 778793 778793 778793 
778793 778793 778793 778793 778793 778793 778793 778793 778793 778793 778793 
778793 778793 778793 778793 778793 778793
$$ @vis= RECO_map_mode RECO_globex RECO_minima RECO_maxima RECO_map_min
##$RECO_map_offset=( 105 )
0 0 0 0 0 0 0 0 0 0 0 0 0 0 0 0 0 0 0 0 0 0 0 0 0 0 0 0 0 0 0 0 0 0 0 0 0 0 0 
0 0 0 0 0 0 0 0 0 0 0 0 0 0 0 0 0 0 0 0 0 0 0 0 0 0 0 0 0 0 0 0 0 0 0 0 0 0 0 
0 0 0 0 0 0 0 0 0 0 0 0 0 0 0 0 0 0 0 0 0 0 0 0 0 0 0
##$RECO_map_slope=( 105 )
0.0420740805566311 0.0420740805566311 0.0420740805566311 0.0420740805566311 
0.0420740805566311 0.0420740805566311 0.0420740805566311 0.0420740805566311 
0.0420740805566311 0.0420740805566311 0.0420740805566311 0.0420740805566311 
0.0420740805566311 0.0420740805566311 0.0420740805566311 0.0420740805566311 
0.0420740805566311 0.0420740805566311 0.0420740805566311 0.0420740805566311 
0.0420740805566311 0.0420740805566311 0.0420740805566311 0.0420740805566311 
0.0420740805566311 0.0420740805566311 0.0420740805566311 0.0420740805566311 
0.0420740805566311 0.0420740805566311 0.0420740805566311 0.0420740805566311 
0.0420740805566311 0.0420740805566311 0.0420740805566311 0.0420740805566311 
0.0420740805566311 0.0420740805566311 0.0420740805566311 0.0420740805566311 
0.0420740805566311 0.0420740805566311 0.0420740805566311 0.0420740805566311 
0.0420740805566311 0.0420740805566311 0.0420740805566311 0.0420740805566311 
0.0420740805566311 0.0420740805566311 0.0420740805566311 0.0420740805566311 
0.0420740805566311 0.0420740805566311 0.0420740805566311 0.0420740805566311 
0.0420740805566311 0.0420740805566311 0.0420740805566311 0.0420740805566311 
0.0420740805566311 0.0420740805566311 0.0420740805566311 0.0420740805566311 
0.0420740805566311 0.0420740805566311 0.0420740805566311 0.0420740805566311 
0.0420740805566311 0.0420740805566311 0.0420740805566311 0.0420740805566311 
0.0420740805566311 0.0420740805566311 0.0420740805566311 0.0420740805566311 
0.0420740805566311 0.0420740805566311 0.0420740805566311 0.0420740805566311 
0.0420740805566311 0.0420740805566311 0.0420740805566311 0.0420740805566311 
0.0420740805566311 0.0420740805566311 0.0420740805566311 0.0420740805566311 
0.0420740805566311 0.0420740805566311 0.0420740805566311 0.0420740805566311 
0.0420740805566311 0.0420740805566311 0.0420740805566311 0.0420740805566311 
0.0420740805566311 0.0420740805566311 0.0420740805566311 0.0420740805566311 
0.0420740805566311 0.0420740805566311 0.0420740805566311 0.0420740805566311 
0.0420740805566311
##$RECO_byte_order=littleEndian
##$RECO_time=( 24 )
<22:32:07 30 Mar 2017>
##$RECO_abs_time=1490938327
$$ @vis= RECO_map_max RECO_map_offset RECO_map_slope RECO_byte_order RECO_time
##$RECO_base_image_uid=( 65 )
<2.16.756.5.5.100.4167689927.31017.1490938907.460>
##$GS_reco_display=Yes
$$ @vis= RECO_abs_time RECO_base_image_uid RecoRegridNGroup GS_reco_display
##$GO_reco_display=Yes
##$GO_reco_each_nr=No
##$GO_max_reco_mem=0
$$ @vis= RECO_GS GO_reco_display GO_reco_each_nr GO_max_reco_mem RECO_GO RECO
##END=
