##TITLE=Parameter List
##JCAMPDX=4.24
##DATATYPE=Parameter Values
##ORIGIN=Bruker BioSpin MRI GmbH
##OWNER=acosta
$$ Thu Aug 11 14:43:15 2016 MST (UT-7h)  acosta
$$ /opt/PV51/data/acosta/nmr/Acosta_20160811_SA_pH66.D11/3/pdata/1/reco
##$RECO_mode=FT_MODE
##$RecoAutoDerive=Yes
##$RECO_inp_order=NO_REORDERING
##$RECO_inp_size=( 2 )
128 128
##$RECO_ft_size=( 2 )
128 128
##$RECO_fov=( 2 )
6 6
##$RECO_size=( 2 )
128 128
$$ @vis= RECO_mode RecoAutoDerive RECO_inp_order RECO_ft_size RECO_fov
##$RECO_offset=( 2, 50 )
0 0 0 0 0 0 0 0 0 0 0 0 0 0 0 0 0 0 0 0 0 0 0 0 0 0 0 0 0 0 0 0 0 0 0 0 0 0 0 
0 0 0 0 0 0 0 0 0 0 0 0 0 0 0 0 0 0 0 0 0 0 0 0 0 0 0 0 0 0 0 0 0 0 0 0 0 0 0 
0 0 0 0 0 0 0 0 0 0 0 0 0 0 0 0 0 0 0 0 0 0
##$RECO_regrid_mode=NO_REGRID
##$RECO_regrid_offset=0
##$RECO_ramp_gap=0
##$RECO_ramp_time=0
##$RECO_ne_mode=NO_NAV_DATA
##$RECO_ne_dist=NeNoInterleave
##$RECO_ne_dens=NeCorrPerScan
##$RECO_ne_type=NAV_PHASE
##$RECO_ne_vals=( 1, 2 )
0 0
##$RECO_bc_mode=( 2 )
NO_BC NO_BC
##$RECO_bc_start=( 2 )
96 96
##$RECO_bc_len=( 2 )
32 32
##$RECO_dc_offset=( 2 )
0 0
##$RECO_dc_divisor=1
##$RECO_bc_coroff=( 2 )
0 0
##$RECO_qopts=( 2 )
CONJ_AND_QNEG NO_QOPTS
##$RECO_wdw_mode=( 2 )
NO_WDW NO_WDW
$$ @vis= RECO_size RECO_regrid_mode RECO_ne_mode RECO_bc_mode RECO_qopts
##$RECO_lb=( 2 )
-0.5 -0.5
##$RECO_sw=( 2 )
50000 1
##$RECO_gb=( 2 )
0.5 0.5
##$RECO_sbs=( 2 )
1 1
##$RECO_tm1=( 2 )
0.25 0.25
##$RECO_tm2=( 2 )
0.75 0.75
##$RECO_ft_mode=( 2 )
COMPLEX_FFT COMPLEX_FFT
##$RECO_pc_mode=( 2 )
NO_PC NO_PC
##$RECO_pc_lin=( 2 )
(0, 0) (0, 0)
##$RECO_rotate=( 2, 50 )
0 0 0 0 0 0 0 0 0 0 0 0 0 0 0 0 0 0 0 0 0 0 0 0 0 0 0 0 0 0 0 0 0 0 0 0 0 0 0 
0 0 0 0 0 0 0 0 0 0 0 0.5 0.5 0.5 0.5 0.5 0.5 0.5 0.5 0.5 0.5 0.5 0.5 0.5 0.5 
0.5 0.5 0.5 0.5 0.5 0.5 0.5 0.5 0.5 0.5 0.5 0.5 0.5 0.5 0.5 0.5 0.5 0.5 0.5 
0.5 0.5 0.5 0.5 0.5 0.5 0.5 0.5 0.5 0.5 0.5 0.5 0.5 0.5 0.5 0.5 0.5
##$RECO_ppc_mode=NO_PPC
##$RECO_ref_image=0
##$RECO_nr_supports=0.4
##$RECO_sig_threshold=0.15
##$RECO_ppc_degree=1
##$RECO_ppc_coeffs=( 50, 2, 2 )
0 0 0 0 0 0 0 0 0 0 0 0 0 0 0 0 0 0 0 0 0 0 0 0 0 0 0 0 0 0 0 0 0 0 0 0 0 0 0 
0 0 0 0 0 0 0 0 0 0 0 0 0 0 0 0 0 0 0 0 0 0 0 0 0 0 0 0 0 0 0 0 0 0 0 0 0 0 0 
0 0 0 0 0 0 0 0 0 0 0 0 0 0 0 0 0 0 0 0 0 0 0 0 0 0 0 0 0 0 0 0 0 0 0 0 0 0 0 
0 0 0 0 0 0 0 0 0 0 0 0 0 0 0 0 0 0 0 0 0 0 0 0 0 0 0 0 0 0 0 0 0 0 0 0 0 0 0 
0 0 0 0 0 0 0 0 0 0 0 0 0 0 0 0 0 0 0 0 0 0 0 0 0 0 0 0 0 0 0 0 0 0 0 0 0 0 0 
0 0 0 0 0
##$RECO_dc_elim=No
$$ @vis= RECO_wdw_mode RECO_ft_mode RECO_pc_mode RECO_rotate RECO_ppc_mode
##$RECO_transposition=( 50 )
1 1 1 1 1 1 1 1 1 1 1 1 1 1 1 1 1 1 1 1 1 1 1 1 1 1 1 1 1 1 1 1 1 1 1 1 1 1 1 
1 1 1 1 1 1 1 1 1 1 1
##$RECO_image_type=MAGNITUDE_IMAGE
##$RECO_image_threshold=0.15
##$RECO_ir_scale=10
##$RECO_wordtype=_16BIT_SGN_INT
##$RECO_map_mode=PERCENTILE_MAPPING
$$ @vis= RECO_dc_elim RECO_transposition RECO_image_type RECO_wordtype
##$RECO_map_range=( 2 )
-2147483647 2147483647
##$RECO_map_percentile=( 2 )
1 99.99
##$RECO_map_error=0.0025
##$RECO_globex=( 50 )
0 0 0 0 0 0 0 0 0 0 0 0 0 0 0 0 0 0 0 0 0 0 0 0 0 0 0 0 0 0 0 0 0 0 0 0 0 0 0 
0 0 0 0 0 0 0 0 0 0 0
##$RECO_minima=( 50 )
8 8 8 8 8 8 8 8 8 8 8 8 8 8 8 8 8 8 8 8 8 8 8 8 8 8 8 8 8 8 8 8 8 8 8 8 8 8 8 
8 8 8 8 8 8 8 8 8 8 8
$$ @vis= RECO_map_mode RECO_map_percentile RECO_map_error RECO_globex
##$RECO_maxima=( 50 )
32767 32767 32767 32767 32767 32767 32578 30956 30708 29903 29083 28851 27340 
27380 26415 25562 25770 24243 24537 23585 23107 22531 21736 21816 20999 20849 
20202 19843 19585 18768 18626 18360 17362 17575 16830 16740 16447 15741 15956 
15230 14973 14783 14198 14186 13710 13726 13211 12746 12878 12436
##$RECO_map_min=( 50 )
-1108184.91001494 -1108184.91001494 -1108184.91001494 -1108184.91001494 
-1108184.91001494 -1108184.91001494 -1108184.91001494 -1108184.91001494 
-1108184.91001494 -1108184.91001494 -1108184.91001494 -1108184.91001494 
-1108184.91001494 -1108184.91001494 -1108184.91001494 -1108184.91001494 
-1108184.91001494 -1108184.91001494 -1108184.91001494 -1108184.91001494 
-1108184.91001494 -1108184.91001494 -1108184.91001494 -1108184.91001494 
-1108184.91001494 -1108184.91001494 -1108184.91001494 -1108184.91001494 
-1108184.91001494 -1108184.91001494 -1108184.91001494 -1108184.91001494 
-1108184.91001494 -1108184.91001494 -1108184.91001494 -1108184.91001494 
-1108184.91001494 -1108184.91001494 -1108184.91001494 -1108184.91001494 
-1108184.91001494 -1108184.91001494 -1108184.91001494 -1108184.91001494 
-1108184.91001494 -1108184.91001494 -1108184.91001494 -1108184.91001494 
-1108184.91001494 -1108184.91001494
##$RECO_map_max=( 50 )
1108184.91001494 1108184.91001494 1108184.91001494 1108184.91001494 
1108184.91001494 1108184.91001494 1108184.91001494 1108184.91001494 
1108184.91001494 1108184.91001494 1108184.91001494 1108184.91001494 
1108184.91001494 1108184.91001494 1108184.91001494 1108184.91001494 
1108184.91001494 1108184.91001494 1108184.91001494 1108184.91001494 
1108184.91001494 1108184.91001494 1108184.91001494 1108184.91001494 
1108184.91001494 1108184.91001494 1108184.91001494 1108184.91001494 
1108184.91001494 1108184.91001494 1108184.91001494 1108184.91001494 
1108184.91001494 1108184.91001494 1108184.91001494 1108184.91001494 
1108184.91001494 1108184.91001494 1108184.91001494 1108184.91001494 
1108184.91001494 1108184.91001494 1108184.91001494 1108184.91001494 
1108184.91001494 1108184.91001494 1108184.91001494 1108184.91001494 
1108184.91001494 1108184.91001494
##$RECO_map_offset=( 50 )
0 0 0 0 0 0 0 0 0 0 0 0 0 0 0 0 0 0 0 0 0 0 0 0 0 0 0 0 0 0 0 0 0 0 0 0 0 0 0 
0 0 0 0 0 0 0 0 0 0 0
##$RECO_map_slope=( 50 )
0.0295681711286306 0.0295681711286306 0.0295681711286306 0.0295681711286306 
0.0295681711286306 0.0295681711286306 0.0295681711286306 0.0295681711286306 
0.0295681711286306 0.0295681711286306 0.0295681711286306 0.0295681711286306 
0.0295681711286306 0.0295681711286306 0.0295681711286306 0.0295681711286306 
0.0295681711286306 0.0295681711286306 0.0295681711286306 0.0295681711286306 
0.0295681711286306 0.0295681711286306 0.0295681711286306 0.0295681711286306 
0.0295681711286306 0.0295681711286306 0.0295681711286306 0.0295681711286306 
0.0295681711286306 0.0295681711286306 0.0295681711286306 0.0295681711286306 
0.0295681711286306 0.0295681711286306 0.0295681711286306 0.0295681711286306 
0.0295681711286306 0.0295681711286306 0.0295681711286306 0.0295681711286306 
0.0295681711286306 0.0295681711286306 0.0295681711286306 0.0295681711286306 
0.0295681711286306 0.0295681711286306 0.0295681711286306 0.0295681711286306 
0.0295681711286306 0.0295681711286306
$$ @vis= RECO_minima RECO_maxima RECO_map_min RECO_map_max RECO_map_offset
##$RECO_byte_order=littleEndian
##$RECO_time=( 24 )
<14:21:32 11 Aug 2016>
##$RECO_abs_time=1470950492
##$RECO_base_image_uid=( 65 )
<2.16.756.5.5.100.4167689927.19881.1470951795.131>
$$ @vis= RECO_map_slope RECO_byte_order RECO_time RECO_abs_time
##$GS_reco_display=Yes
##$GO_reco_display=Yes
$$ @vis= RECO_base_image_uid RecoRegridNGroup GS_reco_display RECO_GS
##$GO_reco_each_nr=No
##$GO_max_reco_mem=0
$$ @vis= GO_reco_display GO_reco_each_nr GO_max_reco_mem RECO_GO RECO
##END=
