##TITLE=Parameter List
##JCAMPDX=4.24
##DATATYPE=Parameter Values
##ORIGIN=Bruker BioSpin MRI GmbH
##OWNER=jdegrand
$$ Mon Mar 27 20:46:11 2017 MST (UT-7h)  jdegrand
$$ /opt/PV51/data/jdegrand/nmr/degrandchamp_20170327_oxilan_pH702.GH1/2/pdata/1/reco
##$RECO_mode=FT_MODE
##$RecoAutoDerive=Yes
##$RECO_inp_order=NO_REORDERING
##$RECO_inp_size=( 2 )
128 64
##$RECO_ft_size=( 2 )
128 128
##$RECO_fov=( 2 )
4 4
##$RECO_size=( 2 )
128 128
$$ @vis= RECO_mode RecoAutoDerive RECO_inp_order RECO_ft_size RECO_fov
##$RECO_offset=( 2, 1 )
0 0
##$RECO_regrid_mode=NO_REGRID
##$RECO_regrid_offset=0
##$RECO_ramp_gap=0
##$RECO_ramp_time=0
##$RECO_ne_mode=NO_NAV_DATA
##$RECO_ne_dist=NeNoInterleave
##$RECO_ne_dens=NeCorrPerScan
##$RECO_ne_type=NAV_PHASE
##$RECO_ne_vals=( 1, 2 )
0 0
##$RECO_bc_mode=( 2 )
NO_BC NO_BC
##$RECO_bc_start=( 2 )
96 48
##$RECO_bc_len=( 2 )
32 16
##$RECO_dc_offset=( 2 )
0 0
##$RECO_dc_divisor=1
##$RECO_bc_coroff=( 2 )
0 0
##$RECO_qopts=( 2 )
CONJ_AND_QNEG NO_QOPTS
##$RECO_wdw_mode=( 2 )
NO_WDW NO_WDW
$$ @vis= RECO_size RECO_regrid_mode RECO_ne_mode RECO_bc_mode RECO_qopts
##$RECO_lb=( 2 )
-0.5 -0.5
##$RECO_sw=( 2 )
50000 1
##$RECO_gb=( 2 )
0.5 0.5
##$RECO_sbs=( 2 )
1 1
##$RECO_tm1=( 2 )
0.25 0.25
##$RECO_tm2=( 2 )
0.75 0.75
##$RECO_ft_mode=( 2 )
COMPLEX_FFT COMPLEX_FFT
##$RECO_pc_mode=( 2 )
NO_PC NO_PC
##$RECO_pc_lin=( 2 )
(0, 0) (0, 0)
##$RECO_rotate=( 2, 1 )
0 0.4765625
##$RECO_ppc_mode=NO_PPC
##$RECO_ref_image=0
##$RECO_nr_supports=0.4
##$RECO_sig_threshold=0.15
##$RECO_ppc_degree=1
##$RECO_ppc_coeffs=( 1, 2, 2 )
0 0 0 0
##$RECO_dc_elim=No
$$ @vis= RECO_wdw_mode RECO_ft_mode RECO_pc_mode RECO_rotate RECO_ppc_mode
##$RECO_transposition=( 1 )
1
##$RECO_image_type=MAGNITUDE_IMAGE
##$RECO_image_threshold=0.15
##$RECO_ir_scale=10
##$RECO_wordtype=_16BIT_SGN_INT
##$RECO_map_mode=ABSOLUTE_MAPPING
$$ @vis= RECO_dc_elim RECO_transposition RECO_image_type RECO_wordtype
##$RECO_map_range=( 2 )
-2147483647 2147483647
##$RECO_map_percentile=( 2 )
1 99.99
##$RECO_map_error=0.0025
##$RECO_globex=( 105 )
0 0 0 0 0 0 0 0 0 0 0 0 0 0 0 0 0 0 0 0 0 0 0 0 0 0 0 0 0 0 0 0 0 0 0 0 0 0 0 
0 0 0 0 0 0 0 0 0 0 0 0 0 0 0 0 0 0 0 0 0 0 0 0 0 0 0 0 0 0 0 0 0 0 0 0 0 0 0 
0 0 0 0 0 0 0 0 0 0 0 0 0 0 0 0 0 0 0 0 0 0 0 0 0 0 0
##$RECO_minima=( 105 )
0 0 0 0 0 0 0 0 0 0 0 0 0 0 0 0 0 0 0 0 0 0 0 0 0 0 0 0 0 0 0 0 0 0 0 0 0 0 0 
0 0 0 0 0 0 0 0 0 0 0 0 0 0 0 0 0 0 0 0 0 0 0 0 0 0 0 0 0 0 0 0 0 0 0 0 0 0 0 
0 0 0 0 0 0 0 0 0 0 0 0 0 0 0 0 0 0 0 0 0 0 0 0 0 0 0
##$RECO_maxima=( 105 )
31877 31163 30404 31068 30536 31378 30970 30972 30889 30658 31106 31195 30797 
30839 30670 31220 30627 32767 30626 31254 30750 30538 31607 30404 30699 30651 
31184 30373 30269 29876 30401 30457 30404 29071 29085 29303 29144 28941 28482 
29353 28109 29405 28192 26971 26567 25883 25349 23253 21788 18730 18126 18724 
20328 21839 21394 21634 22039 22605 22638 22904 23011 23489 23570 23720 23439 
23927 24617 25802 26155 26569 27338 28416 28770 29653 30134 29716 30126 31244 
30587 30693 31555 30856 31226 30355 31297 31652 30431 31170 31666 30600 32538 
31617 31563 30873 31080 31120 31082 30987 31673 31341 31238 31221 31344 30549 
31024
##$RECO_map_min=( 105 )
-788038 -788038 -788038 -788038 -788038 -788038 -788038 -788038 -788038 
-788038 -788038 -788038 -788038 -788038 -788038 -788038 -788038 -788038 
-788038 -788038 -788038 -788038 -788038 -788038 -788038 -788038 -788038 
-788038 -788038 -788038 -788038 -788038 -788038 -788038 -788038 -788038 
-788038 -788038 -788038 -788038 -788038 -788038 -788038 -788038 -788038 
-788038 -788038 -788038 -788038 -788038 -788038 -788038 -788038 -788038 
-788038 -788038 -788038 -788038 -788038 -788038 -788038 -788038 -788038 
-788038 -788038 -788038 -788038 -788038 -788038 -788038 -788038 -788038 
-788038 -788038 -788038 -788038 -788038 -788038 -788038 -788038 -788038 
-788038 -788038 -788038 -788038 -788038 -788038 -788038 -788038 -788038 
-788038 -788038 -788038 -788038 -788038 -788038 -788038 -788038 -788038 
-788038 -788038 -788038 -788038 -788038 -788038
##$RECO_map_max=( 105 )
788038 788038 788038 788038 788038 788038 788038 788038 788038 788038 788038 
788038 788038 788038 788038 788038 788038 788038 788038 788038 788038 788038 
788038 788038 788038 788038 788038 788038 788038 788038 788038 788038 788038 
788038 788038 788038 788038 788038 788038 788038 788038 788038 788038 788038 
788038 788038 788038 788038 788038 788038 788038 788038 788038 788038 788038 
788038 788038 788038 788038 788038 788038 788038 788038 788038 788038 788038 
788038 788038 788038 788038 788038 788038 788038 788038 788038 788038 788038 
788038 788038 788038 788038 788038 788038 788038 788038 788038 788038 788038 
788038 788038 788038 788038 788038 788038 788038 788038 788038 788038 788038 
788038 788038 788038 788038 788038 788038
$$ @vis= RECO_map_mode RECO_globex RECO_minima RECO_maxima RECO_map_min
##$RECO_map_offset=( 105 )
0 0 0 0 0 0 0 0 0 0 0 0 0 0 0 0 0 0 0 0 0 0 0 0 0 0 0 0 0 0 0 0 0 0 0 0 0 0 0 
0 0 0 0 0 0 0 0 0 0 0 0 0 0 0 0 0 0 0 0 0 0 0 0 0 0 0 0 0 0 0 0 0 0 0 0 0 0 0 
0 0 0 0 0 0 0 0 0 0 0 0 0 0 0 0 0 0 0 0 0 0 0 0 0 0 0
##$RECO_map_slope=( 105 )
0.0415804833173752 0.0415804833173752 0.0415804833173752 0.0415804833173752 
0.0415804833173752 0.0415804833173752 0.0415804833173752 0.0415804833173752 
0.0415804833173752 0.0415804833173752 0.0415804833173752 0.0415804833173752 
0.0415804833173752 0.0415804833173752 0.0415804833173752 0.0415804833173752 
0.0415804833173752 0.0415804833173752 0.0415804833173752 0.0415804833173752 
0.0415804833173752 0.0415804833173752 0.0415804833173752 0.0415804833173752 
0.0415804833173752 0.0415804833173752 0.0415804833173752 0.0415804833173752 
0.0415804833173752 0.0415804833173752 0.0415804833173752 0.0415804833173752 
0.0415804833173752 0.0415804833173752 0.0415804833173752 0.0415804833173752 
0.0415804833173752 0.0415804833173752 0.0415804833173752 0.0415804833173752 
0.0415804833173752 0.0415804833173752 0.0415804833173752 0.0415804833173752 
0.0415804833173752 0.0415804833173752 0.0415804833173752 0.0415804833173752 
0.0415804833173752 0.0415804833173752 0.0415804833173752 0.0415804833173752 
0.0415804833173752 0.0415804833173752 0.0415804833173752 0.0415804833173752 
0.0415804833173752 0.0415804833173752 0.0415804833173752 0.0415804833173752 
0.0415804833173752 0.0415804833173752 0.0415804833173752 0.0415804833173752 
0.0415804833173752 0.0415804833173752 0.0415804833173752 0.0415804833173752 
0.0415804833173752 0.0415804833173752 0.0415804833173752 0.0415804833173752 
0.0415804833173752 0.0415804833173752 0.0415804833173752 0.0415804833173752 
0.0415804833173752 0.0415804833173752 0.0415804833173752 0.0415804833173752 
0.0415804833173752 0.0415804833173752 0.0415804833173752 0.0415804833173752 
0.0415804833173752 0.0415804833173752 0.0415804833173752 0.0415804833173752 
0.0415804833173752 0.0415804833173752 0.0415804833173752 0.0415804833173752 
0.0415804833173752 0.0415804833173752 0.0415804833173752 0.0415804833173752 
0.0415804833173752 0.0415804833173752 0.0415804833173752 0.0415804833173752 
0.0415804833173752 0.0415804833173752 0.0415804833173752 0.0415804833173752 
0.0415804833173752
##$RECO_byte_order=littleEndian
##$RECO_time=( 24 )
<20:36:31 27 Mar 2017>
##$RECO_abs_time=1490672191
$$ @vis= RECO_map_max RECO_map_offset RECO_map_slope RECO_byte_order RECO_time
##$RECO_base_image_uid=( 65 )
<2.16.756.5.5.100.4167689927.2385.1490672771.449>
##$GS_reco_display=Yes
$$ @vis= RECO_abs_time RECO_base_image_uid RecoRegridNGroup GS_reco_display
##$GO_reco_display=Yes
##$GO_reco_each_nr=No
##$GO_max_reco_mem=0
$$ @vis= RECO_GS GO_reco_display GO_reco_each_nr GO_max_reco_mem RECO_GO RECO
##END=
