##TITLE=Parameter List
##JCAMPDX=4.24
##DATATYPE=Parameter Values
##ORIGIN=Bruker BioSpin MRI GmbH
##OWNER=acosta
$$ Fri Aug 12 12:00:36 2016 MST (UT-7h)  acosta
$$ /opt/PV51/data/acosta/nmr/Acosta_20160812_SA_pH800.D21/AdjStatePerStudy
##$AdjStudyStateCompleted=Yes
##$AdjStudyStateResetNdx=0
##$AdjStudyStateAdjName=( 3, 128 )
<FREQ_Standard> <SHIM_Standard> <TRANSM_Standard>
##$AdjStudyStateCategory=( 3 )
FREQ SHIM TRANSM
##$AdjStudyStateAdjustPars=( 3, 1024 )
<ACQ_BF> <PVM_StudyShim> <PVM_StudyRefAtt>
##$AdjStudyStateTime=( 3, 21 )
<11:23:22 12 Aug 2016> <11:23:38 12 Aug 2016> <11:24:07 12 Aug 2016>
##$AdjStudyStateExpno=( 3 )
1 1 1
##$AdjStudyStateState=( 3 )
adj_successful adj_successful adj_successful
##$AdjStudyStateResultId=( 3, 65 )
<> <2.16.756.5.5.100.4167689927.28631.1471026198.38> <
2.16.756.5.5.100.4167689927.28631.1471026198.39>
##$AdjStudyStateMethod=( 3, 128 )
<AdjSf> <AdjShim> <AdjRefG>
##$AdjStudyStateMethodContext=( 3, 128 )
<> <> <>
##$AdjStudyStateHwChainNdxs=( 3 )
(0, 0) (0, 1) (1, 1)
##$AdjStudyStateHwChains=( 2 )
((SHIM_CHAIN, -1), <SHIM_BGA12S.399289>) ((TRANS_CHAIN, -2), <
Default_Transceiver_1H_1000W -2 2 2 2 1 1 1H  1168442285>)
##$AdjStudyListConfigTime=1190094339
##END=
