##TITLE=Parameter List
##JCAMPDX=4.24
##DATATYPE=Parameter Values
##ORIGIN=Bruker BioSpin MRI GmbH
##OWNER=jdegrand
$$ Sat May 20 12:56:43 2017 MST (UT-7h)  jdegrand
$$ /opt/PV51/data/jdegrand/nmr/degrandchamp_20170520_pbs_pHall.Hz1/5/pdata/1/reco
##$RECO_mode=FT_MODE
##$RecoAutoDerive=Yes
##$RECO_inp_order=NO_REORDERING
##$RECO_inp_size=( 2 )
128 64
##$RECO_ft_size=( 2 )
128 128
##$RECO_fov=( 2 )
4 4
##$RECO_size=( 2 )
128 128
$$ @vis= RECO_mode RecoAutoDerive RECO_inp_order RECO_ft_size RECO_fov
##$RECO_offset=( 2, 1 )
0 0
##$RECO_regrid_mode=NO_REGRID
##$RECO_regrid_offset=0
##$RECO_ramp_gap=0
##$RECO_ramp_time=0
##$RECO_ne_mode=NO_NAV_DATA
##$RECO_ne_dist=NeNoInterleave
##$RECO_ne_dens=NeCorrPerScan
##$RECO_ne_type=NAV_PHASE
##$RECO_ne_vals=( 1, 2 )
0 0
##$RECO_bc_mode=( 2 )
NO_BC NO_BC
##$RECO_bc_start=( 2 )
96 48
##$RECO_bc_len=( 2 )
32 16
##$RECO_dc_offset=( 2 )
0 0
##$RECO_dc_divisor=1
##$RECO_bc_coroff=( 2 )
0 0
##$RECO_qopts=( 2 )
CONJ_AND_QNEG NO_QOPTS
##$RECO_wdw_mode=( 2 )
NO_WDW NO_WDW
$$ @vis= RECO_size RECO_regrid_mode RECO_ne_mode RECO_bc_mode RECO_qopts
##$RECO_lb=( 2 )
-0.5 -0.5
##$RECO_sw=( 2 )
50000 1
##$RECO_gb=( 2 )
0.5 0.5
##$RECO_sbs=( 2 )
1 1
##$RECO_tm1=( 2 )
0.25 0.25
##$RECO_tm2=( 2 )
0.75 0.75
##$RECO_ft_mode=( 2 )
COMPLEX_FFT COMPLEX_FFT
##$RECO_pc_mode=( 2 )
NO_PC NO_PC
##$RECO_pc_lin=( 2 )
(0, 0) (0, 0)
##$RECO_rotate=( 2, 1 )
0 0.5234375
##$RECO_ppc_mode=NO_PPC
##$RECO_ref_image=0
##$RECO_nr_supports=0.4
##$RECO_sig_threshold=0.15
##$RECO_ppc_degree=1
##$RECO_ppc_coeffs=( 1, 2, 2 )
0 0 0 0
##$RECO_dc_elim=No
$$ @vis= RECO_wdw_mode RECO_ft_mode RECO_pc_mode RECO_rotate RECO_ppc_mode
##$RECO_transposition=( 1 )
1
##$RECO_image_type=MAGNITUDE_IMAGE
##$RECO_image_threshold=0.15
##$RECO_ir_scale=10
##$RECO_wordtype=_16BIT_SGN_INT
##$RECO_map_mode=ABSOLUTE_MAPPING
$$ @vis= RECO_dc_elim RECO_transposition RECO_image_type RECO_wordtype
##$RECO_map_range=( 2 )
-2147483647 2147483647
##$RECO_map_percentile=( 2 )
1 99.99
##$RECO_map_error=0.0025
##$RECO_globex=( 105 )
0 0 0 0 0 0 0 0 0 0 0 0 0 0 0 0 0 0 0 0 0 0 0 0 0 0 0 0 0 0 0 0 0 0 0 0 0 0 0 
0 0 0 0 0 0 0 0 0 0 0 0 0 0 0 0 0 0 0 0 0 0 0 0 0 0 0 0 0 0 0 0 0 0 0 0 0 0 0 
0 0 0 0 0 0 0 0 0 0 0 0 0 0 0 0 0 0 0 0 0 0 0 0 0 0 0
##$RECO_minima=( 105 )
0 0 0 0 0 0 0 0 0 0 0 0 0 0 0 0 0 0 0 0 0 0 0 0 0 0 0 0 0 0 0 0 0 0 0 0 0 0 0 
0 0 0 0 0 0 0 0 0 0 0 0 0 0 0 0 0 0 0 0 0 0 0 0 0 0 0 0 0 0 0 0 0 0 0 0 0 0 0 
0 0 0 0 0 0 0 0 0 0 0 0 0 0 0 0 0 0 0 0 0 0 0 0 0 0 0
##$RECO_maxima=( 105 )
32767 30505 30083 30347 30169 30190 29968 30500 29965 30284 30051 30633 29928 
29497 29916 29571 29787 29398 29688 29434 30074 29795 29775 29899 30094 29572 
28842 29693 29519 29695 29354 28838 29411 28983 29057 28679 28742 28492 27820 
27802 27901 27111 27483 27842 26949 27254 27576 27454 28950 28243 28428 28411 
28616 28636 28580 28884 28684 28645 28756 29230 28979 29412 29477 29746 30011 
29558 30952 29320 29849 29461 30495 30556 30685 30473 30051 29844 30248 29777 
30228 30099 29568 30316 30915 29121 30489 30941 29707 30341 29638 30631 29563 
29196 30286 29195 29672 29194 29087 29721 29118 29324 29470 29528 29539 29983 
30161
##$RECO_map_min=( 105 )
-721992 -721992 -721992 -721992 -721992 -721992 -721992 -721992 -721992 
-721992 -721992 -721992 -721992 -721992 -721992 -721992 -721992 -721992 
-721992 -721992 -721992 -721992 -721992 -721992 -721992 -721992 -721992 
-721992 -721992 -721992 -721992 -721992 -721992 -721992 -721992 -721992 
-721992 -721992 -721992 -721992 -721992 -721992 -721992 -721992 -721992 
-721992 -721992 -721992 -721992 -721992 -721992 -721992 -721992 -721992 
-721992 -721992 -721992 -721992 -721992 -721992 -721992 -721992 -721992 
-721992 -721992 -721992 -721992 -721992 -721992 -721992 -721992 -721992 
-721992 -721992 -721992 -721992 -721992 -721992 -721992 -721992 -721992 
-721992 -721992 -721992 -721992 -721992 -721992 -721992 -721992 -721992 
-721992 -721992 -721992 -721992 -721992 -721992 -721992 -721992 -721992 
-721992 -721992 -721992 -721992 -721992 -721992
##$RECO_map_max=( 105 )
721992 721992 721992 721992 721992 721992 721992 721992 721992 721992 721992 
721992 721992 721992 721992 721992 721992 721992 721992 721992 721992 721992 
721992 721992 721992 721992 721992 721992 721992 721992 721992 721992 721992 
721992 721992 721992 721992 721992 721992 721992 721992 721992 721992 721992 
721992 721992 721992 721992 721992 721992 721992 721992 721992 721992 721992 
721992 721992 721992 721992 721992 721992 721992 721992 721992 721992 721992 
721992 721992 721992 721992 721992 721992 721992 721992 721992 721992 721992 
721992 721992 721992 721992 721992 721992 721992 721992 721992 721992 721992 
721992 721992 721992 721992 721992 721992 721992 721992 721992 721992 721992 
721992 721992 721992 721992 721992 721992
$$ @vis= RECO_map_mode RECO_globex RECO_minima RECO_maxima RECO_map_min
##$RECO_map_offset=( 105 )
0 0 0 0 0 0 0 0 0 0 0 0 0 0 0 0 0 0 0 0 0 0 0 0 0 0 0 0 0 0 0 0 0 0 0 0 0 0 0 
0 0 0 0 0 0 0 0 0 0 0 0 0 0 0 0 0 0 0 0 0 0 0 0 0 0 0 0 0 0 0 0 0 0 0 0 0 0 0 
0 0 0 0 0 0 0 0 0 0 0 0 0 0 0 0 0 0 0 0 0 0 0 0 0 0 0
##$RECO_map_slope=( 105 )
0.0453841611742973 0.0453841611742973 0.0453841611742973 0.0453841611742973 
0.0453841611742973 0.0453841611742973 0.0453841611742973 0.0453841611742973 
0.0453841611742973 0.0453841611742973 0.0453841611742973 0.0453841611742973 
0.0453841611742973 0.0453841611742973 0.0453841611742973 0.0453841611742973 
0.0453841611742973 0.0453841611742973 0.0453841611742973 0.0453841611742973 
0.0453841611742973 0.0453841611742973 0.0453841611742973 0.0453841611742973 
0.0453841611742973 0.0453841611742973 0.0453841611742973 0.0453841611742973 
0.0453841611742973 0.0453841611742973 0.0453841611742973 0.0453841611742973 
0.0453841611742973 0.0453841611742973 0.0453841611742973 0.0453841611742973 
0.0453841611742973 0.0453841611742973 0.0453841611742973 0.0453841611742973 
0.0453841611742973 0.0453841611742973 0.0453841611742973 0.0453841611742973 
0.0453841611742973 0.0453841611742973 0.0453841611742973 0.0453841611742973 
0.0453841611742973 0.0453841611742973 0.0453841611742973 0.0453841611742973 
0.0453841611742973 0.0453841611742973 0.0453841611742973 0.0453841611742973 
0.0453841611742973 0.0453841611742973 0.0453841611742973 0.0453841611742973 
0.0453841611742973 0.0453841611742973 0.0453841611742973 0.0453841611742973 
0.0453841611742973 0.0453841611742973 0.0453841611742973 0.0453841611742973 
0.0453841611742973 0.0453841611742973 0.0453841611742973 0.0453841611742973 
0.0453841611742973 0.0453841611742973 0.0453841611742973 0.0453841611742973 
0.0453841611742973 0.0453841611742973 0.0453841611742973 0.0453841611742973 
0.0453841611742973 0.0453841611742973 0.0453841611742973 0.0453841611742973 
0.0453841611742973 0.0453841611742973 0.0453841611742973 0.0453841611742973 
0.0453841611742973 0.0453841611742973 0.0453841611742973 0.0453841611742973 
0.0453841611742973 0.0453841611742973 0.0453841611742973 0.0453841611742973 
0.0453841611742973 0.0453841611742973 0.0453841611742973 0.0453841611742973 
0.0453841611742973 0.0453841611742973 0.0453841611742973 0.0453841611742973 
0.0453841611742973
##$RECO_byte_order=littleEndian
##$RECO_time=( 24 )
<12:47:02 20 May 2017>
##$RECO_abs_time=1495309622
$$ @vis= RECO_map_max RECO_map_offset RECO_map_slope RECO_byte_order RECO_time
##$RECO_base_image_uid=( 65 )
<2.16.756.5.5.100.4167689927.3250.1495310203.530>
##$GS_reco_display=Yes
$$ @vis= RECO_abs_time RECO_base_image_uid RecoRegridNGroup GS_reco_display
##$GO_reco_display=Yes
##$GO_reco_each_nr=No
##$GO_max_reco_mem=0
$$ @vis= RECO_GS GO_reco_display GO_reco_each_nr GO_max_reco_mem RECO_GO RECO
##END=
