##TITLE=Parameter List
##JCAMPDX=4.24
##DATATYPE=Parameter Values
##ORIGIN=Bruker BioSpin MRI GmbH
##OWNER=jdegrand
$$ Sat May 20 12:46:13 2017 MST (UT-7h)  jdegrand
$$ /opt/PV51/data/jdegrand/nmr/degrandchamp_20170520_pbs_pHall.Hz1/4/pdata/1/reco
##$RECO_mode=FT_MODE
##$RecoAutoDerive=Yes
##$RECO_inp_order=NO_REORDERING
##$RECO_inp_size=( 2 )
128 64
##$RECO_ft_size=( 2 )
128 128
##$RECO_fov=( 2 )
4 4
##$RECO_size=( 2 )
128 128
$$ @vis= RECO_mode RecoAutoDerive RECO_inp_order RECO_ft_size RECO_fov
##$RECO_offset=( 2, 1 )
0 0
##$RECO_regrid_mode=NO_REGRID
##$RECO_regrid_offset=0
##$RECO_ramp_gap=0
##$RECO_ramp_time=0
##$RECO_ne_mode=NO_NAV_DATA
##$RECO_ne_dist=NeNoInterleave
##$RECO_ne_dens=NeCorrPerScan
##$RECO_ne_type=NAV_PHASE
##$RECO_ne_vals=( 1, 2 )
0 0
##$RECO_bc_mode=( 2 )
NO_BC NO_BC
##$RECO_bc_start=( 2 )
96 48
##$RECO_bc_len=( 2 )
32 16
##$RECO_dc_offset=( 2 )
0 0
##$RECO_dc_divisor=1
##$RECO_bc_coroff=( 2 )
0 0
##$RECO_qopts=( 2 )
CONJ_AND_QNEG NO_QOPTS
##$RECO_wdw_mode=( 2 )
NO_WDW NO_WDW
$$ @vis= RECO_size RECO_regrid_mode RECO_ne_mode RECO_bc_mode RECO_qopts
##$RECO_lb=( 2 )
-0.5 -0.5
##$RECO_sw=( 2 )
50000 1
##$RECO_gb=( 2 )
0.5 0.5
##$RECO_sbs=( 2 )
1 1
##$RECO_tm1=( 2 )
0.25 0.25
##$RECO_tm2=( 2 )
0.75 0.75
##$RECO_ft_mode=( 2 )
COMPLEX_FFT COMPLEX_FFT
##$RECO_pc_mode=( 2 )
NO_PC NO_PC
##$RECO_pc_lin=( 2 )
(0, 0) (0, 0)
##$RECO_rotate=( 2, 1 )
0 0.5234375
##$RECO_ppc_mode=NO_PPC
##$RECO_ref_image=0
##$RECO_nr_supports=0.4
##$RECO_sig_threshold=0.15
##$RECO_ppc_degree=1
##$RECO_ppc_coeffs=( 1, 2, 2 )
0 0 0 0
##$RECO_dc_elim=No
$$ @vis= RECO_wdw_mode RECO_ft_mode RECO_pc_mode RECO_rotate RECO_ppc_mode
##$RECO_transposition=( 1 )
1
##$RECO_image_type=MAGNITUDE_IMAGE
##$RECO_image_threshold=0.15
##$RECO_ir_scale=10
##$RECO_wordtype=_16BIT_SGN_INT
##$RECO_map_mode=ABSOLUTE_MAPPING
$$ @vis= RECO_dc_elim RECO_transposition RECO_image_type RECO_wordtype
##$RECO_map_range=( 2 )
-2147483647 2147483647
##$RECO_map_percentile=( 2 )
1 99.99
##$RECO_map_error=0.0025
##$RECO_globex=( 105 )
0 0 0 0 0 0 0 0 0 0 0 0 0 0 0 0 0 0 0 0 0 0 0 0 0 0 0 0 0 0 0 0 0 0 0 0 0 0 0 
0 0 0 0 0 0 0 0 0 0 0 0 0 0 0 0 0 0 0 0 0 0 0 0 0 0 0 0 0 0 0 0 0 0 0 0 0 0 0 
0 0 0 0 0 0 0 0 0 0 0 0 0 0 0 0 0 0 0 0 0 0 0 0 0 0 0
##$RECO_minima=( 105 )
0 0 0 0 0 0 0 0 0 0 0 0 0 0 0 0 0 0 0 0 0 0 0 0 0 0 0 0 0 0 0 0 0 0 0 0 0 0 0 
0 0 0 0 0 0 0 0 0 0 0 0 0 0 0 0 0 0 0 0 0 0 0 0 0 0 0 0 0 0 0 0 0 0 0 0 0 0 0 
0 0 0 0 0 0 0 0 0 0 0 0 0 0 0 0 0 0 0 0 0 0 0 0 0 0 0
##$RECO_maxima=( 105 )
32767 28823 29252 28720 28971 28881 28774 29240 28788 28555 27985 29173 29086 
28783 28842 28484 29157 28711 28540 28444 28270 28665 27982 29455 29137 28588 
28279 28802 29126 28512 28302 28515 28546 28354 28641 27843 28561 28514 27587 
27542 28733 28280 27255 27142 26861 27368 28040 27630 27937 28649 27946 28562 
28619 28646 28567 28651 28768 28612 28663 29536 29274 29367 29282 29116 29240 
30347 28945 28415 28327 29318 29383 28996 28529 29844 28295 28315 28573 28528 
29192 28265 28374 28988 28710 28340 28411 28058 29037 28467 28484 28274 28921 
28818 28260 28577 28818 28824 27921 28423 28743 28733 28753 28245 28321 28296 
28988
##$RECO_map_min=( 105 )
-745414 -745414 -745414 -745414 -745414 -745414 -745414 -745414 -745414 
-745414 -745414 -745414 -745414 -745414 -745414 -745414 -745414 -745414 
-745414 -745414 -745414 -745414 -745414 -745414 -745414 -745414 -745414 
-745414 -745414 -745414 -745414 -745414 -745414 -745414 -745414 -745414 
-745414 -745414 -745414 -745414 -745414 -745414 -745414 -745414 -745414 
-745414 -745414 -745414 -745414 -745414 -745414 -745414 -745414 -745414 
-745414 -745414 -745414 -745414 -745414 -745414 -745414 -745414 -745414 
-745414 -745414 -745414 -745414 -745414 -745414 -745414 -745414 -745414 
-745414 -745414 -745414 -745414 -745414 -745414 -745414 -745414 -745414 
-745414 -745414 -745414 -745414 -745414 -745414 -745414 -745414 -745414 
-745414 -745414 -745414 -745414 -745414 -745414 -745414 -745414 -745414 
-745414 -745414 -745414 -745414 -745414 -745414
##$RECO_map_max=( 105 )
745414 745414 745414 745414 745414 745414 745414 745414 745414 745414 745414 
745414 745414 745414 745414 745414 745414 745414 745414 745414 745414 745414 
745414 745414 745414 745414 745414 745414 745414 745414 745414 745414 745414 
745414 745414 745414 745414 745414 745414 745414 745414 745414 745414 745414 
745414 745414 745414 745414 745414 745414 745414 745414 745414 745414 745414 
745414 745414 745414 745414 745414 745414 745414 745414 745414 745414 745414 
745414 745414 745414 745414 745414 745414 745414 745414 745414 745414 745414 
745414 745414 745414 745414 745414 745414 745414 745414 745414 745414 745414 
745414 745414 745414 745414 745414 745414 745414 745414 745414 745414 745414 
745414 745414 745414 745414 745414 745414
$$ @vis= RECO_map_mode RECO_globex RECO_minima RECO_maxima RECO_map_min
##$RECO_map_offset=( 105 )
0 0 0 0 0 0 0 0 0 0 0 0 0 0 0 0 0 0 0 0 0 0 0 0 0 0 0 0 0 0 0 0 0 0 0 0 0 0 0 
0 0 0 0 0 0 0 0 0 0 0 0 0 0 0 0 0 0 0 0 0 0 0 0 0 0 0 0 0 0 0 0 0 0 0 0 0 0 0 
0 0 0 0 0 0 0 0 0 0 0 0 0 0 0 0 0 0 0 0 0 0 0 0 0 0 0
##$RECO_map_slope=( 105 )
0.0439581237733364 0.0439581237733364 0.0439581237733364 0.0439581237733364 
0.0439581237733364 0.0439581237733364 0.0439581237733364 0.0439581237733364 
0.0439581237733364 0.0439581237733364 0.0439581237733364 0.0439581237733364 
0.0439581237733364 0.0439581237733364 0.0439581237733364 0.0439581237733364 
0.0439581237733364 0.0439581237733364 0.0439581237733364 0.0439581237733364 
0.0439581237733364 0.0439581237733364 0.0439581237733364 0.0439581237733364 
0.0439581237733364 0.0439581237733364 0.0439581237733364 0.0439581237733364 
0.0439581237733364 0.0439581237733364 0.0439581237733364 0.0439581237733364 
0.0439581237733364 0.0439581237733364 0.0439581237733364 0.0439581237733364 
0.0439581237733364 0.0439581237733364 0.0439581237733364 0.0439581237733364 
0.0439581237733364 0.0439581237733364 0.0439581237733364 0.0439581237733364 
0.0439581237733364 0.0439581237733364 0.0439581237733364 0.0439581237733364 
0.0439581237733364 0.0439581237733364 0.0439581237733364 0.0439581237733364 
0.0439581237733364 0.0439581237733364 0.0439581237733364 0.0439581237733364 
0.0439581237733364 0.0439581237733364 0.0439581237733364 0.0439581237733364 
0.0439581237733364 0.0439581237733364 0.0439581237733364 0.0439581237733364 
0.0439581237733364 0.0439581237733364 0.0439581237733364 0.0439581237733364 
0.0439581237733364 0.0439581237733364 0.0439581237733364 0.0439581237733364 
0.0439581237733364 0.0439581237733364 0.0439581237733364 0.0439581237733364 
0.0439581237733364 0.0439581237733364 0.0439581237733364 0.0439581237733364 
0.0439581237733364 0.0439581237733364 0.0439581237733364 0.0439581237733364 
0.0439581237733364 0.0439581237733364 0.0439581237733364 0.0439581237733364 
0.0439581237733364 0.0439581237733364 0.0439581237733364 0.0439581237733364 
0.0439581237733364 0.0439581237733364 0.0439581237733364 0.0439581237733364 
0.0439581237733364 0.0439581237733364 0.0439581237733364 0.0439581237733364 
0.0439581237733364 0.0439581237733364 0.0439581237733364 0.0439581237733364 
0.0439581237733364
##$RECO_byte_order=littleEndian
##$RECO_time=( 24 )
<12:36:33 20 May 2017>
##$RECO_abs_time=1495308993
$$ @vis= RECO_map_max RECO_map_offset RECO_map_slope RECO_byte_order RECO_time
##$RECO_base_image_uid=( 65 )
<2.16.756.5.5.100.4167689927.3250.1495309573.425>
##$GS_reco_display=Yes
$$ @vis= RECO_abs_time RECO_base_image_uid RecoRegridNGroup GS_reco_display
##$GO_reco_display=Yes
##$GO_reco_each_nr=No
##$GO_max_reco_mem=0
$$ @vis= RECO_GS GO_reco_display GO_reco_each_nr GO_max_reco_mem RECO_GO RECO
##END=
