##TITLE=Parameter List
##JCAMPDX=4.24
##DATATYPE=Parameter Values
##ORIGIN=Bruker BioSpin MRI GmbH
##OWNER=acosta
$$ Fri Jul 29 11:55:07 2016 MST (UT-7h)  acosta
$$ /opt/PV51/data/acosta/nmr/Acosta_20160728_SA_pH800.CN1/12/pdata/1/reco
##$RECO_mode=FT_MODE
##$RecoAutoDerive=Yes
##$RECO_inp_order=NO_REORDERING
##$RECO_inp_size=( 2 )
128 64
##$RECO_ft_size=( 2 )
128 128
##$RECO_fov=( 2 )
6 6
##$RECO_size=( 2 )
128 128
$$ @vis= RECO_mode RecoAutoDerive RECO_inp_order RECO_ft_size RECO_fov
##$RECO_offset=( 2, 1 )
0 0
##$RECO_regrid_mode=NO_REGRID
##$RECO_regrid_offset=0
##$RECO_ramp_gap=0
##$RECO_ramp_time=0
##$RECO_ne_mode=NO_NAV_DATA
##$RECO_ne_dist=NeNoInterleave
##$RECO_ne_dens=NeCorrPerScan
##$RECO_ne_type=NAV_PHASE
##$RECO_ne_vals=( 1, 2 )
0 0
##$RECO_bc_mode=( 2 )
NO_BC NO_BC
##$RECO_bc_start=( 2 )
96 48
##$RECO_bc_len=( 2 )
32 16
##$RECO_dc_offset=( 2 )
0 0
##$RECO_dc_divisor=1
##$RECO_bc_coroff=( 2 )
0 0
##$RECO_qopts=( 2 )
CONJ_AND_QNEG NO_QOPTS
##$RECO_wdw_mode=( 2 )
NO_WDW NO_WDW
$$ @vis= RECO_size RECO_regrid_mode RECO_ne_mode RECO_bc_mode RECO_qopts
##$RECO_lb=( 2 )
-0.5 -0.5
##$RECO_sw=( 2 )
50000 1
##$RECO_gb=( 2 )
0.5 0.5
##$RECO_sbs=( 2 )
1 1
##$RECO_tm1=( 2 )
0.25 0.25
##$RECO_tm2=( 2 )
0.75 0.75
##$RECO_ft_mode=( 2 )
COMPLEX_FFT COMPLEX_FFT
##$RECO_pc_mode=( 2 )
NO_PC NO_PC
##$RECO_pc_lin=( 2 )
(0, 0) (0, 0)
##$RECO_rotate=( 2, 1 )
0 0.484375
##$RECO_ppc_mode=NO_PPC
##$RECO_ref_image=0
##$RECO_nr_supports=0.4
##$RECO_sig_threshold=0.15
##$RECO_ppc_degree=1
##$RECO_ppc_coeffs=( 1, 2, 2 )
0 0 0 0
##$RECO_dc_elim=No
$$ @vis= RECO_wdw_mode RECO_ft_mode RECO_pc_mode RECO_rotate RECO_ppc_mode
##$RECO_transposition=( 1 )
1
##$RECO_image_type=MAGNITUDE_IMAGE
##$RECO_image_threshold=0.15
##$RECO_ir_scale=10
##$RECO_wordtype=_16BIT_SGN_INT
##$RECO_map_mode=ABSOLUTE_MAPPING
$$ @vis= RECO_dc_elim RECO_transposition RECO_image_type RECO_wordtype
##$RECO_map_range=( 2 )
-2147483647 2147483647
##$RECO_map_percentile=( 2 )
1 99.99
##$RECO_map_error=0.0025
##$RECO_globex=( 105 )
0 0 0 0 0 0 0 0 0 0 0 0 0 0 0 0 0 0 0 0 0 0 0 0 0 0 0 0 0 0 0 0 0 0 0 0 0 0 0 
0 0 0 0 0 0 0 0 0 0 0 0 0 0 0 0 0 0 0 0 0 0 0 0 0 0 0 0 0 0 0 0 0 0 0 0 0 0 0 
0 0 0 0 0 0 0 0 0 0 0 0 0 0 0 0 0 0 0 0 0 0 0 0 0 0 0
##$RECO_minima=( 105 )
0 0 0 0 0 0 0 0 0 0 0 0 0 0 0 0 0 0 0 0 0 0 0 0 0 0 0 0 0 0 0 0 0 0 0 0 0 0 0 
0 0 0 0 0 0 0 0 0 0 0 0 0 0 0 0 0 0 0 0 0 0 0 0 0 0 0 0 0 0 0 0 0 0 0 0 0 0 0 
0 0 0 0 0 0 0 0 0 0 0 0 0 0 0 0 0 0 0 0 0 0 0 0 0 0 0
##$RECO_maxima=( 105 )
32767 32654 32554 32604 30555 30425 30270 30571 30155 29712 29058 29464 28952 
28147 27660 27347 26248 24837 22603 20261 17386 14829 11089 9967 10552 10285 
12695 16462 19770 21823 23574 24571 25969 26790 27347 28299 28396 29046 28927 
29133 29226 29587 29990 29536 30298 30736 29867 30402 30612 30131 29927 30070 
30224 29852 29692 29435 28672 28811 28000 27683 27825 27237 28184 28984 28999 
30135 30198 30702 31065 31433 30492 31098 31707 31177 31537 31342 31731 31429 
31192 31844 31820 31490 31569 31271 31252 31840 31741 31542 31309 31075 31703 
31214 31868 31521 31907 31025 31302 31774 31987 31634 31758 31685 31572 31775 
31346
##$RECO_map_min=( 105 )
-1554210 -1554210 -1554210 -1554210 -1554210 -1554210 -1554210 -1554210 
-1554210 -1554210 -1554210 -1554210 -1554210 -1554210 -1554210 -1554210 
-1554210 -1554210 -1554210 -1554210 -1554210 -1554210 -1554210 -1554210 
-1554210 -1554210 -1554210 -1554210 -1554210 -1554210 -1554210 -1554210 
-1554210 -1554210 -1554210 -1554210 -1554210 -1554210 -1554210 -1554210 
-1554210 -1554210 -1554210 -1554210 -1554210 -1554210 -1554210 -1554210 
-1554210 -1554210 -1554210 -1554210 -1554210 -1554210 -1554210 -1554210 
-1554210 -1554210 -1554210 -1554210 -1554210 -1554210 -1554210 -1554210 
-1554210 -1554210 -1554210 -1554210 -1554210 -1554210 -1554210 -1554210 
-1554210 -1554210 -1554210 -1554210 -1554210 -1554210 -1554210 -1554210 
-1554210 -1554210 -1554210 -1554210 -1554210 -1554210 -1554210 -1554210 
-1554210 -1554210 -1554210 -1554210 -1554210 -1554210 -1554210 -1554210 
-1554210 -1554210 -1554210 -1554210 -1554210 -1554210 -1554210 -1554210 
-1554210
##$RECO_map_max=( 105 )
1554210 1554210 1554210 1554210 1554210 1554210 1554210 1554210 1554210 
1554210 1554210 1554210 1554210 1554210 1554210 1554210 1554210 1554210 
1554210 1554210 1554210 1554210 1554210 1554210 1554210 1554210 1554210 
1554210 1554210 1554210 1554210 1554210 1554210 1554210 1554210 1554210 
1554210 1554210 1554210 1554210 1554210 1554210 1554210 1554210 1554210 
1554210 1554210 1554210 1554210 1554210 1554210 1554210 1554210 1554210 
1554210 1554210 1554210 1554210 1554210 1554210 1554210 1554210 1554210 
1554210 1554210 1554210 1554210 1554210 1554210 1554210 1554210 1554210 
1554210 1554210 1554210 1554210 1554210 1554210 1554210 1554210 1554210 
1554210 1554210 1554210 1554210 1554210 1554210 1554210 1554210 1554210 
1554210 1554210 1554210 1554210 1554210 1554210 1554210 1554210 1554210 
1554210 1554210 1554210 1554210 1554210 1554210
$$ @vis= RECO_map_mode RECO_globex RECO_minima RECO_maxima RECO_map_min
##$RECO_map_offset=( 105 )
0 0 0 0 0 0 0 0 0 0 0 0 0 0 0 0 0 0 0 0 0 0 0 0 0 0 0 0 0 0 0 0 0 0 0 0 0 0 0 
0 0 0 0 0 0 0 0 0 0 0 0 0 0 0 0 0 0 0 0 0 0 0 0 0 0 0 0 0 0 0 0 0 0 0 0 0 0 0 
0 0 0 0 0 0 0 0 0 0 0 0 0 0 0 0 0 0 0 0 0 0 0 0 0 0 0
##$RECO_map_slope=( 105 )
0.0210827365517616 0.0210827365517616 0.0210827365517616 0.0210827365517616 
0.0210827365517616 0.0210827365517616 0.0210827365517616 0.0210827365517616 
0.0210827365517616 0.0210827365517616 0.0210827365517616 0.0210827365517616 
0.0210827365517616 0.0210827365517616 0.0210827365517616 0.0210827365517616 
0.0210827365517616 0.0210827365517616 0.0210827365517616 0.0210827365517616 
0.0210827365517616 0.0210827365517616 0.0210827365517616 0.0210827365517616 
0.0210827365517616 0.0210827365517616 0.0210827365517616 0.0210827365517616 
0.0210827365517616 0.0210827365517616 0.0210827365517616 0.0210827365517616 
0.0210827365517616 0.0210827365517616 0.0210827365517616 0.0210827365517616 
0.0210827365517616 0.0210827365517616 0.0210827365517616 0.0210827365517616 
0.0210827365517616 0.0210827365517616 0.0210827365517616 0.0210827365517616 
0.0210827365517616 0.0210827365517616 0.0210827365517616 0.0210827365517616 
0.0210827365517616 0.0210827365517616 0.0210827365517616 0.0210827365517616 
0.0210827365517616 0.0210827365517616 0.0210827365517616 0.0210827365517616 
0.0210827365517616 0.0210827365517616 0.0210827365517616 0.0210827365517616 
0.0210827365517616 0.0210827365517616 0.0210827365517616 0.0210827365517616 
0.0210827365517616 0.0210827365517616 0.0210827365517616 0.0210827365517616 
0.0210827365517616 0.0210827365517616 0.0210827365517616 0.0210827365517616 
0.0210827365517616 0.0210827365517616 0.0210827365517616 0.0210827365517616 
0.0210827365517616 0.0210827365517616 0.0210827365517616 0.0210827365517616 
0.0210827365517616 0.0210827365517616 0.0210827365517616 0.0210827365517616 
0.0210827365517616 0.0210827365517616 0.0210827365517616 0.0210827365517616 
0.0210827365517616 0.0210827365517616 0.0210827365517616 0.0210827365517616 
0.0210827365517616 0.0210827365517616 0.0210827365517616 0.0210827365517616 
0.0210827365517616 0.0210827365517616 0.0210827365517616 0.0210827365517616 
0.0210827365517616 0.0210827365517616 0.0210827365517616 0.0210827365517616 
0.0210827365517616
##$RECO_byte_order=littleEndian
##$RECO_time=( 24 )
<11:45:27 29 Jul 2016>
##$RECO_abs_time=1469817927
$$ @vis= RECO_map_max RECO_map_offset RECO_map_slope RECO_byte_order RECO_time
##$RECO_base_image_uid=( 65 )
<2.16.756.5.5.100.4167689927.7417.1469818507.420>
##$GS_reco_display=Yes
$$ @vis= RECO_abs_time RECO_base_image_uid RecoRegridNGroup GS_reco_display
##$GO_reco_display=Yes
##$GO_reco_each_nr=No
##$GO_max_reco_mem=0
$$ @vis= RECO_GS GO_reco_display GO_reco_each_nr GO_max_reco_mem RECO_GO RECO
##END=
