##TITLE=Parameter List
##JCAMPDX=4.24
##DATATYPE=Parameter Values
##ORIGIN=Bruker BioSpin MRI GmbH
##OWNER=jdegrand
$$ Sat May 20 13:06:48 2017 MST (UT-7h)  jdegrand
$$ /opt/PV51/data/jdegrand/nmr/degrandchamp_20170520_pbs_pHall.Hz1/6/pdata/1/reco
##$RECO_mode=FT_MODE
##$RecoAutoDerive=Yes
##$RECO_inp_order=NO_REORDERING
##$RECO_inp_size=( 2 )
128 64
##$RECO_ft_size=( 2 )
128 128
##$RECO_fov=( 2 )
4 4
##$RECO_size=( 2 )
128 128
$$ @vis= RECO_mode RecoAutoDerive RECO_inp_order RECO_ft_size RECO_fov
##$RECO_offset=( 2, 1 )
0 0
##$RECO_regrid_mode=NO_REGRID
##$RECO_regrid_offset=0
##$RECO_ramp_gap=0
##$RECO_ramp_time=0
##$RECO_ne_mode=NO_NAV_DATA
##$RECO_ne_dist=NeNoInterleave
##$RECO_ne_dens=NeCorrPerScan
##$RECO_ne_type=NAV_PHASE
##$RECO_ne_vals=( 1, 2 )
0 0
##$RECO_bc_mode=( 2 )
NO_BC NO_BC
##$RECO_bc_start=( 2 )
96 48
##$RECO_bc_len=( 2 )
32 16
##$RECO_dc_offset=( 2 )
0 0
##$RECO_dc_divisor=1
##$RECO_bc_coroff=( 2 )
0 0
##$RECO_qopts=( 2 )
CONJ_AND_QNEG NO_QOPTS
##$RECO_wdw_mode=( 2 )
NO_WDW NO_WDW
$$ @vis= RECO_size RECO_regrid_mode RECO_ne_mode RECO_bc_mode RECO_qopts
##$RECO_lb=( 2 )
-0.5 -0.5
##$RECO_sw=( 2 )
50000 1
##$RECO_gb=( 2 )
0.5 0.5
##$RECO_sbs=( 2 )
1 1
##$RECO_tm1=( 2 )
0.25 0.25
##$RECO_tm2=( 2 )
0.75 0.75
##$RECO_ft_mode=( 2 )
COMPLEX_FFT COMPLEX_FFT
##$RECO_pc_mode=( 2 )
NO_PC NO_PC
##$RECO_pc_lin=( 2 )
(0, 0) (0, 0)
##$RECO_rotate=( 2, 1 )
0 0.5234375
##$RECO_ppc_mode=NO_PPC
##$RECO_ref_image=0
##$RECO_nr_supports=0.4
##$RECO_sig_threshold=0.15
##$RECO_ppc_degree=1
##$RECO_ppc_coeffs=( 1, 2, 2 )
0 0 0 0
##$RECO_dc_elim=No
$$ @vis= RECO_wdw_mode RECO_ft_mode RECO_pc_mode RECO_rotate RECO_ppc_mode
##$RECO_transposition=( 1 )
1
##$RECO_image_type=MAGNITUDE_IMAGE
##$RECO_image_threshold=0.15
##$RECO_ir_scale=10
##$RECO_wordtype=_16BIT_SGN_INT
##$RECO_map_mode=ABSOLUTE_MAPPING
$$ @vis= RECO_dc_elim RECO_transposition RECO_image_type RECO_wordtype
##$RECO_map_range=( 2 )
-2147483647 2147483647
##$RECO_map_percentile=( 2 )
1 99.99
##$RECO_map_error=0.0025
##$RECO_globex=( 105 )
0 0 0 0 0 0 0 0 0 0 0 0 0 0 0 0 0 0 0 0 0 0 0 0 0 0 0 0 0 0 0 0 0 0 0 0 0 0 0 
0 0 0 0 0 0 0 0 0 0 0 0 0 0 0 0 0 0 0 0 0 0 0 0 0 0 0 0 0 0 0 0 0 0 0 0 0 0 0 
0 0 0 0 0 0 0 0 0 0 0 0 0 0 0 0 0 0 0 0 0 0 0 0 0 0 0
##$RECO_minima=( 105 )
0 0 0 0 0 0 0 0 0 0 0 0 0 0 0 0 0 0 0 0 0 0 0 0 0 0 0 0 0 0 0 0 0 0 0 0 0 0 0 
0 0 0 0 0 0 0 0 0 0 0 0 0 0 0 0 0 0 0 0 0 0 0 0 0 0 0 0 0 0 0 0 0 0 0 0 0 0 0 
0 0 0 0 0 0 0 0 0 0 0 0 0 0 0 0 0 0 0 0 0 0 0 0 0 0 0
##$RECO_maxima=( 105 )
32767 30914 30767 31620 30481 30206 30350 30429 30028 30074 30986 30429 30993 
30017 30954 30209 30408 30117 30361 29988 30150 30859 30829 30849 30232 31209 
30218 30027 30678 30372 29740 30555 29920 29880 29663 29650 28926 28814 28086 
28449 29055 27126 27907 26018 25492 26826 27751 27962 28597 28872 29034 29246 
31361 29353 30077 30058 30440 30269 30222 30539 30448 30506 30212 30094 30269 
31348 30510 30178 30593 30955 30597 30447 31391 30867 31250 30577 30607 30356 
30498 30761 30529 30608 30747 30681 30280 30947 31050 30972 30445 30440 30202 
31556 30734 30978 30352 30760 31433 31104 30913 31362 30953 30794 30807 31172 
31269
##$RECO_map_min=( 105 )
-689724 -689724 -689724 -689724 -689724 -689724 -689724 -689724 -689724 
-689724 -689724 -689724 -689724 -689724 -689724 -689724 -689724 -689724 
-689724 -689724 -689724 -689724 -689724 -689724 -689724 -689724 -689724 
-689724 -689724 -689724 -689724 -689724 -689724 -689724 -689724 -689724 
-689724 -689724 -689724 -689724 -689724 -689724 -689724 -689724 -689724 
-689724 -689724 -689724 -689724 -689724 -689724 -689724 -689724 -689724 
-689724 -689724 -689724 -689724 -689724 -689724 -689724 -689724 -689724 
-689724 -689724 -689724 -689724 -689724 -689724 -689724 -689724 -689724 
-689724 -689724 -689724 -689724 -689724 -689724 -689724 -689724 -689724 
-689724 -689724 -689724 -689724 -689724 -689724 -689724 -689724 -689724 
-689724 -689724 -689724 -689724 -689724 -689724 -689724 -689724 -689724 
-689724 -689724 -689724 -689724 -689724 -689724
##$RECO_map_max=( 105 )
689724 689724 689724 689724 689724 689724 689724 689724 689724 689724 689724 
689724 689724 689724 689724 689724 689724 689724 689724 689724 689724 689724 
689724 689724 689724 689724 689724 689724 689724 689724 689724 689724 689724 
689724 689724 689724 689724 689724 689724 689724 689724 689724 689724 689724 
689724 689724 689724 689724 689724 689724 689724 689724 689724 689724 689724 
689724 689724 689724 689724 689724 689724 689724 689724 689724 689724 689724 
689724 689724 689724 689724 689724 689724 689724 689724 689724 689724 689724 
689724 689724 689724 689724 689724 689724 689724 689724 689724 689724 689724 
689724 689724 689724 689724 689724 689724 689724 689724 689724 689724 689724 
689724 689724 689724 689724 689724 689724
$$ @vis= RECO_map_mode RECO_globex RECO_minima RECO_maxima RECO_map_min
##$RECO_map_offset=( 105 )
0 0 0 0 0 0 0 0 0 0 0 0 0 0 0 0 0 0 0 0 0 0 0 0 0 0 0 0 0 0 0 0 0 0 0 0 0 0 0 
0 0 0 0 0 0 0 0 0 0 0 0 0 0 0 0 0 0 0 0 0 0 0 0 0 0 0 0 0 0 0 0 0 0 0 0 0 0 0 
0 0 0 0 0 0 0 0 0 0 0 0 0 0 0 0 0 0 0 0 0 0 0 0 0 0 0
##$RECO_map_slope=( 105 )
0.0475074090063572 0.0475074090063572 0.0475074090063572 0.0475074090063572 
0.0475074090063572 0.0475074090063572 0.0475074090063572 0.0475074090063572 
0.0475074090063572 0.0475074090063572 0.0475074090063572 0.0475074090063572 
0.0475074090063572 0.0475074090063572 0.0475074090063572 0.0475074090063572 
0.0475074090063572 0.0475074090063572 0.0475074090063572 0.0475074090063572 
0.0475074090063572 0.0475074090063572 0.0475074090063572 0.0475074090063572 
0.0475074090063572 0.0475074090063572 0.0475074090063572 0.0475074090063572 
0.0475074090063572 0.0475074090063572 0.0475074090063572 0.0475074090063572 
0.0475074090063572 0.0475074090063572 0.0475074090063572 0.0475074090063572 
0.0475074090063572 0.0475074090063572 0.0475074090063572 0.0475074090063572 
0.0475074090063572 0.0475074090063572 0.0475074090063572 0.0475074090063572 
0.0475074090063572 0.0475074090063572 0.0475074090063572 0.0475074090063572 
0.0475074090063572 0.0475074090063572 0.0475074090063572 0.0475074090063572 
0.0475074090063572 0.0475074090063572 0.0475074090063572 0.0475074090063572 
0.0475074090063572 0.0475074090063572 0.0475074090063572 0.0475074090063572 
0.0475074090063572 0.0475074090063572 0.0475074090063572 0.0475074090063572 
0.0475074090063572 0.0475074090063572 0.0475074090063572 0.0475074090063572 
0.0475074090063572 0.0475074090063572 0.0475074090063572 0.0475074090063572 
0.0475074090063572 0.0475074090063572 0.0475074090063572 0.0475074090063572 
0.0475074090063572 0.0475074090063572 0.0475074090063572 0.0475074090063572 
0.0475074090063572 0.0475074090063572 0.0475074090063572 0.0475074090063572 
0.0475074090063572 0.0475074090063572 0.0475074090063572 0.0475074090063572 
0.0475074090063572 0.0475074090063572 0.0475074090063572 0.0475074090063572 
0.0475074090063572 0.0475074090063572 0.0475074090063572 0.0475074090063572 
0.0475074090063572 0.0475074090063572 0.0475074090063572 0.0475074090063572 
0.0475074090063572 0.0475074090063572 0.0475074090063572 0.0475074090063572 
0.0475074090063572
##$RECO_byte_order=littleEndian
##$RECO_time=( 24 )
<12:57:07 20 May 2017>
##$RECO_abs_time=1495310227
$$ @vis= RECO_map_max RECO_map_offset RECO_map_slope RECO_byte_order RECO_time
##$RECO_base_image_uid=( 65 )
<2.16.756.5.5.100.4167689927.3250.1495310808.635>
##$GS_reco_display=Yes
$$ @vis= RECO_abs_time RECO_base_image_uid RecoRegridNGroup GS_reco_display
##$GO_reco_display=Yes
##$GO_reco_each_nr=No
##$GO_max_reco_mem=0
$$ @vis= RECO_GS GO_reco_display GO_reco_each_nr GO_max_reco_mem RECO_GO RECO
##END=
