##TITLE=Parameter List
##JCAMPDX=4.24
##DATATYPE=Parameter Values
##ORIGIN=Bruker BioSpin MRI GmbH
##OWNER=jdegrand
$$ Tue Jan 31 13:11:53 2017 MST (UT-7h)  jdegrand
$$ /opt/PV51/data/jdegrand/nmr/degrandchamp_20170131_isovue_ph603.FO1/3/pdata/1/reco
##$RECO_mode=FT_MODE
##$RecoAutoDerive=Yes
##$RECO_inp_order=NO_REORDERING
##$RECO_inp_size=( 2 )
128 64
##$RECO_ft_size=( 2 )
128 128
##$RECO_fov=( 2 )
3.73511705685619 4.4
##$RECO_size=( 2 )
128 128
$$ @vis= RECO_mode RecoAutoDerive RECO_inp_order RECO_ft_size RECO_fov
##$RECO_offset=( 2, 1 )
0 0
##$RECO_regrid_mode=NO_REGRID
##$RECO_regrid_offset=0
##$RECO_ramp_gap=0
##$RECO_ramp_time=0
##$RECO_ne_mode=NO_NAV_DATA
##$RECO_ne_dist=NeNoInterleave
##$RECO_ne_dens=NeCorrPerScan
##$RECO_ne_type=NAV_PHASE
##$RECO_ne_vals=( 1, 2 )
0 0
##$RECO_bc_mode=( 2 )
NO_BC NO_BC
##$RECO_bc_start=( 2 )
96 48
##$RECO_bc_len=( 2 )
32 16
##$RECO_dc_offset=( 2 )
0 0
##$RECO_dc_divisor=1
##$RECO_bc_coroff=( 2 )
0 0
##$RECO_qopts=( 2 )
CONJ_AND_QNEG NO_QOPTS
##$RECO_wdw_mode=( 2 )
NO_WDW NO_WDW
$$ @vis= RECO_size RECO_regrid_mode RECO_ne_mode RECO_bc_mode RECO_qopts
##$RECO_lb=( 2 )
-0.5 -0.5
##$RECO_sw=( 2 )
50000 1
##$RECO_gb=( 2 )
0.5 0.5
##$RECO_sbs=( 2 )
1 1
##$RECO_tm1=( 2 )
0.25 0.25
##$RECO_tm2=( 2 )
0.75 0.75
##$RECO_ft_mode=( 2 )
COMPLEX_FFT COMPLEX_FFT
##$RECO_pc_mode=( 2 )
NO_PC NO_PC
##$RECO_pc_lin=( 2 )
(0, 0) (0, 0)
##$RECO_rotate=( 2, 1 )
0 0.484375
##$RECO_ppc_mode=NO_PPC
##$RECO_ref_image=0
##$RECO_nr_supports=0.4
##$RECO_sig_threshold=0.15
##$RECO_ppc_degree=1
##$RECO_ppc_coeffs=( 1, 2, 2 )
0 0 0 0
##$RECO_dc_elim=No
$$ @vis= RECO_wdw_mode RECO_ft_mode RECO_pc_mode RECO_rotate RECO_ppc_mode
##$RECO_transposition=( 1 )
1
##$RECO_image_type=MAGNITUDE_IMAGE
##$RECO_image_threshold=0.15
##$RECO_ir_scale=10
##$RECO_wordtype=_16BIT_SGN_INT
##$RECO_map_mode=ABSOLUTE_MAPPING
$$ @vis= RECO_dc_elim RECO_transposition RECO_image_type RECO_wordtype
##$RECO_map_range=( 2 )
-2147483647 2147483647
##$RECO_map_percentile=( 2 )
1 99.99
##$RECO_map_error=0.0025
##$RECO_globex=( 105 )
0 0 0 0 0 0 0 0 0 0 0 0 0 0 0 0 0 0 0 0 0 0 0 0 0 0 0 0 0 0 0 0 0 0 0 0 0 0 0 
0 0 0 0 0 0 0 0 0 0 0 0 0 0 0 0 0 0 0 0 0 0 0 0 0 0 0 0 0 0 0 0 0 0 0 0 0 0 0 
0 0 0 0 0 0 0 0 0 0 0 0 0 0 0 0 0 0 0 0 0 0 0 0 0 0 0
##$RECO_minima=( 105 )
0 0 0 0 0 0 0 0 0 0 0 0 0 0 0 0 0 0 0 0 0 0 0 0 0 0 0 0 0 0 0 0 0 0 0 0 0 0 0 
0 0 0 0 0 0 0 0 0 0 0 0 0 0 0 0 0 0 0 0 0 0 0 0 0 0 0 0 0 0 0 0 0 0 0 0 0 0 0 
0 0 0 0 0 0 0 0 0 0 0 0 0 0 0 0 0 0 0 0 0 0 0 0 0 0 0
##$RECO_maxima=( 105 )
32767 31220 32414 31920 31662 31893 31167 29942 31528 32460 31547 29962 30599 
29669 30560 29451 29249 30915 29505 29393 30288 29006 29196 30019 28461 27696 
27907 26769 27226 25385 24706 24733 23087 22652 20800 19369 18445 16853 14033 
12850 10796 9094 6945 5539 6167 7138 7500 9248 9317 10447 12031 13011 14111 
15400 16929 17937 19073 20457 20371 22103 22919 23911 23686 23907 24923 24638 
24995 25935 25387 26342 26911 26128 25267 26383 25867 25742 25441 26815 25215 
25220 24800 25766 26388 25907 26698 27838 28217 29202 29078 30505 30228 30514 
30081 30197 30685 31719 30043 29479 31107 31048 32123 30893 31382 30634 30731
##$RECO_map_min=( 105 )
-591190 -591190 -591190 -591190 -591190 -591190 -591190 -591190 -591190 
-591190 -591190 -591190 -591190 -591190 -591190 -591190 -591190 -591190 
-591190 -591190 -591190 -591190 -591190 -591190 -591190 -591190 -591190 
-591190 -591190 -591190 -591190 -591190 -591190 -591190 -591190 -591190 
-591190 -591190 -591190 -591190 -591190 -591190 -591190 -591190 -591190 
-591190 -591190 -591190 -591190 -591190 -591190 -591190 -591190 -591190 
-591190 -591190 -591190 -591190 -591190 -591190 -591190 -591190 -591190 
-591190 -591190 -591190 -591190 -591190 -591190 -591190 -591190 -591190 
-591190 -591190 -591190 -591190 -591190 -591190 -591190 -591190 -591190 
-591190 -591190 -591190 -591190 -591190 -591190 -591190 -591190 -591190 
-591190 -591190 -591190 -591190 -591190 -591190 -591190 -591190 -591190 
-591190 -591190 -591190 -591190 -591190 -591190
##$RECO_map_max=( 105 )
591190 591190 591190 591190 591190 591190 591190 591190 591190 591190 591190 
591190 591190 591190 591190 591190 591190 591190 591190 591190 591190 591190 
591190 591190 591190 591190 591190 591190 591190 591190 591190 591190 591190 
591190 591190 591190 591190 591190 591190 591190 591190 591190 591190 591190 
591190 591190 591190 591190 591190 591190 591190 591190 591190 591190 591190 
591190 591190 591190 591190 591190 591190 591190 591190 591190 591190 591190 
591190 591190 591190 591190 591190 591190 591190 591190 591190 591190 591190 
591190 591190 591190 591190 591190 591190 591190 591190 591190 591190 591190 
591190 591190 591190 591190 591190 591190 591190 591190 591190 591190 591190 
591190 591190 591190 591190 591190 591190
$$ @vis= RECO_map_mode RECO_globex RECO_minima RECO_maxima RECO_map_min
##$RECO_map_offset=( 105 )
0 0 0 0 0 0 0 0 0 0 0 0 0 0 0 0 0 0 0 0 0 0 0 0 0 0 0 0 0 0 0 0 0 0 0 0 0 0 0 
0 0 0 0 0 0 0 0 0 0 0 0 0 0 0 0 0 0 0 0 0 0 0 0 0 0 0 0 0 0 0 0 0 0 0 0 0 0 0 
0 0 0 0 0 0 0 0 0 0 0 0 0 0 0 0 0 0 0 0 0 0 0 0 0 0 0
##$RECO_map_slope=( 105 )
0.0554254986345768 0.0554254986345768 0.0554254986345768 0.0554254986345768 
0.0554254986345768 0.0554254986345768 0.0554254986345768 0.0554254986345768 
0.0554254986345768 0.0554254986345768 0.0554254986345768 0.0554254986345768 
0.0554254986345768 0.0554254986345768 0.0554254986345768 0.0554254986345768 
0.0554254986345768 0.0554254986345768 0.0554254986345768 0.0554254986345768 
0.0554254986345768 0.0554254986345768 0.0554254986345768 0.0554254986345768 
0.0554254986345768 0.0554254986345768 0.0554254986345768 0.0554254986345768 
0.0554254986345768 0.0554254986345768 0.0554254986345768 0.0554254986345768 
0.0554254986345768 0.0554254986345768 0.0554254986345768 0.0554254986345768 
0.0554254986345768 0.0554254986345768 0.0554254986345768 0.0554254986345768 
0.0554254986345768 0.0554254986345768 0.0554254986345768 0.0554254986345768 
0.0554254986345768 0.0554254986345768 0.0554254986345768 0.0554254986345768 
0.0554254986345768 0.0554254986345768 0.0554254986345768 0.0554254986345768 
0.0554254986345768 0.0554254986345768 0.0554254986345768 0.0554254986345768 
0.0554254986345768 0.0554254986345768 0.0554254986345768 0.0554254986345768 
0.0554254986345768 0.0554254986345768 0.0554254986345768 0.0554254986345768 
0.0554254986345768 0.0554254986345768 0.0554254986345768 0.0554254986345768 
0.0554254986345768 0.0554254986345768 0.0554254986345768 0.0554254986345768 
0.0554254986345768 0.0554254986345768 0.0554254986345768 0.0554254986345768 
0.0554254986345768 0.0554254986345768 0.0554254986345768 0.0554254986345768 
0.0554254986345768 0.0554254986345768 0.0554254986345768 0.0554254986345768 
0.0554254986345768 0.0554254986345768 0.0554254986345768 0.0554254986345768 
0.0554254986345768 0.0554254986345768 0.0554254986345768 0.0554254986345768 
0.0554254986345768 0.0554254986345768 0.0554254986345768 0.0554254986345768 
0.0554254986345768 0.0554254986345768 0.0554254986345768 0.0554254986345768 
0.0554254986345768 0.0554254986345768 0.0554254986345768 0.0554254986345768 
0.0554254986345768
##$RECO_byte_order=littleEndian
##$RECO_time=( 24 )
<13:01:57 31 Jan 2017>
##$RECO_abs_time=1485892917
$$ @vis= RECO_map_max RECO_map_offset RECO_map_slope RECO_byte_order RECO_time
##$RECO_base_image_uid=( 65 )
<2.16.756.5.5.100.4167689927.18223.1485893513.226>
##$GS_reco_display=Yes
$$ @vis= RECO_abs_time RECO_base_image_uid RecoRegridNGroup GS_reco_display
##$GO_reco_display=Yes
##$GO_reco_each_nr=No
##$GO_max_reco_mem=0
$$ @vis= RECO_GS GO_reco_display GO_reco_each_nr GO_max_reco_mem RECO_GO RECO
##END=
