##TITLE=Parameter List
##JCAMPDX=4.24
##DATATYPE=Parameter Values
##ORIGIN=Bruker BioSpin MRI GmbH
##OWNER=acosta
$$ Thu Sep 29 14:17:33 2016 MST (UT-7h)  acosta
$$ /opt/PV51/data/acosta/nmr/Acosta_20162909_SA_pH625.DO1/5/pdata/1/reco
##$RECO_mode=FT_MODE
##$RecoAutoDerive=Yes
##$RECO_inp_order=NO_REORDERING
##$RECO_inp_size=( 2 )
128 64
##$RECO_ft_size=( 2 )
128 128
##$RECO_fov=( 2 )
6 6
##$RECO_size=( 2 )
128 128
$$ @vis= RECO_mode RecoAutoDerive RECO_inp_order RECO_ft_size RECO_fov
##$RECO_offset=( 2, 1 )
0 0
##$RECO_regrid_mode=NO_REGRID
##$RECO_regrid_offset=0
##$RECO_ramp_gap=0
##$RECO_ramp_time=0
##$RECO_ne_mode=NO_NAV_DATA
##$RECO_ne_dist=NeNoInterleave
##$RECO_ne_dens=NeCorrPerScan
##$RECO_ne_type=NAV_PHASE
##$RECO_ne_vals=( 1, 2 )
0 0
##$RECO_bc_mode=( 2 )
NO_BC NO_BC
##$RECO_bc_start=( 2 )
96 48
##$RECO_bc_len=( 2 )
32 16
##$RECO_dc_offset=( 2 )
0 0
##$RECO_dc_divisor=1
##$RECO_bc_coroff=( 2 )
0 0
##$RECO_qopts=( 2 )
CONJ_AND_QNEG NO_QOPTS
##$RECO_wdw_mode=( 2 )
NO_WDW NO_WDW
$$ @vis= RECO_size RECO_regrid_mode RECO_ne_mode RECO_bc_mode RECO_qopts
##$RECO_lb=( 2 )
-0.5 -0.5
##$RECO_sw=( 2 )
50000 1
##$RECO_gb=( 2 )
0.5 0.5
##$RECO_sbs=( 2 )
1 1
##$RECO_tm1=( 2 )
0.25 0.25
##$RECO_tm2=( 2 )
0.75 0.75
##$RECO_ft_mode=( 2 )
COMPLEX_FFT COMPLEX_FFT
##$RECO_pc_mode=( 2 )
NO_PC NO_PC
##$RECO_pc_lin=( 2 )
(0, 0) (0, 0)
##$RECO_rotate=( 2, 1 )
0 0.484375
##$RECO_ppc_mode=NO_PPC
##$RECO_ref_image=0
##$RECO_nr_supports=0.4
##$RECO_sig_threshold=0.15
##$RECO_ppc_degree=1
##$RECO_ppc_coeffs=( 1, 2, 2 )
0 0 0 0
##$RECO_dc_elim=No
$$ @vis= RECO_wdw_mode RECO_ft_mode RECO_pc_mode RECO_rotate RECO_ppc_mode
##$RECO_transposition=( 1 )
1
##$RECO_image_type=MAGNITUDE_IMAGE
##$RECO_image_threshold=0.15
##$RECO_ir_scale=10
##$RECO_wordtype=_16BIT_SGN_INT
##$RECO_map_mode=ABSOLUTE_MAPPING
$$ @vis= RECO_dc_elim RECO_transposition RECO_image_type RECO_wordtype
##$RECO_map_range=( 2 )
-2147483647 2147483647
##$RECO_map_percentile=( 2 )
1 99.99
##$RECO_map_error=0.0025
##$RECO_globex=( 105 )
0 0 0 0 0 0 0 0 0 0 0 0 0 0 0 0 0 0 0 0 0 0 0 0 0 0 0 0 0 0 0 0 0 0 0 0 0 0 0 
0 0 0 0 0 0 0 0 0 0 0 0 0 0 0 0 0 0 0 0 0 0 0 0 0 0 0 0 0 0 0 0 0 0 0 0 0 0 0 
0 0 0 0 0 0 0 0 0 0 0 0 0 0 0 0 0 0 0 0 0 0 0 0 0 0 0
##$RECO_minima=( 105 )
0 0 0 0 0 0 0 0 0 0 0 0 0 0 0 0 0 0 0 0 0 0 0 0 0 0 0 0 0 0 0 0 0 0 0 0 0 0 0 
0 0 0 0 0 0 0 0 0 0 0 0 0 0 0 0 0 0 0 0 0 0 0 0 0 0 0 0 0 0 0 0 0 0 0 0 0 0 0 
0 0 0 0 0 0 0 0 0 0 0 0 0 0 0 0 0 0 0 0 0 0 0 0 0 0 0
##$RECO_maxima=( 105 )
32767 28784 28575 28942 26275 26418 26400 26017 24816 24788 24410 24491 22775 
21932 21133 20538 19043 16734 15701 14865 14003 12850 11031 9901 9394 9369 
10889 13250 14668 15686 17057 18302 19110 19934 20822 21597 22974 22564 23042 
22836 22916 23291 23432 24190 24445 24754 23878 24358 24050 24362 24230 24780 
24905 24295 24164 24744 24974 24464 24905 24598 24689 25071 25216 25278 25350 
25625 25969 26421 27358 27232 26498 27189 27465 27413 27399 27279 27680 28056 
27864 27334 28019 27870 27529 28312 27875 28693 28156 28480 27897 27546 28307 
27894 28336 28492 28096 28824 27992 28139 28021 28358 28534 28147 27976 28379 
28904
##$RECO_map_min=( 105 )
-1120506 -1120506 -1120506 -1120506 -1120506 -1120506 -1120506 -1120506 
-1120506 -1120506 -1120506 -1120506 -1120506 -1120506 -1120506 -1120506 
-1120506 -1120506 -1120506 -1120506 -1120506 -1120506 -1120506 -1120506 
-1120506 -1120506 -1120506 -1120506 -1120506 -1120506 -1120506 -1120506 
-1120506 -1120506 -1120506 -1120506 -1120506 -1120506 -1120506 -1120506 
-1120506 -1120506 -1120506 -1120506 -1120506 -1120506 -1120506 -1120506 
-1120506 -1120506 -1120506 -1120506 -1120506 -1120506 -1120506 -1120506 
-1120506 -1120506 -1120506 -1120506 -1120506 -1120506 -1120506 -1120506 
-1120506 -1120506 -1120506 -1120506 -1120506 -1120506 -1120506 -1120506 
-1120506 -1120506 -1120506 -1120506 -1120506 -1120506 -1120506 -1120506 
-1120506 -1120506 -1120506 -1120506 -1120506 -1120506 -1120506 -1120506 
-1120506 -1120506 -1120506 -1120506 -1120506 -1120506 -1120506 -1120506 
-1120506 -1120506 -1120506 -1120506 -1120506 -1120506 -1120506 -1120506 
-1120506
##$RECO_map_max=( 105 )
1120506 1120506 1120506 1120506 1120506 1120506 1120506 1120506 1120506 
1120506 1120506 1120506 1120506 1120506 1120506 1120506 1120506 1120506 
1120506 1120506 1120506 1120506 1120506 1120506 1120506 1120506 1120506 
1120506 1120506 1120506 1120506 1120506 1120506 1120506 1120506 1120506 
1120506 1120506 1120506 1120506 1120506 1120506 1120506 1120506 1120506 
1120506 1120506 1120506 1120506 1120506 1120506 1120506 1120506 1120506 
1120506 1120506 1120506 1120506 1120506 1120506 1120506 1120506 1120506 
1120506 1120506 1120506 1120506 1120506 1120506 1120506 1120506 1120506 
1120506 1120506 1120506 1120506 1120506 1120506 1120506 1120506 1120506 
1120506 1120506 1120506 1120506 1120506 1120506 1120506 1120506 1120506 
1120506 1120506 1120506 1120506 1120506 1120506 1120506 1120506 1120506 
1120506 1120506 1120506 1120506 1120506 1120506
$$ @vis= RECO_map_mode RECO_globex RECO_minima RECO_maxima RECO_map_min
##$RECO_map_offset=( 105 )
0 0 0 0 0 0 0 0 0 0 0 0 0 0 0 0 0 0 0 0 0 0 0 0 0 0 0 0 0 0 0 0 0 0 0 0 0 0 0 
0 0 0 0 0 0 0 0 0 0 0 0 0 0 0 0 0 0 0 0 0 0 0 0 0 0 0 0 0 0 0 0 0 0 0 0 0 0 0 
0 0 0 0 0 0 0 0 0 0 0 0 0 0 0 0 0 0 0 0 0 0 0 0 0 0 0
##$RECO_map_slope=( 105 )
0.0292430389672518 0.0292430389672518 0.0292430389672518 0.0292430389672518 
0.0292430389672518 0.0292430389672518 0.0292430389672518 0.0292430389672518 
0.0292430389672518 0.0292430389672518 0.0292430389672518 0.0292430389672518 
0.0292430389672518 0.0292430389672518 0.0292430389672518 0.0292430389672518 
0.0292430389672518 0.0292430389672518 0.0292430389672518 0.0292430389672518 
0.0292430389672518 0.0292430389672518 0.0292430389672518 0.0292430389672518 
0.0292430389672518 0.0292430389672518 0.0292430389672518 0.0292430389672518 
0.0292430389672518 0.0292430389672518 0.0292430389672518 0.0292430389672518 
0.0292430389672518 0.0292430389672518 0.0292430389672518 0.0292430389672518 
0.0292430389672518 0.0292430389672518 0.0292430389672518 0.0292430389672518 
0.0292430389672518 0.0292430389672518 0.0292430389672518 0.0292430389672518 
0.0292430389672518 0.0292430389672518 0.0292430389672518 0.0292430389672518 
0.0292430389672518 0.0292430389672518 0.0292430389672518 0.0292430389672518 
0.0292430389672518 0.0292430389672518 0.0292430389672518 0.0292430389672518 
0.0292430389672518 0.0292430389672518 0.0292430389672518 0.0292430389672518 
0.0292430389672518 0.0292430389672518 0.0292430389672518 0.0292430389672518 
0.0292430389672518 0.0292430389672518 0.0292430389672518 0.0292430389672518 
0.0292430389672518 0.0292430389672518 0.0292430389672518 0.0292430389672518 
0.0292430389672518 0.0292430389672518 0.0292430389672518 0.0292430389672518 
0.0292430389672518 0.0292430389672518 0.0292430389672518 0.0292430389672518 
0.0292430389672518 0.0292430389672518 0.0292430389672518 0.0292430389672518 
0.0292430389672518 0.0292430389672518 0.0292430389672518 0.0292430389672518 
0.0292430389672518 0.0292430389672518 0.0292430389672518 0.0292430389672518 
0.0292430389672518 0.0292430389672518 0.0292430389672518 0.0292430389672518 
0.0292430389672518 0.0292430389672518 0.0292430389672518 0.0292430389672518 
0.0292430389672518 0.0292430389672518 0.0292430389672518 0.0292430389672518 
0.0292430389672518
##$RECO_byte_order=littleEndian
##$RECO_time=( 24 )
<14:07:51 29 Sep 2016>
##$RECO_abs_time=1475183271
$$ @vis= RECO_map_max RECO_map_offset RECO_map_slope RECO_byte_order RECO_time
##$RECO_base_image_uid=( 65 )
<2.16.756.5.5.100.4167689927.1069.1475183853.238>
##$GS_reco_display=Yes
$$ @vis= RECO_abs_time RECO_base_image_uid RecoRegridNGroup GS_reco_display
##$GO_reco_display=Yes
##$GO_reco_each_nr=No
##$GO_max_reco_mem=0
$$ @vis= RECO_GS GO_reco_display GO_reco_each_nr GO_max_reco_mem RECO_GO RECO
##END=
