##TITLE=Parameter List
##JCAMPDX=4.24
##DATATYPE=Parameter Values
##ORIGIN=Bruker BioSpin MRI GmbH
##OWNER=acosta
$$ Thu Sep 29 14:17:33 2016 MST (UT-7h)  acosta
$$ /opt/PV51/data/acosta/nmr/Acosta_20162909_SA_pH625.DO1/5/pdata/1/visu_pars
##$VisuVersion=1
##$VisuUid=( 65 )
<2.16.756.5.5.100.4167689927.1069.1475183853.238>
##$VisuCreator=( 65 )
<ParaVision>
##$VisuCreatorVersion=( 65 )
<5.1>
##$VisuCreationDate=( 21 )
<14:07:51 29 Sep 2016>
$$ @vis= VisuVersion VisuUid VisuCreator VisuCreatorVersion VisuCreationDate
##$VisuCoreFrameCount=105
##$VisuCoreDim=2
##$VisuCoreSize=( 2 )
128 128
##$VisuCoreDimDesc=( 2 )
spatial spatial
$$ @vis= VisuInstance VisuCoreFrameCount VisuCoreDim VisuCoreSize
##$VisuCoreExtent=( 2 )
60 60
##$VisuCoreFrameThickness=( 1 )
1
##$VisuCoreUnits=( 2, 65 )
<mm> <mm>
##$VisuCoreOrientation=( 1, 9 )
1 0 0 0 0 -1 0 1 0
$$ @vis= VisuCoreDimDesc VisuCoreExtent VisuCoreFrameThickness VisuCoreUnits
##$VisuCorePosition=( 1, 3 )
-29.2 6 26.2
##$VisuCoreDataMin=( 105 )
0 0 0 0 0 0 0 0 0 0 0 0 0 0 0 0 0 0 0 0 0 0 0 0 0 0 0 0 0 0 0 0 0 0 0 0 0 0 0 
0 0 0 0 0 0 0 0 0 0 0 0 0 0 0 0 0 0 0 0 0 0 0 0 0 0 0 0 0 0 0 0 0 0 0 0 0 0 0 
0 0 0 0 0 0 0 0 0 0 0 0 0 0 0 0 0 0 0 0 0 0 0 0 0 0 0
##$VisuCoreDataMax=( 105 )
32767 28784 28575 28942 26275 26418 26400 26017 24816 24788 24410 24491 22775 
21932 21133 20538 19043 16734 15701 14865 14003 12850 11031 9901 9394 9369 
10889 13250 14668 15686 17057 18302 19110 19934 20822 21597 22974 22564 23042 
22836 22916 23291 23432 24190 24445 24754 23878 24358 24050 24362 24230 24780 
24905 24295 24164 24744 24974 24464 24905 24598 24689 25071 25216 25278 25350 
25625 25969 26421 27358 27232 26498 27189 27465 27413 27399 27279 27680 28056 
27864 27334 28019 27870 27529 28312 27875 28693 28156 28480 27897 27546 28307 
27894 28336 28492 28096 28824 27992 28139 28021 28358 28534 28147 27976 28379 
28904
##$VisuCoreDataOffs=( 105 )
0 0 0 0 0 0 0 0 0 0 0 0 0 0 0 0 0 0 0 0 0 0 0 0 0 0 0 0 0 0 0 0 0 0 0 0 0 0 0 
0 0 0 0 0 0 0 0 0 0 0 0 0 0 0 0 0 0 0 0 0 0 0 0 0 0 0 0 0 0 0 0 0 0 0 0 0 0 0 
0 0 0 0 0 0 0 0 0 0 0 0 0 0 0 0 0 0 0 0 0 0 0 0 0 0 0
$$ @vis= VisuCoreOrientation VisuCorePosition VisuCoreDataMin VisuCoreDataMax
##$VisuCoreDataSlope=( 105 )
34.1961723307849 34.1961723307849 34.1961723307849 34.1961723307849 
34.1961723307849 34.1961723307849 34.1961723307849 34.1961723307849 
34.1961723307849 34.1961723307849 34.1961723307849 34.1961723307849 
34.1961723307849 34.1961723307849 34.1961723307849 34.1961723307849 
34.1961723307849 34.1961723307849 34.1961723307849 34.1961723307849 
34.1961723307849 34.1961723307849 34.1961723307849 34.1961723307849 
34.1961723307849 34.1961723307849 34.1961723307849 34.1961723307849 
34.1961723307849 34.1961723307849 34.1961723307849 34.1961723307849 
34.1961723307849 34.1961723307849 34.1961723307849 34.1961723307849 
34.1961723307849 34.1961723307849 34.1961723307849 34.1961723307849 
34.1961723307849 34.1961723307849 34.1961723307849 34.1961723307849 
34.1961723307849 34.1961723307849 34.1961723307849 34.1961723307849 
34.1961723307849 34.1961723307849 34.1961723307849 34.1961723307849 
34.1961723307849 34.1961723307849 34.1961723307849 34.1961723307849 
34.1961723307849 34.1961723307849 34.1961723307849 34.1961723307849 
34.1961723307849 34.1961723307849 34.1961723307849 34.1961723307849 
34.1961723307849 34.1961723307849 34.1961723307849 34.1961723307849 
34.1961723307849 34.1961723307849 34.1961723307849 34.1961723307849 
34.1961723307849 34.1961723307849 34.1961723307849 34.1961723307849 
34.1961723307849 34.1961723307849 34.1961723307849 34.1961723307849 
34.1961723307849 34.1961723307849 34.1961723307849 34.1961723307849 
34.1961723307849 34.1961723307849 34.1961723307849 34.1961723307849 
34.1961723307849 34.1961723307849 34.1961723307849 34.1961723307849 
34.1961723307849 34.1961723307849 34.1961723307849 34.1961723307849 
34.1961723307849 34.1961723307849 34.1961723307849 34.1961723307849 
34.1961723307849 34.1961723307849 34.1961723307849 34.1961723307849 
34.1961723307849
##$VisuCoreFrameType=MAGNITUDE_IMAGE
##$VisuFGElemComment=( 105, 65 )
<VCEST=-16500.0Hz> <VCEST=-16000.0Hz> <VCEST=-15500.0Hz> <VCEST=-15000.0Hz> <
VCEST= -1500.0Hz> <VCEST= -1425.0Hz> <VCEST= -1350.0Hz> <VCEST= -1275.0Hz> <
VCEST= -1200.0Hz> <VCEST= -1125.0Hz> <VCEST= -1050.0Hz> <VCEST=  -975.0Hz> <
VCEST=  -900.0Hz> <VCEST=  -825.0Hz> <VCEST=  -750.0Hz> <VCEST=  -675.0Hz> <
VCEST=  -600.0Hz> <VCEST=  -525.0Hz> <VCEST=  -450.0Hz> <VCEST=  -375.0Hz> <
VCEST=  -300.0Hz> <VCEST=  -225.0Hz> <VCEST=  -150.0Hz> <VCEST=   -75.0Hz> <
VCEST=     0.0Hz> <VCEST=    75.0Hz> <VCEST=   150.0Hz> <VCEST=   225.0Hz> <
VCEST=   300.0Hz> <VCEST=   375.0Hz> <VCEST=   450.0Hz> <VCEST=   525.0Hz> <
VCEST=   600.0Hz> <VCEST=   675.0Hz> <VCEST=   750.0Hz> <VCEST=   825.0Hz> <
VCEST=   900.0Hz> <VCEST=   975.0Hz> <VCEST=  1050.0Hz> <VCEST=  1125.0Hz> <
VCEST=  1200.0Hz> <VCEST=  1275.0Hz> <VCEST=  1350.0Hz> <VCEST=  1425.0Hz> <
VCEST=  1500.0Hz> <VCEST=  1575.0Hz> <VCEST=  1650.0Hz> <VCEST=  1725.0Hz> <
VCEST=  1800.0Hz> <VCEST=  1875.0Hz> <VCEST=  1950.0Hz> <VCEST=  2025.0Hz> <
VCEST=  2100.0Hz> <VCEST=  2175.0Hz> <VCEST=  2250.0Hz> <VCEST=  2325.0Hz> <
VCEST=  2400.0Hz> <VCEST=  2475.0Hz> <VCEST=  2550.0Hz> <VCEST=  2625.0Hz> <
VCEST=  2700.0Hz> <VCEST=  2775.0Hz> <VCEST=  2850.0Hz> <VCEST=  2925.0Hz> <
VCEST=  3000.0Hz> <VCEST=  3075.0Hz> <VCEST=  3150.0Hz> <VCEST=  3225.0Hz> <
VCEST=  3300.0Hz> <VCEST=  3375.0Hz> <VCEST=  3450.0Hz> <VCEST=  3525.0Hz> <
VCEST=  3600.0Hz> <VCEST=  3675.0Hz> <VCEST=  3750.0Hz> <VCEST=  3825.0Hz> <
VCEST=  3900.0Hz> <VCEST=  3975.0Hz> <VCEST=  4050.0Hz> <VCEST=  4125.0Hz> <
VCEST=  4200.0Hz> <VCEST=  4275.0Hz> <VCEST=  4350.0Hz> <VCEST=  4425.0Hz> <
VCEST=  4500.0Hz> <VCEST=  4575.0Hz> <VCEST=  4650.0Hz> <VCEST=  4725.0Hz> <
VCEST=  4800.0Hz> <VCEST=  4875.0Hz> <VCEST=  4950.0Hz> <VCEST=  5025.0Hz> <
VCEST=  5100.0Hz> <VCEST=  5175.0Hz> <VCEST=  5250.0Hz> <VCEST=  5325.0Hz> <
VCEST=  5400.0Hz> <VCEST=  5475.0Hz> <VCEST=  5550.0Hz> <VCEST=  5625.0Hz> <
VCEST=  5700.0Hz> <VCEST=  5775.0Hz> <VCEST=  5850.0Hz> <VCEST=  5925.0Hz> <
VCEST=  6000.0Hz>
$$ @vis= VisuCoreDataOffs VisuCoreDataSlope VisuCoreFrameType
##$VisuCoreWordType=_16BIT_SGN_INT
##$VisuCoreByteOrder=littleEndian
$$ @vis= VisuFGElemComment VisuCore VisuCoreWordType VisuCoreByteOrder
##$VisuFGOrderDescDim=1
##$VisuFGOrderDesc=( 1 )
(105, <FG_MOVIE>, <>, 0, 1)
##$VisuGroupDepVals=( 1 )
(<VisuFGElemComment>, 0)
$$ @vis= VisuPixel VisuFGOrderDescDim VisuFGOrderDesc VisuGroupDepVals
##$VisuSubjectName=( 65 )
<Acosta_20162909_SA_pH625>
##$VisuSubjectId=( 65 )
<Acosta_20162909_SA_pH625>
##$VisuSubjectBirthDate=( 9 )
<>
##$VisuSubjectSex=FEMALE
$$ @vis= VisuFrameOrderDesc VisuSubjectName VisuSubjectId VisuSubjectBirthDate
##$VisuSubjectComment=( 2048 )
<>
##$VisuStudyUid=( 65 )
<2.16.756.5.5.100.4167689927.31847.1475179984.2752>
##$VisuStudyDate=( 21 )
<13:13:04 29 Sep 2016>
$$ @vis= VisuSubjectSex VisuSubjectComment VisuSubject VisuStudyUid
##$VisuStudyId=( 65 )
<SA Phase 2 Data>
##$VisuStudyNumber=1
##$VisuSubjectWeight=5
##$VisuStudyReferringPhysician=( 65 )
<>
$$ @vis= VisuStudyDate VisuStudyId VisuStudyNumber VisuSubjectWeight
##$VisuStudyDescription=( 65 )
<>
##$VisuSeriesNumber=327681
$$ @vis= VisuStudyReferringPhysician VisuStudyDescription VisuStudy
##$VisuSubjectPosition=Head_Supine
##$VisuSeriesTypeId=( 65 )
<ACQ_USER_PVM>
##$VisuInstitution=( 65 )
<Univ. of Arizona>
$$ @vis= VisuSeriesNumber VisuSubjectPosition VisuSeriesTypeId VisuSeries
##$VisuStation=( 65 )
<Biospec 70/20>
##$VisuAcqDate=( 21 )
<14:07:51 29 Sep 2016>
##$VisuAcqEchoTrainLength=64
$$ @vis= VisuInstitution VisuStation VisuEquipment VisuAcqDate
##$VisuAcqSequenceName=( 40 )
<cESTFISP_dualpower (pvm)>
##$VisuAcqNumberOfAverages=1
##$VisuAcqImagingFrequency=300.243663454783
$$ @vis= VisuAcqEchoTrainLength VisuAcqSequenceName VisuAcqNumberOfAverages
##$VisuAcqImagedNucleus=( 8 )
<1H>
##$VisuAcqRepetitionTime=( 1 )
5.61426650237634
##$VisuAcqPhaseEncSteps=64
$$ @vis= VisuAcqImagingFrequency VisuAcqImagedNucleus VisuAcqRepetitionTime
##$VisuAcqPixelBandwidth=390.625
##$VisuAcqFlipAngle=30
##$VisuAcqSize=( 2 )
64 128
$$ @vis= VisuAcqPhaseEncSteps VisuAcqPixelBandwidth VisuAcqFlipAngle
##$VisuAcqImageSizeAccellerated=Yes
##$VisuAcqImagePhaseEncDir=( 105 )
row_dir row_dir row_dir row_dir row_dir row_dir row_dir row_dir row_dir 
row_dir row_dir row_dir row_dir row_dir row_dir row_dir row_dir row_dir 
row_dir row_dir row_dir row_dir row_dir row_dir row_dir row_dir row_dir 
row_dir row_dir row_dir row_dir row_dir row_dir row_dir row_dir row_dir 
row_dir row_dir row_dir row_dir row_dir row_dir row_dir row_dir row_dir 
row_dir row_dir row_dir row_dir row_dir row_dir row_dir row_dir row_dir 
row_dir row_dir row_dir row_dir row_dir row_dir row_dir row_dir row_dir 
row_dir row_dir row_dir row_dir row_dir row_dir row_dir row_dir row_dir 
row_dir row_dir row_dir row_dir row_dir row_dir row_dir row_dir row_dir 
row_dir row_dir row_dir row_dir row_dir row_dir row_dir row_dir row_dir 
row_dir row_dir row_dir row_dir row_dir row_dir row_dir row_dir row_dir 
row_dir row_dir row_dir row_dir row_dir row_dir
##$VisuAcqEchoTime=( 1 )
2.80713325118817
$$ @vis= VisuAcqSize VisuAcqImageSizeAccellerated VisuAcqImagePhaseEncDir
##$VisuAcquisitionProtocol=( 65 )
<CEST_Paul>
##$VisuAcqScanTime=52500
$$ @vis= VisuAcqEchoTime VisuAcquisitionProtocol VisuAcqScanTime
$$ @vis= VisuAcquisition Visu
##END=
