##TITLE=Parameter List
##JCAMPDX=4.24
##DATATYPE=Parameter Values
##ORIGIN=Bruker BioSpin MRI GmbH
##OWNER=acosta
$$ Thu Aug 11 14:53:34 2016 MST (UT-7h)  acosta
$$ /opt/PV51/data/acosta/nmr/Acosta_20160811_SA_pH66.D11/4/pdata/1/reco
##$RECO_mode=FT_MODE
##$RecoAutoDerive=Yes
##$RECO_inp_order=NO_REORDERING
##$RECO_inp_size=( 2 )
128 64
##$RECO_ft_size=( 2 )
128 128
##$RECO_fov=( 2 )
6 6
##$RECO_size=( 2 )
128 128
$$ @vis= RECO_mode RecoAutoDerive RECO_inp_order RECO_ft_size RECO_fov
##$RECO_offset=( 2, 1 )
0 0
##$RECO_regrid_mode=NO_REGRID
##$RECO_regrid_offset=0
##$RECO_ramp_gap=0
##$RECO_ramp_time=0
##$RECO_ne_mode=NO_NAV_DATA
##$RECO_ne_dist=NeNoInterleave
##$RECO_ne_dens=NeCorrPerScan
##$RECO_ne_type=NAV_PHASE
##$RECO_ne_vals=( 1, 2 )
0 0
##$RECO_bc_mode=( 2 )
NO_BC NO_BC
##$RECO_bc_start=( 2 )
96 48
##$RECO_bc_len=( 2 )
32 16
##$RECO_dc_offset=( 2 )
0 0
##$RECO_dc_divisor=1
##$RECO_bc_coroff=( 2 )
0 0
##$RECO_qopts=( 2 )
CONJ_AND_QNEG NO_QOPTS
##$RECO_wdw_mode=( 2 )
NO_WDW NO_WDW
$$ @vis= RECO_size RECO_regrid_mode RECO_ne_mode RECO_bc_mode RECO_qopts
##$RECO_lb=( 2 )
-0.5 -0.5
##$RECO_sw=( 2 )
50000 1
##$RECO_gb=( 2 )
0.5 0.5
##$RECO_sbs=( 2 )
1 1
##$RECO_tm1=( 2 )
0.25 0.25
##$RECO_tm2=( 2 )
0.75 0.75
##$RECO_ft_mode=( 2 )
COMPLEX_FFT COMPLEX_FFT
##$RECO_pc_mode=( 2 )
NO_PC NO_PC
##$RECO_pc_lin=( 2 )
(0, 0) (0, 0)
##$RECO_rotate=( 2, 1 )
0 0.484375
##$RECO_ppc_mode=NO_PPC
##$RECO_ref_image=0
##$RECO_nr_supports=0.4
##$RECO_sig_threshold=0.15
##$RECO_ppc_degree=1
##$RECO_ppc_coeffs=( 1, 2, 2 )
0 0 0 0
##$RECO_dc_elim=No
$$ @vis= RECO_wdw_mode RECO_ft_mode RECO_pc_mode RECO_rotate RECO_ppc_mode
##$RECO_transposition=( 1 )
1
##$RECO_image_type=MAGNITUDE_IMAGE
##$RECO_image_threshold=0.15
##$RECO_ir_scale=10
##$RECO_wordtype=_16BIT_SGN_INT
##$RECO_map_mode=ABSOLUTE_MAPPING
$$ @vis= RECO_dc_elim RECO_transposition RECO_image_type RECO_wordtype
##$RECO_map_range=( 2 )
-2147483647 2147483647
##$RECO_map_percentile=( 2 )
1 99.99
##$RECO_map_error=0.0025
##$RECO_globex=( 105 )
0 0 0 0 0 0 0 0 0 0 0 0 0 0 0 0 0 0 0 0 0 0 0 0 0 0 0 0 0 0 0 0 0 0 0 0 0 0 0 
0 0 0 0 0 0 0 0 0 0 0 0 0 0 0 0 0 0 0 0 0 0 0 0 0 0 0 0 0 0 0 0 0 0 0 0 0 0 0 
0 0 0 0 0 0 0 0 0 0 0 0 0 0 0 0 0 0 0 0 0 0 0 0 0 0 0
##$RECO_minima=( 105 )
0 0 0 0 0 0 0 0 0 0 0 0 0 0 0 0 0 0 0 0 0 0 0 0 0 0 0 0 0 0 0 0 0 0 0 0 0 0 0 
0 0 0 0 0 0 0 0 0 0 0 0 0 0 0 0 0 0 0 0 0 0 0 0 0 0 0 0 0 0 0 0 0 0 0 0 0 0 0 
0 0 0 0 0 0 0 0 0 0 0 0 0 0 0 0 0 0 0 0 0 0 0 0 0 0 0
##$RECO_maxima=( 105 )
32767 30632 29622 30208 28424 28029 28141 28200 27306 26438 25779 25450 24861 
23702 23906 22372 22469 21269 19761 18844 17940 16323 14617 13207 11560 9875 
8889 11348 13670 15015 16594 17714 17953 19070 19269 19387 20277 20203 20152 
20882 21019 21354 21178 21491 21924 21646 21606 21538 20949 21264 21348 20835 
21115 20631 20889 20163 20395 19932 20140 20625 20168 20597 20800 20650 20721 
21333 22149 22649 23015 24183 24355 25701 26067 26047 26313 27262 27028 27474 
27315 27310 28560 27911 28337 28077 28606 28565 28979 29453 28923 28397 29852 
28596 29221 29510 29169 28717 28561 29355 29351 29087 28915 29507 29193 29164 
29860
##$RECO_map_min=( 105 )
-1352525 -1352525 -1352525 -1352525 -1352525 -1352525 -1352525 -1352525 
-1352525 -1352525 -1352525 -1352525 -1352525 -1352525 -1352525 -1352525 
-1352525 -1352525 -1352525 -1352525 -1352525 -1352525 -1352525 -1352525 
-1352525 -1352525 -1352525 -1352525 -1352525 -1352525 -1352525 -1352525 
-1352525 -1352525 -1352525 -1352525 -1352525 -1352525 -1352525 -1352525 
-1352525 -1352525 -1352525 -1352525 -1352525 -1352525 -1352525 -1352525 
-1352525 -1352525 -1352525 -1352525 -1352525 -1352525 -1352525 -1352525 
-1352525 -1352525 -1352525 -1352525 -1352525 -1352525 -1352525 -1352525 
-1352525 -1352525 -1352525 -1352525 -1352525 -1352525 -1352525 -1352525 
-1352525 -1352525 -1352525 -1352525 -1352525 -1352525 -1352525 -1352525 
-1352525 -1352525 -1352525 -1352525 -1352525 -1352525 -1352525 -1352525 
-1352525 -1352525 -1352525 -1352525 -1352525 -1352525 -1352525 -1352525 
-1352525 -1352525 -1352525 -1352525 -1352525 -1352525 -1352525 -1352525 
-1352525
##$RECO_map_max=( 105 )
1352525 1352525 1352525 1352525 1352525 1352525 1352525 1352525 1352525 
1352525 1352525 1352525 1352525 1352525 1352525 1352525 1352525 1352525 
1352525 1352525 1352525 1352525 1352525 1352525 1352525 1352525 1352525 
1352525 1352525 1352525 1352525 1352525 1352525 1352525 1352525 1352525 
1352525 1352525 1352525 1352525 1352525 1352525 1352525 1352525 1352525 
1352525 1352525 1352525 1352525 1352525 1352525 1352525 1352525 1352525 
1352525 1352525 1352525 1352525 1352525 1352525 1352525 1352525 1352525 
1352525 1352525 1352525 1352525 1352525 1352525 1352525 1352525 1352525 
1352525 1352525 1352525 1352525 1352525 1352525 1352525 1352525 1352525 
1352525 1352525 1352525 1352525 1352525 1352525 1352525 1352525 1352525 
1352525 1352525 1352525 1352525 1352525 1352525 1352525 1352525 1352525 
1352525 1352525 1352525 1352525 1352525 1352525
$$ @vis= RECO_map_mode RECO_globex RECO_minima RECO_maxima RECO_map_min
##$RECO_map_offset=( 105 )
0 0 0 0 0 0 0 0 0 0 0 0 0 0 0 0 0 0 0 0 0 0 0 0 0 0 0 0 0 0 0 0 0 0 0 0 0 0 0 
0 0 0 0 0 0 0 0 0 0 0 0 0 0 0 0 0 0 0 0 0 0 0 0 0 0 0 0 0 0 0 0 0 0 0 0 0 0 0 
0 0 0 0 0 0 0 0 0 0 0 0 0 0 0 0 0 0 0 0 0 0 0 0 0 0 0
##$RECO_map_slope=( 105 )
0.024226538836956 0.024226538836956 0.024226538836956 0.024226538836956 
0.024226538836956 0.024226538836956 0.024226538836956 0.024226538836956 
0.024226538836956 0.024226538836956 0.024226538836956 0.024226538836956 
0.024226538836956 0.024226538836956 0.024226538836956 0.024226538836956 
0.024226538836956 0.024226538836956 0.024226538836956 0.024226538836956 
0.024226538836956 0.024226538836956 0.024226538836956 0.024226538836956 
0.024226538836956 0.024226538836956 0.024226538836956 0.024226538836956 
0.024226538836956 0.024226538836956 0.024226538836956 0.024226538836956 
0.024226538836956 0.024226538836956 0.024226538836956 0.024226538836956 
0.024226538836956 0.024226538836956 0.024226538836956 0.024226538836956 
0.024226538836956 0.024226538836956 0.024226538836956 0.024226538836956 
0.024226538836956 0.024226538836956 0.024226538836956 0.024226538836956 
0.024226538836956 0.024226538836956 0.024226538836956 0.024226538836956 
0.024226538836956 0.024226538836956 0.024226538836956 0.024226538836956 
0.024226538836956 0.024226538836956 0.024226538836956 0.024226538836956 
0.024226538836956 0.024226538836956 0.024226538836956 0.024226538836956 
0.024226538836956 0.024226538836956 0.024226538836956 0.024226538836956 
0.024226538836956 0.024226538836956 0.024226538836956 0.024226538836956 
0.024226538836956 0.024226538836956 0.024226538836956 0.024226538836956 
0.024226538836956 0.024226538836956 0.024226538836956 0.024226538836956 
0.024226538836956 0.024226538836956 0.024226538836956 0.024226538836956 
0.024226538836956 0.024226538836956 0.024226538836956 0.024226538836956 
0.024226538836956 0.024226538836956 0.024226538836956 0.024226538836956 
0.024226538836956 0.024226538836956 0.024226538836956 0.024226538836956 
0.024226538836956 0.024226538836956 0.024226538836956 0.024226538836956 
0.024226538836956 0.024226538836956 0.024226538836956 0.024226538836956 
0.024226538836956
##$RECO_byte_order=littleEndian
##$RECO_time=( 24 )
<14:43:53 11 Aug 2016>
##$RECO_abs_time=1470951833
$$ @vis= RECO_map_max RECO_map_offset RECO_map_slope RECO_byte_order RECO_time
##$RECO_base_image_uid=( 65 )
<2.16.756.5.5.100.4167689927.19881.1470952414.236>
##$GS_reco_display=Yes
$$ @vis= RECO_abs_time RECO_base_image_uid RecoRegridNGroup GS_reco_display
##$GO_reco_display=Yes
##$GO_reco_each_nr=No
##$GO_max_reco_mem=0
$$ @vis= RECO_GS GO_reco_display GO_reco_each_nr GO_max_reco_mem RECO_GO RECO
##END=
