##TITLE=Parameter List
##JCAMPDX=4.24
##DATATYPE=Parameter Values
##ORIGIN=Bruker BioSpin MRI GmbH
##OWNER=acosta
$$ Fri Aug 12 12:38:54 2016 MST (UT-7h)  acosta
$$ /opt/PV51/data/acosta/nmr/Acosta_20160811_SA_pH719.D11/5/pdata/1/reco
##$RECO_mode=FT_MODE
##$RecoAutoDerive=Yes
##$RECO_inp_order=NO_REORDERING
##$RECO_inp_size=( 2 )
128 64
##$RECO_ft_size=( 2 )
128 128
##$RECO_fov=( 2 )
6 6
##$RECO_size=( 2 )
128 128
$$ @vis= RECO_mode RecoAutoDerive RECO_inp_order RECO_ft_size RECO_fov
##$RECO_offset=( 2, 1 )
0 0
##$RECO_regrid_mode=NO_REGRID
##$RECO_regrid_offset=0
##$RECO_ramp_gap=0
##$RECO_ramp_time=0
##$RECO_ne_mode=NO_NAV_DATA
##$RECO_ne_dist=NeNoInterleave
##$RECO_ne_dens=NeCorrPerScan
##$RECO_ne_type=NAV_PHASE
##$RECO_ne_vals=( 1, 2 )
0 0
##$RECO_bc_mode=( 2 )
NO_BC NO_BC
##$RECO_bc_start=( 2 )
96 48
##$RECO_bc_len=( 2 )
32 16
##$RECO_dc_offset=( 2 )
0 0
##$RECO_dc_divisor=1
##$RECO_bc_coroff=( 2 )
0 0
##$RECO_qopts=( 2 )
CONJ_AND_QNEG NO_QOPTS
##$RECO_wdw_mode=( 2 )
NO_WDW NO_WDW
$$ @vis= RECO_size RECO_regrid_mode RECO_ne_mode RECO_bc_mode RECO_qopts
##$RECO_lb=( 2 )
-0.5 -0.5
##$RECO_sw=( 2 )
50000 1
##$RECO_gb=( 2 )
0.5 0.5
##$RECO_sbs=( 2 )
1 1
##$RECO_tm1=( 2 )
0.25 0.25
##$RECO_tm2=( 2 )
0.75 0.75
##$RECO_ft_mode=( 2 )
COMPLEX_FFT COMPLEX_FFT
##$RECO_pc_mode=( 2 )
NO_PC NO_PC
##$RECO_pc_lin=( 2 )
(0, 0) (0, 0)
##$RECO_rotate=( 2, 1 )
0 0.484375
##$RECO_ppc_mode=NO_PPC
##$RECO_ref_image=0
##$RECO_nr_supports=0.4
##$RECO_sig_threshold=0.15
##$RECO_ppc_degree=1
##$RECO_ppc_coeffs=( 1, 2, 2 )
0 0 0 0
##$RECO_dc_elim=No
$$ @vis= RECO_wdw_mode RECO_ft_mode RECO_pc_mode RECO_rotate RECO_ppc_mode
##$RECO_transposition=( 1 )
1
##$RECO_image_type=MAGNITUDE_IMAGE
##$RECO_image_threshold=0.15
##$RECO_ir_scale=10
##$RECO_wordtype=_16BIT_SGN_INT
##$RECO_map_mode=ABSOLUTE_MAPPING
$$ @vis= RECO_dc_elim RECO_transposition RECO_image_type RECO_wordtype
##$RECO_map_range=( 2 )
-2147483647 2147483647
##$RECO_map_percentile=( 2 )
1 99.99
##$RECO_map_error=0.0025
##$RECO_globex=( 105 )
0 0 0 0 0 0 0 0 0 0 0 0 0 0 0 0 0 0 0 0 0 0 0 0 0 0 0 0 0 0 0 0 0 0 0 0 0 0 0 
0 0 0 0 0 0 0 0 0 0 0 0 0 0 0 0 0 0 0 0 0 0 0 0 0 0 0 0 0 0 0 0 0 0 0 0 0 0 0 
0 0 0 0 0 0 0 0 0 0 0 0 0 0 0 0 0 0 0 0 0 0 0 0 0 0 0
##$RECO_minima=( 105 )
0 0 0 0 0 0 0 0 0 0 0 0 0 0 0 0 0 0 0 0 0 0 0 0 0 0 0 0 0 0 0 0 0 0 0 0 0 0 0 
0 0 0 0 0 0 0 0 0 0 0 0 0 0 0 0 0 0 0 0 0 0 0 0 0 0 0 0 0 0 0 0 0 0 0 0 0 0 0 
0 0 0 0 0 0 0 0 0 0 0 0 0 0 0 0 0 0 0 0 0 0 0 0 0 0 0
##$RECO_maxima=( 105 )
32767 31603 31620 30441 29738 30523 29975 30382 29226 30121 29618 29236 30029 
29207 28317 27697 27483 27144 26490 26195 26103 25114 23739 22079 20410 18113 
16185 13621 17667 20909 21508 24151 25376 25706 27251 27668 27702 28985 29786 
29157 29404 29186 30606 29312 30398 29649 30234 29317 29924 29488 29861 29463 
29865 29322 29729 29182 28531 28946 28879 28445 27312 27282 27377 28006 28421 
28829 28967 29967 29418 29911 30121 30034 30249 29457 30432 30105 29880 29649 
29205 29271 30124 29537 29740 29979 30532 30135 29608 30279 30305 29823 30079 
30219 30349 30481 30242 30650 30088 30732 30706 30878 30493 30379 30533 29793 
30353
##$RECO_map_min=( 105 )
-1292452 -1292452 -1292452 -1292452 -1292452 -1292452 -1292452 -1292452 
-1292452 -1292452 -1292452 -1292452 -1292452 -1292452 -1292452 -1292452 
-1292452 -1292452 -1292452 -1292452 -1292452 -1292452 -1292452 -1292452 
-1292452 -1292452 -1292452 -1292452 -1292452 -1292452 -1292452 -1292452 
-1292452 -1292452 -1292452 -1292452 -1292452 -1292452 -1292452 -1292452 
-1292452 -1292452 -1292452 -1292452 -1292452 -1292452 -1292452 -1292452 
-1292452 -1292452 -1292452 -1292452 -1292452 -1292452 -1292452 -1292452 
-1292452 -1292452 -1292452 -1292452 -1292452 -1292452 -1292452 -1292452 
-1292452 -1292452 -1292452 -1292452 -1292452 -1292452 -1292452 -1292452 
-1292452 -1292452 -1292452 -1292452 -1292452 -1292452 -1292452 -1292452 
-1292452 -1292452 -1292452 -1292452 -1292452 -1292452 -1292452 -1292452 
-1292452 -1292452 -1292452 -1292452 -1292452 -1292452 -1292452 -1292452 
-1292452 -1292452 -1292452 -1292452 -1292452 -1292452 -1292452 -1292452 
-1292452
##$RECO_map_max=( 105 )
1292452 1292452 1292452 1292452 1292452 1292452 1292452 1292452 1292452 
1292452 1292452 1292452 1292452 1292452 1292452 1292452 1292452 1292452 
1292452 1292452 1292452 1292452 1292452 1292452 1292452 1292452 1292452 
1292452 1292452 1292452 1292452 1292452 1292452 1292452 1292452 1292452 
1292452 1292452 1292452 1292452 1292452 1292452 1292452 1292452 1292452 
1292452 1292452 1292452 1292452 1292452 1292452 1292452 1292452 1292452 
1292452 1292452 1292452 1292452 1292452 1292452 1292452 1292452 1292452 
1292452 1292452 1292452 1292452 1292452 1292452 1292452 1292452 1292452 
1292452 1292452 1292452 1292452 1292452 1292452 1292452 1292452 1292452 
1292452 1292452 1292452 1292452 1292452 1292452 1292452 1292452 1292452 
1292452 1292452 1292452 1292452 1292452 1292452 1292452 1292452 1292452 
1292452 1292452 1292452 1292452 1292452 1292452
$$ @vis= RECO_map_mode RECO_globex RECO_minima RECO_maxima RECO_map_min
##$RECO_map_offset=( 105 )
0 0 0 0 0 0 0 0 0 0 0 0 0 0 0 0 0 0 0 0 0 0 0 0 0 0 0 0 0 0 0 0 0 0 0 0 0 0 0 
0 0 0 0 0 0 0 0 0 0 0 0 0 0 0 0 0 0 0 0 0 0 0 0 0 0 0 0 0 0 0 0 0 0 0 0 0 0 0 
0 0 0 0 0 0 0 0 0 0 0 0 0 0 0 0 0 0 0 0 0 0 0 0 0 0 0
##$RECO_map_slope=( 105 )
0.0253525860607624 0.0253525860607624 0.0253525860607624 0.0253525860607624 
0.0253525860607624 0.0253525860607624 0.0253525860607624 0.0253525860607624 
0.0253525860607624 0.0253525860607624 0.0253525860607624 0.0253525860607624 
0.0253525860607624 0.0253525860607624 0.0253525860607624 0.0253525860607624 
0.0253525860607624 0.0253525860607624 0.0253525860607624 0.0253525860607624 
0.0253525860607624 0.0253525860607624 0.0253525860607624 0.0253525860607624 
0.0253525860607624 0.0253525860607624 0.0253525860607624 0.0253525860607624 
0.0253525860607624 0.0253525860607624 0.0253525860607624 0.0253525860607624 
0.0253525860607624 0.0253525860607624 0.0253525860607624 0.0253525860607624 
0.0253525860607624 0.0253525860607624 0.0253525860607624 0.0253525860607624 
0.0253525860607624 0.0253525860607624 0.0253525860607624 0.0253525860607624 
0.0253525860607624 0.0253525860607624 0.0253525860607624 0.0253525860607624 
0.0253525860607624 0.0253525860607624 0.0253525860607624 0.0253525860607624 
0.0253525860607624 0.0253525860607624 0.0253525860607624 0.0253525860607624 
0.0253525860607624 0.0253525860607624 0.0253525860607624 0.0253525860607624 
0.0253525860607624 0.0253525860607624 0.0253525860607624 0.0253525860607624 
0.0253525860607624 0.0253525860607624 0.0253525860607624 0.0253525860607624 
0.0253525860607624 0.0253525860607624 0.0253525860607624 0.0253525860607624 
0.0253525860607624 0.0253525860607624 0.0253525860607624 0.0253525860607624 
0.0253525860607624 0.0253525860607624 0.0253525860607624 0.0253525860607624 
0.0253525860607624 0.0253525860607624 0.0253525860607624 0.0253525860607624 
0.0253525860607624 0.0253525860607624 0.0253525860607624 0.0253525860607624 
0.0253525860607624 0.0253525860607624 0.0253525860607624 0.0253525860607624 
0.0253525860607624 0.0253525860607624 0.0253525860607624 0.0253525860607624 
0.0253525860607624 0.0253525860607624 0.0253525860607624 0.0253525860607624 
0.0253525860607624 0.0253525860607624 0.0253525860607624 0.0253525860607624 
0.0253525860607624
##$RECO_byte_order=littleEndian
##$RECO_time=( 24 )
<12:29:13 12 Aug 2016>
##$RECO_abs_time=1471030153
$$ @vis= RECO_map_max RECO_map_offset RECO_map_slope RECO_byte_order RECO_time
##$RECO_base_image_uid=( 65 )
<2.16.756.5.5.100.4167689927.28859.1471030734.118>
##$GS_reco_display=Yes
$$ @vis= RECO_abs_time RECO_base_image_uid RecoRegridNGroup GS_reco_display
##$GO_reco_display=Yes
##$GO_reco_each_nr=No
##$GO_max_reco_mem=0
$$ @vis= RECO_GS GO_reco_display GO_reco_each_nr GO_max_reco_mem RECO_GO RECO
##END=
