##TITLE=Parameter List
##JCAMPDX=4.24
##DATATYPE=Parameter Values
##ORIGIN=Bruker BioSpin MRI GmbH
##OWNER=acosta
$$ Fri Aug 12 12:38:54 2016 MST (UT-7h)  acosta
$$ /opt/PV51/data/acosta/nmr/Acosta_20160811_SA_pH719.D11/5/pdata/1/visu_pars
##$VisuVersion=1
##$VisuUid=( 65 )
<2.16.756.5.5.100.4167689927.28859.1471030734.118>
##$VisuCreator=( 65 )
<ParaVision>
##$VisuCreatorVersion=( 65 )
<5.1>
##$VisuCreationDate=( 21 )
<12:29:13 12 Aug 2016>
$$ @vis= VisuVersion VisuUid VisuCreator VisuCreatorVersion VisuCreationDate
##$VisuCoreFrameCount=105
##$VisuCoreDim=2
##$VisuCoreSize=( 2 )
128 128
##$VisuCoreDimDesc=( 2 )
spatial spatial
$$ @vis= VisuInstance VisuCoreFrameCount VisuCoreDim VisuCoreSize
##$VisuCoreExtent=( 2 )
60 60
##$VisuCoreFrameThickness=( 1 )
1
##$VisuCoreUnits=( 2, 65 )
<mm> <mm>
##$VisuCoreOrientation=( 1, 9 )
1 0 0 0 0 -1 0 1 0
$$ @vis= VisuCoreDimDesc VisuCoreExtent VisuCoreFrameThickness VisuCoreUnits
##$VisuCorePosition=( 1, 3 )
-29.2 6 26.2
##$VisuCoreDataMin=( 105 )
0 0 0 0 0 0 0 0 0 0 0 0 0 0 0 0 0 0 0 0 0 0 0 0 0 0 0 0 0 0 0 0 0 0 0 0 0 0 0 
0 0 0 0 0 0 0 0 0 0 0 0 0 0 0 0 0 0 0 0 0 0 0 0 0 0 0 0 0 0 0 0 0 0 0 0 0 0 0 
0 0 0 0 0 0 0 0 0 0 0 0 0 0 0 0 0 0 0 0 0 0 0 0 0 0 0
##$VisuCoreDataMax=( 105 )
32767 31603 31620 30441 29738 30523 29975 30382 29226 30121 29618 29236 30029 
29207 28317 27697 27483 27144 26490 26195 26103 25114 23739 22079 20410 18113 
16185 13621 17667 20909 21508 24151 25376 25706 27251 27668 27702 28985 29786 
29157 29404 29186 30606 29312 30398 29649 30234 29317 29924 29488 29861 29463 
29865 29322 29729 29182 28531 28946 28879 28445 27312 27282 27377 28006 28421 
28829 28967 29967 29418 29911 30121 30034 30249 29457 30432 30105 29880 29649 
29205 29271 30124 29537 29740 29979 30532 30135 29608 30279 30305 29823 30079 
30219 30349 30481 30242 30650 30088 30732 30706 30878 30493 30379 30533 29793 
30353
##$VisuCoreDataOffs=( 105 )
0 0 0 0 0 0 0 0 0 0 0 0 0 0 0 0 0 0 0 0 0 0 0 0 0 0 0 0 0 0 0 0 0 0 0 0 0 0 0 
0 0 0 0 0 0 0 0 0 0 0 0 0 0 0 0 0 0 0 0 0 0 0 0 0 0 0 0 0 0 0 0 0 0 0 0 0 0 0 
0 0 0 0 0 0 0 0 0 0 0 0 0 0 0 0 0 0 0 0 0 0 0 0 0 0 0
$$ @vis= VisuCoreOrientation VisuCorePosition VisuCoreDataMin VisuCoreDataMax
##$VisuCoreDataSlope=( 105 )
39.443707935881 39.443707935881 39.443707935881 39.443707935881 
39.443707935881 39.443707935881 39.443707935881 39.443707935881 
39.443707935881 39.443707935881 39.443707935881 39.443707935881 
39.443707935881 39.443707935881 39.443707935881 39.443707935881 
39.443707935881 39.443707935881 39.443707935881 39.443707935881 
39.443707935881 39.443707935881 39.443707935881 39.443707935881 
39.443707935881 39.443707935881 39.443707935881 39.443707935881 
39.443707935881 39.443707935881 39.443707935881 39.443707935881 
39.443707935881 39.443707935881 39.443707935881 39.443707935881 
39.443707935881 39.443707935881 39.443707935881 39.443707935881 
39.443707935881 39.443707935881 39.443707935881 39.443707935881 
39.443707935881 39.443707935881 39.443707935881 39.443707935881 
39.443707935881 39.443707935881 39.443707935881 39.443707935881 
39.443707935881 39.443707935881 39.443707935881 39.443707935881 
39.443707935881 39.443707935881 39.443707935881 39.443707935881 
39.443707935881 39.443707935881 39.443707935881 39.443707935881 
39.443707935881 39.443707935881 39.443707935881 39.443707935881 
39.443707935881 39.443707935881 39.443707935881 39.443707935881 
39.443707935881 39.443707935881 39.443707935881 39.443707935881 
39.443707935881 39.443707935881 39.443707935881 39.443707935881 
39.443707935881 39.443707935881 39.443707935881 39.443707935881 
39.443707935881 39.443707935881 39.443707935881 39.443707935881 
39.443707935881 39.443707935881 39.443707935881 39.443707935881 
39.443707935881 39.443707935881 39.443707935881 39.443707935881 
39.443707935881 39.443707935881 39.443707935881 39.443707935881 
39.443707935881 39.443707935881 39.443707935881 39.443707935881 
39.443707935881
##$VisuCoreFrameType=MAGNITUDE_IMAGE
##$VisuFGElemComment=( 105, 65 )
<VCEST=-16500.0Hz> <VCEST=-16000.0Hz> <VCEST=-15500.0Hz> <VCEST=-15000.0Hz> <
VCEST= -1500.0Hz> <VCEST= -1425.0Hz> <VCEST= -1350.0Hz> <VCEST= -1275.0Hz> <
VCEST= -1200.0Hz> <VCEST= -1125.0Hz> <VCEST= -1050.0Hz> <VCEST=  -975.0Hz> <
VCEST=  -900.0Hz> <VCEST=  -825.0Hz> <VCEST=  -750.0Hz> <VCEST=  -675.0Hz> <
VCEST=  -600.0Hz> <VCEST=  -525.0Hz> <VCEST=  -450.0Hz> <VCEST=  -375.0Hz> <
VCEST=  -300.0Hz> <VCEST=  -225.0Hz> <VCEST=  -150.0Hz> <VCEST=   -75.0Hz> <
VCEST=     0.0Hz> <VCEST=    75.0Hz> <VCEST=   150.0Hz> <VCEST=   225.0Hz> <
VCEST=   300.0Hz> <VCEST=   375.0Hz> <VCEST=   450.0Hz> <VCEST=   525.0Hz> <
VCEST=   600.0Hz> <VCEST=   675.0Hz> <VCEST=   750.0Hz> <VCEST=   825.0Hz> <
VCEST=   900.0Hz> <VCEST=   975.0Hz> <VCEST=  1050.0Hz> <VCEST=  1125.0Hz> <
VCEST=  1200.0Hz> <VCEST=  1275.0Hz> <VCEST=  1350.0Hz> <VCEST=  1425.0Hz> <
VCEST=  1500.0Hz> <VCEST=  1575.0Hz> <VCEST=  1650.0Hz> <VCEST=  1725.0Hz> <
VCEST=  1800.0Hz> <VCEST=  1875.0Hz> <VCEST=  1950.0Hz> <VCEST=  2025.0Hz> <
VCEST=  2100.0Hz> <VCEST=  2175.0Hz> <VCEST=  2250.0Hz> <VCEST=  2325.0Hz> <
VCEST=  2400.0Hz> <VCEST=  2475.0Hz> <VCEST=  2550.0Hz> <VCEST=  2625.0Hz> <
VCEST=  2700.0Hz> <VCEST=  2775.0Hz> <VCEST=  2850.0Hz> <VCEST=  2925.0Hz> <
VCEST=  3000.0Hz> <VCEST=  3075.0Hz> <VCEST=  3150.0Hz> <VCEST=  3225.0Hz> <
VCEST=  3300.0Hz> <VCEST=  3375.0Hz> <VCEST=  3450.0Hz> <VCEST=  3525.0Hz> <
VCEST=  3600.0Hz> <VCEST=  3675.0Hz> <VCEST=  3750.0Hz> <VCEST=  3825.0Hz> <
VCEST=  3900.0Hz> <VCEST=  3975.0Hz> <VCEST=  4050.0Hz> <VCEST=  4125.0Hz> <
VCEST=  4200.0Hz> <VCEST=  4275.0Hz> <VCEST=  4350.0Hz> <VCEST=  4425.0Hz> <
VCEST=  4500.0Hz> <VCEST=  4575.0Hz> <VCEST=  4650.0Hz> <VCEST=  4725.0Hz> <
VCEST=  4800.0Hz> <VCEST=  4875.0Hz> <VCEST=  4950.0Hz> <VCEST=  5025.0Hz> <
VCEST=  5100.0Hz> <VCEST=  5175.0Hz> <VCEST=  5250.0Hz> <VCEST=  5325.0Hz> <
VCEST=  5400.0Hz> <VCEST=  5475.0Hz> <VCEST=  5550.0Hz> <VCEST=  5625.0Hz> <
VCEST=  5700.0Hz> <VCEST=  5775.0Hz> <VCEST=  5850.0Hz> <VCEST=  5925.0Hz> <
VCEST=  6000.0Hz>
$$ @vis= VisuCoreDataOffs VisuCoreDataSlope VisuCoreFrameType
##$VisuCoreWordType=_16BIT_SGN_INT
##$VisuCoreByteOrder=littleEndian
$$ @vis= VisuFGElemComment VisuCore VisuCoreWordType VisuCoreByteOrder
##$VisuFGOrderDescDim=1
##$VisuFGOrderDesc=( 1 )
(105, <FG_MOVIE>, <>, 0, 1)
##$VisuGroupDepVals=( 1 )
(<VisuFGElemComment>, 0)
$$ @vis= VisuPixel VisuFGOrderDescDim VisuFGOrderDesc VisuGroupDepVals
##$VisuSubjectName=( 65 )
<Acosta_20160811_SA_pH719>
##$VisuSubjectId=( 65 )
<Acosta_20160811_SA_pH719>
##$VisuSubjectBirthDate=( 9 )
<>
##$VisuSubjectSex=FEMALE
$$ @vis= VisuFrameOrderDesc VisuSubjectName VisuSubjectId VisuSubjectBirthDate
##$VisuSubjectComment=( 2048 )
<>
##$VisuStudyUid=( 65 )
<2.16.756.5.5.100.4167689927.19612.1470944275.2387>
##$VisuStudyDate=( 21 )
<12:37:55 11 Aug 2016>
$$ @vis= VisuSubjectSex VisuSubjectComment VisuSubject VisuStudyUid
##$VisuStudyId=( 65 )
<SA phase 2 data>
##$VisuStudyNumber=1
##$VisuSubjectWeight=5
##$VisuStudyReferringPhysician=( 65 )
<>
$$ @vis= VisuStudyDate VisuStudyId VisuStudyNumber VisuSubjectWeight
##$VisuStudyDescription=( 65 )
<>
##$VisuSeriesNumber=327681
$$ @vis= VisuStudyReferringPhysician VisuStudyDescription VisuStudy
##$VisuSubjectPosition=Head_Supine
##$VisuSeriesTypeId=( 65 )
<ACQ_USER_PVM>
##$VisuInstitution=( 65 )
<Univ. of Arizona>
$$ @vis= VisuSeriesNumber VisuSubjectPosition VisuSeriesTypeId VisuSeries
##$VisuStation=( 65 )
<Biospec 70/20>
##$VisuAcqDate=( 21 )
<12:29:13 12 Aug 2016>
##$VisuAcqEchoTrainLength=64
$$ @vis= VisuInstitution VisuStation VisuEquipment VisuAcqDate
##$VisuAcqSequenceName=( 40 )
<cESTFISP_dualpower (pvm)>
##$VisuAcqNumberOfAverages=1
##$VisuAcqImagingFrequency=300.24377896917
$$ @vis= VisuAcqEchoTrainLength VisuAcqSequenceName VisuAcqNumberOfAverages
##$VisuAcqImagedNucleus=( 8 )
<1H>
##$VisuAcqRepetitionTime=( 1 )
5.61426650237634
##$VisuAcqPhaseEncSteps=64
$$ @vis= VisuAcqImagingFrequency VisuAcqImagedNucleus VisuAcqRepetitionTime
##$VisuAcqPixelBandwidth=390.625
##$VisuAcqFlipAngle=30
##$VisuAcqSize=( 2 )
64 128
$$ @vis= VisuAcqPhaseEncSteps VisuAcqPixelBandwidth VisuAcqFlipAngle
##$VisuAcqImageSizeAccellerated=Yes
##$VisuAcqImagePhaseEncDir=( 105 )
row_dir row_dir row_dir row_dir row_dir row_dir row_dir row_dir row_dir 
row_dir row_dir row_dir row_dir row_dir row_dir row_dir row_dir row_dir 
row_dir row_dir row_dir row_dir row_dir row_dir row_dir row_dir row_dir 
row_dir row_dir row_dir row_dir row_dir row_dir row_dir row_dir row_dir 
row_dir row_dir row_dir row_dir row_dir row_dir row_dir row_dir row_dir 
row_dir row_dir row_dir row_dir row_dir row_dir row_dir row_dir row_dir 
row_dir row_dir row_dir row_dir row_dir row_dir row_dir row_dir row_dir 
row_dir row_dir row_dir row_dir row_dir row_dir row_dir row_dir row_dir 
row_dir row_dir row_dir row_dir row_dir row_dir row_dir row_dir row_dir 
row_dir row_dir row_dir row_dir row_dir row_dir row_dir row_dir row_dir 
row_dir row_dir row_dir row_dir row_dir row_dir row_dir row_dir row_dir 
row_dir row_dir row_dir row_dir row_dir row_dir
##$VisuAcqEchoTime=( 1 )
2.80713325118817
$$ @vis= VisuAcqSize VisuAcqImageSizeAccellerated VisuAcqImagePhaseEncDir
##$VisuAcquisitionProtocol=( 65 )
<CEST_Paul>
##$VisuAcqScanTime=52500
$$ @vis= VisuAcqEchoTime VisuAcquisitionProtocol VisuAcqScanTime
$$ @vis= VisuAcquisition Visu
##END=
