##TITLE=Parameter List
##JCAMPDX=4.24
##DATATYPE=Parameter Values
##ORIGIN=Bruker BioSpin MRI GmbH
##OWNER=jdegrand
$$ Mon Mar 27 18:13:47 2017 MST (UT-7h)  jdegrand
$$ /opt/PV51/data/jdegrand/nmr/degrandchamp_20170327_oxilan_ph740.GH1/2/pdata/1/reco
##$RECO_mode=FT_MODE
##$RecoAutoDerive=Yes
##$RECO_inp_order=NO_REORDERING
##$RECO_inp_size=( 2 )
128 64
##$RECO_ft_size=( 2 )
128 128
##$RECO_fov=( 2 )
4 4
##$RECO_size=( 2 )
128 128
$$ @vis= RECO_mode RecoAutoDerive RECO_inp_order RECO_ft_size RECO_fov
##$RECO_offset=( 2, 1 )
0 0
##$RECO_regrid_mode=NO_REGRID
##$RECO_regrid_offset=0
##$RECO_ramp_gap=0
##$RECO_ramp_time=0
##$RECO_ne_mode=NO_NAV_DATA
##$RECO_ne_dist=NeNoInterleave
##$RECO_ne_dens=NeCorrPerScan
##$RECO_ne_type=NAV_PHASE
##$RECO_ne_vals=( 1, 2 )
0 0
##$RECO_bc_mode=( 2 )
NO_BC NO_BC
##$RECO_bc_start=( 2 )
96 48
##$RECO_bc_len=( 2 )
32 16
##$RECO_dc_offset=( 2 )
0 0
##$RECO_dc_divisor=1
##$RECO_bc_coroff=( 2 )
0 0
##$RECO_qopts=( 2 )
CONJ_AND_QNEG NO_QOPTS
##$RECO_wdw_mode=( 2 )
NO_WDW NO_WDW
$$ @vis= RECO_size RECO_regrid_mode RECO_ne_mode RECO_bc_mode RECO_qopts
##$RECO_lb=( 2 )
-0.5 -0.5
##$RECO_sw=( 2 )
50000 1
##$RECO_gb=( 2 )
0.5 0.5
##$RECO_sbs=( 2 )
1 1
##$RECO_tm1=( 2 )
0.25 0.25
##$RECO_tm2=( 2 )
0.75 0.75
##$RECO_ft_mode=( 2 )
COMPLEX_FFT COMPLEX_FFT
##$RECO_pc_mode=( 2 )
NO_PC NO_PC
##$RECO_pc_lin=( 2 )
(0, 0) (0, 0)
##$RECO_rotate=( 2, 1 )
0 0.4765625
##$RECO_ppc_mode=NO_PPC
##$RECO_ref_image=0
##$RECO_nr_supports=0.4
##$RECO_sig_threshold=0.15
##$RECO_ppc_degree=1
##$RECO_ppc_coeffs=( 1, 2, 2 )
0 0 0 0
##$RECO_dc_elim=No
$$ @vis= RECO_wdw_mode RECO_ft_mode RECO_pc_mode RECO_rotate RECO_ppc_mode
##$RECO_transposition=( 1 )
1
##$RECO_image_type=MAGNITUDE_IMAGE
##$RECO_image_threshold=0.15
##$RECO_ir_scale=10
##$RECO_wordtype=_16BIT_SGN_INT
##$RECO_map_mode=ABSOLUTE_MAPPING
$$ @vis= RECO_dc_elim RECO_transposition RECO_image_type RECO_wordtype
##$RECO_map_range=( 2 )
-2147483647 2147483647
##$RECO_map_percentile=( 2 )
1 99.99
##$RECO_map_error=0.0025
##$RECO_globex=( 105 )
0 0 0 0 0 0 0 0 0 0 0 0 0 0 0 0 0 0 0 0 0 0 0 0 0 0 0 0 0 0 0 0 0 0 0 0 0 0 0 
0 0 0 0 0 0 0 0 0 0 0 0 0 0 0 0 0 0 0 0 0 0 0 0 0 0 0 0 0 0 0 0 0 0 0 0 0 0 0 
0 0 0 0 0 0 0 0 0 0 0 0 0 0 0 0 0 0 0 0 0 0 0 0 0 0 0
##$RECO_minima=( 105 )
0 0 0 0 0 0 0 0 0 0 0 0 0 0 0 0 0 0 0 0 0 0 0 0 0 0 0 0 0 0 0 0 0 0 0 0 0 0 0 
0 0 0 0 0 0 0 0 0 0 0 0 0 0 0 0 0 0 0 0 0 0 0 0 0 0 0 0 0 0 0 0 0 0 0 0 0 0 0 
0 0 0 0 0 0 0 0 0 0 0 0 0 0 0 0 0 0 0 0 0 0 0 0 0 0 0
##$RECO_maxima=( 105 )
32767 32196 32024 31651 31573 31527 31342 30946 31184 32160 31618 31602 31367 
32233 30958 32100 31267 31410 31212 30750 31083 31075 30060 30223 31026 29880 
29687 31081 29655 29361 30124 29772 29037 28762 27520 27977 26626 25299 23011 
21148 18085 14316 9680 11904 13316 15021 17853 17697 18937 19461 20178 20846 
22113 21077 21788 22677 21924 22553 22789 21557 20821 21992 23450 24632 25906 
27042 27647 28894 29066 29293 29753 30805 30503 30592 31087 30837 30559 30465 
31581 31190 30652 31499 31623 32201 32098 31370 31410 31788 31370 31200 31770 
31173 31813 31986 31670 31758 31577 31838 32265 32320 32518 31549 31654 32242 
31098
##$RECO_map_min=( 105 )
-697155 -697155 -697155 -697155 -697155 -697155 -697155 -697155 -697155 
-697155 -697155 -697155 -697155 -697155 -697155 -697155 -697155 -697155 
-697155 -697155 -697155 -697155 -697155 -697155 -697155 -697155 -697155 
-697155 -697155 -697155 -697155 -697155 -697155 -697155 -697155 -697155 
-697155 -697155 -697155 -697155 -697155 -697155 -697155 -697155 -697155 
-697155 -697155 -697155 -697155 -697155 -697155 -697155 -697155 -697155 
-697155 -697155 -697155 -697155 -697155 -697155 -697155 -697155 -697155 
-697155 -697155 -697155 -697155 -697155 -697155 -697155 -697155 -697155 
-697155 -697155 -697155 -697155 -697155 -697155 -697155 -697155 -697155 
-697155 -697155 -697155 -697155 -697155 -697155 -697155 -697155 -697155 
-697155 -697155 -697155 -697155 -697155 -697155 -697155 -697155 -697155 
-697155 -697155 -697155 -697155 -697155 -697155
##$RECO_map_max=( 105 )
697155 697155 697155 697155 697155 697155 697155 697155 697155 697155 697155 
697155 697155 697155 697155 697155 697155 697155 697155 697155 697155 697155 
697155 697155 697155 697155 697155 697155 697155 697155 697155 697155 697155 
697155 697155 697155 697155 697155 697155 697155 697155 697155 697155 697155 
697155 697155 697155 697155 697155 697155 697155 697155 697155 697155 697155 
697155 697155 697155 697155 697155 697155 697155 697155 697155 697155 697155 
697155 697155 697155 697155 697155 697155 697155 697155 697155 697155 697155 
697155 697155 697155 697155 697155 697155 697155 697155 697155 697155 697155 
697155 697155 697155 697155 697155 697155 697155 697155 697155 697155 697155 
697155 697155 697155 697155 697155 697155
$$ @vis= RECO_map_mode RECO_globex RECO_minima RECO_maxima RECO_map_min
##$RECO_map_offset=( 105 )
0 0 0 0 0 0 0 0 0 0 0 0 0 0 0 0 0 0 0 0 0 0 0 0 0 0 0 0 0 0 0 0 0 0 0 0 0 0 0 
0 0 0 0 0 0 0 0 0 0 0 0 0 0 0 0 0 0 0 0 0 0 0 0 0 0 0 0 0 0 0 0 0 0 0 0 0 0 0 
0 0 0 0 0 0 0 0 0 0 0 0 0 0 0 0 0 0 0 0 0 0 0 0 0 0 0
##$RECO_map_slope=( 105 )
0.047001026570797 0.047001026570797 0.047001026570797 0.047001026570797 
0.047001026570797 0.047001026570797 0.047001026570797 0.047001026570797 
0.047001026570797 0.047001026570797 0.047001026570797 0.047001026570797 
0.047001026570797 0.047001026570797 0.047001026570797 0.047001026570797 
0.047001026570797 0.047001026570797 0.047001026570797 0.047001026570797 
0.047001026570797 0.047001026570797 0.047001026570797 0.047001026570797 
0.047001026570797 0.047001026570797 0.047001026570797 0.047001026570797 
0.047001026570797 0.047001026570797 0.047001026570797 0.047001026570797 
0.047001026570797 0.047001026570797 0.047001026570797 0.047001026570797 
0.047001026570797 0.047001026570797 0.047001026570797 0.047001026570797 
0.047001026570797 0.047001026570797 0.047001026570797 0.047001026570797 
0.047001026570797 0.047001026570797 0.047001026570797 0.047001026570797 
0.047001026570797 0.047001026570797 0.047001026570797 0.047001026570797 
0.047001026570797 0.047001026570797 0.047001026570797 0.047001026570797 
0.047001026570797 0.047001026570797 0.047001026570797 0.047001026570797 
0.047001026570797 0.047001026570797 0.047001026570797 0.047001026570797 
0.047001026570797 0.047001026570797 0.047001026570797 0.047001026570797 
0.047001026570797 0.047001026570797 0.047001026570797 0.047001026570797 
0.047001026570797 0.047001026570797 0.047001026570797 0.047001026570797 
0.047001026570797 0.047001026570797 0.047001026570797 0.047001026570797 
0.047001026570797 0.047001026570797 0.047001026570797 0.047001026570797 
0.047001026570797 0.047001026570797 0.047001026570797 0.047001026570797 
0.047001026570797 0.047001026570797 0.047001026570797 0.047001026570797 
0.047001026570797 0.047001026570797 0.047001026570797 0.047001026570797 
0.047001026570797 0.047001026570797 0.047001026570797 0.047001026570797 
0.047001026570797 0.047001026570797 0.047001026570797 0.047001026570797 
0.047001026570797
##$RECO_byte_order=littleEndian
##$RECO_time=( 24 )
<18:04:06 27 Mar 2017>
##$RECO_abs_time=1490663046
$$ @vis= RECO_map_max RECO_map_offset RECO_map_slope RECO_byte_order RECO_time
##$RECO_base_image_uid=( 65 )
<2.16.756.5.5.100.4167689927.2385.1490663627.212>
##$GS_reco_display=Yes
$$ @vis= RECO_abs_time RECO_base_image_uid RecoRegridNGroup GS_reco_display
##$GO_reco_display=Yes
##$GO_reco_each_nr=No
##$GO_max_reco_mem=0
$$ @vis= RECO_GS GO_reco_display GO_reco_each_nr GO_max_reco_mem RECO_GO RECO
##END=
