##TITLE=Parameter List
##JCAMPDX=4.24
##DATATYPE=Parameter Values
##ORIGIN=Bruker BioSpin MRI GmbH
##OWNER=pacosta
$$ Wed Jan 18 20:23:02 2017 MST (UT-7h)  pacosta
$$ /opt/PV51/data/pacosta/nmr/Acosta_20171801_Isovue_pH660.FB1/3/pdata/1/reco
##$RECO_mode=FT_MODE
##$RecoAutoDerive=Yes
##$RECO_inp_order=NO_REORDERING
##$RECO_inp_size=( 2 )
128 64
##$RECO_ft_size=( 2 )
128 128
##$RECO_fov=( 2 )
6 6
##$RECO_size=( 2 )
128 128
$$ @vis= RECO_mode RecoAutoDerive RECO_inp_order RECO_ft_size RECO_fov
##$RECO_offset=( 2, 1 )
0 0
##$RECO_regrid_mode=NO_REGRID
##$RECO_regrid_offset=0
##$RECO_ramp_gap=0
##$RECO_ramp_time=0
##$RECO_ne_mode=NO_NAV_DATA
##$RECO_ne_dist=NeNoInterleave
##$RECO_ne_dens=NeCorrPerScan
##$RECO_ne_type=NAV_PHASE
##$RECO_ne_vals=( 1, 2 )
0 0
##$RECO_bc_mode=( 2 )
NO_BC NO_BC
##$RECO_bc_start=( 2 )
96 48
##$RECO_bc_len=( 2 )
32 16
##$RECO_dc_offset=( 2 )
0 0
##$RECO_dc_divisor=1
##$RECO_bc_coroff=( 2 )
0 0
##$RECO_qopts=( 2 )
CONJ_AND_QNEG NO_QOPTS
##$RECO_wdw_mode=( 2 )
NO_WDW NO_WDW
$$ @vis= RECO_size RECO_regrid_mode RECO_ne_mode RECO_bc_mode RECO_qopts
##$RECO_lb=( 2 )
-0.5 -0.5
##$RECO_sw=( 2 )
50000 1
##$RECO_gb=( 2 )
0.5 0.5
##$RECO_sbs=( 2 )
1 1
##$RECO_tm1=( 2 )
0.25 0.25
##$RECO_tm2=( 2 )
0.75 0.75
##$RECO_ft_mode=( 2 )
COMPLEX_FFT COMPLEX_FFT
##$RECO_pc_mode=( 2 )
NO_PC NO_PC
##$RECO_pc_lin=( 2 )
(0, 0) (0, 0)
##$RECO_rotate=( 2, 1 )
0 0.484375
##$RECO_ppc_mode=NO_PPC
##$RECO_ref_image=0
##$RECO_nr_supports=0.4
##$RECO_sig_threshold=0.15
##$RECO_ppc_degree=1
##$RECO_ppc_coeffs=( 1, 2, 2 )
0 0 0 0
##$RECO_dc_elim=No
$$ @vis= RECO_wdw_mode RECO_ft_mode RECO_pc_mode RECO_rotate RECO_ppc_mode
##$RECO_transposition=( 1 )
1
##$RECO_image_type=MAGNITUDE_IMAGE
##$RECO_image_threshold=0.15
##$RECO_ir_scale=10
##$RECO_wordtype=_16BIT_SGN_INT
##$RECO_map_mode=ABSOLUTE_MAPPING
$$ @vis= RECO_dc_elim RECO_transposition RECO_image_type RECO_wordtype
##$RECO_map_range=( 2 )
-2147483647 2147483647
##$RECO_map_percentile=( 2 )
1 99.99
##$RECO_map_error=0.0025
##$RECO_globex=( 105 )
0 0 0 0 0 0 0 0 0 0 0 0 0 0 0 0 0 0 0 0 0 0 0 0 0 0 0 0 0 0 0 0 0 0 0 0 0 0 0 
0 0 0 0 0 0 0 0 0 0 0 0 0 0 0 0 0 0 0 0 0 0 0 0 0 0 0 0 0 0 0 0 0 0 0 0 0 0 0 
0 0 0 0 0 0 0 0 0 0 0 0 0 0 0 0 0 0 0 0 0 0 0 0 0 0 0
##$RECO_minima=( 105 )
0 0 0 0 0 0 0 0 0 0 0 0 0 0 0 0 0 0 0 0 0 0 0 0 0 0 0 0 0 0 0 0 0 0 0 0 0 0 0 
0 0 0 0 0 0 0 0 0 0 0 0 0 0 0 0 0 0 0 0 0 0 0 0 0 0 0 0 0 0 0 0 0 0 0 0 0 0 0 
0 0 0 0 0 0 0 0 0 0 0 0 0 0 0 0 0 0 0 0 0 0 0 0 0 0 0
##$RECO_maxima=( 105 )
32767 28953 30055 28691 27334 26739 26863 26766 26970 26175 25853 25879 26245 
25625 24904 25546 24721 25408 24994 24234 23489 23099 22926 21855 21248 19720 
19163 18343 18599 17920 17920 17295 16672 16320 16619 15539 15104 13608 13458 
12449 11019 9684 8878 10638 11915 13458 14471 15219 16233 17111 18136 17715 
18753 18847 19302 19803 20129 20171 19831 19589 20018 19650 19666 19385 19550 
20040 20092 19192 20194 20038 20361 21062 20891 21398 20889 21854 22025 23378 
23270 23259 24060 25027 24487 24958 24604 25282 25088 26193 26487 26101 26093 
26225 26289 26660 26553 26288 26374 26932 26368 26256 26931 25929 26007 26578 
27346
##$RECO_map_min=( 105 )
-848999 -848999 -848999 -848999 -848999 -848999 -848999 -848999 -848999 
-848999 -848999 -848999 -848999 -848999 -848999 -848999 -848999 -848999 
-848999 -848999 -848999 -848999 -848999 -848999 -848999 -848999 -848999 
-848999 -848999 -848999 -848999 -848999 -848999 -848999 -848999 -848999 
-848999 -848999 -848999 -848999 -848999 -848999 -848999 -848999 -848999 
-848999 -848999 -848999 -848999 -848999 -848999 -848999 -848999 -848999 
-848999 -848999 -848999 -848999 -848999 -848999 -848999 -848999 -848999 
-848999 -848999 -848999 -848999 -848999 -848999 -848999 -848999 -848999 
-848999 -848999 -848999 -848999 -848999 -848999 -848999 -848999 -848999 
-848999 -848999 -848999 -848999 -848999 -848999 -848999 -848999 -848999 
-848999 -848999 -848999 -848999 -848999 -848999 -848999 -848999 -848999 
-848999 -848999 -848999 -848999 -848999 -848999
##$RECO_map_max=( 105 )
848999 848999 848999 848999 848999 848999 848999 848999 848999 848999 848999 
848999 848999 848999 848999 848999 848999 848999 848999 848999 848999 848999 
848999 848999 848999 848999 848999 848999 848999 848999 848999 848999 848999 
848999 848999 848999 848999 848999 848999 848999 848999 848999 848999 848999 
848999 848999 848999 848999 848999 848999 848999 848999 848999 848999 848999 
848999 848999 848999 848999 848999 848999 848999 848999 848999 848999 848999 
848999 848999 848999 848999 848999 848999 848999 848999 848999 848999 848999 
848999 848999 848999 848999 848999 848999 848999 848999 848999 848999 848999 
848999 848999 848999 848999 848999 848999 848999 848999 848999 848999 848999 
848999 848999 848999 848999 848999 848999
$$ @vis= RECO_map_mode RECO_globex RECO_minima RECO_maxima RECO_map_min
##$RECO_map_offset=( 105 )
0 0 0 0 0 0 0 0 0 0 0 0 0 0 0 0 0 0 0 0 0 0 0 0 0 0 0 0 0 0 0 0 0 0 0 0 0 0 0 
0 0 0 0 0 0 0 0 0 0 0 0 0 0 0 0 0 0 0 0 0 0 0 0 0 0 0 0 0 0 0 0 0 0 0 0 0 0 0 
0 0 0 0 0 0 0 0 0 0 0 0 0 0 0 0 0 0 0 0 0 0 0 0 0 0 0
##$RECO_map_slope=( 105 )
0.0385948643088341 0.0385948643088341 0.0385948643088341 0.0385948643088341 
0.0385948643088341 0.0385948643088341 0.0385948643088341 0.0385948643088341 
0.0385948643088341 0.0385948643088341 0.0385948643088341 0.0385948643088341 
0.0385948643088341 0.0385948643088341 0.0385948643088341 0.0385948643088341 
0.0385948643088341 0.0385948643088341 0.0385948643088341 0.0385948643088341 
0.0385948643088341 0.0385948643088341 0.0385948643088341 0.0385948643088341 
0.0385948643088341 0.0385948643088341 0.0385948643088341 0.0385948643088341 
0.0385948643088341 0.0385948643088341 0.0385948643088341 0.0385948643088341 
0.0385948643088341 0.0385948643088341 0.0385948643088341 0.0385948643088341 
0.0385948643088341 0.0385948643088341 0.0385948643088341 0.0385948643088341 
0.0385948643088341 0.0385948643088341 0.0385948643088341 0.0385948643088341 
0.0385948643088341 0.0385948643088341 0.0385948643088341 0.0385948643088341 
0.0385948643088341 0.0385948643088341 0.0385948643088341 0.0385948643088341 
0.0385948643088341 0.0385948643088341 0.0385948643088341 0.0385948643088341 
0.0385948643088341 0.0385948643088341 0.0385948643088341 0.0385948643088341 
0.0385948643088341 0.0385948643088341 0.0385948643088341 0.0385948643088341 
0.0385948643088341 0.0385948643088341 0.0385948643088341 0.0385948643088341 
0.0385948643088341 0.0385948643088341 0.0385948643088341 0.0385948643088341 
0.0385948643088341 0.0385948643088341 0.0385948643088341 0.0385948643088341 
0.0385948643088341 0.0385948643088341 0.0385948643088341 0.0385948643088341 
0.0385948643088341 0.0385948643088341 0.0385948643088341 0.0385948643088341 
0.0385948643088341 0.0385948643088341 0.0385948643088341 0.0385948643088341 
0.0385948643088341 0.0385948643088341 0.0385948643088341 0.0385948643088341 
0.0385948643088341 0.0385948643088341 0.0385948643088341 0.0385948643088341 
0.0385948643088341 0.0385948643088341 0.0385948643088341 0.0385948643088341 
0.0385948643088341 0.0385948643088341 0.0385948643088341 0.0385948643088341 
0.0385948643088341
##$RECO_byte_order=littleEndian
##$RECO_time=( 24 )
<20:13:22 18 Jan 2017>
##$RECO_abs_time=1484795602
$$ @vis= RECO_map_max RECO_map_offset RECO_map_slope RECO_byte_order RECO_time
##$RECO_base_image_uid=( 65 )
<2.16.756.5.5.100.4167689927.1341.1484796182.345>
##$GS_reco_display=Yes
$$ @vis= RECO_abs_time RECO_base_image_uid RecoRegridNGroup GS_reco_display
##$GO_reco_display=Yes
##$GO_reco_each_nr=No
##$GO_max_reco_mem=0
$$ @vis= RECO_GS GO_reco_display GO_reco_each_nr GO_max_reco_mem RECO_GO RECO
##END=
