##TITLE=Parameter List
##JCAMPDX=4.24
##DATATYPE=Parameter Values
##ORIGIN=Bruker BioSpin MRI GmbH
##OWNER=acosta
$$ Mon Sep 26 12:58:56 2016 MST (UT-7h)  acosta
$$ /opt/PV51/data/acosta/nmr/Acosta_20160926_SA_pH703.DL1/6/acqp
##$PULPROG=( 32 )
<MSME.ppg>
##$GRDPROG=( 16 )
<>
##$ACQ_experiment_mode=SingleExperiment
##$ACQ_user_filter=No
##$ACQ_DS_enabled=Yes
##$ACQ_switch_pll_enabled=No
$$ @vis= PULPROG GRDPROG ACQ_experiment_mode ACQ_user_filter ACQ_DS_enabled
##$ACQ_preload=0
##$ACQ_dim=2
##$ACQ_dim_desc=( 2 )
Spatial Spatial
##$ACQ_size=( 2 )
256 128
##$ACQ_ns_list_size=50
$$ @vis= ACQ_switch_pll_enabled ACQ_preload ACQ_dim ACQ_dim_desc ACQ_size
##$ACQ_ns_list=( 50 )
1 1 1 1 1 1 1 1 1 1 1 1 1 1 1 1 1 1 1 1 1 1 1 1 1 1 1 1 1 1 1 1 1 1 1 1 1 1 1 
1 1 1 1 1 1 1 1 1 1 1
##$ACQ_phase_factor=1
##$ACQ_scan_size=One_scan
##$NI=50
##$NA=1
##$NAE=1
##$NR=1
$$ @vis= ACQ_ns_list_size ACQ_ns_list ACQ_phase_factor ACQ_scan_size NI NA NAE
##$DS=2
##$D=( 64 )
9.4935685 0.001183 0.0010055 4.05e-05 0.000133 0.000734 0.000734 0 2.5e-05 
0.001734 1e-05 0.000734 0 0 0 0 0 0 0 0 0 0 0 0 0 0 0 0 0 0 0 0 0 0 0 0 0 0 0 
0 0 0 0 0 0 0 0 0 0 0 0 0 0 0 0 0 0 0 0 0 0 0 0 0
##$P=( 64 )
2000 1267 0 0 0 0 0 0 0 0 0 0 0 0 0 0 0 0 0 0 0 0 0 0 0 0 0 0 0 0 0 0 0 0 0 0 
0 0 0 0 0 0 0 0 0 0 0 0 0 0 0 0 0 0 0 0 0 0 0 0 0 0 0 0
##$PL=( 64 )
0 120 0 0 0 0 0 0 0 0 0 0 0 0 0 0 0 0 0 0 0 0 0 0 0 0 0 0 0 0 0 0 0 0 0 0 0 0 
0 0 0 0 0 0 0 0 0 0 0 0 0 0 0 0 0 0 0 0 0 0 0 0 0 0
##$TPQQ=( 16 )
(<hermite.exc>, 12.1330189822524, 0) (<hermite.rfc>, 2.14735145336197, 0) (<>,
 30, 0) (<>, 30, 0) (<>, 30, 0) (<>, 30, 0) (<>, 30, 0) (<>, 30, 0) (<>, 30, 
0) (<>, 30, 0) (<>, 30, 0) (<>, 30, 0) (<>, 30, 0) (<>, 30, 0) (<>, 30, 0) (<
>, 30, 0)
##$DPQQ=( 16 )
(<>, 50, 0) (<>, 30, 0) (<>, 30, 0) (<>, 30, 0) (<>, 30, 0) (<>, 30, 0) (<>, 
30, 0) (<>, 30, 0) (<>, 30, 0) (<>, 30, 0) (<>, 30, 0) (<>, 30, 0) (<>, 30, 0)
 (<>, 30, 0) (<>, 30, 0) (<>, 30, 0)
##$SW_h=50000
##$SW=166.531449257331
##$FW=0
##$RG=16
##$AQ_mod=qdig
##$DR=21
##$PAPS=QP
##$PH_ref=0
##$ACQ_BF_enable=Yes
##$BF1=300.243588961615
$$ @vis= NR DS D P PL TPQQ DPQQ SW_h SW RG AQ_mod DR PAPS PH_ref ACQ_BF_enable
##$SFO1=300.243588961615
##$O1=0
##$ACQ_O1_list_size=1
##$ACQ_O1_list=( 1 )
-9180
##$ACQ_O1B_list_size=1
##$ACQ_O1B_list=( 1 )
0
$$ @vis= BF1 SFO1 O1 ACQ_O1_list_size ACQ_O1_list ACQ_O1B_list_size
##$BF2=300.243572940026
##$SFO2=300.243572940026
##$O2=0
##$ACQ_O2_list_size=1
##$ACQ_O2_list=( 1 )
0
##$BF3=300.243572940026
##$SFO3=300.243572940026
##$O3=0
##$ACQ_O3_list_size=1
$$ @vis= ACQ_O1B_list BF2 SFO2 O2 ACQ_O2_list_size ACQ_O2_list BF3 SFO3 O3
##$ACQ_O3_list=( 1 )
0
##$BF4=300.243572940026
##$SFO4=300.243572940026
##$O4=0
##$BF5=300.243572940026
##$SFO5=300.243572940026
##$O5=0
##$BF6=300.243572940026
##$SFO6=300.243572940026
##$O6=0
##$BF7=300.243572940026
##$SFO7=300.243572940026
$$ @vis= ACQ_O3_list_size ACQ_O3_list BF4 SFO4 O4 BF5 SFO5 O5 BF6 SFO6 O6 BF7
##$O7=0
##$BF8=300.243572940026
##$SFO8=300.243572940026
##$O8=0
##$NUC1=( 8 )
<1H>
##$NUC2=( 8 )
<off>
##$NUC3=( 8 )
<off>
##$NUC4=( 8 )
<off>
##$NUC5=( 8 )
<off>
##$NUC6=( 8 )
<off>
##$NUC7=( 8 )
<off>
##$NUC8=( 8 )
<off>
##$NUCLEUS=( 8 )
<1H>
##$ACQ_coil_config_file=( 512 )
<Default_QuadTransceiver_1H_1000W>
$$ @vis= SFO7 O7 BF8 SFO8 O8 NUC1 NUC2 NUC3 NUC4 NUC5 NUC6 NUC7 NUC8 NUCLEUS
##$ACQ_coils=( 4 )
(<Generic 1H Quadrature Resonator>, <unknown>, <unknown>, <unknown>, 0, 
VolumeCoil, 300, 0, 2, 0) (<>, <>, <>, <>, 0, NoCoil, 0, 0, 0, 0) (<>, <>, <>,
 <>, 0, NoCoil, 0, 0, 0, 0) (<>, <>, <>, <>, 0, NoCoil, 0, 0, 0, 0)
##$ACQ_coil_elements=( 2 )
(0, 3, 1, 1, 0, 0, 0, 0, 0, 0, <1H>, 0, noPin, preamp_probe, 1, 0, 0, 
voltageMode, hardwareCoded, -36, 0, 0, 0) (0, 3, 0, 1, 0, 0, 0, 0, 0, 0, <1H>,
 0, noPin, preamp_probe, 2, 0, 0, voltageMode, hardwareCoded, -36, 0, 0, 0)
##$ACQ_operation_mode=( 64 )
<[1H] TX/RX Volume>
##$ACQ_Routing=RouteDefinedByCoil
##$ACQ_vd_list_size=1
$$ @vis= ACQ_coil_config_file ACQ_coils ACQ_coil_elements ACQ_operation_mode
##$ACQ_vd_list=( 1 )
1e-06
##$ACQ_vp_list_size=1
##$ACQ_vp_list=( 1 )
1e-06
##$ACQ_status=( 20 )
<S116>
##$ACQ_Routing_base=( 128 )
<1H>
##$ACQ_protocol_location=( 64 )
<acosta>
$$ @vis= ACQ_vd_list_size ACQ_vd_list ACQ_vp_list_size ACQ_vp_list ACQ_status
##$ACQ_protocol_name=( 64 )
<PCR_T2>
##$ACQ_scan_name=( 64 )
<PCR_T2>
##$ACQ_method=( 20 )
<MSME>
##$ACQ_completed=Yes
$$ @vis= ACQ_protocol_location ACQ_protocol_name ACQ_scan_name ACQ_method
##$ACQ_pipe_status=Proc
##$ACQ_scans_completed=0
##$ACQ_nr_completed=1
##$ACQ_total_completed=6400
$$ @vis= ACQ_completed ACQ_pipe_status ACQ_scans_completed ACQ_nr_completed
##$ACQ_word_size=_32_BIT
##$NECHOES=50
##$ACQ_n_echo_images=50
##$ACQ_n_movie_frames=1
$$ @vis= ACQ_total_completed ACQ_word_size NECHOES ACQ_n_echo_images
##$ACQ_echo_descr=( 1, 20 )
<>
##$ACQ_movie_descr=( 1, 20 )
<>
##$ACQ_fov=( 2 )
6 6
##$ACQ_read_ext=1
$$ @vis= ACQ_n_movie_frames ACQ_echo_descr ACQ_movie_descr ACQ_fov
##$ACQ_slice_angle=( 1 )
0
##$ACQ_slice_orient=Arbitrary_Oblique
##$ACQ_patient_pos=Head_Supine
##$ACQ_read_offset=( 1 )
0
$$ @vis= ACQ_read_ext ACQ_slice_angle ACQ_slice_orient ACQ_patient_pos
##$ACQ_phase1_offset=( 1 )
0
##$ACQ_phase2_offset=( 1 )
0
##$ACQ_slice_sepn=( 1 )
1
##$ACQ_slice_sepn_mode=Contiguous
$$ @vis= ACQ_read_offset ACQ_phase1_offset ACQ_phase2_offset ACQ_slice_sepn
##$ACQ_slice_thick=1
##$ACQ_slice_offset=( 1 )
-4
##$ACQ_obj_order=( 50 )
0 1 2 3 4 5 6 7 8 9 10 11 12 13 14 15 16 17 18 19 20 21 22 23 24 25 26 27 28 
29 30 31 32 33 34 35 36 37 38 39 40 41 42 43 44 45 46 47 48 49
##$ACQ_flip_angle=180
$$ @vis= ACQ_slice_sepn_mode ACQ_slice_thick ACQ_slice_offset ACQ_obj_order
##$ACQ_flipback=No
##$ACQ_echo_time=( 50 )
10 20 30 40 50 60 70 80 90 100 110 120 130 140 150 160 170 180 190 200 210 
220 230 240 250 260 270 280 290 300 310 320 330 340 350 360 370 380 390 400 
410 420 430 440 450 460 470 480 490 500
##$ACQ_inter_echo_time=( 1 )
10
##$ACQ_recov_time=( 1 )
9998
$$ @vis= ACQ_flip_angle ACQ_flipback ACQ_echo_time ACQ_inter_echo_time
##$ACQ_repetition_time=( 1 )
10000
##$ACQ_inversion_time=( 1 )
0
##$ACQ_temporal_delay=( 1 )
0
$$ @vis= ACQ_recov_time ACQ_repetition_time ACQ_inversion_time
##$ACQ_time=( 24 )
<12:37:13 26 Sep 2016>
##$ACQ_time_points=( 1 )
0
##$ACQ_abs_time=1474918633
##$ACQ_operator=( 16 )
<acosta>
##$ACQ_RF_power=0
$$ @vis= ACQ_temporal_delay ACQ_time ACQ_time_points ACQ_abs_time ACQ_operator
##$ACQ_transmitter_coil=( 16 )
<>
##$ACQ_contrast_agent=( 20 )
<>
##$ACQ_trigger_enable=No
$$ @vis= ACQ_RF_power ACQ_transmitter_coil ACQ_contrast_agent
##$ACQ_trigger_reference=( 16 )
< >
##$ACQ_trigger_delay=1
##$ACQ_institution=( 48 )
<Univ. of Arizona>
$$ @vis= ACQ_trigger_enable ACQ_trigger_reference ACQ_trigger_delay
##$ACQ_station=( 64 )
<Biospec 70/20>
##$ACQ_sw_version=( 65 )
<PV 5.1>
##$ACQ_calib_date=( 24 )
<17:00:14 23 Sep 2013>
##$ACQ_grad_str_X=0
$$ @vis= ACQ_institution ACQ_station ACQ_sw_version ACQ_calib_date
##$ACQ_grad_str_Y=0
##$ACQ_grad_str_Z=0
##$ACQ_position_X=0
##$ACQ_position_Y=0
$$ @vis= ACQ_grad_str_X ACQ_grad_str_Y ACQ_grad_str_Z ACQ_position_X
##$ACQ_position_Z=0
##$BYTORDA=little
##$INSTRUM=( 64 )
<spect>
##$ACQ_fit_function_name=( 32 )
<No Function Defined>
##$ACQ_adc_overflow=( 4 )
No No No No
$$ @vis= ACQ_position_Y ACQ_position_Z BYTORDA INSTRUM ACQ_fit_function_name
##$GRPDLY=35.9937744140625
##$FRQLO3=1240786.03838501
##$FQ1LIST=( 16 )
<ACQ_O1_list>
##$FQ2LIST=( 16 )
<ACQ_O2_list>
##$FQ3LIST=( 16 )
<ACQ_O3_list>
##$FQ8LIST=( 16 )
<ACQ_O1B_list>
$$ @vis= ACQ_adc_overflow GRPDLY FRQLO3 ACQ_INFO FQ1LIST FQ2LIST FQ3LIST
##$SP=( 32 )
12.1330189822524 2.14735145336197 30 30 30 30 30 30 50 30 30 30 30 30 30 30 
30 30 30 30 30 30 30 30 30 30 30 30 30 30 30 30
##$SPOFFS=( 32 )
0 0 0 0 0 0 0 0 0 0 0 0 0 0 0 0 0 0 0 0 0 0 0 0 0 0 0 0 0 0 0 0
##$SPNAM0=( 16 )
<hermite.exc>
##$SPNAM1=( 16 )
<hermite.rfc>
##$SPNAM2=( 16 )
<>
##$SPNAM3=( 16 )
<>
##$SPNAM4=( 16 )
<>
##$SPNAM5=( 16 )
<>
##$SPNAM6=( 16 )
<>
##$SPNAM7=( 16 )
<>
$$ @vis= FQ8LIST SP SPOFFS SPNAM0 SPNAM1 SPNAM2 SPNAM3 SPNAM4 SPNAM5 SPNAM6
##$SPNAM8=( 16 )
<>
##$SPNAM9=( 16 )
<>
##$SPNAM10=( 16 )
<>
##$SPNAM11=( 16 )
<>
##$SPNAM12=( 16 )
<>
##$SPNAM13=( 16 )
<>
##$SPNAM14=( 16 )
<>
##$SPNAM15=( 16 )
<>
##$HPPRGN=normal
$$ @vis= SPNAM7 SPNAM8 SPNAM9 SPNAM10 SPNAM11 SPNAM12 SPNAM13 SPNAM14 SPNAM15
##$LOCNUC=( 8 )
<off>
##$QNP=1
##$SOLVENT=( 16 )
<>
##$DIGMOD=digital_mode
##$DIGTYP=DRU
##$DQDMODE=DQDMODE_add
##$DSPFIRM=DSP_medium
##$DECIM=400
##$DSPFVS=23
$$ @vis= HPPRGN LOCNUC QNP SOLVENT HIRES DIGMOD DIGTYP DQDMODE DSPFIRM DECIM
##$ACQ_scan_shift=-72
##$DEOSC=3590.5
##$DE=6
##$FCUCHAN=( 10 )
0 2 0 0 0 0 0 0 0 0
##$RSEL=( 10 )
0 0 2 0 0 0 0 0 0 0
##$SWIBOX=( 16 )
0 0 2 0 0 0 0 0 0 0 0 0 0 0 0 0
##$POWMOD=HIGH
##$HPMOD=( 8 )
0 0 1 0 0 0 0 0
##$PRECHAN=( 16 )
-1 -1 1 -1 -1 -1 -1 -1 -1 -1 -1 -1 -1 -1 -1 -1
$$ @vis= DSPFVS ACQ_scan_shift DEOSC DE FCUCHAN RSEL SWIBOX POWMOD HPMOD
##$OBSCHAN=( 10 )
0 1 0 0 0 0 0 0 0 0
##$RECCHAN=( 16 )
0 2 0 0 0 0 0 0 0 0 0 0 0 0 0 0
##$RECSEL=( 16 )
0 0 2 0 0 0 0 0 0 0 0 0 0 0 0 0
##$RECPRE=( 16 )
-1 -1 2 -1 -1 -1 -1 -1 -1 -1 -1 -1 -1 -1 -1 -1
##$NLOGCH=0
##$ACQ_n_trim=11
##$ACQ_trim=( 11, 3 )
12.2809364548495 12.2809364548495 12.2809364548495 -15.1068266771592 
-15.1068266771592 -15.1068266771592 12.2809364548495 12.2809364548495 
12.2809364548495 40 40 40 11.593174222932 11.593174222932 11.593174222932 
4.45930880713489 4.45930880713489 4.45930880713489 6.58352395978393 
6.58352395978393 6.58352395978393 -57 -57 -57 -6.58352395978393 
-6.58352395978393 -6.58352395978393 57 57 57 30 30 30
$$ @vis= PRECHAN OBSCHAN RECCHAN RECSEL RECPRE NLOGCH AVANCE_PARS ACQ_n_trim
##$ACQ_scaling_read=1
##$ACQ_scaling_phase=1
##$ACQ_scaling_slice=1
$$ @vis= ACQ_trim ACQ_trim_values ACQ_scaling_read ACQ_scaling_phase
##$ACQ_grad_matrix=( 1, 3, 3 )
0 -0 1 1 0 -0 0 1 0
##$NSLICES=1
##$ACQ_rare_factor=1
##$ACQ_phase_encoding_mode=( 2 )
Read User_Defined_Encoding
$$ @vis= ACQ_scaling_slice ACQ_grad_matrix NSLICES ACQ_rare_factor
##$ACQ_phase_enc_start=( 2 )
-1 -1
##$ACQ_spatial_size_1=128
##$ACQ_spatial_phase_1=( 128 )
-1 -0.984375 -0.96875 -0.953125 -0.9375 -0.921875 -0.90625 -0.890625 -0.875 
-0.859375 -0.84375 -0.828125 -0.8125 -0.796875 -0.78125 -0.765625 -0.75 
-0.734375 -0.71875 -0.703125 -0.6875 -0.671875 -0.65625 -0.640625 -0.625 
-0.609375 -0.59375 -0.578125 -0.5625 -0.546875 -0.53125 -0.515625 -0.5 
-0.484375 -0.46875 -0.453125 -0.4375 -0.421875 -0.40625 -0.390625 -0.375 
-0.359375 -0.34375 -0.328125 -0.3125 -0.296875 -0.28125 -0.265625 -0.25 
-0.234375 -0.21875 -0.203125 -0.1875 -0.171875 -0.15625 -0.140625 -0.125 
-0.109375 -0.09375 -0.078125 -0.0625 -0.046875 -0.03125 -0.015625 0 0.015625 
0.03125 0.046875 0.0625 0.078125 0.09375 0.109375 0.125 0.140625 0.15625 
0.171875 0.1875 0.203125 0.21875 0.234375 0.25 0.265625 0.28125 0.296875 
0.3125 0.328125 0.34375 0.359375 0.375 0.390625 0.40625 0.421875 0.4375 
0.453125 0.46875 0.484375 0.5 0.515625 0.53125 0.546875 0.5625 0.578125 
0.59375 0.609375 0.625 0.640625 0.65625 0.671875 0.6875 0.703125 0.71875 
0.734375 0.75 0.765625 0.78125 0.796875 0.8125 0.828125 0.84375 0.859375 
0.875 0.890625 0.90625 0.921875 0.9375 0.953125 0.96875 0.984375
$$ @vis= ACQ_phase_encoding_mode ACQ_phase_enc_start ACQ_spatial_size_1
##$GS_dim=1
##$GS_disp_update=Each_Accum
##$GS_online_reco=Yes
##$GS_reco_display=Yes
$$ @vis= ACQ_spatial_phase_1 GRAD_PARS GS_dim GS_disp_update GS_online_reco
##$GS_typ=Spectrometer_Parameters
##$GS_info_dig_filling=Yes
##$GS_info_normalized_area=No_info
##$GS_info_max_point=No_info
$$ @vis= GS_reco_display GS_typ GS_info_dig_filling GS_info_normalized_area
##$GS_get_info_points=No_info
##$GS_continue=Exit_gsauto
##$GO_init_files=No
##$GO_data_save=Yes
$$ @vis= GS_info_max_point GS_get_info_points GS_continue GS GO_init_files
##$GO_block_size=Standard_KBlock_Format
##$GO_raw_data_format=GO_32BIT_SGN_INT
##$GO_disp_update=Each_Accum
##$GO_online_reco=Yes
$$ @vis= GO_data_save GO_block_size GO_raw_data_format GO_disp_update
##$GO_reco_display=Yes
##$GO_reco_each_nr=No
##$GO_max_reco_mem=0
##$GO_time_est=Yes
$$ @vis= GO_online_reco GO_reco_display GO_reco_each_nr GO_max_reco_mem
##$GO_use_macro=No
##$GO_macro=( 4096 )
<>
$$ @vis= GO_time_est GO_use_macro GO ACQP
##END=
