##TITLE=Parameter List
##JCAMPDX=4.24
##DATATYPE=Parameter Values
##ORIGIN=Bruker BioSpin MRI GmbH
##OWNER=jdegrand
$$ Sat May 20 12:25:08 2017 MST (UT-7h)  jdegrand
$$ /opt/PV51/data/jdegrand/nmr/degrandchamp_20170520_pbs_pHall.Hz1/2/pdata/1/reco
##$RECO_mode=FT_MODE
##$RecoAutoDerive=Yes
##$RECO_inp_order=NO_REORDERING
##$RECO_inp_size=( 2 )
128 64
##$RECO_ft_size=( 2 )
128 128
##$RECO_fov=( 2 )
4 4
##$RECO_size=( 2 )
128 128
$$ @vis= RECO_mode RecoAutoDerive RECO_inp_order RECO_ft_size RECO_fov
##$RECO_offset=( 2, 1 )
0 0
##$RECO_regrid_mode=NO_REGRID
##$RECO_regrid_offset=0
##$RECO_ramp_gap=0
##$RECO_ramp_time=0
##$RECO_ne_mode=NO_NAV_DATA
##$RECO_ne_dist=NeNoInterleave
##$RECO_ne_dens=NeCorrPerScan
##$RECO_ne_type=NAV_PHASE
##$RECO_ne_vals=( 1, 2 )
0 0
##$RECO_bc_mode=( 2 )
NO_BC NO_BC
##$RECO_bc_start=( 2 )
96 48
##$RECO_bc_len=( 2 )
32 16
##$RECO_dc_offset=( 2 )
0 0
##$RECO_dc_divisor=1
##$RECO_bc_coroff=( 2 )
0 0
##$RECO_qopts=( 2 )
CONJ_AND_QNEG NO_QOPTS
##$RECO_wdw_mode=( 2 )
NO_WDW NO_WDW
$$ @vis= RECO_size RECO_regrid_mode RECO_ne_mode RECO_bc_mode RECO_qopts
##$RECO_lb=( 2 )
-0.5 -0.5
##$RECO_sw=( 2 )
50000 1
##$RECO_gb=( 2 )
0.5 0.5
##$RECO_sbs=( 2 )
1 1
##$RECO_tm1=( 2 )
0.25 0.25
##$RECO_tm2=( 2 )
0.75 0.75
##$RECO_ft_mode=( 2 )
COMPLEX_FFT COMPLEX_FFT
##$RECO_pc_mode=( 2 )
NO_PC NO_PC
##$RECO_pc_lin=( 2 )
(0, 0) (0, 0)
##$RECO_rotate=( 2, 1 )
0 0.5234375
##$RECO_ppc_mode=NO_PPC
##$RECO_ref_image=0
##$RECO_nr_supports=0.4
##$RECO_sig_threshold=0.15
##$RECO_ppc_degree=1
##$RECO_ppc_coeffs=( 1, 2, 2 )
0 0 0 0
##$RECO_dc_elim=No
$$ @vis= RECO_wdw_mode RECO_ft_mode RECO_pc_mode RECO_rotate RECO_ppc_mode
##$RECO_transposition=( 1 )
1
##$RECO_image_type=MAGNITUDE_IMAGE
##$RECO_image_threshold=0.15
##$RECO_ir_scale=10
##$RECO_wordtype=_16BIT_SGN_INT
##$RECO_map_mode=ABSOLUTE_MAPPING
$$ @vis= RECO_dc_elim RECO_transposition RECO_image_type RECO_wordtype
##$RECO_map_range=( 2 )
-2147483647 2147483647
##$RECO_map_percentile=( 2 )
1 99.99
##$RECO_map_error=0.0025
##$RECO_globex=( 105 )
0 0 0 0 0 0 0 0 0 0 0 0 0 0 0 0 0 0 0 0 0 0 0 0 0 0 0 0 0 0 0 0 0 0 0 0 0 0 0 
0 0 0 0 0 0 0 0 0 0 0 0 0 0 0 0 0 0 0 0 0 0 0 0 0 0 0 0 0 0 0 0 0 0 0 0 0 0 0 
0 0 0 0 0 0 0 0 0 0 0 0 0 0 0 0 0 0 0 0 0 0 0 0 0 0 0
##$RECO_minima=( 105 )
0 0 0 0 0 0 0 0 0 0 0 0 0 0 0 0 0 0 0 0 0 0 0 0 0 0 0 0 0 0 0 0 0 0 0 0 0 0 0 
0 0 0 0 0 0 0 0 0 0 0 0 0 0 0 0 0 0 0 0 0 0 0 0 0 0 0 0 0 0 0 0 0 0 0 0 0 0 0 
0 0 0 0 0 0 0 0 0 0 0 0 0 0 0 0 0 0 0 0 0 0 0 0 0 0 0
##$RECO_maxima=( 105 )
32767 29239 30988 29560 29589 29822 29240 29683 30039 29595 29845 29123 30141 
29866 28936 29974 29667 29647 29326 29374 29030 29479 29013 29079 28717 28806 
28541 29533 28105 28568 29678 28707 28715 29088 29578 29179 28538 29718 28348 
28381 28183 28433 28597 27873 28238 27914 28148 29177 28243 29075 28299 29566 
30075 28907 28658 30244 29170 30161 30430 29741 29121 29488 30543 29580 29286 
29950 29464 29631 29036 30243 29051 29795 29115 29159 29136 29793 29020 29291 
29350 29100 28865 28899 28792 28930 29165 28807 28735 28791 28741 28819 29020 
28913 28954 28187 28586 29171 28870 28827 29365 28716 28290 28187 28507 28489 
28624
##$RECO_map_min=( 105 )
-765501 -765501 -765501 -765501 -765501 -765501 -765501 -765501 -765501 
-765501 -765501 -765501 -765501 -765501 -765501 -765501 -765501 -765501 
-765501 -765501 -765501 -765501 -765501 -765501 -765501 -765501 -765501 
-765501 -765501 -765501 -765501 -765501 -765501 -765501 -765501 -765501 
-765501 -765501 -765501 -765501 -765501 -765501 -765501 -765501 -765501 
-765501 -765501 -765501 -765501 -765501 -765501 -765501 -765501 -765501 
-765501 -765501 -765501 -765501 -765501 -765501 -765501 -765501 -765501 
-765501 -765501 -765501 -765501 -765501 -765501 -765501 -765501 -765501 
-765501 -765501 -765501 -765501 -765501 -765501 -765501 -765501 -765501 
-765501 -765501 -765501 -765501 -765501 -765501 -765501 -765501 -765501 
-765501 -765501 -765501 -765501 -765501 -765501 -765501 -765501 -765501 
-765501 -765501 -765501 -765501 -765501 -765501
##$RECO_map_max=( 105 )
765501 765501 765501 765501 765501 765501 765501 765501 765501 765501 765501 
765501 765501 765501 765501 765501 765501 765501 765501 765501 765501 765501 
765501 765501 765501 765501 765501 765501 765501 765501 765501 765501 765501 
765501 765501 765501 765501 765501 765501 765501 765501 765501 765501 765501 
765501 765501 765501 765501 765501 765501 765501 765501 765501 765501 765501 
765501 765501 765501 765501 765501 765501 765501 765501 765501 765501 765501 
765501 765501 765501 765501 765501 765501 765501 765501 765501 765501 765501 
765501 765501 765501 765501 765501 765501 765501 765501 765501 765501 765501 
765501 765501 765501 765501 765501 765501 765501 765501 765501 765501 765501 
765501 765501 765501 765501 765501 765501
$$ @vis= RECO_map_mode RECO_globex RECO_minima RECO_maxima RECO_map_min
##$RECO_map_offset=( 105 )
0 0 0 0 0 0 0 0 0 0 0 0 0 0 0 0 0 0 0 0 0 0 0 0 0 0 0 0 0 0 0 0 0 0 0 0 0 0 0 
0 0 0 0 0 0 0 0 0 0 0 0 0 0 0 0 0 0 0 0 0 0 0 0 0 0 0 0 0 0 0 0 0 0 0 0 0 0 0 
0 0 0 0 0 0 0 0 0 0 0 0 0 0 0 0 0 0 0 0 0 0 0 0 0 0 0
##$RECO_map_slope=( 105 )
0.0428046472370625 0.0428046472370625 0.0428046472370625 0.0428046472370625 
0.0428046472370625 0.0428046472370625 0.0428046472370625 0.0428046472370625 
0.0428046472370625 0.0428046472370625 0.0428046472370625 0.0428046472370625 
0.0428046472370625 0.0428046472370625 0.0428046472370625 0.0428046472370625 
0.0428046472370625 0.0428046472370625 0.0428046472370625 0.0428046472370625 
0.0428046472370625 0.0428046472370625 0.0428046472370625 0.0428046472370625 
0.0428046472370625 0.0428046472370625 0.0428046472370625 0.0428046472370625 
0.0428046472370625 0.0428046472370625 0.0428046472370625 0.0428046472370625 
0.0428046472370625 0.0428046472370625 0.0428046472370625 0.0428046472370625 
0.0428046472370625 0.0428046472370625 0.0428046472370625 0.0428046472370625 
0.0428046472370625 0.0428046472370625 0.0428046472370625 0.0428046472370625 
0.0428046472370625 0.0428046472370625 0.0428046472370625 0.0428046472370625 
0.0428046472370625 0.0428046472370625 0.0428046472370625 0.0428046472370625 
0.0428046472370625 0.0428046472370625 0.0428046472370625 0.0428046472370625 
0.0428046472370625 0.0428046472370625 0.0428046472370625 0.0428046472370625 
0.0428046472370625 0.0428046472370625 0.0428046472370625 0.0428046472370625 
0.0428046472370625 0.0428046472370625 0.0428046472370625 0.0428046472370625 
0.0428046472370625 0.0428046472370625 0.0428046472370625 0.0428046472370625 
0.0428046472370625 0.0428046472370625 0.0428046472370625 0.0428046472370625 
0.0428046472370625 0.0428046472370625 0.0428046472370625 0.0428046472370625 
0.0428046472370625 0.0428046472370625 0.0428046472370625 0.0428046472370625 
0.0428046472370625 0.0428046472370625 0.0428046472370625 0.0428046472370625 
0.0428046472370625 0.0428046472370625 0.0428046472370625 0.0428046472370625 
0.0428046472370625 0.0428046472370625 0.0428046472370625 0.0428046472370625 
0.0428046472370625 0.0428046472370625 0.0428046472370625 0.0428046472370625 
0.0428046472370625 0.0428046472370625 0.0428046472370625 0.0428046472370625 
0.0428046472370625
##$RECO_byte_order=littleEndian
##$RECO_time=( 24 )
<12:15:27 20 May 2017>
##$RECO_abs_time=1495307727
$$ @vis= RECO_map_max RECO_map_offset RECO_map_slope RECO_byte_order RECO_time
##$RECO_base_image_uid=( 65 )
<2.16.756.5.5.100.4167689927.3250.1495308308.215>
##$GS_reco_display=Yes
$$ @vis= RECO_abs_time RECO_base_image_uid RecoRegridNGroup GS_reco_display
##$GO_reco_display=Yes
##$GO_reco_each_nr=No
##$GO_max_reco_mem=0
$$ @vis= RECO_GS GO_reco_display GO_reco_each_nr GO_max_reco_mem RECO_GO RECO
##END=
