##TITLE=Parameter List
##JCAMPDX=4.24
##DATATYPE=Parameter Values
##ORIGIN=Bruker BioSpin MRI GmbH
##OWNER=pacosta
$$ Wed Jan 18 17:49:03 2017 MST (UT-7h)  pacosta
$$ /opt/PV51/data/pacosta/nmr/Acosta_2071801_Isovue_pH703.FB1/4/pdata/1/reco
##$RECO_mode=FT_MODE
##$RecoAutoDerive=Yes
##$RECO_inp_order=NO_REORDERING
##$RECO_inp_size=( 2 )
128 64
##$RECO_ft_size=( 2 )
128 128
##$RECO_fov=( 2 )
6 6
##$RECO_size=( 2 )
128 128
$$ @vis= RECO_mode RecoAutoDerive RECO_inp_order RECO_ft_size RECO_fov
##$RECO_offset=( 2, 1 )
0 0
##$RECO_regrid_mode=NO_REGRID
##$RECO_regrid_offset=0
##$RECO_ramp_gap=0
##$RECO_ramp_time=0
##$RECO_ne_mode=NO_NAV_DATA
##$RECO_ne_dist=NeNoInterleave
##$RECO_ne_dens=NeCorrPerScan
##$RECO_ne_type=NAV_PHASE
##$RECO_ne_vals=( 1, 2 )
0 0
##$RECO_bc_mode=( 2 )
NO_BC NO_BC
##$RECO_bc_start=( 2 )
96 48
##$RECO_bc_len=( 2 )
32 16
##$RECO_dc_offset=( 2 )
0 0
##$RECO_dc_divisor=1
##$RECO_bc_coroff=( 2 )
0 0
##$RECO_qopts=( 2 )
CONJ_AND_QNEG NO_QOPTS
##$RECO_wdw_mode=( 2 )
NO_WDW NO_WDW
$$ @vis= RECO_size RECO_regrid_mode RECO_ne_mode RECO_bc_mode RECO_qopts
##$RECO_lb=( 2 )
-0.5 -0.5
##$RECO_sw=( 2 )
50000 1
##$RECO_gb=( 2 )
0.5 0.5
##$RECO_sbs=( 2 )
1 1
##$RECO_tm1=( 2 )
0.25 0.25
##$RECO_tm2=( 2 )
0.75 0.75
##$RECO_ft_mode=( 2 )
COMPLEX_FFT COMPLEX_FFT
##$RECO_pc_mode=( 2 )
NO_PC NO_PC
##$RECO_pc_lin=( 2 )
(0, 0) (0, 0)
##$RECO_rotate=( 2, 1 )
0 0.484375
##$RECO_ppc_mode=NO_PPC
##$RECO_ref_image=0
##$RECO_nr_supports=0.4
##$RECO_sig_threshold=0.15
##$RECO_ppc_degree=1
##$RECO_ppc_coeffs=( 1, 2, 2 )
0 0 0 0
##$RECO_dc_elim=No
$$ @vis= RECO_wdw_mode RECO_ft_mode RECO_pc_mode RECO_rotate RECO_ppc_mode
##$RECO_transposition=( 1 )
1
##$RECO_image_type=MAGNITUDE_IMAGE
##$RECO_image_threshold=0.15
##$RECO_ir_scale=10
##$RECO_wordtype=_16BIT_SGN_INT
##$RECO_map_mode=ABSOLUTE_MAPPING
$$ @vis= RECO_dc_elim RECO_transposition RECO_image_type RECO_wordtype
##$RECO_map_range=( 2 )
-2147483647 2147483647
##$RECO_map_percentile=( 2 )
1 99.99
##$RECO_map_error=0.0025
##$RECO_globex=( 105 )
0 0 0 0 0 0 0 0 0 0 0 0 0 0 0 0 0 0 0 0 0 0 0 0 0 0 0 0 0 0 0 0 0 0 0 0 0 0 0 
0 0 0 0 0 0 0 0 0 0 0 0 0 0 0 0 0 0 0 0 0 0 0 0 0 0 0 0 0 0 0 0 0 0 0 0 0 0 0 
0 0 0 0 0 0 0 0 0 0 0 0 0 0 0 0 0 0 0 0 0 0 0 0 0 0 0
##$RECO_minima=( 105 )
0 0 0 0 0 0 0 0 0 0 0 0 0 0 0 0 0 0 0 0 0 0 0 0 0 0 0 0 0 0 0 0 0 0 0 0 0 0 0 
0 0 0 0 0 0 0 0 0 0 0 0 0 0 0 0 0 0 0 0 0 0 0 0 0 0 0 0 0 0 0 0 0 0 0 0 0 0 0 
0 0 0 0 0 0 0 0 0 0 0 0 0 0 0 0 0 0 0 0 0 0 0 0 0 0 0
##$RECO_maxima=( 105 )
32766 29387 28347 28873 26685 26793 26109 25922 26278 26616 26004 26152 25502 
25644 25383 25372 24940 25119 24969 24951 24306 24147 24021 23182 23440 22965 
22364 21519 21519 20272 19512 19055 17721 15933 14786 13109 11571 10842 10226 
8852 8808 7009 5803 8031 10160 12803 14974 16414 17767 18481 19888 20547 
21167 22145 22096 23249 22887 23065 23377 23688 23705 23745 24646 25216 24889 
25000 25321 25281 25012 24873 25195 25251 25354 25828 26021 25495 25805 25388 
25821 26249 26194 26396 26371 26061 26291 25424 25875 26001 25237 25545 25999 
25965 25702 25803 25863 25529 25876 26662 26083 25990 26563 26342 26657 25780 
26742
##$RECO_map_min=( 105 )
-889892 -889892 -889892 -889892 -889892 -889892 -889892 -889892 -889892 
-889892 -889892 -889892 -889892 -889892 -889892 -889892 -889892 -889892 
-889892 -889892 -889892 -889892 -889892 -889892 -889892 -889892 -889892 
-889892 -889892 -889892 -889892 -889892 -889892 -889892 -889892 -889892 
-889892 -889892 -889892 -889892 -889892 -889892 -889892 -889892 -889892 
-889892 -889892 -889892 -889892 -889892 -889892 -889892 -889892 -889892 
-889892 -889892 -889892 -889892 -889892 -889892 -889892 -889892 -889892 
-889892 -889892 -889892 -889892 -889892 -889892 -889892 -889892 -889892 
-889892 -889892 -889892 -889892 -889892 -889892 -889892 -889892 -889892 
-889892 -889892 -889892 -889892 -889892 -889892 -889892 -889892 -889892 
-889892 -889892 -889892 -889892 -889892 -889892 -889892 -889892 -889892 
-889892 -889892 -889892 -889892 -889892 -889892
##$RECO_map_max=( 105 )
889892 889892 889892 889892 889892 889892 889892 889892 889892 889892 889892 
889892 889892 889892 889892 889892 889892 889892 889892 889892 889892 889892 
889892 889892 889892 889892 889892 889892 889892 889892 889892 889892 889892 
889892 889892 889892 889892 889892 889892 889892 889892 889892 889892 889892 
889892 889892 889892 889892 889892 889892 889892 889892 889892 889892 889892 
889892 889892 889892 889892 889892 889892 889892 889892 889892 889892 889892 
889892 889892 889892 889892 889892 889892 889892 889892 889892 889892 889892 
889892 889892 889892 889892 889892 889892 889892 889892 889892 889892 889892 
889892 889892 889892 889892 889892 889892 889892 889892 889892 889892 889892 
889892 889892 889892 889892 889892 889892
$$ @vis= RECO_map_mode RECO_globex RECO_minima RECO_maxima RECO_map_min
##$RECO_map_offset=( 105 )
0 0 0 0 0 0 0 0 0 0 0 0 0 0 0 0 0 0 0 0 0 0 0 0 0 0 0 0 0 0 0 0 0 0 0 0 0 0 0 
0 0 0 0 0 0 0 0 0 0 0 0 0 0 0 0 0 0 0 0 0 0 0 0 0 0 0 0 0 0 0 0 0 0 0 0 0 0 0 
0 0 0 0 0 0 0 0 0 0 0 0 0 0 0 0 0 0 0 0 0 0 0 0 0 0 0
##$RECO_map_slope=( 105 )
0.0368213206529617 0.0368213206529617 0.0368213206529617 0.0368213206529617 
0.0368213206529617 0.0368213206529617 0.0368213206529617 0.0368213206529617 
0.0368213206529617 0.0368213206529617 0.0368213206529617 0.0368213206529617 
0.0368213206529617 0.0368213206529617 0.0368213206529617 0.0368213206529617 
0.0368213206529617 0.0368213206529617 0.0368213206529617 0.0368213206529617 
0.0368213206529617 0.0368213206529617 0.0368213206529617 0.0368213206529617 
0.0368213206529617 0.0368213206529617 0.0368213206529617 0.0368213206529617 
0.0368213206529617 0.0368213206529617 0.0368213206529617 0.0368213206529617 
0.0368213206529617 0.0368213206529617 0.0368213206529617 0.0368213206529617 
0.0368213206529617 0.0368213206529617 0.0368213206529617 0.0368213206529617 
0.0368213206529617 0.0368213206529617 0.0368213206529617 0.0368213206529617 
0.0368213206529617 0.0368213206529617 0.0368213206529617 0.0368213206529617 
0.0368213206529617 0.0368213206529617 0.0368213206529617 0.0368213206529617 
0.0368213206529617 0.0368213206529617 0.0368213206529617 0.0368213206529617 
0.0368213206529617 0.0368213206529617 0.0368213206529617 0.0368213206529617 
0.0368213206529617 0.0368213206529617 0.0368213206529617 0.0368213206529617 
0.0368213206529617 0.0368213206529617 0.0368213206529617 0.0368213206529617 
0.0368213206529617 0.0368213206529617 0.0368213206529617 0.0368213206529617 
0.0368213206529617 0.0368213206529617 0.0368213206529617 0.0368213206529617 
0.0368213206529617 0.0368213206529617 0.0368213206529617 0.0368213206529617 
0.0368213206529617 0.0368213206529617 0.0368213206529617 0.0368213206529617 
0.0368213206529617 0.0368213206529617 0.0368213206529617 0.0368213206529617 
0.0368213206529617 0.0368213206529617 0.0368213206529617 0.0368213206529617 
0.0368213206529617 0.0368213206529617 0.0368213206529617 0.0368213206529617 
0.0368213206529617 0.0368213206529617 0.0368213206529617 0.0368213206529617 
0.0368213206529617 0.0368213206529617 0.0368213206529617 0.0368213206529617 
0.0368213206529617
##$RECO_byte_order=littleEndian
##$RECO_time=( 24 )
<17:39:21 18 Jan 2017>
##$RECO_abs_time=1484786361
$$ @vis= RECO_map_max RECO_map_offset RECO_map_slope RECO_byte_order RECO_time
##$RECO_base_image_uid=( 65 )
<2.16.756.5.5.100.4167689927.1341.1484786943.108>
##$GS_reco_display=Yes
$$ @vis= RECO_abs_time RECO_base_image_uid RecoRegridNGroup GS_reco_display
##$GO_reco_display=Yes
##$GO_reco_each_nr=No
##$GO_max_reco_mem=0
$$ @vis= RECO_GS GO_reco_display GO_reco_each_nr GO_max_reco_mem RECO_GO RECO
##END=
