##TITLE=Parameter List
##JCAMPDX=4.24
##DATATYPE=Parameter Values
##ORIGIN=Bruker BioSpin MRI GmbH
##OWNER=pacosta
$$ Wed Dec 21 07:26:03 2016 MST (UT-7h)  pacosta
$$ /opt/PV51/data/pacosta/nmr/Acosta_20162112_Isovue_pH740.F91/2/pdata/1/reco
##$RECO_mode=FT_MODE
##$RecoAutoDerive=Yes
##$RECO_inp_order=NO_REORDERING
##$RECO_inp_size=( 2 )
128 64
##$RECO_ft_size=( 2 )
128 128
##$RECO_fov=( 2 )
6 6
##$RECO_size=( 2 )
128 128
$$ @vis= RECO_mode RecoAutoDerive RECO_inp_order RECO_ft_size RECO_fov
##$RECO_offset=( 2, 1 )
0 0
##$RECO_regrid_mode=NO_REGRID
##$RECO_regrid_offset=0
##$RECO_ramp_gap=0
##$RECO_ramp_time=0
##$RECO_ne_mode=NO_NAV_DATA
##$RECO_ne_dist=NeNoInterleave
##$RECO_ne_dens=NeCorrPerScan
##$RECO_ne_type=NAV_PHASE
##$RECO_ne_vals=( 1, 2 )
0 0
##$RECO_bc_mode=( 2 )
NO_BC NO_BC
##$RECO_bc_start=( 2 )
96 48
##$RECO_bc_len=( 2 )
32 16
##$RECO_dc_offset=( 2 )
0 0
##$RECO_dc_divisor=1
##$RECO_bc_coroff=( 2 )
0 0
##$RECO_qopts=( 2 )
CONJ_AND_QNEG NO_QOPTS
##$RECO_wdw_mode=( 2 )
NO_WDW NO_WDW
$$ @vis= RECO_size RECO_regrid_mode RECO_ne_mode RECO_bc_mode RECO_qopts
##$RECO_lb=( 2 )
-0.5 -0.5
##$RECO_sw=( 2 )
50000 1
##$RECO_gb=( 2 )
0.5 0.5
##$RECO_sbs=( 2 )
1 1
##$RECO_tm1=( 2 )
0.25 0.25
##$RECO_tm2=( 2 )
0.75 0.75
##$RECO_ft_mode=( 2 )
COMPLEX_FFT COMPLEX_FFT
##$RECO_pc_mode=( 2 )
NO_PC NO_PC
##$RECO_pc_lin=( 2 )
(0, 0) (0, 0)
##$RECO_rotate=( 2, 1 )
0 0.484375
##$RECO_ppc_mode=NO_PPC
##$RECO_ref_image=0
##$RECO_nr_supports=0.4
##$RECO_sig_threshold=0.15
##$RECO_ppc_degree=1
##$RECO_ppc_coeffs=( 1, 2, 2 )
0 0 0 0
##$RECO_dc_elim=No
$$ @vis= RECO_wdw_mode RECO_ft_mode RECO_pc_mode RECO_rotate RECO_ppc_mode
##$RECO_transposition=( 1 )
1
##$RECO_image_type=MAGNITUDE_IMAGE
##$RECO_image_threshold=0.15
##$RECO_ir_scale=10
##$RECO_wordtype=_16BIT_SGN_INT
##$RECO_map_mode=ABSOLUTE_MAPPING
$$ @vis= RECO_dc_elim RECO_transposition RECO_image_type RECO_wordtype
##$RECO_map_range=( 2 )
-2147483647 2147483647
##$RECO_map_percentile=( 2 )
1 99.99
##$RECO_map_error=0.0025
##$RECO_globex=( 105 )
0 0 0 0 0 0 0 0 0 0 0 0 0 0 0 0 0 0 0 0 0 0 0 0 0 0 0 0 0 0 0 0 0 0 0 0 0 0 0 
0 0 0 0 0 0 0 0 0 0 0 0 0 0 0 0 0 0 0 0 0 0 0 0 0 0 0 0 0 0 0 0 0 0 0 0 0 0 0 
0 0 0 0 0 0 0 0 0 0 0 0 0 0 0 0 0 0 0 0 0 0 0 0 0 0 0
##$RECO_minima=( 105 )
0 0 0 0 0 0 0 0 0 0 0 0 0 0 0 0 0 0 0 0 0 0 0 0 0 0 0 0 0 0 0 0 0 0 0 0 0 0 0 
0 0 0 0 0 0 0 0 0 0 0 0 0 0 0 0 0 0 0 0 0 0 0 0 0 0 0 0 0 0 0 0 0 0 0 0 0 0 0 
0 0 0 0 0 0 0 0 0 0 0 0 0 0 0 0 0 0 0 0 0 0 0 0 0 0 0
##$RECO_maxima=( 105 )
32767 30754 31360 30785 29658 29560 29809 29619 28589 29662 28592 28894 28703 
28594 28627 28047 27772 26885 27129 27604 26945 26836 25724 25439 25004 23887 
23735 23208 22014 21311 20600 20116 19041 18624 17399 17813 16694 15065 13965 
12692 10957 10155 8828 7344 5649 4579 3985 3514 4219 4749 4845 5647 5813 6726 
8192 8499 9107 9150 10166 10912 11127 11230 11745 12541 12254 12684 12444 
12341 12867 12415 12673 11901 12050 12085 12045 12460 12846 13969 14569 15902 
16414 17467 17838 18549 19096 20252 20992 21512 22380 22977 23268 23870 24418 
24560 25337 25263 25495 26373 26334 26950 26488 27641 28067 27481 27802
##$RECO_map_min=( 105 )
-1111014 -1111014 -1111014 -1111014 -1111014 -1111014 -1111014 -1111014 
-1111014 -1111014 -1111014 -1111014 -1111014 -1111014 -1111014 -1111014 
-1111014 -1111014 -1111014 -1111014 -1111014 -1111014 -1111014 -1111014 
-1111014 -1111014 -1111014 -1111014 -1111014 -1111014 -1111014 -1111014 
-1111014 -1111014 -1111014 -1111014 -1111014 -1111014 -1111014 -1111014 
-1111014 -1111014 -1111014 -1111014 -1111014 -1111014 -1111014 -1111014 
-1111014 -1111014 -1111014 -1111014 -1111014 -1111014 -1111014 -1111014 
-1111014 -1111014 -1111014 -1111014 -1111014 -1111014 -1111014 -1111014 
-1111014 -1111014 -1111014 -1111014 -1111014 -1111014 -1111014 -1111014 
-1111014 -1111014 -1111014 -1111014 -1111014 -1111014 -1111014 -1111014 
-1111014 -1111014 -1111014 -1111014 -1111014 -1111014 -1111014 -1111014 
-1111014 -1111014 -1111014 -1111014 -1111014 -1111014 -1111014 -1111014 
-1111014 -1111014 -1111014 -1111014 -1111014 -1111014 -1111014 -1111014 
-1111014
##$RECO_map_max=( 105 )
1111014 1111014 1111014 1111014 1111014 1111014 1111014 1111014 1111014 
1111014 1111014 1111014 1111014 1111014 1111014 1111014 1111014 1111014 
1111014 1111014 1111014 1111014 1111014 1111014 1111014 1111014 1111014 
1111014 1111014 1111014 1111014 1111014 1111014 1111014 1111014 1111014 
1111014 1111014 1111014 1111014 1111014 1111014 1111014 1111014 1111014 
1111014 1111014 1111014 1111014 1111014 1111014 1111014 1111014 1111014 
1111014 1111014 1111014 1111014 1111014 1111014 1111014 1111014 1111014 
1111014 1111014 1111014 1111014 1111014 1111014 1111014 1111014 1111014 
1111014 1111014 1111014 1111014 1111014 1111014 1111014 1111014 1111014 
1111014 1111014 1111014 1111014 1111014 1111014 1111014 1111014 1111014 
1111014 1111014 1111014 1111014 1111014 1111014 1111014 1111014 1111014 
1111014 1111014 1111014 1111014 1111014 1111014
$$ @vis= RECO_map_mode RECO_globex RECO_minima RECO_maxima RECO_map_min
##$RECO_map_offset=( 105 )
0 0 0 0 0 0 0 0 0 0 0 0 0 0 0 0 0 0 0 0 0 0 0 0 0 0 0 0 0 0 0 0 0 0 0 0 0 0 0 
0 0 0 0 0 0 0 0 0 0 0 0 0 0 0 0 0 0 0 0 0 0 0 0 0 0 0 0 0 0 0 0 0 0 0 0 0 0 0 
0 0 0 0 0 0 0 0 0 0 0 0 0 0 0 0 0 0 0 0 0 0 0 0 0 0 0
##$RECO_map_slope=( 105 )
0.0294928774237633 0.0294928774237633 0.0294928774237633 0.0294928774237633 
0.0294928774237633 0.0294928774237633 0.0294928774237633 0.0294928774237633 
0.0294928774237633 0.0294928774237633 0.0294928774237633 0.0294928774237633 
0.0294928774237633 0.0294928774237633 0.0294928774237633 0.0294928774237633 
0.0294928774237633 0.0294928774237633 0.0294928774237633 0.0294928774237633 
0.0294928774237633 0.0294928774237633 0.0294928774237633 0.0294928774237633 
0.0294928774237633 0.0294928774237633 0.0294928774237633 0.0294928774237633 
0.0294928774237633 0.0294928774237633 0.0294928774237633 0.0294928774237633 
0.0294928774237633 0.0294928774237633 0.0294928774237633 0.0294928774237633 
0.0294928774237633 0.0294928774237633 0.0294928774237633 0.0294928774237633 
0.0294928774237633 0.0294928774237633 0.0294928774237633 0.0294928774237633 
0.0294928774237633 0.0294928774237633 0.0294928774237633 0.0294928774237633 
0.0294928774237633 0.0294928774237633 0.0294928774237633 0.0294928774237633 
0.0294928774237633 0.0294928774237633 0.0294928774237633 0.0294928774237633 
0.0294928774237633 0.0294928774237633 0.0294928774237633 0.0294928774237633 
0.0294928774237633 0.0294928774237633 0.0294928774237633 0.0294928774237633 
0.0294928774237633 0.0294928774237633 0.0294928774237633 0.0294928774237633 
0.0294928774237633 0.0294928774237633 0.0294928774237633 0.0294928774237633 
0.0294928774237633 0.0294928774237633 0.0294928774237633 0.0294928774237633 
0.0294928774237633 0.0294928774237633 0.0294928774237633 0.0294928774237633 
0.0294928774237633 0.0294928774237633 0.0294928774237633 0.0294928774237633 
0.0294928774237633 0.0294928774237633 0.0294928774237633 0.0294928774237633 
0.0294928774237633 0.0294928774237633 0.0294928774237633 0.0294928774237633 
0.0294928774237633 0.0294928774237633 0.0294928774237633 0.0294928774237633 
0.0294928774237633 0.0294928774237633 0.0294928774237633 0.0294928774237633 
0.0294928774237633 0.0294928774237633 0.0294928774237633 0.0294928774237633 
0.0294928774237633
##$RECO_byte_order=littleEndian
##$RECO_time=( 24 )
<07:16:22 21 Dec 2016>
##$RECO_abs_time=1482329782
$$ @vis= RECO_map_max RECO_map_offset RECO_map_slope RECO_byte_order RECO_time
##$RECO_base_image_uid=( 65 )
<2.16.756.5.5.100.4167689927.18903.1482330363.213>
##$GS_reco_display=Yes
$$ @vis= RECO_abs_time RECO_base_image_uid RecoRegridNGroup GS_reco_display
##$GO_reco_display=Yes
##$GO_reco_each_nr=No
##$GO_max_reco_mem=0
$$ @vis= RECO_GS GO_reco_display GO_reco_each_nr GO_max_reco_mem RECO_GO RECO
##END=
