##TITLE=Parameter List
##JCAMPDX=4.24
##DATATYPE=Parameter Values
##ORIGIN=Bruker BioSpin MRI GmbH
##OWNER=jdegrand
$$ Thu Mar 30 20:11:49 2017 MST (UT-7h)  jdegrand
$$ /opt/PV51/data/jdegrand/nmr/degrandchamp_20170330_oxilan_pH660.GK1/2/pdata/1/reco
##$RECO_mode=FT_MODE
##$RecoAutoDerive=Yes
##$RECO_inp_order=NO_REORDERING
##$RECO_inp_size=( 2 )
128 64
##$RECO_ft_size=( 2 )
128 128
##$RECO_fov=( 2 )
4 4
##$RECO_size=( 2 )
128 128
$$ @vis= RECO_mode RecoAutoDerive RECO_inp_order RECO_ft_size RECO_fov
##$RECO_offset=( 2, 1 )
0 0
##$RECO_regrid_mode=NO_REGRID
##$RECO_regrid_offset=0
##$RECO_ramp_gap=0
##$RECO_ramp_time=0
##$RECO_ne_mode=NO_NAV_DATA
##$RECO_ne_dist=NeNoInterleave
##$RECO_ne_dens=NeCorrPerScan
##$RECO_ne_type=NAV_PHASE
##$RECO_ne_vals=( 1, 2 )
0 0
##$RECO_bc_mode=( 2 )
NO_BC NO_BC
##$RECO_bc_start=( 2 )
96 48
##$RECO_bc_len=( 2 )
32 16
##$RECO_dc_offset=( 2 )
0 0
##$RECO_dc_divisor=1
##$RECO_bc_coroff=( 2 )
0 0
##$RECO_qopts=( 2 )
CONJ_AND_QNEG NO_QOPTS
##$RECO_wdw_mode=( 2 )
NO_WDW NO_WDW
$$ @vis= RECO_size RECO_regrid_mode RECO_ne_mode RECO_bc_mode RECO_qopts
##$RECO_lb=( 2 )
-0.5 -0.5
##$RECO_sw=( 2 )
50000 1
##$RECO_gb=( 2 )
0.5 0.5
##$RECO_sbs=( 2 )
1 1
##$RECO_tm1=( 2 )
0.25 0.25
##$RECO_tm2=( 2 )
0.75 0.75
##$RECO_ft_mode=( 2 )
COMPLEX_FFT COMPLEX_FFT
##$RECO_pc_mode=( 2 )
NO_PC NO_PC
##$RECO_pc_lin=( 2 )
(0, 0) (0, 0)
##$RECO_rotate=( 2, 1 )
0 0.4765625
##$RECO_ppc_mode=NO_PPC
##$RECO_ref_image=0
##$RECO_nr_supports=0.4
##$RECO_sig_threshold=0.15
##$RECO_ppc_degree=1
##$RECO_ppc_coeffs=( 1, 2, 2 )
0 0 0 0
##$RECO_dc_elim=No
$$ @vis= RECO_wdw_mode RECO_ft_mode RECO_pc_mode RECO_rotate RECO_ppc_mode
##$RECO_transposition=( 1 )
1
##$RECO_image_type=MAGNITUDE_IMAGE
##$RECO_image_threshold=0.15
##$RECO_ir_scale=10
##$RECO_wordtype=_16BIT_SGN_INT
##$RECO_map_mode=ABSOLUTE_MAPPING
$$ @vis= RECO_dc_elim RECO_transposition RECO_image_type RECO_wordtype
##$RECO_map_range=( 2 )
-2147483647 2147483647
##$RECO_map_percentile=( 2 )
1 99.99
##$RECO_map_error=0.0025
##$RECO_globex=( 105 )
0 0 0 0 0 0 0 0 0 0 0 0 0 0 0 0 0 0 0 0 0 0 0 0 0 0 0 0 0 0 0 0 0 0 0 0 0 0 0 
0 0 0 0 0 0 0 0 0 0 0 0 0 0 0 0 0 0 0 0 0 0 0 0 0 0 0 0 0 0 0 0 0 0 0 0 0 0 0 
0 0 0 0 0 0 0 0 0 0 0 0 0 0 0 0 0 0 0 0 0 0 0 0 0 0 0
##$RECO_minima=( 105 )
0 0 0 0 0 0 0 0 0 0 0 0 0 0 0 0 0 0 0 0 0 0 0 0 0 0 0 0 0 0 0 0 0 0 0 0 0 0 0 
0 0 0 0 0 0 0 0 0 0 0 0 0 0 0 0 0 0 0 0 0 0 0 0 0 0 0 0 0 0 0 0 0 0 0 0 0 0 0 
0 0 0 0 0 0 0 0 0 0 0 0 0 0 0 0 0 0 0 0 0 0 0 0 0 0 0
##$RECO_maxima=( 105 )
32767 27762 27982 27803 26611 26392 26221 25976 25748 26681 26040 26763 26291 
26699 25930 26921 26106 26559 26866 26495 26020 26137 26722 26877 26104 26208 
27134 26595 26907 26661 26550 26929 26702 27501 26936 26435 26051 27233 27314 
26262 26243 26957 27121 26356 27021 26659 25854 26533 26232 26215 25178 24648 
25005 23229 22476 22929 23658 22900 22440 23185 22931 23142 23791 22671 22716 
24350 26165 27794 26547 27908 27967 28080 29759 29808 29309 29370 29341 29368 
29158 30529 30596 29745 30029 30391 30385 30025 30659 30726 30435 30687 31546 
30160 30410 30217 30786 29944 31186 30562 31179 31024 30785 31044 32296 30924 
30237
##$RECO_map_min=( 105 )
-778566 -778566 -778566 -778566 -778566 -778566 -778566 -778566 -778566 
-778566 -778566 -778566 -778566 -778566 -778566 -778566 -778566 -778566 
-778566 -778566 -778566 -778566 -778566 -778566 -778566 -778566 -778566 
-778566 -778566 -778566 -778566 -778566 -778566 -778566 -778566 -778566 
-778566 -778566 -778566 -778566 -778566 -778566 -778566 -778566 -778566 
-778566 -778566 -778566 -778566 -778566 -778566 -778566 -778566 -778566 
-778566 -778566 -778566 -778566 -778566 -778566 -778566 -778566 -778566 
-778566 -778566 -778566 -778566 -778566 -778566 -778566 -778566 -778566 
-778566 -778566 -778566 -778566 -778566 -778566 -778566 -778566 -778566 
-778566 -778566 -778566 -778566 -778566 -778566 -778566 -778566 -778566 
-778566 -778566 -778566 -778566 -778566 -778566 -778566 -778566 -778566 
-778566 -778566 -778566 -778566 -778566 -778566
##$RECO_map_max=( 105 )
778566 778566 778566 778566 778566 778566 778566 778566 778566 778566 778566 
778566 778566 778566 778566 778566 778566 778566 778566 778566 778566 778566 
778566 778566 778566 778566 778566 778566 778566 778566 778566 778566 778566 
778566 778566 778566 778566 778566 778566 778566 778566 778566 778566 778566 
778566 778566 778566 778566 778566 778566 778566 778566 778566 778566 778566 
778566 778566 778566 778566 778566 778566 778566 778566 778566 778566 778566 
778566 778566 778566 778566 778566 778566 778566 778566 778566 778566 778566 
778566 778566 778566 778566 778566 778566 778566 778566 778566 778566 778566 
778566 778566 778566 778566 778566 778566 778566 778566 778566 778566 778566 
778566 778566 778566 778566 778566 778566
$$ @vis= RECO_map_mode RECO_globex RECO_minima RECO_maxima RECO_map_min
##$RECO_map_offset=( 105 )
0 0 0 0 0 0 0 0 0 0 0 0 0 0 0 0 0 0 0 0 0 0 0 0 0 0 0 0 0 0 0 0 0 0 0 0 0 0 0 
0 0 0 0 0 0 0 0 0 0 0 0 0 0 0 0 0 0 0 0 0 0 0 0 0 0 0 0 0 0 0 0 0 0 0 0 0 0 0 
0 0 0 0 0 0 0 0 0 0 0 0 0 0 0 0 0 0 0 0 0 0 0 0 0 0 0
##$RECO_map_slope=( 105 )
0.0420863479375839 0.0420863479375839 0.0420863479375839 0.0420863479375839 
0.0420863479375839 0.0420863479375839 0.0420863479375839 0.0420863479375839 
0.0420863479375839 0.0420863479375839 0.0420863479375839 0.0420863479375839 
0.0420863479375839 0.0420863479375839 0.0420863479375839 0.0420863479375839 
0.0420863479375839 0.0420863479375839 0.0420863479375839 0.0420863479375839 
0.0420863479375839 0.0420863479375839 0.0420863479375839 0.0420863479375839 
0.0420863479375839 0.0420863479375839 0.0420863479375839 0.0420863479375839 
0.0420863479375839 0.0420863479375839 0.0420863479375839 0.0420863479375839 
0.0420863479375839 0.0420863479375839 0.0420863479375839 0.0420863479375839 
0.0420863479375839 0.0420863479375839 0.0420863479375839 0.0420863479375839 
0.0420863479375839 0.0420863479375839 0.0420863479375839 0.0420863479375839 
0.0420863479375839 0.0420863479375839 0.0420863479375839 0.0420863479375839 
0.0420863479375839 0.0420863479375839 0.0420863479375839 0.0420863479375839 
0.0420863479375839 0.0420863479375839 0.0420863479375839 0.0420863479375839 
0.0420863479375839 0.0420863479375839 0.0420863479375839 0.0420863479375839 
0.0420863479375839 0.0420863479375839 0.0420863479375839 0.0420863479375839 
0.0420863479375839 0.0420863479375839 0.0420863479375839 0.0420863479375839 
0.0420863479375839 0.0420863479375839 0.0420863479375839 0.0420863479375839 
0.0420863479375839 0.0420863479375839 0.0420863479375839 0.0420863479375839 
0.0420863479375839 0.0420863479375839 0.0420863479375839 0.0420863479375839 
0.0420863479375839 0.0420863479375839 0.0420863479375839 0.0420863479375839 
0.0420863479375839 0.0420863479375839 0.0420863479375839 0.0420863479375839 
0.0420863479375839 0.0420863479375839 0.0420863479375839 0.0420863479375839 
0.0420863479375839 0.0420863479375839 0.0420863479375839 0.0420863479375839 
0.0420863479375839 0.0420863479375839 0.0420863479375839 0.0420863479375839 
0.0420863479375839 0.0420863479375839 0.0420863479375839 0.0420863479375839 
0.0420863479375839
##$RECO_byte_order=littleEndian
##$RECO_time=( 24 )
<20:02:08 30 Mar 2017>
##$RECO_abs_time=1490929328
$$ @vis= RECO_map_max RECO_map_offset RECO_map_slope RECO_byte_order RECO_time
##$RECO_base_image_uid=( 65 )
<2.16.756.5.5.100.4167689927.31017.1490929909.224>
##$GS_reco_display=Yes
$$ @vis= RECO_abs_time RECO_base_image_uid RecoRegridNGroup GS_reco_display
##$GO_reco_display=Yes
##$GO_reco_each_nr=No
##$GO_max_reco_mem=0
$$ @vis= RECO_GS GO_reco_display GO_reco_each_nr GO_max_reco_mem RECO_GO RECO
##END=
