##TITLE=Parameter List
##JCAMPDX=4.24
##DATATYPE=Parameter Values
##ORIGIN=Bruker BioSpin MRI GmbH
##OWNER=pacosta
$$ Sat Apr  1 17:34:40 2017 MST (UT-7h)  pacosta
$$ /opt/PV51/data/pacosta/nmr/Acosta_20170401_Isovue_pH800.GM1/3/pdata/1/reco
##$RECO_mode=FT_MODE
##$RecoAutoDerive=Yes
##$RECO_inp_order=NO_REORDERING
##$RECO_inp_size=( 2 )
128 64
##$RECO_ft_size=( 2 )
128 128
##$RECO_fov=( 2 )
6 6
##$RECO_size=( 2 )
128 128
$$ @vis= RECO_mode RecoAutoDerive RECO_inp_order RECO_ft_size RECO_fov
##$RECO_offset=( 2, 1 )
0 0
##$RECO_regrid_mode=NO_REGRID
##$RECO_regrid_offset=0
##$RECO_ramp_gap=0
##$RECO_ramp_time=0
##$RECO_ne_mode=NO_NAV_DATA
##$RECO_ne_dist=NeNoInterleave
##$RECO_ne_dens=NeCorrPerScan
##$RECO_ne_type=NAV_PHASE
##$RECO_ne_vals=( 1, 2 )
0 0
##$RECO_bc_mode=( 2 )
NO_BC NO_BC
##$RECO_bc_start=( 2 )
96 48
##$RECO_bc_len=( 2 )
32 16
##$RECO_dc_offset=( 2 )
0 0
##$RECO_dc_divisor=1
##$RECO_bc_coroff=( 2 )
0 0
##$RECO_qopts=( 2 )
CONJ_AND_QNEG NO_QOPTS
##$RECO_wdw_mode=( 2 )
NO_WDW NO_WDW
$$ @vis= RECO_size RECO_regrid_mode RECO_ne_mode RECO_bc_mode RECO_qopts
##$RECO_lb=( 2 )
-0.5 -0.5
##$RECO_sw=( 2 )
50000 1
##$RECO_gb=( 2 )
0.5 0.5
##$RECO_sbs=( 2 )
1 1
##$RECO_tm1=( 2 )
0.25 0.25
##$RECO_tm2=( 2 )
0.75 0.75
##$RECO_ft_mode=( 2 )
COMPLEX_FFT COMPLEX_FFT
##$RECO_pc_mode=( 2 )
NO_PC NO_PC
##$RECO_pc_lin=( 2 )
(0, 0) (0, 0)
##$RECO_rotate=( 2, 1 )
0 0.484375
##$RECO_ppc_mode=NO_PPC
##$RECO_ref_image=0
##$RECO_nr_supports=0.4
##$RECO_sig_threshold=0.15
##$RECO_ppc_degree=1
##$RECO_ppc_coeffs=( 1, 2, 2 )
0 0 0 0
##$RECO_dc_elim=No
$$ @vis= RECO_wdw_mode RECO_ft_mode RECO_pc_mode RECO_rotate RECO_ppc_mode
##$RECO_transposition=( 1 )
1
##$RECO_image_type=MAGNITUDE_IMAGE
##$RECO_image_threshold=0.15
##$RECO_ir_scale=10
##$RECO_wordtype=_16BIT_SGN_INT
##$RECO_map_mode=ABSOLUTE_MAPPING
$$ @vis= RECO_dc_elim RECO_transposition RECO_image_type RECO_wordtype
##$RECO_map_range=( 2 )
-2147483647 2147483647
##$RECO_map_percentile=( 2 )
1 99.99
##$RECO_map_error=0.0025
##$RECO_globex=( 105 )
0 0 0 0 0 0 0 0 0 0 0 0 0 0 0 0 0 0 0 0 0 0 0 0 0 0 0 0 0 0 0 0 0 0 0 0 0 0 0 
0 0 0 0 0 0 0 0 0 0 0 0 0 0 0 0 0 0 0 0 0 0 0 0 0 0 0 0 0 0 0 0 0 0 0 0 0 0 0 
0 0 0 0 0 0 0 0 0 0 0 0 0 0 0 0 0 0 0 0 0 0 0 0 0 0 0
##$RECO_minima=( 105 )
0 0 0 0 0 0 0 0 0 0 0 0 0 0 0 0 0 0 0 0 0 0 0 0 0 0 0 0 0 0 0 0 0 0 0 0 0 0 0 
0 0 0 0 0 0 0 0 0 0 0 0 0 0 0 0 0 0 0 0 0 0 0 0 0 0 0 0 0 0 0 0 0 0 0 0 0 0 0 
0 0 0 0 0 0 0 0 0 0 0 0 0 0 0 0 0 0 0 0 0 0 0 0 0 0 0
##$RECO_maxima=( 105 )
32767 30538 30549 30765 29393 28442 28412 28237 28069 28013 28502 28056 27293 
27046 27234 26912 26514 26166 25536 24872 24507 23942 23180 21914 21374 20611 
20238 20109 19537 19138 17995 18124 16833 16056 15090 13947 12870 12744 11488 
10832 10273 10047 8771 8468 10875 13101 14957 16425 18133 18317 18841 19784 
20901 20322 21121 21330 22342 22309 21735 22576 22627 22929 22903 22896 22922 
22816 22901 23414 23593 24100 23678 23262 24064 23610 23879 24316 25157 24872 
26060 26589 25524 26617 27423 28114 28253 28081 28676 29223 29329 29789 30062 
29832 31134 30541 30314 30673 31149 31185 30456 31130 31313 31306 31943 31545 
31301
##$RECO_map_min=( 105 )
-1382537 -1382537 -1382537 -1382537 -1382537 -1382537 -1382537 -1382537 
-1382537 -1382537 -1382537 -1382537 -1382537 -1382537 -1382537 -1382537 
-1382537 -1382537 -1382537 -1382537 -1382537 -1382537 -1382537 -1382537 
-1382537 -1382537 -1382537 -1382537 -1382537 -1382537 -1382537 -1382537 
-1382537 -1382537 -1382537 -1382537 -1382537 -1382537 -1382537 -1382537 
-1382537 -1382537 -1382537 -1382537 -1382537 -1382537 -1382537 -1382537 
-1382537 -1382537 -1382537 -1382537 -1382537 -1382537 -1382537 -1382537 
-1382537 -1382537 -1382537 -1382537 -1382537 -1382537 -1382537 -1382537 
-1382537 -1382537 -1382537 -1382537 -1382537 -1382537 -1382537 -1382537 
-1382537 -1382537 -1382537 -1382537 -1382537 -1382537 -1382537 -1382537 
-1382537 -1382537 -1382537 -1382537 -1382537 -1382537 -1382537 -1382537 
-1382537 -1382537 -1382537 -1382537 -1382537 -1382537 -1382537 -1382537 
-1382537 -1382537 -1382537 -1382537 -1382537 -1382537 -1382537 -1382537 
-1382537
##$RECO_map_max=( 105 )
1382537 1382537 1382537 1382537 1382537 1382537 1382537 1382537 1382537 
1382537 1382537 1382537 1382537 1382537 1382537 1382537 1382537 1382537 
1382537 1382537 1382537 1382537 1382537 1382537 1382537 1382537 1382537 
1382537 1382537 1382537 1382537 1382537 1382537 1382537 1382537 1382537 
1382537 1382537 1382537 1382537 1382537 1382537 1382537 1382537 1382537 
1382537 1382537 1382537 1382537 1382537 1382537 1382537 1382537 1382537 
1382537 1382537 1382537 1382537 1382537 1382537 1382537 1382537 1382537 
1382537 1382537 1382537 1382537 1382537 1382537 1382537 1382537 1382537 
1382537 1382537 1382537 1382537 1382537 1382537 1382537 1382537 1382537 
1382537 1382537 1382537 1382537 1382537 1382537 1382537 1382537 1382537 
1382537 1382537 1382537 1382537 1382537 1382537 1382537 1382537 1382537 
1382537 1382537 1382537 1382537 1382537 1382537
$$ @vis= RECO_map_mode RECO_globex RECO_minima RECO_maxima RECO_map_min
##$RECO_map_offset=( 105 )
0 0 0 0 0 0 0 0 0 0 0 0 0 0 0 0 0 0 0 0 0 0 0 0 0 0 0 0 0 0 0 0 0 0 0 0 0 0 0 
0 0 0 0 0 0 0 0 0 0 0 0 0 0 0 0 0 0 0 0 0 0 0 0 0 0 0 0 0 0 0 0 0 0 0 0 0 0 0 
0 0 0 0 0 0 0 0 0 0 0 0 0 0 0 0 0 0 0 0 0 0 0 0 0 0 0
##$RECO_map_slope=( 105 )
0.0237006321549416 0.0237006321549416 0.0237006321549416 0.0237006321549416 
0.0237006321549416 0.0237006321549416 0.0237006321549416 0.0237006321549416 
0.0237006321549416 0.0237006321549416 0.0237006321549416 0.0237006321549416 
0.0237006321549416 0.0237006321549416 0.0237006321549416 0.0237006321549416 
0.0237006321549416 0.0237006321549416 0.0237006321549416 0.0237006321549416 
0.0237006321549416 0.0237006321549416 0.0237006321549416 0.0237006321549416 
0.0237006321549416 0.0237006321549416 0.0237006321549416 0.0237006321549416 
0.0237006321549416 0.0237006321549416 0.0237006321549416 0.0237006321549416 
0.0237006321549416 0.0237006321549416 0.0237006321549416 0.0237006321549416 
0.0237006321549416 0.0237006321549416 0.0237006321549416 0.0237006321549416 
0.0237006321549416 0.0237006321549416 0.0237006321549416 0.0237006321549416 
0.0237006321549416 0.0237006321549416 0.0237006321549416 0.0237006321549416 
0.0237006321549416 0.0237006321549416 0.0237006321549416 0.0237006321549416 
0.0237006321549416 0.0237006321549416 0.0237006321549416 0.0237006321549416 
0.0237006321549416 0.0237006321549416 0.0237006321549416 0.0237006321549416 
0.0237006321549416 0.0237006321549416 0.0237006321549416 0.0237006321549416 
0.0237006321549416 0.0237006321549416 0.0237006321549416 0.0237006321549416 
0.0237006321549416 0.0237006321549416 0.0237006321549416 0.0237006321549416 
0.0237006321549416 0.0237006321549416 0.0237006321549416 0.0237006321549416 
0.0237006321549416 0.0237006321549416 0.0237006321549416 0.0237006321549416 
0.0237006321549416 0.0237006321549416 0.0237006321549416 0.0237006321549416 
0.0237006321549416 0.0237006321549416 0.0237006321549416 0.0237006321549416 
0.0237006321549416 0.0237006321549416 0.0237006321549416 0.0237006321549416 
0.0237006321549416 0.0237006321549416 0.0237006321549416 0.0237006321549416 
0.0237006321549416 0.0237006321549416 0.0237006321549416 0.0237006321549416 
0.0237006321549416 0.0237006321549416 0.0237006321549416 0.0237006321549416 
0.0237006321549416
##$RECO_byte_order=littleEndian
##$RECO_time=( 24 )
<17:24:59  1 Apr 2017>
##$RECO_abs_time=1491092699
$$ @vis= RECO_map_max RECO_map_offset RECO_map_slope RECO_byte_order RECO_time
##$RECO_base_image_uid=( 65 )
<2.16.756.5.5.100.4167689927.29048.1491093280.107>
##$GS_reco_display=Yes
$$ @vis= RECO_abs_time RECO_base_image_uid RecoRegridNGroup GS_reco_display
##$GO_reco_display=Yes
##$GO_reco_each_nr=No
##$GO_max_reco_mem=0
$$ @vis= RECO_GS GO_reco_display GO_reco_each_nr GO_max_reco_mem RECO_GO RECO
##END=
