##TITLE=Parameter List
##JCAMPDX=4.24
##DATATYPE=Parameter Values
##ORIGIN=Bruker BioSpin MRI GmbH
##OWNER=jdegrand
$$ Mon Mar 27 21:54:58 2017 MST (UT-7h)  jdegrand
$$ /opt/PV51/data/jdegrand/nmr/degrandchamp_20170327_oxilan_pH676.GH1/2/pdata/1/reco
##$RECO_mode=FT_MODE
##$RecoAutoDerive=Yes
##$RECO_inp_order=NO_REORDERING
##$RECO_inp_size=( 2 )
128 64
##$RECO_ft_size=( 2 )
128 128
##$RECO_fov=( 2 )
4 4
##$RECO_size=( 2 )
128 128
$$ @vis= RECO_mode RecoAutoDerive RECO_inp_order RECO_ft_size RECO_fov
##$RECO_offset=( 2, 1 )
0 0
##$RECO_regrid_mode=NO_REGRID
##$RECO_regrid_offset=0
##$RECO_ramp_gap=0
##$RECO_ramp_time=0
##$RECO_ne_mode=NO_NAV_DATA
##$RECO_ne_dist=NeNoInterleave
##$RECO_ne_dens=NeCorrPerScan
##$RECO_ne_type=NAV_PHASE
##$RECO_ne_vals=( 1, 2 )
0 0
##$RECO_bc_mode=( 2 )
NO_BC NO_BC
##$RECO_bc_start=( 2 )
96 48
##$RECO_bc_len=( 2 )
32 16
##$RECO_dc_offset=( 2 )
0 0
##$RECO_dc_divisor=1
##$RECO_bc_coroff=( 2 )
0 0
##$RECO_qopts=( 2 )
CONJ_AND_QNEG NO_QOPTS
##$RECO_wdw_mode=( 2 )
NO_WDW NO_WDW
$$ @vis= RECO_size RECO_regrid_mode RECO_ne_mode RECO_bc_mode RECO_qopts
##$RECO_lb=( 2 )
-0.5 -0.5
##$RECO_sw=( 2 )
50000 1
##$RECO_gb=( 2 )
0.5 0.5
##$RECO_sbs=( 2 )
1 1
##$RECO_tm1=( 2 )
0.25 0.25
##$RECO_tm2=( 2 )
0.75 0.75
##$RECO_ft_mode=( 2 )
COMPLEX_FFT COMPLEX_FFT
##$RECO_pc_mode=( 2 )
NO_PC NO_PC
##$RECO_pc_lin=( 2 )
(0, 0) (0, 0)
##$RECO_rotate=( 2, 1 )
0 0.4765625
##$RECO_ppc_mode=NO_PPC
##$RECO_ref_image=0
##$RECO_nr_supports=0.4
##$RECO_sig_threshold=0.15
##$RECO_ppc_degree=1
##$RECO_ppc_coeffs=( 1, 2, 2 )
0 0 0 0
##$RECO_dc_elim=No
$$ @vis= RECO_wdw_mode RECO_ft_mode RECO_pc_mode RECO_rotate RECO_ppc_mode
##$RECO_transposition=( 1 )
1
##$RECO_image_type=MAGNITUDE_IMAGE
##$RECO_image_threshold=0.15
##$RECO_ir_scale=10
##$RECO_wordtype=_16BIT_SGN_INT
##$RECO_map_mode=ABSOLUTE_MAPPING
$$ @vis= RECO_dc_elim RECO_transposition RECO_image_type RECO_wordtype
##$RECO_map_range=( 2 )
-2147483647 2147483647
##$RECO_map_percentile=( 2 )
1 99.99
##$RECO_map_error=0.0025
##$RECO_globex=( 105 )
0 0 0 0 0 0 0 0 0 0 0 0 0 0 0 0 0 0 0 0 0 0 0 0 0 0 0 0 0 0 0 0 0 0 0 0 0 0 0 
0 0 0 0 0 0 0 0 0 0 0 0 0 0 0 0 0 0 0 0 0 0 0 0 0 0 0 0 0 0 0 0 0 0 0 0 0 0 0 
0 0 0 0 0 0 0 0 0 0 0 0 0 0 0 0 0 0 0 0 0 0 0 0 0 0 0
##$RECO_minima=( 105 )
0 0 0 0 0 0 0 0 0 0 0 0 0 0 0 0 0 0 0 0 0 0 0 0 0 0 0 0 0 0 0 0 0 0 0 0 0 0 0 
0 0 0 0 0 0 0 0 0 0 0 0 0 0 0 0 0 0 0 0 0 0 0 0 0 0 0 0 0 0 0 0 0 0 0 0 0 0 0 
0 0 0 0 0 0 0 0 0 0 0 0 0 0 0 0 0 0 0 0 0 0 0 0 0 0 0
##$RECO_maxima=( 105 )
32767 31951 32221 31447 31548 31095 31312 31251 31819 31549 31785 31346 31093 
31178 31647 30961 30711 31214 30803 31098 30543 31305 30546 30631 30880 31026 
30323 31070 30633 30866 30615 30304 30333 30030 30322 30496 30389 30008 29438 
29795 29983 29008 29315 28363 28177 27888 26821 26559 24605 21755 20637 22159 
23446 24453 24989 25556 25560 25561 26323 25310 25834 25654 25880 26108 25927 
27218 26469 27635 28269 29429 29164 30353 29917 30218 30757 30262 31218 31122 
30930 30709 30946 32246 31568 32234 31216 31293 31618 31703 31748 31433 31772 
31236 31471 31822 32124 31587 31518 31733 31823 32394 32624 31961 31614 31460 
31672
##$RECO_map_min=( 105 )
-805136 -805136 -805136 -805136 -805136 -805136 -805136 -805136 -805136 
-805136 -805136 -805136 -805136 -805136 -805136 -805136 -805136 -805136 
-805136 -805136 -805136 -805136 -805136 -805136 -805136 -805136 -805136 
-805136 -805136 -805136 -805136 -805136 -805136 -805136 -805136 -805136 
-805136 -805136 -805136 -805136 -805136 -805136 -805136 -805136 -805136 
-805136 -805136 -805136 -805136 -805136 -805136 -805136 -805136 -805136 
-805136 -805136 -805136 -805136 -805136 -805136 -805136 -805136 -805136 
-805136 -805136 -805136 -805136 -805136 -805136 -805136 -805136 -805136 
-805136 -805136 -805136 -805136 -805136 -805136 -805136 -805136 -805136 
-805136 -805136 -805136 -805136 -805136 -805136 -805136 -805136 -805136 
-805136 -805136 -805136 -805136 -805136 -805136 -805136 -805136 -805136 
-805136 -805136 -805136 -805136 -805136 -805136
##$RECO_map_max=( 105 )
805136 805136 805136 805136 805136 805136 805136 805136 805136 805136 805136 
805136 805136 805136 805136 805136 805136 805136 805136 805136 805136 805136 
805136 805136 805136 805136 805136 805136 805136 805136 805136 805136 805136 
805136 805136 805136 805136 805136 805136 805136 805136 805136 805136 805136 
805136 805136 805136 805136 805136 805136 805136 805136 805136 805136 805136 
805136 805136 805136 805136 805136 805136 805136 805136 805136 805136 805136 
805136 805136 805136 805136 805136 805136 805136 805136 805136 805136 805136 
805136 805136 805136 805136 805136 805136 805136 805136 805136 805136 805136 
805136 805136 805136 805136 805136 805136 805136 805136 805136 805136 805136 
805136 805136 805136 805136 805136 805136
$$ @vis= RECO_map_mode RECO_globex RECO_minima RECO_maxima RECO_map_min
##$RECO_map_offset=( 105 )
0 0 0 0 0 0 0 0 0 0 0 0 0 0 0 0 0 0 0 0 0 0 0 0 0 0 0 0 0 0 0 0 0 0 0 0 0 0 0 
0 0 0 0 0 0 0 0 0 0 0 0 0 0 0 0 0 0 0 0 0 0 0 0 0 0 0 0 0 0 0 0 0 0 0 0 0 0 0 
0 0 0 0 0 0 0 0 0 0 0 0 0 0 0 0 0 0 0 0 0 0 0 0 0 0 0
##$RECO_map_slope=( 105 )
0.0406974740326405 0.0406974740326405 0.0406974740326405 0.0406974740326405 
0.0406974740326405 0.0406974740326405 0.0406974740326405 0.0406974740326405 
0.0406974740326405 0.0406974740326405 0.0406974740326405 0.0406974740326405 
0.0406974740326405 0.0406974740326405 0.0406974740326405 0.0406974740326405 
0.0406974740326405 0.0406974740326405 0.0406974740326405 0.0406974740326405 
0.0406974740326405 0.0406974740326405 0.0406974740326405 0.0406974740326405 
0.0406974740326405 0.0406974740326405 0.0406974740326405 0.0406974740326405 
0.0406974740326405 0.0406974740326405 0.0406974740326405 0.0406974740326405 
0.0406974740326405 0.0406974740326405 0.0406974740326405 0.0406974740326405 
0.0406974740326405 0.0406974740326405 0.0406974740326405 0.0406974740326405 
0.0406974740326405 0.0406974740326405 0.0406974740326405 0.0406974740326405 
0.0406974740326405 0.0406974740326405 0.0406974740326405 0.0406974740326405 
0.0406974740326405 0.0406974740326405 0.0406974740326405 0.0406974740326405 
0.0406974740326405 0.0406974740326405 0.0406974740326405 0.0406974740326405 
0.0406974740326405 0.0406974740326405 0.0406974740326405 0.0406974740326405 
0.0406974740326405 0.0406974740326405 0.0406974740326405 0.0406974740326405 
0.0406974740326405 0.0406974740326405 0.0406974740326405 0.0406974740326405 
0.0406974740326405 0.0406974740326405 0.0406974740326405 0.0406974740326405 
0.0406974740326405 0.0406974740326405 0.0406974740326405 0.0406974740326405 
0.0406974740326405 0.0406974740326405 0.0406974740326405 0.0406974740326405 
0.0406974740326405 0.0406974740326405 0.0406974740326405 0.0406974740326405 
0.0406974740326405 0.0406974740326405 0.0406974740326405 0.0406974740326405 
0.0406974740326405 0.0406974740326405 0.0406974740326405 0.0406974740326405 
0.0406974740326405 0.0406974740326405 0.0406974740326405 0.0406974740326405 
0.0406974740326405 0.0406974740326405 0.0406974740326405 0.0406974740326405 
0.0406974740326405 0.0406974740326405 0.0406974740326405 0.0406974740326405 
0.0406974740326405
##$RECO_byte_order=littleEndian
##$RECO_time=( 24 )
<21:45:17 27 Mar 2017>
##$RECO_abs_time=1490676317
$$ @vis= RECO_map_max RECO_map_offset RECO_map_slope RECO_byte_order RECO_time
##$RECO_base_image_uid=( 65 )
<2.16.756.5.5.100.4167689927.2385.1490676898.567>
##$GS_reco_display=Yes
$$ @vis= RECO_abs_time RECO_base_image_uid RecoRegridNGroup GS_reco_display
##$GO_reco_display=Yes
##$GO_reco_each_nr=No
##$GO_max_reco_mem=0
$$ @vis= RECO_GS GO_reco_display GO_reco_each_nr GO_max_reco_mem RECO_GO RECO
##END=
