##TITLE=Parameter List
##JCAMPDX=4.24
##DATATYPE=Parameter Values
##ORIGIN=Bruker BioSpin MRI GmbH
##OWNER=jdegrand
$$ Sat May 20 11:57:00 2017 MST (UT-7h)  jdegrand
$$ /opt/PV51/data/jdegrand/nmr/degrandchamp_20170520_oxilan_pH800_rep.Hz1/4/pdata/1/reco
##$RECO_mode=FT_MODE
##$RecoAutoDerive=Yes
##$RECO_inp_order=NO_REORDERING
##$RECO_inp_size=( 2 )
128 128
##$RECO_ft_size=( 2 )
128 128
##$RECO_fov=( 2 )
4 4
##$RECO_size=( 2 )
128 128
$$ @vis= RECO_mode RecoAutoDerive RECO_inp_order RECO_ft_size RECO_fov
##$RECO_offset=( 2, 50 )
0 0 0 0 0 0 0 0 0 0 0 0 0 0 0 0 0 0 0 0 0 0 0 0 0 0 0 0 0 0 0 0 0 0 0 0 0 0 0 
0 0 0 0 0 0 0 0 0 0 0 0 0 0 0 0 0 0 0 0 0 0 0 0 0 0 0 0 0 0 0 0 0 0 0 0 0 0 0 
0 0 0 0 0 0 0 0 0 0 0 0 0 0 0 0 0 0 0 0 0 0
##$RECO_regrid_mode=NO_REGRID
##$RECO_regrid_offset=0
##$RECO_ramp_gap=0
##$RECO_ramp_time=0
##$RECO_ne_mode=NO_NAV_DATA
##$RECO_ne_dist=NeNoInterleave
##$RECO_ne_dens=NeCorrPerScan
##$RECO_ne_type=NAV_PHASE
##$RECO_ne_vals=( 1, 2 )
0 0
##$RECO_bc_mode=( 2 )
NO_BC NO_BC
##$RECO_bc_start=( 2 )
96 96
##$RECO_bc_len=( 2 )
32 32
##$RECO_dc_offset=( 2 )
0 0
##$RECO_dc_divisor=1
##$RECO_bc_coroff=( 2 )
0 0
##$RECO_qopts=( 2 )
CONJ_AND_QNEG NO_QOPTS
##$RECO_wdw_mode=( 2 )
NO_WDW NO_WDW
$$ @vis= RECO_size RECO_regrid_mode RECO_ne_mode RECO_bc_mode RECO_qopts
##$RECO_lb=( 2 )
-0.5 -0.5
##$RECO_sw=( 2 )
50000 1
##$RECO_gb=( 2 )
0.5 0.5
##$RECO_sbs=( 2 )
1 1
##$RECO_tm1=( 2 )
0.25 0.25
##$RECO_tm2=( 2 )
0.75 0.75
##$RECO_ft_mode=( 2 )
COMPLEX_FFT COMPLEX_FFT
##$RECO_pc_mode=( 2 )
NO_PC NO_PC
##$RECO_pc_lin=( 2 )
(0, 0) (0, 0)
##$RECO_rotate=( 2, 50 )
0 0 0 0 0 0 0 0 0 0 0 0 0 0 0 0 0 0 0 0 0 0 0 0 0 0 0 0 0 0 0 0 0 0 0 0 0 0 0 
0 0 0 0 0 0 0 0 0 0 0 0.5234375 0.5234375 0.5234375 0.5234375 0.5234375 
0.5234375 0.5234375 0.5234375 0.5234375 0.5234375 0.5234375 0.5234375 
0.5234375 0.5234375 0.5234375 0.5234375 0.5234375 0.5234375 0.5234375 
0.5234375 0.5234375 0.5234375 0.5234375 0.5234375 0.5234375 0.5234375 
0.5234375 0.5234375 0.5234375 0.5234375 0.5234375 0.5234375 0.5234375 
0.5234375 0.5234375 0.5234375 0.5234375 0.5234375 0.5234375 0.5234375 
0.5234375 0.5234375 0.5234375 0.5234375 0.5234375 0.5234375 0.5234375 
0.5234375 0.5234375 0.5234375
##$RECO_ppc_mode=NO_PPC
##$RECO_ref_image=0
##$RECO_nr_supports=0.4
##$RECO_sig_threshold=0.15
##$RECO_ppc_degree=1
##$RECO_ppc_coeffs=( 50, 2, 2 )
0 0 0 0 0 0 0 0 0 0 0 0 0 0 0 0 0 0 0 0 0 0 0 0 0 0 0 0 0 0 0 0 0 0 0 0 0 0 0 
0 0 0 0 0 0 0 0 0 0 0 0 0 0 0 0 0 0 0 0 0 0 0 0 0 0 0 0 0 0 0 0 0 0 0 0 0 0 0 
0 0 0 0 0 0 0 0 0 0 0 0 0 0 0 0 0 0 0 0 0 0 0 0 0 0 0 0 0 0 0 0 0 0 0 0 0 0 0 
0 0 0 0 0 0 0 0 0 0 0 0 0 0 0 0 0 0 0 0 0 0 0 0 0 0 0 0 0 0 0 0 0 0 0 0 0 0 0 
0 0 0 0 0 0 0 0 0 0 0 0 0 0 0 0 0 0 0 0 0 0 0 0 0 0 0 0 0 0 0 0 0 0 0 0 0 0 0 
0 0 0 0 0
##$RECO_dc_elim=No
$$ @vis= RECO_wdw_mode RECO_ft_mode RECO_pc_mode RECO_rotate RECO_ppc_mode
##$RECO_transposition=( 50 )
1 1 1 1 1 1 1 1 1 1 1 1 1 1 1 1 1 1 1 1 1 1 1 1 1 1 1 1 1 1 1 1 1 1 1 1 1 1 1 
1 1 1 1 1 1 1 1 1 1 1
##$RECO_image_type=MAGNITUDE_IMAGE
##$RECO_image_threshold=0.15
##$RECO_ir_scale=10
##$RECO_wordtype=_16BIT_SGN_INT
##$RECO_map_mode=PERCENTILE_MAPPING
$$ @vis= RECO_dc_elim RECO_transposition RECO_image_type RECO_wordtype
##$RECO_map_range=( 2 )
-2147483647 2147483647
##$RECO_map_percentile=( 2 )
1 99.99
##$RECO_map_error=0.0025
##$RECO_globex=( 50 )
0 0 0 0 0 0 0 0 0 0 0 0 0 0 0 0 0 0 0 0 0 0 0 0 0 0 0 0 0 0 0 0 0 0 0 0 0 0 0 
0 0 0 0 0 0 0 0 0 0 0
##$RECO_minima=( 50 )
58 70 52 54 32 50 29 29 31 30 29 29 29 29 29 29 29 29 29 29 29 29 29 29 29 29 
29 29 29 29 29 29 29 29 29 29 29 29 29 29 29 29 29 29 29 29 29 29 29 29
$$ @vis= RECO_map_mode RECO_map_percentile RECO_map_error RECO_globex
##$RECO_maxima=( 50 )
32766 32766 28911 25693 23839 23799 21971 21276 20591 19233 18501 17719 17163 
16523 15709 15675 14371 14066 13700 12736 12886 12207 11364 10850 10388 10398 
9899 9372 9049 8922 8404 7956 7691 7397 7241 6961 6686 6229 6136 5774 6001 
5476 5302 4897 4768 4722 4606 4485 4046 4046
##$RECO_map_min=( 50 )
-585741.617704162 -585741.617704162 -585741.617704162 -585741.617704162 
-585741.617704162 -585741.617704162 -585741.617704162 -585741.617704162 
-585741.617704162 -585741.617704162 -585741.617704162 -585741.617704162 
-585741.617704162 -585741.617704162 -585741.617704162 -585741.617704162 
-585741.617704162 -585741.617704162 -585741.617704162 -585741.617704162 
-585741.617704162 -585741.617704162 -585741.617704162 -585741.617704162 
-585741.617704162 -585741.617704162 -585741.617704162 -585741.617704162 
-585741.617704162 -585741.617704162 -585741.617704162 -585741.617704162 
-585741.617704162 -585741.617704162 -585741.617704162 -585741.617704162 
-585741.617704162 -585741.617704162 -585741.617704162 -585741.617704162 
-585741.617704162 -585741.617704162 -585741.617704162 -585741.617704162 
-585741.617704162 -585741.617704162 -585741.617704162 -585741.617704162 
-585741.617704162 -585741.617704162
##$RECO_map_max=( 50 )
585741.617704162 585741.617704162 585741.617704162 585741.617704162 
585741.617704162 585741.617704162 585741.617704162 585741.617704162 
585741.617704162 585741.617704162 585741.617704162 585741.617704162 
585741.617704162 585741.617704162 585741.617704162 585741.617704162 
585741.617704162 585741.617704162 585741.617704162 585741.617704162 
585741.617704162 585741.617704162 585741.617704162 585741.617704162 
585741.617704162 585741.617704162 585741.617704162 585741.617704162 
585741.617704162 585741.617704162 585741.617704162 585741.617704162 
585741.617704162 585741.617704162 585741.617704162 585741.617704162 
585741.617704162 585741.617704162 585741.617704162 585741.617704162 
585741.617704162 585741.617704162 585741.617704162 585741.617704162 
585741.617704162 585741.617704162 585741.617704162 585741.617704162 
585741.617704162 585741.617704162
##$RECO_map_offset=( 50 )
0 0 0 0 0 0 0 0 0 0 0 0 0 0 0 0 0 0 0 0 0 0 0 0 0 0 0 0 0 0 0 0 0 0 0 0 0 0 0 
0 0 0 0 0 0 0 0 0 0 0
##$RECO_map_slope=( 50 )
0.0559410490095615 0.0559410490095615 0.0559410490095615 0.0559410490095615 
0.0559410490095615 0.0559410490095615 0.0559410490095615 0.0559410490095615 
0.0559410490095615 0.0559410490095615 0.0559410490095615 0.0559410490095615 
0.0559410490095615 0.0559410490095615 0.0559410490095615 0.0559410490095615 
0.0559410490095615 0.0559410490095615 0.0559410490095615 0.0559410490095615 
0.0559410490095615 0.0559410490095615 0.0559410490095615 0.0559410490095615 
0.0559410490095615 0.0559410490095615 0.0559410490095615 0.0559410490095615 
0.0559410490095615 0.0559410490095615 0.0559410490095615 0.0559410490095615 
0.0559410490095615 0.0559410490095615 0.0559410490095615 0.0559410490095615 
0.0559410490095615 0.0559410490095615 0.0559410490095615 0.0559410490095615 
0.0559410490095615 0.0559410490095615 0.0559410490095615 0.0559410490095615 
0.0559410490095615 0.0559410490095615 0.0559410490095615 0.0559410490095615 
0.0559410490095615 0.0559410490095615
$$ @vis= RECO_minima RECO_maxima RECO_map_min RECO_map_max RECO_map_offset
##$RECO_byte_order=littleEndian
##$RECO_time=( 24 )
<11:35:17 20 May 2017>
##$RECO_abs_time=1495305317
##$RECO_base_image_uid=( 65 )
<2.16.756.5.5.100.4167689927.3250.1495306620.108>
$$ @vis= RECO_map_slope RECO_byte_order RECO_time RECO_abs_time
##$GS_reco_display=Yes
##$GO_reco_display=Yes
$$ @vis= RECO_base_image_uid RecoRegridNGroup GS_reco_display RECO_GS
##$GO_reco_each_nr=No
##$GO_max_reco_mem=0
$$ @vis= GO_reco_display GO_reco_each_nr GO_max_reco_mem RECO_GO RECO
##END=
