##TITLE=Parameter List
##JCAMPDX=4.24
##DATATYPE=Parameter Values
##ORIGIN=Bruker BioSpin MRI GmbH
##OWNER=acosta
$$ Fri Jul 29 13:15:56 2016 MST (UT-7h)  acosta
$$ /opt/PV51/data/acosta/nmr/DeGrandChamp_20160729_SA_pH740.CO1/4/pdata/1/reco
##$RECO_mode=FT_MODE
##$RecoAutoDerive=Yes
##$RECO_inp_order=NO_REORDERING
##$RECO_inp_size=( 2 )
128 64
##$RECO_ft_size=( 2 )
128 128
##$RECO_fov=( 2 )
6 6
##$RECO_size=( 2 )
128 128
$$ @vis= RECO_mode RecoAutoDerive RECO_inp_order RECO_ft_size RECO_fov
##$RECO_offset=( 2, 1 )
0 0
##$RECO_regrid_mode=NO_REGRID
##$RECO_regrid_offset=0
##$RECO_ramp_gap=0
##$RECO_ramp_time=0
##$RECO_ne_mode=NO_NAV_DATA
##$RECO_ne_dist=NeNoInterleave
##$RECO_ne_dens=NeCorrPerScan
##$RECO_ne_type=NAV_PHASE
##$RECO_ne_vals=( 1, 2 )
0 0
##$RECO_bc_mode=( 2 )
NO_BC NO_BC
##$RECO_bc_start=( 2 )
96 48
##$RECO_bc_len=( 2 )
32 16
##$RECO_dc_offset=( 2 )
0 0
##$RECO_dc_divisor=1
##$RECO_bc_coroff=( 2 )
0 0
##$RECO_qopts=( 2 )
CONJ_AND_QNEG NO_QOPTS
##$RECO_wdw_mode=( 2 )
NO_WDW NO_WDW
$$ @vis= RECO_size RECO_regrid_mode RECO_ne_mode RECO_bc_mode RECO_qopts
##$RECO_lb=( 2 )
-0.5 -0.5
##$RECO_sw=( 2 )
50000 1
##$RECO_gb=( 2 )
0.5 0.5
##$RECO_sbs=( 2 )
1 1
##$RECO_tm1=( 2 )
0.25 0.25
##$RECO_tm2=( 2 )
0.75 0.75
##$RECO_ft_mode=( 2 )
COMPLEX_FFT COMPLEX_FFT
##$RECO_pc_mode=( 2 )
NO_PC NO_PC
##$RECO_pc_lin=( 2 )
(0, 0) (0, 0)
##$RECO_rotate=( 2, 1 )
0 0.484375
##$RECO_ppc_mode=NO_PPC
##$RECO_ref_image=0
##$RECO_nr_supports=0.4
##$RECO_sig_threshold=0.15
##$RECO_ppc_degree=1
##$RECO_ppc_coeffs=( 1, 2, 2 )
0 0 0 0
##$RECO_dc_elim=No
$$ @vis= RECO_wdw_mode RECO_ft_mode RECO_pc_mode RECO_rotate RECO_ppc_mode
##$RECO_transposition=( 1 )
1
##$RECO_image_type=MAGNITUDE_IMAGE
##$RECO_image_threshold=0.15
##$RECO_ir_scale=10
##$RECO_wordtype=_16BIT_SGN_INT
##$RECO_map_mode=ABSOLUTE_MAPPING
$$ @vis= RECO_dc_elim RECO_transposition RECO_image_type RECO_wordtype
##$RECO_map_range=( 2 )
-2147483647 2147483647
##$RECO_map_percentile=( 2 )
1 99.99
##$RECO_map_error=0.0025
##$RECO_globex=( 105 )
0 0 0 0 0 0 0 0 0 0 0 0 0 0 0 0 0 0 0 0 0 0 0 0 0 0 0 0 0 0 0 0 0 0 0 0 0 0 0 
0 0 0 0 0 0 0 0 0 0 0 0 0 0 0 0 0 0 0 0 0 0 0 0 0 0 0 0 0 0 0 0 0 0 0 0 0 0 0 
0 0 0 0 0 0 0 0 0 0 0 0 0 0 0 0 0 0 0 0 0 0 0 0 0 0 0
##$RECO_minima=( 105 )
0 0 0 0 0 0 0 0 0 0 0 0 0 0 0 0 0 0 0 0 0 0 0 0 0 0 0 0 0 0 0 0 0 0 0 0 0 0 0 
0 0 0 0 0 0 0 0 0 0 0 0 0 0 0 0 0 0 0 0 0 0 0 0 0 0 0 0 0 0 0 0 0 0 0 0 0 0 0 
0 0 0 0 0 0 0 0 0 0 0 0 0 0 0 0 0 0 0 0 0 0 0 0 0 0 0
##$RECO_maxima=( 105 )
32767 32057 31843 31781 30173 29181 29464 29514 29261 29223 28954 27949 27294 
27041 26332 24894 23158 21633 18338 16505 13856 11158 10263 10327 10263 9170 
12516 16900 19594 22086 22952 24762 26053 26365 27124 27378 27655 28298 27960 
29021 28494 28745 28496 28928 29436 29185 29479 29468 29105 28526 29308 28919 
29150 28860 28472 28563 27237 27338 26463 25812 26638 26300 27673 28830 29585 
29670 30274 29604 30362 30645 30218 30723 31327 31154 31760 30768 31434 30983 
31219 31284 31327 31445 31138 31898 32125 31684 31060 31111 30827 31504 30771 
31431 31325 31623 31910 31079 31230 31121 31173 31595 31220 31299 31395 31848 
31146
##$RECO_map_min=( 105 )
-1564356 -1564356 -1564356 -1564356 -1564356 -1564356 -1564356 -1564356 
-1564356 -1564356 -1564356 -1564356 -1564356 -1564356 -1564356 -1564356 
-1564356 -1564356 -1564356 -1564356 -1564356 -1564356 -1564356 -1564356 
-1564356 -1564356 -1564356 -1564356 -1564356 -1564356 -1564356 -1564356 
-1564356 -1564356 -1564356 -1564356 -1564356 -1564356 -1564356 -1564356 
-1564356 -1564356 -1564356 -1564356 -1564356 -1564356 -1564356 -1564356 
-1564356 -1564356 -1564356 -1564356 -1564356 -1564356 -1564356 -1564356 
-1564356 -1564356 -1564356 -1564356 -1564356 -1564356 -1564356 -1564356 
-1564356 -1564356 -1564356 -1564356 -1564356 -1564356 -1564356 -1564356 
-1564356 -1564356 -1564356 -1564356 -1564356 -1564356 -1564356 -1564356 
-1564356 -1564356 -1564356 -1564356 -1564356 -1564356 -1564356 -1564356 
-1564356 -1564356 -1564356 -1564356 -1564356 -1564356 -1564356 -1564356 
-1564356 -1564356 -1564356 -1564356 -1564356 -1564356 -1564356 -1564356 
-1564356
##$RECO_map_max=( 105 )
1564356 1564356 1564356 1564356 1564356 1564356 1564356 1564356 1564356 
1564356 1564356 1564356 1564356 1564356 1564356 1564356 1564356 1564356 
1564356 1564356 1564356 1564356 1564356 1564356 1564356 1564356 1564356 
1564356 1564356 1564356 1564356 1564356 1564356 1564356 1564356 1564356 
1564356 1564356 1564356 1564356 1564356 1564356 1564356 1564356 1564356 
1564356 1564356 1564356 1564356 1564356 1564356 1564356 1564356 1564356 
1564356 1564356 1564356 1564356 1564356 1564356 1564356 1564356 1564356 
1564356 1564356 1564356 1564356 1564356 1564356 1564356 1564356 1564356 
1564356 1564356 1564356 1564356 1564356 1564356 1564356 1564356 1564356 
1564356 1564356 1564356 1564356 1564356 1564356 1564356 1564356 1564356 
1564356 1564356 1564356 1564356 1564356 1564356 1564356 1564356 1564356 
1564356 1564356 1564356 1564356 1564356 1564356
$$ @vis= RECO_map_mode RECO_globex RECO_minima RECO_maxima RECO_map_min
##$RECO_map_offset=( 105 )
0 0 0 0 0 0 0 0 0 0 0 0 0 0 0 0 0 0 0 0 0 0 0 0 0 0 0 0 0 0 0 0 0 0 0 0 0 0 0 
0 0 0 0 0 0 0 0 0 0 0 0 0 0 0 0 0 0 0 0 0 0 0 0 0 0 0 0 0 0 0 0 0 0 0 0 0 0 0 
0 0 0 0 0 0 0 0 0 0 0 0 0 0 0 0 0 0 0 0 0 0 0 0 0 0 0
##$RECO_map_slope=( 105 )
0.0209459997713566 0.0209459997713566 0.0209459997713566 0.0209459997713566 
0.0209459997713566 0.0209459997713566 0.0209459997713566 0.0209459997713566 
0.0209459997713566 0.0209459997713566 0.0209459997713566 0.0209459997713566 
0.0209459997713566 0.0209459997713566 0.0209459997713566 0.0209459997713566 
0.0209459997713566 0.0209459997713566 0.0209459997713566 0.0209459997713566 
0.0209459997713566 0.0209459997713566 0.0209459997713566 0.0209459997713566 
0.0209459997713566 0.0209459997713566 0.0209459997713566 0.0209459997713566 
0.0209459997713566 0.0209459997713566 0.0209459997713566 0.0209459997713566 
0.0209459997713566 0.0209459997713566 0.0209459997713566 0.0209459997713566 
0.0209459997713566 0.0209459997713566 0.0209459997713566 0.0209459997713566 
0.0209459997713566 0.0209459997713566 0.0209459997713566 0.0209459997713566 
0.0209459997713566 0.0209459997713566 0.0209459997713566 0.0209459997713566 
0.0209459997713566 0.0209459997713566 0.0209459997713566 0.0209459997713566 
0.0209459997713566 0.0209459997713566 0.0209459997713566 0.0209459997713566 
0.0209459997713566 0.0209459997713566 0.0209459997713566 0.0209459997713566 
0.0209459997713566 0.0209459997713566 0.0209459997713566 0.0209459997713566 
0.0209459997713566 0.0209459997713566 0.0209459997713566 0.0209459997713566 
0.0209459997713566 0.0209459997713566 0.0209459997713566 0.0209459997713566 
0.0209459997713566 0.0209459997713566 0.0209459997713566 0.0209459997713566 
0.0209459997713566 0.0209459997713566 0.0209459997713566 0.0209459997713566 
0.0209459997713566 0.0209459997713566 0.0209459997713566 0.0209459997713566 
0.0209459997713566 0.0209459997713566 0.0209459997713566 0.0209459997713566 
0.0209459997713566 0.0209459997713566 0.0209459997713566 0.0209459997713566 
0.0209459997713566 0.0209459997713566 0.0209459997713566 0.0209459997713566 
0.0209459997713566 0.0209459997713566 0.0209459997713566 0.0209459997713566 
0.0209459997713566 0.0209459997713566 0.0209459997713566 0.0209459997713566 
0.0209459997713566
##$RECO_byte_order=littleEndian
##$RECO_time=( 24 )
<13:06:15 29 Jul 2016>
##$RECO_abs_time=1469822775
$$ @vis= RECO_map_max RECO_map_offset RECO_map_slope RECO_byte_order RECO_time
##$RECO_base_image_uid=( 65 )
<2.16.756.5.5.100.4167689927.7417.1469823356.538>
##$GS_reco_display=Yes
$$ @vis= RECO_abs_time RECO_base_image_uid RecoRegridNGroup GS_reco_display
##$GO_reco_display=Yes
##$GO_reco_each_nr=No
##$GO_max_reco_mem=0
$$ @vis= RECO_GS GO_reco_display GO_reco_each_nr GO_max_reco_mem RECO_GO RECO
##END=
