##TITLE=Parameter List
##JCAMPDX=4.24
##DATATYPE=Parameter Values
##ORIGIN=Bruker BioSpin MRI GmbH
##OWNER=acosta
$$ Fri Jul 29 13:15:56 2016 MST (UT-7h)  acosta
$$ /opt/PV51/data/acosta/nmr/DeGrandChamp_20160729_SA_pH740.CO1/4/pdata/1/visu_pars
##$VisuVersion=1
##$VisuUid=( 65 )
<2.16.756.5.5.100.4167689927.7417.1469823356.538>
##$VisuCreator=( 65 )
<ParaVision>
##$VisuCreatorVersion=( 65 )
<5.1>
##$VisuCreationDate=( 21 )
<13:06:15 29 Jul 2016>
$$ @vis= VisuVersion VisuUid VisuCreator VisuCreatorVersion VisuCreationDate
##$VisuCoreFrameCount=105
##$VisuCoreDim=2
##$VisuCoreSize=( 2 )
128 128
##$VisuCoreDimDesc=( 2 )
spatial spatial
$$ @vis= VisuInstance VisuCoreFrameCount VisuCoreDim VisuCoreSize
##$VisuCoreExtent=( 2 )
60 60
##$VisuCoreFrameThickness=( 1 )
1
##$VisuCoreUnits=( 2, 65 )
<mm> <mm>
##$VisuCoreOrientation=( 1, 9 )
1 0 0 0 0 -1 0 1 0
$$ @vis= VisuCoreDimDesc VisuCoreExtent VisuCoreFrameThickness VisuCoreUnits
##$VisuCorePosition=( 1, 3 )
-29.2 6 26.2
##$VisuCoreDataMin=( 105 )
0 0 0 0 0 0 0 0 0 0 0 0 0 0 0 0 0 0 0 0 0 0 0 0 0 0 0 0 0 0 0 0 0 0 0 0 0 0 0 
0 0 0 0 0 0 0 0 0 0 0 0 0 0 0 0 0 0 0 0 0 0 0 0 0 0 0 0 0 0 0 0 0 0 0 0 0 0 0 
0 0 0 0 0 0 0 0 0 0 0 0 0 0 0 0 0 0 0 0 0 0 0 0 0 0 0
##$VisuCoreDataMax=( 105 )
32767 32057 31843 31781 30173 29181 29464 29514 29261 29223 28954 27949 27294 
27041 26332 24894 23158 21633 18338 16505 13856 11158 10263 10327 10263 9170 
12516 16900 19594 22086 22952 24762 26053 26365 27124 27378 27655 28298 27960 
29021 28494 28745 28496 28928 29436 29185 29479 29468 29105 28526 29308 28919 
29150 28860 28472 28563 27237 27338 26463 25812 26638 26300 27673 28830 29585 
29670 30274 29604 30362 30645 30218 30723 31327 31154 31760 30768 31434 30983 
31219 31284 31327 31445 31138 31898 32125 31684 31060 31111 30827 31504 30771 
31431 31325 31623 31910 31079 31230 31121 31173 31595 31220 31299 31395 31848 
31146
##$VisuCoreDataOffs=( 105 )
0 0 0 0 0 0 0 0 0 0 0 0 0 0 0 0 0 0 0 0 0 0 0 0 0 0 0 0 0 0 0 0 0 0 0 0 0 0 0 
0 0 0 0 0 0 0 0 0 0 0 0 0 0 0 0 0 0 0 0 0 0 0 0 0 0 0 0 0 0 0 0 0 0 0 0 0 0 0 
0 0 0 0 0 0 0 0 0 0 0 0 0 0 0 0 0 0 0 0 0 0 0 0 0 0 0
$$ @vis= VisuCoreOrientation VisuCorePosition VisuCoreDataMin VisuCoreDataMax
##$VisuCoreDataSlope=( 105 )
47.7418128003366 47.7418128003366 47.7418128003366 47.7418128003366 
47.7418128003366 47.7418128003366 47.7418128003366 47.7418128003366 
47.7418128003366 47.7418128003366 47.7418128003366 47.7418128003366 
47.7418128003366 47.7418128003366 47.7418128003366 47.7418128003366 
47.7418128003366 47.7418128003366 47.7418128003366 47.7418128003366 
47.7418128003366 47.7418128003366 47.7418128003366 47.7418128003366 
47.7418128003366 47.7418128003366 47.7418128003366 47.7418128003366 
47.7418128003366 47.7418128003366 47.7418128003366 47.7418128003366 
47.7418128003366 47.7418128003366 47.7418128003366 47.7418128003366 
47.7418128003366 47.7418128003366 47.7418128003366 47.7418128003366 
47.7418128003366 47.7418128003366 47.7418128003366 47.7418128003366 
47.7418128003366 47.7418128003366 47.7418128003366 47.7418128003366 
47.7418128003366 47.7418128003366 47.7418128003366 47.7418128003366 
47.7418128003366 47.7418128003366 47.7418128003366 47.7418128003366 
47.7418128003366 47.7418128003366 47.7418128003366 47.7418128003366 
47.7418128003366 47.7418128003366 47.7418128003366 47.7418128003366 
47.7418128003366 47.7418128003366 47.7418128003366 47.7418128003366 
47.7418128003366 47.7418128003366 47.7418128003366 47.7418128003366 
47.7418128003366 47.7418128003366 47.7418128003366 47.7418128003366 
47.7418128003366 47.7418128003366 47.7418128003366 47.7418128003366 
47.7418128003366 47.7418128003366 47.7418128003366 47.7418128003366 
47.7418128003366 47.7418128003366 47.7418128003366 47.7418128003366 
47.7418128003366 47.7418128003366 47.7418128003366 47.7418128003366 
47.7418128003366 47.7418128003366 47.7418128003366 47.7418128003366 
47.7418128003366 47.7418128003366 47.7418128003366 47.7418128003366 
47.7418128003366 47.7418128003366 47.7418128003366 47.7418128003366 
47.7418128003366
##$VisuCoreFrameType=MAGNITUDE_IMAGE
##$VisuFGElemComment=( 105, 65 )
<VCEST=-15000.0Hz> <VCEST=-14700.0Hz> <VCEST=-14400.0Hz> <VCEST=-14100.0Hz> <
VCEST= -1500.0Hz> <VCEST= -1425.0Hz> <VCEST= -1350.0Hz> <VCEST= -1275.0Hz> <
VCEST= -1200.0Hz> <VCEST= -1125.0Hz> <VCEST= -1050.0Hz> <VCEST=  -975.0Hz> <
VCEST=  -900.0Hz> <VCEST=  -825.0Hz> <VCEST=  -750.0Hz> <VCEST=  -675.0Hz> <
VCEST=  -600.0Hz> <VCEST=  -525.0Hz> <VCEST=  -450.0Hz> <VCEST=  -375.0Hz> <
VCEST=  -300.0Hz> <VCEST=  -225.0Hz> <VCEST=  -150.0Hz> <VCEST=   -75.0Hz> <
VCEST=     0.0Hz> <VCEST=    75.0Hz> <VCEST=   150.0Hz> <VCEST=   225.0Hz> <
VCEST=   300.0Hz> <VCEST=   375.0Hz> <VCEST=   450.0Hz> <VCEST=   525.0Hz> <
VCEST=   600.0Hz> <VCEST=   675.0Hz> <VCEST=   750.0Hz> <VCEST=   825.0Hz> <
VCEST=   900.0Hz> <VCEST=   975.0Hz> <VCEST=  1050.0Hz> <VCEST=  1125.0Hz> <
VCEST=  1200.0Hz> <VCEST=  1275.0Hz> <VCEST=  1350.0Hz> <VCEST=  1425.0Hz> <
VCEST=  1500.0Hz> <VCEST=  1575.0Hz> <VCEST=  1650.0Hz> <VCEST=  1725.0Hz> <
VCEST=  1800.0Hz> <VCEST=  1875.0Hz> <VCEST=  1950.0Hz> <VCEST=  2025.0Hz> <
VCEST=  2100.0Hz> <VCEST=  2175.0Hz> <VCEST=  2250.0Hz> <VCEST=  2325.0Hz> <
VCEST=  2400.0Hz> <VCEST=  2475.0Hz> <VCEST=  2550.0Hz> <VCEST=  2625.0Hz> <
VCEST=  2700.0Hz> <VCEST=  2775.0Hz> <VCEST=  2850.0Hz> <VCEST=  2925.0Hz> <
VCEST=  3000.0Hz> <VCEST=  3075.0Hz> <VCEST=  3150.0Hz> <VCEST=  3225.0Hz> <
VCEST=  3300.0Hz> <VCEST=  3375.0Hz> <VCEST=  3450.0Hz> <VCEST=  3525.0Hz> <
VCEST=  3600.0Hz> <VCEST=  3675.0Hz> <VCEST=  3750.0Hz> <VCEST=  3825.0Hz> <
VCEST=  3900.0Hz> <VCEST=  3975.0Hz> <VCEST=  4050.0Hz> <VCEST=  4125.0Hz> <
VCEST=  4200.0Hz> <VCEST=  4275.0Hz> <VCEST=  4350.0Hz> <VCEST=  4425.0Hz> <
VCEST=  4500.0Hz> <VCEST=  4575.0Hz> <VCEST=  4650.0Hz> <VCEST=  4725.0Hz> <
VCEST=  4800.0Hz> <VCEST=  4875.0Hz> <VCEST=  4950.0Hz> <VCEST=  5025.0Hz> <
VCEST=  5100.0Hz> <VCEST=  5175.0Hz> <VCEST=  5250.0Hz> <VCEST=  5325.0Hz> <
VCEST=  5400.0Hz> <VCEST=  5475.0Hz> <VCEST=  5550.0Hz> <VCEST=  5625.0Hz> <
VCEST=  5700.0Hz> <VCEST=  5775.0Hz> <VCEST=  5850.0Hz> <VCEST=  5925.0Hz> <
VCEST=  6000.0Hz>
$$ @vis= VisuCoreDataOffs VisuCoreDataSlope VisuCoreFrameType
##$VisuCoreWordType=_16BIT_SGN_INT
##$VisuCoreByteOrder=littleEndian
$$ @vis= VisuFGElemComment VisuCore VisuCoreWordType VisuCoreByteOrder
##$VisuFGOrderDescDim=1
##$VisuFGOrderDesc=( 1 )
(105, <FG_MOVIE>, <>, 0, 1)
##$VisuGroupDepVals=( 1 )
(<VisuFGElemComment>, 0)
$$ @vis= VisuPixel VisuFGOrderDescDim VisuFGOrderDesc VisuGroupDepVals
##$VisuSubjectName=( 65 )
<DeGrandChamp_20160729_SA_pH740>
##$VisuSubjectId=( 65 )
<DeGrandChamp_20160729_SA_pH740>
##$VisuSubjectBirthDate=( 9 )
<>
##$VisuSubjectSex=FEMALE
$$ @vis= VisuFrameOrderDesc VisuSubjectName VisuSubjectId VisuSubjectBirthDate
##$VisuSubjectComment=( 2048 )
<>
##$VisuStudyUid=( 65 )
<2.16.756.5.5.100.4167689927.4761.1469818665.2726>
##$VisuStudyDate=( 21 )
<11:57:45 29 Jul 2016>
$$ @vis= VisuSubjectSex VisuSubjectComment VisuSubject VisuStudyUid
##$VisuStudyId=( 65 )
<SA phase 2 data>
##$VisuStudyNumber=1
##$VisuSubjectWeight=5
##$VisuStudyReferringPhysician=( 65 )
<>
$$ @vis= VisuStudyDate VisuStudyId VisuStudyNumber VisuSubjectWeight
##$VisuStudyDescription=( 65 )
<>
##$VisuSeriesNumber=262145
$$ @vis= VisuStudyReferringPhysician VisuStudyDescription VisuStudy
##$VisuSubjectPosition=Head_Supine
##$VisuSeriesTypeId=( 65 )
<ACQ_USER_PVM>
##$VisuInstitution=( 65 )
<Univ. of Arizona>
$$ @vis= VisuSeriesNumber VisuSubjectPosition VisuSeriesTypeId VisuSeries
##$VisuStation=( 65 )
<Biospec 70/20>
##$VisuAcqDate=( 21 )
<13:06:15 29 Jul 2016>
##$VisuAcqEchoTrainLength=64
$$ @vis= VisuInstitution VisuStation VisuEquipment VisuAcqDate
##$VisuAcqSequenceName=( 40 )
<cESTFISP_dualpower (pvm)>
##$VisuAcqNumberOfAverages=1
##$VisuAcqImagingFrequency=300.243602145685
$$ @vis= VisuAcqEchoTrainLength VisuAcqSequenceName VisuAcqNumberOfAverages
##$VisuAcqImagedNucleus=( 8 )
<1H>
##$VisuAcqRepetitionTime=( 1 )
5.61426650237634
##$VisuAcqPhaseEncSteps=64
$$ @vis= VisuAcqImagingFrequency VisuAcqImagedNucleus VisuAcqRepetitionTime
##$VisuAcqPixelBandwidth=390.625
##$VisuAcqFlipAngle=30
##$VisuAcqSize=( 2 )
64 128
$$ @vis= VisuAcqPhaseEncSteps VisuAcqPixelBandwidth VisuAcqFlipAngle
##$VisuAcqImageSizeAccellerated=Yes
##$VisuAcqImagePhaseEncDir=( 105 )
row_dir row_dir row_dir row_dir row_dir row_dir row_dir row_dir row_dir 
row_dir row_dir row_dir row_dir row_dir row_dir row_dir row_dir row_dir 
row_dir row_dir row_dir row_dir row_dir row_dir row_dir row_dir row_dir 
row_dir row_dir row_dir row_dir row_dir row_dir row_dir row_dir row_dir 
row_dir row_dir row_dir row_dir row_dir row_dir row_dir row_dir row_dir 
row_dir row_dir row_dir row_dir row_dir row_dir row_dir row_dir row_dir 
row_dir row_dir row_dir row_dir row_dir row_dir row_dir row_dir row_dir 
row_dir row_dir row_dir row_dir row_dir row_dir row_dir row_dir row_dir 
row_dir row_dir row_dir row_dir row_dir row_dir row_dir row_dir row_dir 
row_dir row_dir row_dir row_dir row_dir row_dir row_dir row_dir row_dir 
row_dir row_dir row_dir row_dir row_dir row_dir row_dir row_dir row_dir 
row_dir row_dir row_dir row_dir row_dir row_dir
##$VisuAcqEchoTime=( 1 )
2.80713325118817
$$ @vis= VisuAcqSize VisuAcqImageSizeAccellerated VisuAcqImagePhaseEncDir
##$VisuAcquisitionProtocol=( 65 )
<CEST_Paul>
##$VisuAcqScanTime=52500
$$ @vis= VisuAcqEchoTime VisuAcquisitionProtocol VisuAcqScanTime
$$ @vis= VisuAcquisition Visu
##END=
