##TITLE=Parameter List
##JCAMPDX=4.24
##DATATYPE=Parameter Values
##ORIGIN=Bruker BioSpin MRI GmbH
##OWNER=jdegrand
$$ Sat May 20 11:33:12 2017 MST (UT-7h)  jdegrand
$$ /opt/PV51/data/jdegrand/nmr/degrandchamp_20170520_oxilan_pH800_rep.Hz1/3/pdata/1/reco
##$RECO_mode=FT_MODE
##$RecoAutoDerive=Yes
##$RECO_inp_order=NO_REORDERING
##$RECO_inp_size=( 2 )
128 64
##$RECO_ft_size=( 2 )
128 128
##$RECO_fov=( 2 )
4 4
##$RECO_size=( 2 )
128 128
$$ @vis= RECO_mode RecoAutoDerive RECO_inp_order RECO_ft_size RECO_fov
##$RECO_offset=( 2, 1 )
0 0
##$RECO_regrid_mode=NO_REGRID
##$RECO_regrid_offset=0
##$RECO_ramp_gap=0
##$RECO_ramp_time=0
##$RECO_ne_mode=NO_NAV_DATA
##$RECO_ne_dist=NeNoInterleave
##$RECO_ne_dens=NeCorrPerScan
##$RECO_ne_type=NAV_PHASE
##$RECO_ne_vals=( 1, 2 )
0 0
##$RECO_bc_mode=( 2 )
NO_BC NO_BC
##$RECO_bc_start=( 2 )
96 48
##$RECO_bc_len=( 2 )
32 16
##$RECO_dc_offset=( 2 )
0 0
##$RECO_dc_divisor=1
##$RECO_bc_coroff=( 2 )
0 0
##$RECO_qopts=( 2 )
CONJ_AND_QNEG NO_QOPTS
##$RECO_wdw_mode=( 2 )
NO_WDW NO_WDW
$$ @vis= RECO_size RECO_regrid_mode RECO_ne_mode RECO_bc_mode RECO_qopts
##$RECO_lb=( 2 )
-0.5 -0.5
##$RECO_sw=( 2 )
50000 1
##$RECO_gb=( 2 )
0.5 0.5
##$RECO_sbs=( 2 )
1 1
##$RECO_tm1=( 2 )
0.25 0.25
##$RECO_tm2=( 2 )
0.75 0.75
##$RECO_ft_mode=( 2 )
COMPLEX_FFT COMPLEX_FFT
##$RECO_pc_mode=( 2 )
NO_PC NO_PC
##$RECO_pc_lin=( 2 )
(0, 0) (0, 0)
##$RECO_rotate=( 2, 1 )
0 0.5234375
##$RECO_ppc_mode=NO_PPC
##$RECO_ref_image=0
##$RECO_nr_supports=0.4
##$RECO_sig_threshold=0.15
##$RECO_ppc_degree=1
##$RECO_ppc_coeffs=( 1, 2, 2 )
0 0 0 0
##$RECO_dc_elim=No
$$ @vis= RECO_wdw_mode RECO_ft_mode RECO_pc_mode RECO_rotate RECO_ppc_mode
##$RECO_transposition=( 1 )
1
##$RECO_image_type=MAGNITUDE_IMAGE
##$RECO_image_threshold=0.15
##$RECO_ir_scale=10
##$RECO_wordtype=_16BIT_SGN_INT
##$RECO_map_mode=ABSOLUTE_MAPPING
$$ @vis= RECO_dc_elim RECO_transposition RECO_image_type RECO_wordtype
##$RECO_map_range=( 2 )
-2147483647 2147483647
##$RECO_map_percentile=( 2 )
1 99.99
##$RECO_map_error=0.0025
##$RECO_globex=( 105 )
0 0 0 0 0 0 0 0 0 0 0 0 0 0 0 0 0 0 0 0 0 0 0 0 0 0 0 0 0 0 0 0 0 0 0 0 0 0 0 
0 0 0 0 0 0 0 0 0 0 0 0 0 0 0 0 0 0 0 0 0 0 0 0 0 0 0 0 0 0 0 0 0 0 0 0 0 0 0 
0 0 0 0 0 0 0 0 0 0 0 0 0 0 0 0 0 0 0 0 0 0 0 0 0 0 0
##$RECO_minima=( 105 )
0 0 0 0 0 0 0 0 0 0 0 0 0 0 0 0 0 0 0 0 0 0 0 0 0 0 0 0 0 0 0 0 0 0 0 0 0 0 0 
0 0 0 0 0 0 0 0 0 0 0 0 0 0 0 0 0 0 0 0 0 0 0 0 0 0 0 0 0 0 0 0 0 0 0 0 0 0 0 
0 0 0 0 0 0 0 0 0 0 0 0 0 0 0 0 0 0 0 0 0 0 0 0 0 0 0
##$RECO_maxima=( 105 )
32767 28737 28513 28360 28200 28643 27956 28415 28180 28934 28145 28260 28868 
28363 28169 28054 28348 28541 29447 29021 28966 28686 28536 28130 28224 28612 
28685 28469 28224 27555 28237 27943 28170 27718 27131 27387 26299 25557 24124 
23347 21727 20413 17819 16155 13357 15471 16489 13138 13742 15115 15388 15717 
17077 17445 18714 18968 19110 20311 20397 20580 20833 22416 21287 22378 22916 
23799 24341 25214 25399 26547 26294 26908 27225 27889 28479 28358 28155 27805 
27931 28659 28519 28779 28326 28609 28757 29533 28985 29163 29007 28993 29145 
28825 30140 29075 29341 28888 29681 29711 29550 29022 29494 29038 29583 29184 
30054
##$RECO_map_min=( 105 )
-727152 -727152 -727152 -727152 -727152 -727152 -727152 -727152 -727152 
-727152 -727152 -727152 -727152 -727152 -727152 -727152 -727152 -727152 
-727152 -727152 -727152 -727152 -727152 -727152 -727152 -727152 -727152 
-727152 -727152 -727152 -727152 -727152 -727152 -727152 -727152 -727152 
-727152 -727152 -727152 -727152 -727152 -727152 -727152 -727152 -727152 
-727152 -727152 -727152 -727152 -727152 -727152 -727152 -727152 -727152 
-727152 -727152 -727152 -727152 -727152 -727152 -727152 -727152 -727152 
-727152 -727152 -727152 -727152 -727152 -727152 -727152 -727152 -727152 
-727152 -727152 -727152 -727152 -727152 -727152 -727152 -727152 -727152 
-727152 -727152 -727152 -727152 -727152 -727152 -727152 -727152 -727152 
-727152 -727152 -727152 -727152 -727152 -727152 -727152 -727152 -727152 
-727152 -727152 -727152 -727152 -727152 -727152
##$RECO_map_max=( 105 )
727152 727152 727152 727152 727152 727152 727152 727152 727152 727152 727152 
727152 727152 727152 727152 727152 727152 727152 727152 727152 727152 727152 
727152 727152 727152 727152 727152 727152 727152 727152 727152 727152 727152 
727152 727152 727152 727152 727152 727152 727152 727152 727152 727152 727152 
727152 727152 727152 727152 727152 727152 727152 727152 727152 727152 727152 
727152 727152 727152 727152 727152 727152 727152 727152 727152 727152 727152 
727152 727152 727152 727152 727152 727152 727152 727152 727152 727152 727152 
727152 727152 727152 727152 727152 727152 727152 727152 727152 727152 727152 
727152 727152 727152 727152 727152 727152 727152 727152 727152 727152 727152 
727152 727152 727152 727152 727152 727152
$$ @vis= RECO_map_mode RECO_globex RECO_minima RECO_maxima RECO_map_min
##$RECO_map_offset=( 105 )
0 0 0 0 0 0 0 0 0 0 0 0 0 0 0 0 0 0 0 0 0 0 0 0 0 0 0 0 0 0 0 0 0 0 0 0 0 0 0 
0 0 0 0 0 0 0 0 0 0 0 0 0 0 0 0 0 0 0 0 0 0 0 0 0 0 0 0 0 0 0 0 0 0 0 0 0 0 0 
0 0 0 0 0 0 0 0 0 0 0 0 0 0 0 0 0 0 0 0 0 0 0 0 0 0 0
##$RECO_map_slope=( 105 )
0.045062106102705 0.045062106102705 0.045062106102705 0.045062106102705 
0.045062106102705 0.045062106102705 0.045062106102705 0.045062106102705 
0.045062106102705 0.045062106102705 0.045062106102705 0.045062106102705 
0.045062106102705 0.045062106102705 0.045062106102705 0.045062106102705 
0.045062106102705 0.045062106102705 0.045062106102705 0.045062106102705 
0.045062106102705 0.045062106102705 0.045062106102705 0.045062106102705 
0.045062106102705 0.045062106102705 0.045062106102705 0.045062106102705 
0.045062106102705 0.045062106102705 0.045062106102705 0.045062106102705 
0.045062106102705 0.045062106102705 0.045062106102705 0.045062106102705 
0.045062106102705 0.045062106102705 0.045062106102705 0.045062106102705 
0.045062106102705 0.045062106102705 0.045062106102705 0.045062106102705 
0.045062106102705 0.045062106102705 0.045062106102705 0.045062106102705 
0.045062106102705 0.045062106102705 0.045062106102705 0.045062106102705 
0.045062106102705 0.045062106102705 0.045062106102705 0.045062106102705 
0.045062106102705 0.045062106102705 0.045062106102705 0.045062106102705 
0.045062106102705 0.045062106102705 0.045062106102705 0.045062106102705 
0.045062106102705 0.045062106102705 0.045062106102705 0.045062106102705 
0.045062106102705 0.045062106102705 0.045062106102705 0.045062106102705 
0.045062106102705 0.045062106102705 0.045062106102705 0.045062106102705 
0.045062106102705 0.045062106102705 0.045062106102705 0.045062106102705 
0.045062106102705 0.045062106102705 0.045062106102705 0.045062106102705 
0.045062106102705 0.045062106102705 0.045062106102705 0.045062106102705 
0.045062106102705 0.045062106102705 0.045062106102705 0.045062106102705 
0.045062106102705 0.045062106102705 0.045062106102705 0.045062106102705 
0.045062106102705 0.045062106102705 0.045062106102705 0.045062106102705 
0.045062106102705 0.045062106102705 0.045062106102705 0.045062106102705 
0.045062106102705
##$RECO_byte_order=littleEndian
##$RECO_time=( 24 )
<11:23:30 20 May 2017>
##$RECO_abs_time=1495304610
$$ @vis= RECO_map_max RECO_map_offset RECO_map_slope RECO_byte_order RECO_time
##$RECO_base_image_uid=( 65 )
<2.16.756.5.5.100.4167689927.3250.1495305192.107>
##$GS_reco_display=Yes
$$ @vis= RECO_abs_time RECO_base_image_uid RecoRegridNGroup GS_reco_display
##$GO_reco_display=Yes
##$GO_reco_each_nr=No
##$GO_max_reco_mem=0
$$ @vis= RECO_GS GO_reco_display GO_reco_each_nr GO_max_reco_mem RECO_GO RECO
##END=
