##TITLE=Parameter List
##JCAMPDX=4.24
##DATATYPE=Parameter Values
##ORIGIN=Bruker BioSpin MRI GmbH
##OWNER=acosta
$$ Thu Sep 29 13:05:30 2016 MST (UT-7h)  acosta
$$ /opt/PV51/data/acosta/nmr/Acosta_20162916_SA_pH602.DO1/5/pdata/1/reco
##$RECO_mode=FT_MODE
##$RecoAutoDerive=Yes
##$RECO_inp_order=NO_REORDERING
##$RECO_inp_size=( 2 )
128 64
##$RECO_ft_size=( 2 )
128 128
##$RECO_fov=( 2 )
6 6
##$RECO_size=( 2 )
128 128
$$ @vis= RECO_mode RecoAutoDerive RECO_inp_order RECO_ft_size RECO_fov
##$RECO_offset=( 2, 1 )
0 0
##$RECO_regrid_mode=NO_REGRID
##$RECO_regrid_offset=0
##$RECO_ramp_gap=0
##$RECO_ramp_time=0
##$RECO_ne_mode=NO_NAV_DATA
##$RECO_ne_dist=NeNoInterleave
##$RECO_ne_dens=NeCorrPerScan
##$RECO_ne_type=NAV_PHASE
##$RECO_ne_vals=( 1, 2 )
0 0
##$RECO_bc_mode=( 2 )
NO_BC NO_BC
##$RECO_bc_start=( 2 )
96 48
##$RECO_bc_len=( 2 )
32 16
##$RECO_dc_offset=( 2 )
0 0
##$RECO_dc_divisor=1
##$RECO_bc_coroff=( 2 )
0 0
##$RECO_qopts=( 2 )
CONJ_AND_QNEG NO_QOPTS
##$RECO_wdw_mode=( 2 )
NO_WDW NO_WDW
$$ @vis= RECO_size RECO_regrid_mode RECO_ne_mode RECO_bc_mode RECO_qopts
##$RECO_lb=( 2 )
-0.5 -0.5
##$RECO_sw=( 2 )
50000 1
##$RECO_gb=( 2 )
0.5 0.5
##$RECO_sbs=( 2 )
1 1
##$RECO_tm1=( 2 )
0.25 0.25
##$RECO_tm2=( 2 )
0.75 0.75
##$RECO_ft_mode=( 2 )
COMPLEX_FFT COMPLEX_FFT
##$RECO_pc_mode=( 2 )
NO_PC NO_PC
##$RECO_pc_lin=( 2 )
(0, 0) (0, 0)
##$RECO_rotate=( 2, 1 )
0 0.484375
##$RECO_ppc_mode=NO_PPC
##$RECO_ref_image=0
##$RECO_nr_supports=0.4
##$RECO_sig_threshold=0.15
##$RECO_ppc_degree=1
##$RECO_ppc_coeffs=( 1, 2, 2 )
0 0 0 0
##$RECO_dc_elim=No
$$ @vis= RECO_wdw_mode RECO_ft_mode RECO_pc_mode RECO_rotate RECO_ppc_mode
##$RECO_transposition=( 1 )
1
##$RECO_image_type=MAGNITUDE_IMAGE
##$RECO_image_threshold=0.15
##$RECO_ir_scale=10
##$RECO_wordtype=_16BIT_SGN_INT
##$RECO_map_mode=ABSOLUTE_MAPPING
$$ @vis= RECO_dc_elim RECO_transposition RECO_image_type RECO_wordtype
##$RECO_map_range=( 2 )
-2147483647 2147483647
##$RECO_map_percentile=( 2 )
1 99.99
##$RECO_map_error=0.0025
##$RECO_globex=( 105 )
0 0 0 0 0 0 0 0 0 0 0 0 0 0 0 0 0 0 0 0 0 0 0 0 0 0 0 0 0 0 0 0 0 0 0 0 0 0 0 
0 0 0 0 0 0 0 0 0 0 0 0 0 0 0 0 0 0 0 0 0 0 0 0 0 0 0 0 0 0 0 0 0 0 0 0 0 0 0 
0 0 0 0 0 0 0 0 0 0 0 0 0 0 0 0 0 0 0 0 0 0 0 0 0 0 0
##$RECO_minima=( 105 )
0 0 0 0 0 0 0 0 0 0 0 0 0 0 0 0 0 0 0 0 0 0 0 0 0 0 0 0 0 0 0 0 0 0 0 0 0 0 0 
0 0 0 0 0 0 0 0 0 0 0 0 0 0 0 0 0 0 0 0 0 0 0 0 0 0 0 0 0 0 0 0 0 0 0 0 0 0 0 
0 0 0 0 0 0 0 0 0 0 0 0 0 0 0 0 0 0 0 0 0 0 0 0 0 0 0
##$RECO_maxima=( 105 )
32767 29999 29501 30299 27677 26278 25924 25489 24996 24113 24182 22599 21458 
20641 19043 17593 16414 15286 14639 13856 12705 11001 10069 9428 8879 10371 
11864 13393 14532 16691 17776 18588 19601 20252 20956 21264 21856 22265 21952 
23110 23324 23878 23652 24575 24991 24760 24344 24917 24629 25172 25674 25788 
25434 25790 26222 26164 25402 26153 25977 26331 26497 27259 26885 26633 27625 
27268 27888 27869 27868 27849 28070 27671 29182 27818 28787 28472 29683 28854 
29136 28945 29365 28590 28341 29168 28433 29053 29282 29235 28497 29182 29800 
29109 29498 29132 29119 29544 30144 29335 29736 30097 29089 29679 28867 29030 
29399
##$RECO_map_min=( 105 )
-1218628 -1218628 -1218628 -1218628 -1218628 -1218628 -1218628 -1218628 
-1218628 -1218628 -1218628 -1218628 -1218628 -1218628 -1218628 -1218628 
-1218628 -1218628 -1218628 -1218628 -1218628 -1218628 -1218628 -1218628 
-1218628 -1218628 -1218628 -1218628 -1218628 -1218628 -1218628 -1218628 
-1218628 -1218628 -1218628 -1218628 -1218628 -1218628 -1218628 -1218628 
-1218628 -1218628 -1218628 -1218628 -1218628 -1218628 -1218628 -1218628 
-1218628 -1218628 -1218628 -1218628 -1218628 -1218628 -1218628 -1218628 
-1218628 -1218628 -1218628 -1218628 -1218628 -1218628 -1218628 -1218628 
-1218628 -1218628 -1218628 -1218628 -1218628 -1218628 -1218628 -1218628 
-1218628 -1218628 -1218628 -1218628 -1218628 -1218628 -1218628 -1218628 
-1218628 -1218628 -1218628 -1218628 -1218628 -1218628 -1218628 -1218628 
-1218628 -1218628 -1218628 -1218628 -1218628 -1218628 -1218628 -1218628 
-1218628 -1218628 -1218628 -1218628 -1218628 -1218628 -1218628 -1218628 
-1218628
##$RECO_map_max=( 105 )
1218628 1218628 1218628 1218628 1218628 1218628 1218628 1218628 1218628 
1218628 1218628 1218628 1218628 1218628 1218628 1218628 1218628 1218628 
1218628 1218628 1218628 1218628 1218628 1218628 1218628 1218628 1218628 
1218628 1218628 1218628 1218628 1218628 1218628 1218628 1218628 1218628 
1218628 1218628 1218628 1218628 1218628 1218628 1218628 1218628 1218628 
1218628 1218628 1218628 1218628 1218628 1218628 1218628 1218628 1218628 
1218628 1218628 1218628 1218628 1218628 1218628 1218628 1218628 1218628 
1218628 1218628 1218628 1218628 1218628 1218628 1218628 1218628 1218628 
1218628 1218628 1218628 1218628 1218628 1218628 1218628 1218628 1218628 
1218628 1218628 1218628 1218628 1218628 1218628 1218628 1218628 1218628 
1218628 1218628 1218628 1218628 1218628 1218628 1218628 1218628 1218628 
1218628 1218628 1218628 1218628 1218628 1218628
$$ @vis= RECO_map_mode RECO_globex RECO_minima RECO_maxima RECO_map_min
##$RECO_map_offset=( 105 )
0 0 0 0 0 0 0 0 0 0 0 0 0 0 0 0 0 0 0 0 0 0 0 0 0 0 0 0 0 0 0 0 0 0 0 0 0 0 0 
0 0 0 0 0 0 0 0 0 0 0 0 0 0 0 0 0 0 0 0 0 0 0 0 0 0 0 0 0 0 0 0 0 0 0 0 0 0 0 
0 0 0 0 0 0 0 0 0 0 0 0 0 0 0 0 0 0 0 0 0 0 0 0 0 0 0
##$RECO_map_slope=( 105 )
0.0268884357064962 0.0268884357064962 0.0268884357064962 0.0268884357064962 
0.0268884357064962 0.0268884357064962 0.0268884357064962 0.0268884357064962 
0.0268884357064962 0.0268884357064962 0.0268884357064962 0.0268884357064962 
0.0268884357064962 0.0268884357064962 0.0268884357064962 0.0268884357064962 
0.0268884357064962 0.0268884357064962 0.0268884357064962 0.0268884357064962 
0.0268884357064962 0.0268884357064962 0.0268884357064962 0.0268884357064962 
0.0268884357064962 0.0268884357064962 0.0268884357064962 0.0268884357064962 
0.0268884357064962 0.0268884357064962 0.0268884357064962 0.0268884357064962 
0.0268884357064962 0.0268884357064962 0.0268884357064962 0.0268884357064962 
0.0268884357064962 0.0268884357064962 0.0268884357064962 0.0268884357064962 
0.0268884357064962 0.0268884357064962 0.0268884357064962 0.0268884357064962 
0.0268884357064962 0.0268884357064962 0.0268884357064962 0.0268884357064962 
0.0268884357064962 0.0268884357064962 0.0268884357064962 0.0268884357064962 
0.0268884357064962 0.0268884357064962 0.0268884357064962 0.0268884357064962 
0.0268884357064962 0.0268884357064962 0.0268884357064962 0.0268884357064962 
0.0268884357064962 0.0268884357064962 0.0268884357064962 0.0268884357064962 
0.0268884357064962 0.0268884357064962 0.0268884357064962 0.0268884357064962 
0.0268884357064962 0.0268884357064962 0.0268884357064962 0.0268884357064962 
0.0268884357064962 0.0268884357064962 0.0268884357064962 0.0268884357064962 
0.0268884357064962 0.0268884357064962 0.0268884357064962 0.0268884357064962 
0.0268884357064962 0.0268884357064962 0.0268884357064962 0.0268884357064962 
0.0268884357064962 0.0268884357064962 0.0268884357064962 0.0268884357064962 
0.0268884357064962 0.0268884357064962 0.0268884357064962 0.0268884357064962 
0.0268884357064962 0.0268884357064962 0.0268884357064962 0.0268884357064962 
0.0268884357064962 0.0268884357064962 0.0268884357064962 0.0268884357064962 
0.0268884357064962 0.0268884357064962 0.0268884357064962 0.0268884357064962 
0.0268884357064962
##$RECO_byte_order=littleEndian
##$RECO_time=( 24 )
<12:55:49 29 Sep 2016>
##$RECO_abs_time=1475178949
$$ @vis= RECO_map_max RECO_map_offset RECO_map_slope RECO_byte_order RECO_time
##$RECO_base_image_uid=( 65 )
<2.16.756.5.5.100.4167689927.1069.1475179530.119>
##$GS_reco_display=Yes
$$ @vis= RECO_abs_time RECO_base_image_uid RecoRegridNGroup GS_reco_display
##$GO_reco_display=Yes
##$GO_reco_each_nr=No
##$GO_max_reco_mem=0
$$ @vis= RECO_GS GO_reco_display GO_reco_each_nr GO_max_reco_mem RECO_GO RECO
##END=
