##TITLE=Parameter List
##JCAMPDX=4.24
##DATATYPE=Parameter Values
##ORIGIN=Bruker BioSpin MRI GmbH
##OWNER=acosta
$$ Thu Sep 29 13:05:30 2016 MST (UT-7h)  acosta
$$ /opt/PV51/data/acosta/nmr/Acosta_20162916_SA_pH602.DO1/5/pdata/1/visu_pars
##$VisuVersion=1
##$VisuUid=( 65 )
<2.16.756.5.5.100.4167689927.1069.1475179530.119>
##$VisuCreator=( 65 )
<ParaVision>
##$VisuCreatorVersion=( 65 )
<5.1>
##$VisuCreationDate=( 21 )
<12:55:49 29 Sep 2016>
$$ @vis= VisuVersion VisuUid VisuCreator VisuCreatorVersion VisuCreationDate
##$VisuCoreFrameCount=105
##$VisuCoreDim=2
##$VisuCoreSize=( 2 )
128 128
##$VisuCoreDimDesc=( 2 )
spatial spatial
$$ @vis= VisuInstance VisuCoreFrameCount VisuCoreDim VisuCoreSize
##$VisuCoreExtent=( 2 )
60 60
##$VisuCoreFrameThickness=( 1 )
1
##$VisuCoreUnits=( 2, 65 )
<mm> <mm>
##$VisuCoreOrientation=( 1, 9 )
1 0 0 0 0 -1 0 1 0
$$ @vis= VisuCoreDimDesc VisuCoreExtent VisuCoreFrameThickness VisuCoreUnits
##$VisuCorePosition=( 1, 3 )
-29.2 6 26.2
##$VisuCoreDataMin=( 105 )
0 0 0 0 0 0 0 0 0 0 0 0 0 0 0 0 0 0 0 0 0 0 0 0 0 0 0 0 0 0 0 0 0 0 0 0 0 0 0 
0 0 0 0 0 0 0 0 0 0 0 0 0 0 0 0 0 0 0 0 0 0 0 0 0 0 0 0 0 0 0 0 0 0 0 0 0 0 0 
0 0 0 0 0 0 0 0 0 0 0 0 0 0 0 0 0 0 0 0 0 0 0 0 0 0 0
##$VisuCoreDataMax=( 105 )
32767 29999 29501 30299 27677 26278 25924 25489 24996 24113 24182 22599 21458 
20641 19043 17593 16414 15286 14639 13856 12705 11001 10069 9428 8879 10371 
11864 13393 14532 16691 17776 18588 19601 20252 20956 21264 21856 22265 21952 
23110 23324 23878 23652 24575 24991 24760 24344 24917 24629 25172 25674 25788 
25434 25790 26222 26164 25402 26153 25977 26331 26497 27259 26885 26633 27625 
27268 27888 27869 27868 27849 28070 27671 29182 27818 28787 28472 29683 28854 
29136 28945 29365 28590 28341 29168 28433 29053 29282 29235 28497 29182 29800 
29109 29498 29132 29119 29544 30144 29335 29736 30097 29089 29679 28867 29030 
29399
##$VisuCoreDataOffs=( 105 )
0 0 0 0 0 0 0 0 0 0 0 0 0 0 0 0 0 0 0 0 0 0 0 0 0 0 0 0 0 0 0 0 0 0 0 0 0 0 0 
0 0 0 0 0 0 0 0 0 0 0 0 0 0 0 0 0 0 0 0 0 0 0 0 0 0 0 0 0 0 0 0 0 0 0 0 0 0 0 
0 0 0 0 0 0 0 0 0 0 0 0 0 0 0 0 0 0 0 0 0 0 0 0 0 0 0
$$ @vis= VisuCoreOrientation VisuCorePosition VisuCoreDataMin VisuCoreDataMax
##$VisuCoreDataSlope=( 105 )
37.1907094527779 37.1907094527779 37.1907094527779 37.1907094527779 
37.1907094527779 37.1907094527779 37.1907094527779 37.1907094527779 
37.1907094527779 37.1907094527779 37.1907094527779 37.1907094527779 
37.1907094527779 37.1907094527779 37.1907094527779 37.1907094527779 
37.1907094527779 37.1907094527779 37.1907094527779 37.1907094527779 
37.1907094527779 37.1907094527779 37.1907094527779 37.1907094527779 
37.1907094527779 37.1907094527779 37.1907094527779 37.1907094527779 
37.1907094527779 37.1907094527779 37.1907094527779 37.1907094527779 
37.1907094527779 37.1907094527779 37.1907094527779 37.1907094527779 
37.1907094527779 37.1907094527779 37.1907094527779 37.1907094527779 
37.1907094527779 37.1907094527779 37.1907094527779 37.1907094527779 
37.1907094527779 37.1907094527779 37.1907094527779 37.1907094527779 
37.1907094527779 37.1907094527779 37.1907094527779 37.1907094527779 
37.1907094527779 37.1907094527779 37.1907094527779 37.1907094527779 
37.1907094527779 37.1907094527779 37.1907094527779 37.1907094527779 
37.1907094527779 37.1907094527779 37.1907094527779 37.1907094527779 
37.1907094527779 37.1907094527779 37.1907094527779 37.1907094527779 
37.1907094527779 37.1907094527779 37.1907094527779 37.1907094527779 
37.1907094527779 37.1907094527779 37.1907094527779 37.1907094527779 
37.1907094527779 37.1907094527779 37.1907094527779 37.1907094527779 
37.1907094527779 37.1907094527779 37.1907094527779 37.1907094527779 
37.1907094527779 37.1907094527779 37.1907094527779 37.1907094527779 
37.1907094527779 37.1907094527779 37.1907094527779 37.1907094527779 
37.1907094527779 37.1907094527779 37.1907094527779 37.1907094527779 
37.1907094527779 37.1907094527779 37.1907094527779 37.1907094527779 
37.1907094527779 37.1907094527779 37.1907094527779 37.1907094527779 
37.1907094527779
##$VisuCoreFrameType=MAGNITUDE_IMAGE
##$VisuFGElemComment=( 105, 65 )
<VCEST=-16500.0Hz> <VCEST=-16000.0Hz> <VCEST=-15500.0Hz> <VCEST=-15000.0Hz> <
VCEST= -1500.0Hz> <VCEST= -1425.0Hz> <VCEST= -1350.0Hz> <VCEST= -1275.0Hz> <
VCEST= -1200.0Hz> <VCEST= -1125.0Hz> <VCEST= -1050.0Hz> <VCEST=  -975.0Hz> <
VCEST=  -900.0Hz> <VCEST=  -825.0Hz> <VCEST=  -750.0Hz> <VCEST=  -675.0Hz> <
VCEST=  -600.0Hz> <VCEST=  -525.0Hz> <VCEST=  -450.0Hz> <VCEST=  -375.0Hz> <
VCEST=  -300.0Hz> <VCEST=  -225.0Hz> <VCEST=  -150.0Hz> <VCEST=   -75.0Hz> <
VCEST=     0.0Hz> <VCEST=    75.0Hz> <VCEST=   150.0Hz> <VCEST=   225.0Hz> <
VCEST=   300.0Hz> <VCEST=   375.0Hz> <VCEST=   450.0Hz> <VCEST=   525.0Hz> <
VCEST=   600.0Hz> <VCEST=   675.0Hz> <VCEST=   750.0Hz> <VCEST=   825.0Hz> <
VCEST=   900.0Hz> <VCEST=   975.0Hz> <VCEST=  1050.0Hz> <VCEST=  1125.0Hz> <
VCEST=  1200.0Hz> <VCEST=  1275.0Hz> <VCEST=  1350.0Hz> <VCEST=  1425.0Hz> <
VCEST=  1500.0Hz> <VCEST=  1575.0Hz> <VCEST=  1650.0Hz> <VCEST=  1725.0Hz> <
VCEST=  1800.0Hz> <VCEST=  1875.0Hz> <VCEST=  1950.0Hz> <VCEST=  2025.0Hz> <
VCEST=  2100.0Hz> <VCEST=  2175.0Hz> <VCEST=  2250.0Hz> <VCEST=  2325.0Hz> <
VCEST=  2400.0Hz> <VCEST=  2475.0Hz> <VCEST=  2550.0Hz> <VCEST=  2625.0Hz> <
VCEST=  2700.0Hz> <VCEST=  2775.0Hz> <VCEST=  2850.0Hz> <VCEST=  2925.0Hz> <
VCEST=  3000.0Hz> <VCEST=  3075.0Hz> <VCEST=  3150.0Hz> <VCEST=  3225.0Hz> <
VCEST=  3300.0Hz> <VCEST=  3375.0Hz> <VCEST=  3450.0Hz> <VCEST=  3525.0Hz> <
VCEST=  3600.0Hz> <VCEST=  3675.0Hz> <VCEST=  3750.0Hz> <VCEST=  3825.0Hz> <
VCEST=  3900.0Hz> <VCEST=  3975.0Hz> <VCEST=  4050.0Hz> <VCEST=  4125.0Hz> <
VCEST=  4200.0Hz> <VCEST=  4275.0Hz> <VCEST=  4350.0Hz> <VCEST=  4425.0Hz> <
VCEST=  4500.0Hz> <VCEST=  4575.0Hz> <VCEST=  4650.0Hz> <VCEST=  4725.0Hz> <
VCEST=  4800.0Hz> <VCEST=  4875.0Hz> <VCEST=  4950.0Hz> <VCEST=  5025.0Hz> <
VCEST=  5100.0Hz> <VCEST=  5175.0Hz> <VCEST=  5250.0Hz> <VCEST=  5325.0Hz> <
VCEST=  5400.0Hz> <VCEST=  5475.0Hz> <VCEST=  5550.0Hz> <VCEST=  5625.0Hz> <
VCEST=  5700.0Hz> <VCEST=  5775.0Hz> <VCEST=  5850.0Hz> <VCEST=  5925.0Hz> <
VCEST=  6000.0Hz>
$$ @vis= VisuCoreDataOffs VisuCoreDataSlope VisuCoreFrameType
##$VisuCoreWordType=_16BIT_SGN_INT
##$VisuCoreByteOrder=littleEndian
$$ @vis= VisuFGElemComment VisuCore VisuCoreWordType VisuCoreByteOrder
##$VisuFGOrderDescDim=1
##$VisuFGOrderDesc=( 1 )
(105, <FG_MOVIE>, <>, 0, 1)
##$VisuGroupDepVals=( 1 )
(<VisuFGElemComment>, 0)
$$ @vis= VisuPixel VisuFGOrderDescDim VisuFGOrderDesc VisuGroupDepVals
##$VisuSubjectName=( 65 )
<Acosta_20162916_SA_pH602>
##$VisuSubjectId=( 65 )
<Acosta_20162916_SA_pH602>
##$VisuSubjectBirthDate=( 9 )
<>
##$VisuSubjectSex=FEMALE
$$ @vis= VisuFrameOrderDesc VisuSubjectName VisuSubjectId VisuSubjectBirthDate
##$VisuSubjectComment=( 2048 )
<>
##$VisuStudyUid=( 65 )
<2.16.756.5.5.100.4167689927.31847.1475174329.2472>
##$VisuStudyDate=( 21 )
<11:38:49 29 Sep 2016>
$$ @vis= VisuSubjectSex VisuSubjectComment VisuSubject VisuStudyUid
##$VisuStudyId=( 65 )
<SA Phase 2 Data>
##$VisuStudyNumber=1
##$VisuSubjectWeight=5
##$VisuStudyReferringPhysician=( 65 )
<>
$$ @vis= VisuStudyDate VisuStudyId VisuStudyNumber VisuSubjectWeight
##$VisuStudyDescription=( 65 )
<>
##$VisuSeriesNumber=327681
$$ @vis= VisuStudyReferringPhysician VisuStudyDescription VisuStudy
##$VisuSubjectPosition=Head_Supine
##$VisuSeriesTypeId=( 65 )
<ACQ_USER_PVM>
##$VisuInstitution=( 65 )
<Univ. of Arizona>
$$ @vis= VisuSeriesNumber VisuSubjectPosition VisuSeriesTypeId VisuSeries
##$VisuStation=( 65 )
<Biospec 70/20>
##$VisuAcqDate=( 21 )
<12:55:49 29 Sep 2016>
##$VisuAcqEchoTrainLength=64
$$ @vis= VisuInstitution VisuStation VisuEquipment VisuAcqDate
##$VisuAcqSequenceName=( 40 )
<cESTFISP_dualpower (pvm)>
##$VisuAcqNumberOfAverages=1
##$VisuAcqImagingFrequency=300.24367128084
$$ @vis= VisuAcqEchoTrainLength VisuAcqSequenceName VisuAcqNumberOfAverages
##$VisuAcqImagedNucleus=( 8 )
<1H>
##$VisuAcqRepetitionTime=( 1 )
5.61426650237634
##$VisuAcqPhaseEncSteps=64
$$ @vis= VisuAcqImagingFrequency VisuAcqImagedNucleus VisuAcqRepetitionTime
##$VisuAcqPixelBandwidth=390.625
##$VisuAcqFlipAngle=30
##$VisuAcqSize=( 2 )
64 128
$$ @vis= VisuAcqPhaseEncSteps VisuAcqPixelBandwidth VisuAcqFlipAngle
##$VisuAcqImageSizeAccellerated=Yes
##$VisuAcqImagePhaseEncDir=( 105 )
row_dir row_dir row_dir row_dir row_dir row_dir row_dir row_dir row_dir 
row_dir row_dir row_dir row_dir row_dir row_dir row_dir row_dir row_dir 
row_dir row_dir row_dir row_dir row_dir row_dir row_dir row_dir row_dir 
row_dir row_dir row_dir row_dir row_dir row_dir row_dir row_dir row_dir 
row_dir row_dir row_dir row_dir row_dir row_dir row_dir row_dir row_dir 
row_dir row_dir row_dir row_dir row_dir row_dir row_dir row_dir row_dir 
row_dir row_dir row_dir row_dir row_dir row_dir row_dir row_dir row_dir 
row_dir row_dir row_dir row_dir row_dir row_dir row_dir row_dir row_dir 
row_dir row_dir row_dir row_dir row_dir row_dir row_dir row_dir row_dir 
row_dir row_dir row_dir row_dir row_dir row_dir row_dir row_dir row_dir 
row_dir row_dir row_dir row_dir row_dir row_dir row_dir row_dir row_dir 
row_dir row_dir row_dir row_dir row_dir row_dir
##$VisuAcqEchoTime=( 1 )
2.80713325118817
$$ @vis= VisuAcqSize VisuAcqImageSizeAccellerated VisuAcqImagePhaseEncDir
##$VisuAcquisitionProtocol=( 65 )
<CEST_Paul>
##$VisuAcqScanTime=52500
$$ @vis= VisuAcqEchoTime VisuAcquisitionProtocol VisuAcqScanTime
$$ @vis= VisuAcquisition Visu
##END=
