##TITLE=Parameter List
##JCAMPDX=4.24
##DATATYPE=Parameter Values
##ORIGIN=Bruker BioSpin MRI GmbH
##OWNER=jdegrand
$$ Sat May 20 13:16:57 2017 MST (UT-7h)  jdegrand
$$ /opt/PV51/data/jdegrand/nmr/degrandchamp_20170520_pbs_pHall.Hz1/7/pdata/1/reco
##$RECO_mode=FT_MODE
##$RecoAutoDerive=Yes
##$RECO_inp_order=NO_REORDERING
##$RECO_inp_size=( 2 )
128 64
##$RECO_ft_size=( 2 )
128 128
##$RECO_fov=( 2 )
4 4
##$RECO_size=( 2 )
128 128
$$ @vis= RECO_mode RecoAutoDerive RECO_inp_order RECO_ft_size RECO_fov
##$RECO_offset=( 2, 1 )
0 0
##$RECO_regrid_mode=NO_REGRID
##$RECO_regrid_offset=0
##$RECO_ramp_gap=0
##$RECO_ramp_time=0
##$RECO_ne_mode=NO_NAV_DATA
##$RECO_ne_dist=NeNoInterleave
##$RECO_ne_dens=NeCorrPerScan
##$RECO_ne_type=NAV_PHASE
##$RECO_ne_vals=( 1, 2 )
0 0
##$RECO_bc_mode=( 2 )
NO_BC NO_BC
##$RECO_bc_start=( 2 )
96 48
##$RECO_bc_len=( 2 )
32 16
##$RECO_dc_offset=( 2 )
0 0
##$RECO_dc_divisor=1
##$RECO_bc_coroff=( 2 )
0 0
##$RECO_qopts=( 2 )
CONJ_AND_QNEG NO_QOPTS
##$RECO_wdw_mode=( 2 )
NO_WDW NO_WDW
$$ @vis= RECO_size RECO_regrid_mode RECO_ne_mode RECO_bc_mode RECO_qopts
##$RECO_lb=( 2 )
-0.5 -0.5
##$RECO_sw=( 2 )
50000 1
##$RECO_gb=( 2 )
0.5 0.5
##$RECO_sbs=( 2 )
1 1
##$RECO_tm1=( 2 )
0.25 0.25
##$RECO_tm2=( 2 )
0.75 0.75
##$RECO_ft_mode=( 2 )
COMPLEX_FFT COMPLEX_FFT
##$RECO_pc_mode=( 2 )
NO_PC NO_PC
##$RECO_pc_lin=( 2 )
(0, 0) (0, 0)
##$RECO_rotate=( 2, 1 )
0 0.5234375
##$RECO_ppc_mode=NO_PPC
##$RECO_ref_image=0
##$RECO_nr_supports=0.4
##$RECO_sig_threshold=0.15
##$RECO_ppc_degree=1
##$RECO_ppc_coeffs=( 1, 2, 2 )
0 0 0 0
##$RECO_dc_elim=No
$$ @vis= RECO_wdw_mode RECO_ft_mode RECO_pc_mode RECO_rotate RECO_ppc_mode
##$RECO_transposition=( 1 )
1
##$RECO_image_type=MAGNITUDE_IMAGE
##$RECO_image_threshold=0.15
##$RECO_ir_scale=10
##$RECO_wordtype=_16BIT_SGN_INT
##$RECO_map_mode=ABSOLUTE_MAPPING
$$ @vis= RECO_dc_elim RECO_transposition RECO_image_type RECO_wordtype
##$RECO_map_range=( 2 )
-2147483647 2147483647
##$RECO_map_percentile=( 2 )
1 99.99
##$RECO_map_error=0.0025
##$RECO_globex=( 105 )
0 0 0 0 0 0 0 0 0 0 0 0 0 0 0 0 0 0 0 0 0 0 0 0 0 0 0 0 0 0 0 0 0 0 0 0 0 0 0 
0 0 0 0 0 0 0 0 0 0 0 0 0 0 0 0 0 0 0 0 0 0 0 0 0 0 0 0 0 0 0 0 0 0 0 0 0 0 0 
0 0 0 0 0 0 0 0 0 0 0 0 0 0 0 0 0 0 0 0 0 0 0 0 0 0 0
##$RECO_minima=( 105 )
0 0 0 0 0 0 0 0 0 0 0 0 0 0 0 0 0 0 0 0 0 0 0 0 0 0 0 0 0 0 0 0 0 0 0 0 0 0 0 
0 0 0 0 0 0 0 0 0 0 0 0 0 0 0 0 0 0 0 0 0 0 0 0 0 0 0 0 0 0 0 0 0 0 0 0 0 0 0 
0 0 0 0 0 0 0 0 0 0 0 0 0 0 0 0 0 0 0 0 0 0 0 0 0 0 0
##$RECO_maxima=( 105 )
32767 30345 31184 31326 30713 31256 30662 30540 31125 30265 30590 31090 30514 
29835 30706 30218 29857 30987 29642 30567 30170 30190 30041 30041 28944 29511 
29585 29461 29091 29417 29479 28813 28791 28763 27961 28023 27106 27825 27113 
26411 25973 25500 25300 23626 23354 24017 25615 26565 26178 27029 27482 27759 
27597 28496 28042 29388 28775 28533 28990 28995 29715 29484 29934 30193 30629 
30372 30534 29633 30503 30634 30521 30001 31183 30386 31635 30785 30312 30733 
31032 30935 30045 30242 30684 30706 30330 30191 30783 30324 30667 30061 30341 
31843 30612 29883 30503 30168 30641 30185 30218 30558 30441 31114 30951 30820 
30292
##$RECO_map_min=( 105 )
-700258 -700258 -700258 -700258 -700258 -700258 -700258 -700258 -700258 
-700258 -700258 -700258 -700258 -700258 -700258 -700258 -700258 -700258 
-700258 -700258 -700258 -700258 -700258 -700258 -700258 -700258 -700258 
-700258 -700258 -700258 -700258 -700258 -700258 -700258 -700258 -700258 
-700258 -700258 -700258 -700258 -700258 -700258 -700258 -700258 -700258 
-700258 -700258 -700258 -700258 -700258 -700258 -700258 -700258 -700258 
-700258 -700258 -700258 -700258 -700258 -700258 -700258 -700258 -700258 
-700258 -700258 -700258 -700258 -700258 -700258 -700258 -700258 -700258 
-700258 -700258 -700258 -700258 -700258 -700258 -700258 -700258 -700258 
-700258 -700258 -700258 -700258 -700258 -700258 -700258 -700258 -700258 
-700258 -700258 -700258 -700258 -700258 -700258 -700258 -700258 -700258 
-700258 -700258 -700258 -700258 -700258 -700258
##$RECO_map_max=( 105 )
700258 700258 700258 700258 700258 700258 700258 700258 700258 700258 700258 
700258 700258 700258 700258 700258 700258 700258 700258 700258 700258 700258 
700258 700258 700258 700258 700258 700258 700258 700258 700258 700258 700258 
700258 700258 700258 700258 700258 700258 700258 700258 700258 700258 700258 
700258 700258 700258 700258 700258 700258 700258 700258 700258 700258 700258 
700258 700258 700258 700258 700258 700258 700258 700258 700258 700258 700258 
700258 700258 700258 700258 700258 700258 700258 700258 700258 700258 700258 
700258 700258 700258 700258 700258 700258 700258 700258 700258 700258 700258 
700258 700258 700258 700258 700258 700258 700258 700258 700258 700258 700258 
700258 700258 700258 700258 700258 700258
$$ @vis= RECO_map_mode RECO_globex RECO_minima RECO_maxima RECO_map_min
##$RECO_map_offset=( 105 )
0 0 0 0 0 0 0 0 0 0 0 0 0 0 0 0 0 0 0 0 0 0 0 0 0 0 0 0 0 0 0 0 0 0 0 0 0 0 0 
0 0 0 0 0 0 0 0 0 0 0 0 0 0 0 0 0 0 0 0 0 0 0 0 0 0 0 0 0 0 0 0 0 0 0 0 0 0 0 
0 0 0 0 0 0 0 0 0 0 0 0 0 0 0 0 0 0 0 0 0 0 0 0 0 0 0
##$RECO_map_slope=( 105 )
0.0467927530407906 0.0467927530407906 0.0467927530407906 0.0467927530407906 
0.0467927530407906 0.0467927530407906 0.0467927530407906 0.0467927530407906 
0.0467927530407906 0.0467927530407906 0.0467927530407906 0.0467927530407906 
0.0467927530407906 0.0467927530407906 0.0467927530407906 0.0467927530407906 
0.0467927530407906 0.0467927530407906 0.0467927530407906 0.0467927530407906 
0.0467927530407906 0.0467927530407906 0.0467927530407906 0.0467927530407906 
0.0467927530407906 0.0467927530407906 0.0467927530407906 0.0467927530407906 
0.0467927530407906 0.0467927530407906 0.0467927530407906 0.0467927530407906 
0.0467927530407906 0.0467927530407906 0.0467927530407906 0.0467927530407906 
0.0467927530407906 0.0467927530407906 0.0467927530407906 0.0467927530407906 
0.0467927530407906 0.0467927530407906 0.0467927530407906 0.0467927530407906 
0.0467927530407906 0.0467927530407906 0.0467927530407906 0.0467927530407906 
0.0467927530407906 0.0467927530407906 0.0467927530407906 0.0467927530407906 
0.0467927530407906 0.0467927530407906 0.0467927530407906 0.0467927530407906 
0.0467927530407906 0.0467927530407906 0.0467927530407906 0.0467927530407906 
0.0467927530407906 0.0467927530407906 0.0467927530407906 0.0467927530407906 
0.0467927530407906 0.0467927530407906 0.0467927530407906 0.0467927530407906 
0.0467927530407906 0.0467927530407906 0.0467927530407906 0.0467927530407906 
0.0467927530407906 0.0467927530407906 0.0467927530407906 0.0467927530407906 
0.0467927530407906 0.0467927530407906 0.0467927530407906 0.0467927530407906 
0.0467927530407906 0.0467927530407906 0.0467927530407906 0.0467927530407906 
0.0467927530407906 0.0467927530407906 0.0467927530407906 0.0467927530407906 
0.0467927530407906 0.0467927530407906 0.0467927530407906 0.0467927530407906 
0.0467927530407906 0.0467927530407906 0.0467927530407906 0.0467927530407906 
0.0467927530407906 0.0467927530407906 0.0467927530407906 0.0467927530407906 
0.0467927530407906 0.0467927530407906 0.0467927530407906 0.0467927530407906 
0.0467927530407906
##$RECO_byte_order=littleEndian
##$RECO_time=( 24 )
<13:07:16 20 May 2017>
##$RECO_abs_time=1495310836
$$ @vis= RECO_map_max RECO_map_offset RECO_map_slope RECO_byte_order RECO_time
##$RECO_base_image_uid=( 65 )
<2.16.756.5.5.100.4167689927.3250.1495311417.740>
##$GS_reco_display=Yes
$$ @vis= RECO_abs_time RECO_base_image_uid RecoRegridNGroup GS_reco_display
##$GO_reco_display=Yes
##$GO_reco_each_nr=No
##$GO_max_reco_mem=0
$$ @vis= RECO_GS GO_reco_display GO_reco_each_nr GO_max_reco_mem RECO_GO RECO
##END=
