##TITLE=Parameter List
##JCAMPDX=4.24
##DATATYPE=Parameter Values
##ORIGIN=Bruker BioSpin MRI GmbH
##OWNER=pacosta
$$ Wed Jan 18 19:16:07 2017 MST (UT-7h)  pacosta
$$ /opt/PV51/data/pacosta/nmr/Acosta_20161801_Isovue_pH677.FB1/2/pdata/1/reco
##$RECO_mode=FT_MODE
##$RecoAutoDerive=Yes
##$RECO_inp_order=NO_REORDERING
##$RECO_inp_size=( 2 )
128 64
##$RECO_ft_size=( 2 )
128 128
##$RECO_fov=( 2 )
6 6
##$RECO_size=( 2 )
128 128
$$ @vis= RECO_mode RecoAutoDerive RECO_inp_order RECO_ft_size RECO_fov
##$RECO_offset=( 2, 1 )
0 0
##$RECO_regrid_mode=NO_REGRID
##$RECO_regrid_offset=0
##$RECO_ramp_gap=0
##$RECO_ramp_time=0
##$RECO_ne_mode=NO_NAV_DATA
##$RECO_ne_dist=NeNoInterleave
##$RECO_ne_dens=NeCorrPerScan
##$RECO_ne_type=NAV_PHASE
##$RECO_ne_vals=( 1, 2 )
0 0
##$RECO_bc_mode=( 2 )
NO_BC NO_BC
##$RECO_bc_start=( 2 )
96 48
##$RECO_bc_len=( 2 )
32 16
##$RECO_dc_offset=( 2 )
0 0
##$RECO_dc_divisor=1
##$RECO_bc_coroff=( 2 )
0 0
##$RECO_qopts=( 2 )
CONJ_AND_QNEG NO_QOPTS
##$RECO_wdw_mode=( 2 )
NO_WDW NO_WDW
$$ @vis= RECO_size RECO_regrid_mode RECO_ne_mode RECO_bc_mode RECO_qopts
##$RECO_lb=( 2 )
-0.5 -0.5
##$RECO_sw=( 2 )
50000 1
##$RECO_gb=( 2 )
0.5 0.5
##$RECO_sbs=( 2 )
1 1
##$RECO_tm1=( 2 )
0.25 0.25
##$RECO_tm2=( 2 )
0.75 0.75
##$RECO_ft_mode=( 2 )
COMPLEX_FFT COMPLEX_FFT
##$RECO_pc_mode=( 2 )
NO_PC NO_PC
##$RECO_pc_lin=( 2 )
(0, 0) (0, 0)
##$RECO_rotate=( 2, 1 )
0 0.484375
##$RECO_ppc_mode=NO_PPC
##$RECO_ref_image=0
##$RECO_nr_supports=0.4
##$RECO_sig_threshold=0.15
##$RECO_ppc_degree=1
##$RECO_ppc_coeffs=( 1, 2, 2 )
0 0 0 0
##$RECO_dc_elim=No
$$ @vis= RECO_wdw_mode RECO_ft_mode RECO_pc_mode RECO_rotate RECO_ppc_mode
##$RECO_transposition=( 1 )
1
##$RECO_image_type=MAGNITUDE_IMAGE
##$RECO_image_threshold=0.15
##$RECO_ir_scale=10
##$RECO_wordtype=_16BIT_SGN_INT
##$RECO_map_mode=ABSOLUTE_MAPPING
$$ @vis= RECO_dc_elim RECO_transposition RECO_image_type RECO_wordtype
##$RECO_map_range=( 2 )
-2147483647 2147483647
##$RECO_map_percentile=( 2 )
1 99.99
##$RECO_map_error=0.0025
##$RECO_globex=( 105 )
0 0 0 0 0 0 0 0 0 0 0 0 0 0 0 0 0 0 0 0 0 0 0 0 0 0 0 0 0 0 0 0 0 0 0 0 0 0 0 
0 0 0 0 0 0 0 0 0 0 0 0 0 0 0 0 0 0 0 0 0 0 0 0 0 0 0 0 0 0 0 0 0 0 0 0 0 0 0 
0 0 0 0 0 0 0 0 0 0 0 0 0 0 0 0 0 0 0 0 0 0 0 0 0 0 0
##$RECO_minima=( 105 )
0 0 0 0 0 0 0 0 0 0 0 0 0 0 0 0 0 0 0 0 0 0 0 0 0 0 0 0 0 0 0 0 0 0 0 0 0 0 0 
0 0 0 0 0 0 0 0 0 0 0 0 0 0 0 0 0 0 0 0 0 0 0 0 0 0 0 0 0 0 0 0 0 0 0 0 0 0 0 
0 0 0 0 0 0 0 0 0 0 0 0 0 0 0 0 0 0 0 0 0 0 0 0 0 0 0
##$RECO_maxima=( 105 )
32767 29656 29888 28549 27228 26499 26430 26864 26760 26408 26134 25232 26252 
25186 24913 25911 25370 23838 23932 23445 24217 22578 22629 21393 20067 19622 
19931 19206 18664 18812 18423 19066 18073 17407 17067 16279 15893 15095 15233 
13950 13573 12826 11742 11300 10084 10067 11841 13139 13381 14286 15415 15797 
15996 16444 17202 17502 17735 18153 17830 18460 17318 17990 17270 17597 17189 
17225 17246 17566 17710 18129 18640 19165 19201 19817 19911 20224 20490 20887 
22060 22412 22614 23224 23469 24500 24351 24379 24232 25513 25484 25569 26849 
26441 25879 26427 26377 27044 26714 26211 27565 26981 27610 27557 27701 27703 
27842
##$RECO_map_min=( 105 )
-928526 -928526 -928526 -928526 -928526 -928526 -928526 -928526 -928526 
-928526 -928526 -928526 -928526 -928526 -928526 -928526 -928526 -928526 
-928526 -928526 -928526 -928526 -928526 -928526 -928526 -928526 -928526 
-928526 -928526 -928526 -928526 -928526 -928526 -928526 -928526 -928526 
-928526 -928526 -928526 -928526 -928526 -928526 -928526 -928526 -928526 
-928526 -928526 -928526 -928526 -928526 -928526 -928526 -928526 -928526 
-928526 -928526 -928526 -928526 -928526 -928526 -928526 -928526 -928526 
-928526 -928526 -928526 -928526 -928526 -928526 -928526 -928526 -928526 
-928526 -928526 -928526 -928526 -928526 -928526 -928526 -928526 -928526 
-928526 -928526 -928526 -928526 -928526 -928526 -928526 -928526 -928526 
-928526 -928526 -928526 -928526 -928526 -928526 -928526 -928526 -928526 
-928526 -928526 -928526 -928526 -928526 -928526
##$RECO_map_max=( 105 )
928526 928526 928526 928526 928526 928526 928526 928526 928526 928526 928526 
928526 928526 928526 928526 928526 928526 928526 928526 928526 928526 928526 
928526 928526 928526 928526 928526 928526 928526 928526 928526 928526 928526 
928526 928526 928526 928526 928526 928526 928526 928526 928526 928526 928526 
928526 928526 928526 928526 928526 928526 928526 928526 928526 928526 928526 
928526 928526 928526 928526 928526 928526 928526 928526 928526 928526 928526 
928526 928526 928526 928526 928526 928526 928526 928526 928526 928526 928526 
928526 928526 928526 928526 928526 928526 928526 928526 928526 928526 928526 
928526 928526 928526 928526 928526 928526 928526 928526 928526 928526 928526 
928526 928526 928526 928526 928526 928526
$$ @vis= RECO_map_mode RECO_globex RECO_minima RECO_maxima RECO_map_min
##$RECO_map_offset=( 105 )
0 0 0 0 0 0 0 0 0 0 0 0 0 0 0 0 0 0 0 0 0 0 0 0 0 0 0 0 0 0 0 0 0 0 0 0 0 0 0 
0 0 0 0 0 0 0 0 0 0 0 0 0 0 0 0 0 0 0 0 0 0 0 0 0 0 0 0 0 0 0 0 0 0 0 0 0 0 0 
0 0 0 0 0 0 0 0 0 0 0 0 0 0 0 0 0 0 0 0 0 0 0 0 0 0 0
##$RECO_map_slope=( 105 )
0.0352892652153969 0.0352892652153969 0.0352892652153969 0.0352892652153969 
0.0352892652153969 0.0352892652153969 0.0352892652153969 0.0352892652153969 
0.0352892652153969 0.0352892652153969 0.0352892652153969 0.0352892652153969 
0.0352892652153969 0.0352892652153969 0.0352892652153969 0.0352892652153969 
0.0352892652153969 0.0352892652153969 0.0352892652153969 0.0352892652153969 
0.0352892652153969 0.0352892652153969 0.0352892652153969 0.0352892652153969 
0.0352892652153969 0.0352892652153969 0.0352892652153969 0.0352892652153969 
0.0352892652153969 0.0352892652153969 0.0352892652153969 0.0352892652153969 
0.0352892652153969 0.0352892652153969 0.0352892652153969 0.0352892652153969 
0.0352892652153969 0.0352892652153969 0.0352892652153969 0.0352892652153969 
0.0352892652153969 0.0352892652153969 0.0352892652153969 0.0352892652153969 
0.0352892652153969 0.0352892652153969 0.0352892652153969 0.0352892652153969 
0.0352892652153969 0.0352892652153969 0.0352892652153969 0.0352892652153969 
0.0352892652153969 0.0352892652153969 0.0352892652153969 0.0352892652153969 
0.0352892652153969 0.0352892652153969 0.0352892652153969 0.0352892652153969 
0.0352892652153969 0.0352892652153969 0.0352892652153969 0.0352892652153969 
0.0352892652153969 0.0352892652153969 0.0352892652153969 0.0352892652153969 
0.0352892652153969 0.0352892652153969 0.0352892652153969 0.0352892652153969 
0.0352892652153969 0.0352892652153969 0.0352892652153969 0.0352892652153969 
0.0352892652153969 0.0352892652153969 0.0352892652153969 0.0352892652153969 
0.0352892652153969 0.0352892652153969 0.0352892652153969 0.0352892652153969 
0.0352892652153969 0.0352892652153969 0.0352892652153969 0.0352892652153969 
0.0352892652153969 0.0352892652153969 0.0352892652153969 0.0352892652153969 
0.0352892652153969 0.0352892652153969 0.0352892652153969 0.0352892652153969 
0.0352892652153969 0.0352892652153969 0.0352892652153969 0.0352892652153969 
0.0352892652153969 0.0352892652153969 0.0352892652153969 0.0352892652153969 
0.0352892652153969
##$RECO_byte_order=littleEndian
##$RECO_time=( 24 )
<19:06:26 18 Jan 2017>
##$RECO_abs_time=1484791586
$$ @vis= RECO_map_max RECO_map_offset RECO_map_slope RECO_byte_order RECO_time
##$RECO_base_image_uid=( 65 )
<2.16.756.5.5.100.4167689927.1341.1484792167.226>
##$GS_reco_display=Yes
$$ @vis= RECO_abs_time RECO_base_image_uid RecoRegridNGroup GS_reco_display
##$GO_reco_display=Yes
##$GO_reco_each_nr=No
##$GO_max_reco_mem=0
$$ @vis= RECO_GS GO_reco_display GO_reco_each_nr GO_max_reco_mem RECO_GO RECO
##END=
